{
  "aor": 0.0009007095343680709,
  "aqi": 0.012606507849223946,
  "bids_meta": {
    "BandwidthPerPixelPhaseEncode": 34.305,
    "CogAtlasID": "http://www.cognitiveatlas.org/id/trm_4cacee4a1d875/",
    "EchoTime": 0.03,
    "EffectiveEchoSpacing": 0.000275,
    "FlipAngle": 68,
    "MagneticFieldStrength": 3,
    "Manufacturer": "SIEMENS",
    "ManufacturersModelName": "Prisma",
    "MultibandAccelerationFactor": 4,
    "PhaseEncodingDirection": "j-",
    "RepetitionTime": 1,
    "SliceTiming": [
      0,
      0.4375,
      0.875,
      0.3125,
      0.75,
      0.1875,
      0.625,
      0.0625,
      0.5,
      0.9375,
      0.375,
      0.8125,
      0.25,
      0.6875,
      0.125,
      0.5625,
      0,
      0.4375,
      0.875,
      0.3125,
      0.75,
      0.1875,
      0.625,
      0.0625,
      0.5,
      0.9375,
      0.375,
      0.8125,
      0.25,
      0.6875,
      0.125,
      0.5625,
      0,
      0.4375,
      0.875,
      0.3125,
      0.75,
      0.1875,
      0.625,
      0.0625,
      0.5,
      0.9375,
      0.375,
      0.8125,
      0.25,
      0.6875,
      0.125,
      0.5625,
      0,
      0.4375,
      0.875,
      0.3125,
      0.75,
      0.1875,
      0.625,
      0.0625,
      0.5,
      0.9375,
      0.375,
      0.8125,
      0.25,
      0.6875,
      0.125,
      0.5625
    ],
    "TaskDescription": "Mixed gambles task",
    "TaskName": "MGT",
    "dataset": "ds001734",
    "modality": "bold",
    "run_id": 4,
    "subject_id": "106",
    "task_id": "MGT"
  },
  "dummy_trs": 2,
  "dvars_nstd": 49.93466274668893,
  "dvars_std": 1.004723574266666,
  "dvars_vstd": 0.9811185788888889,
  "efc": 0.5084775684703392,
  "fber": 524.927490234375,
  "fd_mean": 0.11905897963865,
  "fd_num": 48,
  "fd_perc": 10.643015521064301,
  "fwhm_avg": 3.145700793099372,
  "fwhm_x": 3.121795,
  "fwhm_y": 3.277745,
  "fwhm_z": 3.0375623792981155,
  "gcor": 0.00780478,
  "gsr_x": -0.021295219659805298,
  "gsr_y": 0.051708437502384186,
  "provenance": {
    "md5sum": "4ad411803eae4cb65232c8ec0a509b2d",
    "settings": {
      "fd_thres": 0.2,
      "testing": false
    },
    "software": "mriqc",
    "version": "21.0.0rc2",
    "webapi_port": null,
    "webapi_url": "https://mriqc.nimh.nih.gov/api/v1"
  },
  "size_t": 451,
  "size_x": 106,
  "size_y": 106,
  "size_z": 64,
  "snr": 2.4104306483224835,
  "spacing_tr": 1.0,
  "spacing_x": 2.0,
  "spacing_y": 2.0,
  "spacing_z": 2.4000000953674316,
  "summary_bg_k": 24.24388936529835,
  "summary_bg_mad": 212.8335027649397,
  "summary_bg_mean": 815.9138793945312,
  "summary_bg_median": 420.14453125,
  "summary_bg_n": 505969.0,
  "summary_bg_p05": 268.3794921875,
  "summary_bg_p95": 2632.9829589843744,
  "summary_bg_stdv": 1041.498779296875,
  "summary_fg_k": 0.7997711271388144,
  "summary_fg_mad": 3910.2677929624106,
  "summary_fg_mean": 10349.1669921875,
  "summary_fg_median": 9717.0986328125,
  "summary_fg_n": 121229.0,
  "summary_fg_p05": 5030.938574218751,
  "summary_fg_p95": 17901.648437499996,
  "summary_fg_stdv": 4031.254150390625,
  "tsnr": 23.563505172729492
}