{
  "aor": 0.0006885430463576159,
  "aqi": 0.0070882788300220744,
  "bids_meta": {
    "BandwidthPerPixelPhaseEncode": 34.305,
    "CogAtlasID": "http://www.cognitiveatlas.org/id/trm_4cacee4a1d875/",
    "EchoTime": 0.03,
    "EffectiveEchoSpacing": 0.000275,
    "FlipAngle": 68,
    "MagneticFieldStrength": 3,
    "Manufacturer": "SIEMENS",
    "ManufacturersModelName": "Prisma",
    "MultibandAccelerationFactor": 4,
    "PhaseEncodingDirection": "j-",
    "RepetitionTime": 1,
    "SliceTiming": [
      0,
      0.4375,
      0.875,
      0.3125,
      0.75,
      0.1875,
      0.625,
      0.0625,
      0.5,
      0.9375,
      0.375,
      0.8125,
      0.25,
      0.6875,
      0.125,
      0.5625,
      0,
      0.4375,
      0.875,
      0.3125,
      0.75,
      0.1875,
      0.625,
      0.0625,
      0.5,
      0.9375,
      0.375,
      0.8125,
      0.25,
      0.6875,
      0.125,
      0.5625,
      0,
      0.4375,
      0.875,
      0.3125,
      0.75,
      0.1875,
      0.625,
      0.0625,
      0.5,
      0.9375,
      0.375,
      0.8125,
      0.25,
      0.6875,
      0.125,
      0.5625,
      0,
      0.4375,
      0.875,
      0.3125,
      0.75,
      0.1875,
      0.625,
      0.0625,
      0.5,
      0.9375,
      0.375,
      0.8125,
      0.25,
      0.6875,
      0.125,
      0.5625
    ],
    "TaskDescription": "Mixed gambles task",
    "TaskName": "MGT",
    "dataset": "ds001734",
    "modality": "bold",
    "run_id": 1,
    "subject_id": "106",
    "task_id": "MGT"
  },
  "dummy_trs": 0,
  "dvars_nstd": 50.53652089880531,
  "dvars_std": 1.0464078543362834,
  "dvars_vstd": 1.003339301415929,
  "efc": 0.508649637921777,
  "fber": 537.5704345703125,
  "fd_mean": 0.09918339224864114,
  "fd_num": 16,
  "fd_perc": 3.532008830022075,
  "fwhm_avg": 3.1682446817853838,
  "fwhm_x": 3.160175,
  "fwhm_y": 3.29168,
  "fwhm_z": 3.0528790453561525,
  "gcor": 0.00534006,
  "gsr_x": -0.01948200725018978,
  "gsr_y": 0.057108718901872635,
  "provenance": {
    "md5sum": "06ed3440fc879046dab36371eacafa5e",
    "settings": {
      "fd_thres": 0.2,
      "testing": false
    },
    "software": "mriqc",
    "version": "21.0.0rc2",
    "webapi_port": null,
    "webapi_url": "https://mriqc.nimh.nih.gov/api/v1"
  },
  "size_t": 453,
  "size_x": 106,
  "size_y": 106,
  "size_z": 64,
  "snr": 2.408262485106022,
  "spacing_tr": 1.0,
  "spacing_x": 2.0,
  "spacing_y": 2.0,
  "spacing_z": 2.4000000953674316,
  "summary_bg_k": 33.311357486900995,
  "summary_bg_mad": 192.69136889582254,
  "summary_bg_mean": 749.1185302734375,
  "summary_bg_median": 403.4436340332031,
  "summary_bg_n": 496811.0,
  "summary_bg_p05": 264.62646484375,
  "summary_bg_p95": 2232.562255859375,
  "summary_bg_stdv": 911.711181640625,
  "summary_fg_k": 0.6922556143888912,
  "summary_fg_mad": 3896.2999860752248,
  "summary_fg_mean": 10235.5517578125,
  "summary_fg_median": 9632.6552734375,
  "summary_fg_n": 124596.0,
  "summary_fg_p05": 4896.13720703125,
  "summary_fg_p95": 17664.091796875,
  "summary_fg_stdv": 3999.820068359375,
  "tsnr": 27.950706481933594
}