{
  "aor": 0.0002612888888888889,
  "aqi": 0.01516714097777778,
  "bids_meta": {
    "BandwidthPerPixelPhaseEncode": 34.305,
    "CogAtlasID": "http://www.cognitiveatlas.org/id/trm_4cacee4a1d875/",
    "EchoTime": 0.03,
    "EffectiveEchoSpacing": 0.000275,
    "FlipAngle": 68,
    "MagneticFieldStrength": 3,
    "Manufacturer": "SIEMENS",
    "ManufacturersModelName": "Prisma",
    "MultibandAccelerationFactor": 4,
    "PhaseEncodingDirection": "j-",
    "RepetitionTime": 1,
    "SliceTiming": [
      0,
      0.4375,
      0.875,
      0.3125,
      0.75,
      0.1875,
      0.625,
      0.0625,
      0.5,
      0.9375,
      0.375,
      0.8125,
      0.25,
      0.6875,
      0.125,
      0.5625,
      0,
      0.4375,
      0.875,
      0.3125,
      0.75,
      0.1875,
      0.625,
      0.0625,
      0.5,
      0.9375,
      0.375,
      0.8125,
      0.25,
      0.6875,
      0.125,
      0.5625,
      0,
      0.4375,
      0.875,
      0.3125,
      0.75,
      0.1875,
      0.625,
      0.0625,
      0.5,
      0.9375,
      0.375,
      0.8125,
      0.25,
      0.6875,
      0.125,
      0.5625,
      0,
      0.4375,
      0.875,
      0.3125,
      0.75,
      0.1875,
      0.625,
      0.0625,
      0.5,
      0.9375,
      0.375,
      0.8125,
      0.25,
      0.6875,
      0.125,
      0.5625
    ],
    "TaskDescription": "Mixed gambles task",
    "TaskName": "MGT",
    "dataset": "ds001734",
    "modality": "bold",
    "run_id": 3,
    "subject_id": "084",
    "task_id": "MGT"
  },
  "dummy_trs": 3,
  "dvars_nstd": 58.71447261984414,
  "dvars_std": 1.0004428204899778,
  "dvars_vstd": 0.9740327127171491,
  "efc": 0.5370545897034587,
  "fber": 392.0559997558594,
  "fd_mean": 0.12395568979553012,
  "fd_num": 37,
  "fd_perc": 8.222222222222221,
  "fwhm_avg": 3.07303801608067,
  "fwhm_x": 3.02338,
  "fwhm_y": 3.21548,
  "fwhm_z": 2.980254048242011,
  "gcor": 0.00779831,
  "gsr_x": -0.01007153745740652,
  "gsr_y": 0.059006206691265106,
  "provenance": {
    "md5sum": "17482cb4ff662b32d5997e3dcc8273e3",
    "settings": {
      "fd_thres": 0.2,
      "testing": false
    },
    "software": "mriqc",
    "version": "21.0.0rc2",
    "webapi_port": null,
    "webapi_url": "https://mriqc.nimh.nih.gov/api/v1"
  },
  "size_t": 450,
  "size_x": 106,
  "size_y": 106,
  "size_z": 64,
  "snr": 2.112189155979263,
  "spacing_tr": 1.0,
  "spacing_x": 2.0,
  "spacing_y": 2.0,
  "spacing_z": 2.4000000953674316,
  "summary_bg_k": 24.122030819736,
  "summary_bg_mad": 221.13934190854718,
  "summary_bg_mean": 984.1179809570312,
  "summary_bg_median": 432.008544921875,
  "summary_bg_n": 478384.0,
  "summary_bg_p05": 271.1705978393555,
  "summary_bg_p95": 3840.8030395507753,
  "summary_bg_stdv": 1532.484619140625,
  "summary_fg_k": 1.5435807626091975,
  "summary_fg_mad": 3855.359388143459,
  "summary_fg_mean": 9654.861328125,
  "summary_fg_median": 8862.05078125,
  "summary_fg_n": 137699.0,
  "summary_fg_p05": 4421.515283203125,
  "summary_fg_p95": 17590.334570312498,
  "summary_fg_stdv": 4195.65576171875,
  "tsnr": 20.867294311523438
}