{
  "aor": 0.000575420353982301,
  "aqi": 0.014936508517699112,
  "bids_meta": {
    "BandwidthPerPixelPhaseEncode": 34.305,
    "CogAtlasID": "http://www.cognitiveatlas.org/id/trm_4cacee4a1d875/",
    "EchoTime": 0.03,
    "EffectiveEchoSpacing": 0.000275,
    "FlipAngle": 68,
    "MagneticFieldStrength": 3,
    "Manufacturer": "SIEMENS",
    "ManufacturersModelName": "Prisma",
    "MultibandAccelerationFactor": 4,
    "PhaseEncodingDirection": "j-",
    "RepetitionTime": 1,
    "SliceTiming": [
      0,
      0.4375,
      0.875,
      0.3125,
      0.75,
      0.1875,
      0.625,
      0.0625,
      0.5,
      0.9375,
      0.375,
      0.8125,
      0.25,
      0.6875,
      0.125,
      0.5625,
      0,
      0.4375,
      0.875,
      0.3125,
      0.75,
      0.1875,
      0.625,
      0.0625,
      0.5,
      0.9375,
      0.375,
      0.8125,
      0.25,
      0.6875,
      0.125,
      0.5625,
      0,
      0.4375,
      0.875,
      0.3125,
      0.75,
      0.1875,
      0.625,
      0.0625,
      0.5,
      0.9375,
      0.375,
      0.8125,
      0.25,
      0.6875,
      0.125,
      0.5625,
      0,
      0.4375,
      0.875,
      0.3125,
      0.75,
      0.1875,
      0.625,
      0.0625,
      0.5,
      0.9375,
      0.375,
      0.8125,
      0.25,
      0.6875,
      0.125,
      0.5625
    ],
    "TaskDescription": "Mixed gambles task",
    "TaskName": "MGT",
    "dataset": "ds001734",
    "modality": "bold",
    "run_id": 4,
    "subject_id": "115",
    "task_id": "MGT"
  },
  "dummy_trs": 1,
  "dvars_nstd": 57.454847686829254,
  "dvars_std": 1.0283733941463413,
  "dvars_vstd": 0.9867247564966745,
  "efc": 0.5503151668104989,
  "fber": 385.1508483886719,
  "fd_mean": 0.07705348591738811,
  "fd_num": 8,
  "fd_perc": 1.7699115044247788,
  "fwhm_avg": 3.187347180100725,
  "fwhm_x": 3.057125,
  "fwhm_y": 3.32485,
  "fwhm_z": 3.1800665403021755,
  "gcor": 0.00618757,
  "gsr_x": -0.019840369001030922,
  "gsr_y": 0.06978552043437958,
  "provenance": {
    "md5sum": "1c3ca321281d439d8d8f4d24865a5654",
    "settings": {
      "fd_thres": 0.2,
      "testing": false
    },
    "software": "mriqc",
    "version": "21.0.0rc2",
    "webapi_port": null,
    "webapi_url": "https://mriqc.nimh.nih.gov/api/v1"
  },
  "size_t": 452,
  "size_x": 106,
  "size_y": 106,
  "size_z": 64,
  "snr": 2.1423578983205664,
  "spacing_tr": 1.0,
  "spacing_x": 2.0,
  "spacing_y": 2.0,
  "spacing_z": 2.4000000953674316,
  "summary_bg_k": 25.866135825421388,
  "summary_bg_mad": 213.0919446555679,
  "summary_bg_mean": 930.8683471679688,
  "summary_bg_median": 426.22576904296875,
  "summary_bg_n": 459259.0,
  "summary_bg_p05": 267.33766174316406,
  "summary_bg_p95": 3616.1613525390608,
  "summary_bg_stdv": 1442.103759765625,
  "summary_fg_k": 1.0011813010059303,
  "summary_fg_mad": 3739.0431631160327,
  "summary_fg_mean": 9369.0966796875,
  "summary_fg_median": 8681.3798828125,
  "summary_fg_n": 152865.0,
  "summary_fg_p05": 4142.48583984375,
  "summary_fg_p95": 16998.568359375,
  "summary_fg_stdv": 4052.241455078125,
  "tsnr": 22.15778350830078
}