{
  "aor": 0.0007730309734513274,
  "aqi": 0.016142530619469027,
  "bids_meta": {
    "BandwidthPerPixelPhaseEncode": 34.305,
    "CogAtlasID": "http://www.cognitiveatlas.org/id/trm_4cacee4a1d875/",
    "EchoTime": 0.03,
    "EffectiveEchoSpacing": 0.000275,
    "FlipAngle": 68,
    "MagneticFieldStrength": 3,
    "Manufacturer": "SIEMENS",
    "ManufacturersModelName": "Prisma",
    "MultibandAccelerationFactor": 4,
    "PhaseEncodingDirection": "j-",
    "RepetitionTime": 1,
    "SliceTiming": [
      0,
      0.4375,
      0.875,
      0.3125,
      0.75,
      0.1875,
      0.625,
      0.0625,
      0.5,
      0.9375,
      0.375,
      0.8125,
      0.25,
      0.6875,
      0.125,
      0.5625,
      0,
      0.4375,
      0.875,
      0.3125,
      0.75,
      0.1875,
      0.625,
      0.0625,
      0.5,
      0.9375,
      0.375,
      0.8125,
      0.25,
      0.6875,
      0.125,
      0.5625,
      0,
      0.4375,
      0.875,
      0.3125,
      0.75,
      0.1875,
      0.625,
      0.0625,
      0.5,
      0.9375,
      0.375,
      0.8125,
      0.25,
      0.6875,
      0.125,
      0.5625,
      0,
      0.4375,
      0.875,
      0.3125,
      0.75,
      0.1875,
      0.625,
      0.0625,
      0.5,
      0.9375,
      0.375,
      0.8125,
      0.25,
      0.6875,
      0.125,
      0.5625
    ],
    "TaskDescription": "Mixed gambles task",
    "TaskName": "MGT",
    "dataset": "ds001734",
    "modality": "bold",
    "run_id": 4,
    "subject_id": "022",
    "task_id": "MGT"
  },
  "dummy_trs": 1,
  "dvars_nstd": 55.16272321968962,
  "dvars_std": 0.9861460142793798,
  "dvars_vstd": 0.9590146039689583,
  "efc": 0.5271818167215616,
  "fber": 482.6960754394531,
  "fd_mean": 0.16217477247703574,
  "fd_num": 88,
  "fd_perc": 19.469026548672566,
  "fwhm_avg": 3.2492180123918053,
  "fwhm_x": 3.05135,
  "fwhm_y": 3.43755,
  "fwhm_z": 3.258754037175416,
  "gcor": 0.00280989,
  "gsr_x": -0.0063186646439135075,
  "gsr_y": 0.04467647895216942,
  "provenance": {
    "md5sum": "22e489deac5101264d02c6237caad029",
    "settings": {
      "fd_thres": 0.2,
      "testing": false
    },
    "software": "mriqc",
    "version": "21.0.0rc2",
    "webapi_port": null,
    "webapi_url": "https://mriqc.nimh.nih.gov/api/v1"
  },
  "size_t": 452,
  "size_x": 106,
  "size_y": 106,
  "size_z": 64,
  "snr": 2.2802536452104643,
  "spacing_tr": 1.0,
  "spacing_x": 2.0,
  "spacing_y": 2.0,
  "spacing_z": 2.4000000953674316,
  "summary_bg_k": 25.725044316380473,
  "summary_bg_mad": 197.0259488651879,
  "summary_bg_mean": 872.171875,
  "summary_bg_median": 412.37921142578125,
  "summary_bg_n": 479118.0,
  "summary_bg_p05": 263.3834487915039,
  "summary_bg_p95": 3462.4681274414042,
  "summary_bg_stdv": 1422.0653076171875,
  "summary_fg_k": 0.880753384369362,
  "summary_fg_mad": 3940.967721468893,
  "summary_fg_mean": 9985.740234375,
  "summary_fg_median": 9398.0830078125,
  "summary_fg_n": 136958.0,
  "summary_fg_p05": 4585.588452148438,
  "summary_fg_p95": 17625.9296875,
  "summary_fg_stdv": 4121.49267578125,
  "tsnr": 22.43719482421875
}