{
  "aor": 0.00036509933774834434,
  "aqi": 0.011555445474613688,
  "bids_meta": {
    "BandwidthPerPixelPhaseEncode": 34.305,
    "CogAtlasID": "http://www.cognitiveatlas.org/id/trm_4cacee4a1d875/",
    "EchoTime": 0.03,
    "EffectiveEchoSpacing": 0.000275,
    "FlipAngle": 68,
    "MagneticFieldStrength": 3,
    "Manufacturer": "SIEMENS",
    "ManufacturersModelName": "Prisma",
    "MultibandAccelerationFactor": 4,
    "PhaseEncodingDirection": "j-",
    "RepetitionTime": 1,
    "SliceTiming": [
      0,
      0.4375,
      0.875,
      0.3125,
      0.75,
      0.1875,
      0.625,
      0.0625,
      0.5,
      0.9375,
      0.375,
      0.8125,
      0.25,
      0.6875,
      0.125,
      0.5625,
      0,
      0.4375,
      0.875,
      0.3125,
      0.75,
      0.1875,
      0.625,
      0.0625,
      0.5,
      0.9375,
      0.375,
      0.8125,
      0.25,
      0.6875,
      0.125,
      0.5625,
      0,
      0.4375,
      0.875,
      0.3125,
      0.75,
      0.1875,
      0.625,
      0.0625,
      0.5,
      0.9375,
      0.375,
      0.8125,
      0.25,
      0.6875,
      0.125,
      0.5625,
      0,
      0.4375,
      0.875,
      0.3125,
      0.75,
      0.1875,
      0.625,
      0.0625,
      0.5,
      0.9375,
      0.375,
      0.8125,
      0.25,
      0.6875,
      0.125,
      0.5625
    ],
    "TaskDescription": "Mixed gambles task",
    "TaskName": "MGT",
    "dataset": "ds001734",
    "modality": "bold",
    "run_id": 4,
    "subject_id": "121",
    "task_id": "MGT"
  },
  "dummy_trs": 0,
  "dvars_nstd": 55.50399796323006,
  "dvars_std": 1.0359166647345135,
  "dvars_vstd": 0.9845898224557527,
  "efc": 0.5128956544473913,
  "fber": 607.0542602539062,
  "fd_mean": 0.08153998938420233,
  "fd_num": 4,
  "fd_perc": 0.8830022075055187,
  "fwhm_avg": 3.126589125883681,
  "fwhm_x": 2.972545,
  "fwhm_y": 3.32821,
  "fwhm_z": 3.0790123776510407,
  "gcor": 0.00220144,
  "gsr_x": -0.015624919906258583,
  "gsr_y": 0.07428541779518127,
  "provenance": {
    "md5sum": "4158dc822cf17aa4f991e7d0128bdbd3",
    "settings": {
      "fd_thres": 0.2,
      "testing": false
    },
    "software": "mriqc",
    "version": "21.0.0rc2",
    "webapi_port": null,
    "webapi_url": "https://mriqc.nimh.nih.gov/api/v1"
  },
  "size_t": 453,
  "size_x": 106,
  "size_y": 106,
  "size_z": 64,
  "snr": 2.3748916013588466,
  "spacing_tr": 1.0,
  "spacing_x": 2.0,
  "spacing_y": 2.0,
  "spacing_z": 2.4000000953674316,
  "summary_bg_k": 34.76793300320074,
  "summary_bg_mad": 132.93066328581213,
  "summary_bg_mean": 735.0582275390625,
  "summary_bg_median": 357.2189636230469,
  "summary_bg_n": 491912.0,
  "summary_bg_p05": 256.07493743896487,
  "summary_bg_p95": 2759.413562011716,
  "summary_bg_stdv": 1102.73828125,
  "summary_fg_k": 1.1678971804905407,
  "summary_fg_mad": 3519.4844702707023,
  "summary_fg_mean": 9473.888671875,
  "summary_fg_median": 8929.5283203125,
  "summary_fg_n": 131756.0,
  "summary_fg_p05": 4534.735107421875,
  "summary_fg_p95": 16457.06005859375,
  "summary_fg_stdv": 3759.958740234375,
  "tsnr": 24.284805297851562
}