{
  "aor": 0.0007034368070953437,
  "aqi": 0.01967864611973392,
  "bids_meta": {
    "BandwidthPerPixelPhaseEncode": 34.305,
    "CogAtlasID": "http://www.cognitiveatlas.org/id/trm_4cacee4a1d875/",
    "EchoTime": 0.03,
    "EffectiveEchoSpacing": 0.000275,
    "FlipAngle": 68,
    "MagneticFieldStrength": 3,
    "Manufacturer": "SIEMENS",
    "ManufacturersModelName": "Prisma",
    "MultibandAccelerationFactor": 4,
    "PhaseEncodingDirection": "j-",
    "RepetitionTime": 1,
    "SliceTiming": [
      0,
      0.4375,
      0.875,
      0.3125,
      0.75,
      0.1875,
      0.625,
      0.0625,
      0.5,
      0.9375,
      0.375,
      0.8125,
      0.25,
      0.6875,
      0.125,
      0.5625,
      0,
      0.4375,
      0.875,
      0.3125,
      0.75,
      0.1875,
      0.625,
      0.0625,
      0.5,
      0.9375,
      0.375,
      0.8125,
      0.25,
      0.6875,
      0.125,
      0.5625,
      0,
      0.4375,
      0.875,
      0.3125,
      0.75,
      0.1875,
      0.625,
      0.0625,
      0.5,
      0.9375,
      0.375,
      0.8125,
      0.25,
      0.6875,
      0.125,
      0.5625,
      0,
      0.4375,
      0.875,
      0.3125,
      0.75,
      0.1875,
      0.625,
      0.0625,
      0.5,
      0.9375,
      0.375,
      0.8125,
      0.25,
      0.6875,
      0.125,
      0.5625
    ],
    "TaskDescription": "Mixed gambles task",
    "TaskName": "MGT",
    "dataset": "ds001734",
    "modality": "bold",
    "run_id": 4,
    "subject_id": "116",
    "task_id": "MGT"
  },
  "dummy_trs": 2,
  "dvars_nstd": 56.60120618168892,
  "dvars_std": 0.963501423755555,
  "dvars_vstd": 0.9566325211555556,
  "efc": 0.4987737053519379,
  "fber": 617.1915893554688,
  "fd_mean": 0.18432060342983683,
  "fd_num": 103,
  "fd_perc": 22.838137472283815,
  "fwhm_avg": 3.176149229149971,
  "fwhm_x": 3.11397,
  "fwhm_y": 3.26959,
  "fwhm_z": 3.144887687449913,
  "gcor": 0.00934295,
  "gsr_x": -0.013806416653096676,
  "gsr_y": 0.03632134199142456,
  "provenance": {
    "md5sum": "ff21dc2f17eaa415272eb96c84f48896",
    "settings": {
      "fd_thres": 0.2,
      "testing": false
    },
    "software": "mriqc",
    "version": "21.0.0rc2",
    "webapi_port": null,
    "webapi_url": "https://mriqc.nimh.nih.gov/api/v1"
  },
  "size_t": 451,
  "size_x": 106,
  "size_y": 106,
  "size_z": 64,
  "snr": 2.306334549283089,
  "spacing_tr": 1.0,
  "spacing_x": 2.0,
  "spacing_y": 2.0,
  "spacing_z": 2.3999998569488525,
  "summary_bg_k": 29.69351345309566,
  "summary_bg_mad": 139.29271355279545,
  "summary_bg_mean": 661.8587646484375,
  "summary_bg_median": 358.57220458984375,
  "summary_bg_n": 500293.0,
  "summary_bg_p05": 251.602099609375,
  "summary_bg_p95": 2153.010595703123,
  "summary_bg_stdv": 856.6220703125,
  "summary_fg_k": 2.5404746110643757,
  "summary_fg_mad": 3466.2342199348986,
  "summary_fg_mean": 9579.8427734375,
  "summary_fg_median": 8909.28515625,
  "summary_fg_n": 128279.0,
  "summary_fg_p05": 4637.30888671875,
  "summary_fg_p95": 16584.1330078125,
  "summary_fg_stdv": 3862.947998046875,
  "tsnr": 18.16577911376953
}