{
  "aor": 0.001094878587196468,
  "aqi": 0.014604027373068432,
  "bids_meta": {
    "BandwidthPerPixelPhaseEncode": 34.305,
    "CogAtlasID": "http://www.cognitiveatlas.org/id/trm_4cacee4a1d875/",
    "EchoTime": 0.03,
    "EffectiveEchoSpacing": 0.000275,
    "FlipAngle": 68,
    "MagneticFieldStrength": 3,
    "Manufacturer": "SIEMENS",
    "ManufacturersModelName": "Prisma",
    "MultibandAccelerationFactor": 4,
    "PhaseEncodingDirection": "j-",
    "RepetitionTime": 1,
    "SliceTiming": [
      0,
      0.4375,
      0.875,
      0.3125,
      0.75,
      0.1875,
      0.625,
      0.0625,
      0.5,
      0.9375,
      0.375,
      0.8125,
      0.25,
      0.6875,
      0.125,
      0.5625,
      0,
      0.4375,
      0.875,
      0.3125,
      0.75,
      0.1875,
      0.625,
      0.0625,
      0.5,
      0.9375,
      0.375,
      0.8125,
      0.25,
      0.6875,
      0.125,
      0.5625,
      0,
      0.4375,
      0.875,
      0.3125,
      0.75,
      0.1875,
      0.625,
      0.0625,
      0.5,
      0.9375,
      0.375,
      0.8125,
      0.25,
      0.6875,
      0.125,
      0.5625,
      0,
      0.4375,
      0.875,
      0.3125,
      0.75,
      0.1875,
      0.625,
      0.0625,
      0.5,
      0.9375,
      0.375,
      0.8125,
      0.25,
      0.6875,
      0.125,
      0.5625
    ],
    "TaskDescription": "Mixed gambles task",
    "TaskName": "MGT",
    "dataset": "ds001734",
    "modality": "bold",
    "run_id": 1,
    "subject_id": "026",
    "task_id": "MGT"
  },
  "dummy_trs": 0,
  "dvars_nstd": 56.58495514789822,
  "dvars_std": 0.9921203392035398,
  "dvars_vstd": 0.9837784351991146,
  "efc": 0.5366579333253304,
  "fber": 468.4228515625,
  "fd_mean": 0.1792383495788617,
  "fd_num": 118,
  "fd_perc": 26.048565121412803,
  "fwhm_avg": 3.322158675847637,
  "fwhm_x": 3.26734,
  "fwhm_y": 3.44084,
  "fwhm_z": 3.2582960275429107,
  "gcor": 0.014796,
  "gsr_x": -0.010518916882574558,
  "gsr_y": 0.07077822089195251,
  "provenance": {
    "md5sum": "b48c49049673f882280279430921094d",
    "settings": {
      "fd_thres": 0.2,
      "testing": false
    },
    "software": "mriqc",
    "version": "21.0.0rc2",
    "webapi_port": null,
    "webapi_url": "https://mriqc.nimh.nih.gov/api/v1"
  },
  "size_t": 453,
  "size_x": 106,
  "size_y": 106,
  "size_z": 64,
  "snr": 2.2013923325121443,
  "spacing_tr": 1.0,
  "spacing_x": 2.0,
  "spacing_y": 2.0,
  "spacing_z": 2.3999998569488525,
  "summary_bg_k": 29.477298434772628,
  "summary_bg_mad": 187.22176209377187,
  "summary_bg_mean": 866.316650390625,
  "summary_bg_median": 415.15411376953125,
  "summary_bg_n": 468674.0,
  "summary_bg_p05": 273.7818328857422,
  "summary_bg_p95": 3131.686914062499,
  "summary_bg_stdv": 1274.773193359375,
  "summary_fg_k": 1.0636776170888602,
  "summary_fg_mad": 3986.9837706477015,
  "summary_fg_mean": 9890.8505859375,
  "summary_fg_median": 9181.6416015625,
  "summary_fg_n": 148955.0,
  "summary_fg_p05": 4515.4181640625,
  "summary_fg_p95": 17660.190039062498,
  "summary_fg_stdv": 4170.81982421875,
  "tsnr": 20.429901123046875
}