{
  "aor": 0.001564150110375276,
  "aqi": 0.012269338454746136,
  "bids_meta": {
    "BandwidthPerPixelPhaseEncode": 34.305,
    "CogAtlasID": "http://www.cognitiveatlas.org/id/trm_4cacee4a1d875/",
    "EchoTime": 0.03,
    "EffectiveEchoSpacing": 0.000275,
    "FlipAngle": 68,
    "MagneticFieldStrength": 3,
    "Manufacturer": "SIEMENS",
    "ManufacturersModelName": "Prisma",
    "MultibandAccelerationFactor": 4,
    "PhaseEncodingDirection": "j-",
    "RepetitionTime": 1,
    "SliceTiming": [
      0,
      0.4375,
      0.875,
      0.3125,
      0.75,
      0.1875,
      0.625,
      0.0625,
      0.5,
      0.9375,
      0.375,
      0.8125,
      0.25,
      0.6875,
      0.125,
      0.5625,
      0,
      0.4375,
      0.875,
      0.3125,
      0.75,
      0.1875,
      0.625,
      0.0625,
      0.5,
      0.9375,
      0.375,
      0.8125,
      0.25,
      0.6875,
      0.125,
      0.5625,
      0,
      0.4375,
      0.875,
      0.3125,
      0.75,
      0.1875,
      0.625,
      0.0625,
      0.5,
      0.9375,
      0.375,
      0.8125,
      0.25,
      0.6875,
      0.125,
      0.5625,
      0,
      0.4375,
      0.875,
      0.3125,
      0.75,
      0.1875,
      0.625,
      0.0625,
      0.5,
      0.9375,
      0.375,
      0.8125,
      0.25,
      0.6875,
      0.125,
      0.5625
    ],
    "TaskDescription": "Mixed gambles task",
    "TaskName": "MGT",
    "dataset": "ds001734",
    "modality": "bold",
    "run_id": 2,
    "subject_id": "110",
    "task_id": "MGT"
  },
  "dummy_trs": 0,
  "dvars_nstd": 53.755429858584044,
  "dvars_std": 1.0443977006637173,
  "dvars_vstd": 1.0053236054203536,
  "efc": 0.5035137277220024,
  "fber": 608.18798828125,
  "fd_mean": 0.1021692533843424,
  "fd_num": 30,
  "fd_perc": 6.622516556291391,
  "fwhm_avg": 3.0829871813967955,
  "fwhm_x": 2.949395,
  "fwhm_y": 3.21735,
  "fwhm_z": 3.082216544190385,
  "gcor": 0.00468752,
  "gsr_x": -0.019532596692442894,
  "gsr_y": 0.04781939089298248,
  "provenance": {
    "md5sum": "b97ab45c7f86b638950c542d64860459",
    "settings": {
      "fd_thres": 0.2,
      "testing": false
    },
    "software": "mriqc",
    "version": "21.0.0rc2",
    "webapi_port": null,
    "webapi_url": "https://mriqc.nimh.nih.gov/api/v1"
  },
  "size_t": 453,
  "size_x": 106,
  "size_y": 106,
  "size_z": 64,
  "snr": 2.5269467042253932,
  "spacing_tr": 1.0,
  "spacing_x": 2.0,
  "spacing_y": 2.0,
  "spacing_z": 2.4000000953674316,
  "summary_bg_k": 27.989341221443226,
  "summary_bg_mad": 143.47746328392287,
  "summary_bg_mean": 695.037109375,
  "summary_bg_median": 363.25640869140625,
  "summary_bg_n": 501608.0,
  "summary_bg_p05": 252.72763366699218,
  "summary_bg_p95": 2421.751953125,
  "summary_bg_stdv": 951.9095458984375,
  "summary_fg_k": 1.06207969587269,
  "summary_fg_mad": 3521.624036118746,
  "summary_fg_mean": 9740.529296875,
  "summary_fg_median": 9226.921875,
  "summary_fg_n": 120835.0,
  "summary_fg_p05": 4921.357861328125,
  "summary_fg_p95": 16334.68330078124,
  "summary_fg_stdv": 3651.396240234375,
  "tsnr": 23.879573822021484
}