{
  "aor": 0.0011709492273730684,
  "aqi": 0.01296375298013245,
  "bids_meta": {
    "BandwidthPerPixelPhaseEncode": 34.305,
    "CogAtlasID": "http://www.cognitiveatlas.org/id/trm_4cacee4a1d875/",
    "EchoTime": 0.03,
    "EffectiveEchoSpacing": 0.000275,
    "FlipAngle": 68,
    "MagneticFieldStrength": 3,
    "Manufacturer": "SIEMENS",
    "ManufacturersModelName": "Prisma",
    "MultibandAccelerationFactor": 4,
    "PhaseEncodingDirection": "j-",
    "RepetitionTime": 1,
    "SliceTiming": [
      0,
      0.4375,
      0.875,
      0.3125,
      0.75,
      0.1875,
      0.625,
      0.0625,
      0.5,
      0.9375,
      0.375,
      0.8125,
      0.25,
      0.6875,
      0.125,
      0.5625,
      0,
      0.4375,
      0.875,
      0.3125,
      0.75,
      0.1875,
      0.625,
      0.0625,
      0.5,
      0.9375,
      0.375,
      0.8125,
      0.25,
      0.6875,
      0.125,
      0.5625,
      0,
      0.4375,
      0.875,
      0.3125,
      0.75,
      0.1875,
      0.625,
      0.0625,
      0.5,
      0.9375,
      0.375,
      0.8125,
      0.25,
      0.6875,
      0.125,
      0.5625,
      0,
      0.4375,
      0.875,
      0.3125,
      0.75,
      0.1875,
      0.625,
      0.0625,
      0.5,
      0.9375,
      0.375,
      0.8125,
      0.25,
      0.6875,
      0.125,
      0.5625
    ],
    "TaskDescription": "Mixed gambles task",
    "TaskName": "MGT",
    "dataset": "ds001734",
    "modality": "bold",
    "run_id": 1,
    "subject_id": "110",
    "task_id": "MGT"
  },
  "dummy_trs": 0,
  "dvars_nstd": 55.08437918783188,
  "dvars_std": 1.0428823921017705,
  "dvars_vstd": 0.9974438904867259,
  "efc": 0.5017546911809772,
  "fber": 629.8626708984375,
  "fd_mean": 0.12282203795540075,
  "fd_num": 30,
  "fd_perc": 6.622516556291391,
  "fwhm_avg": 3.102988570131981,
  "fwhm_x": 2.969775,
  "fwhm_y": 3.24537,
  "fwhm_z": 3.0938207103959434,
  "gcor": 0.00536103,
  "gsr_x": -0.018317196518182755,
  "gsr_y": 0.04767707362771034,
  "provenance": {
    "md5sum": "98217166c4af8b389f713d92e3d23733",
    "settings": {
      "fd_thres": 0.2,
      "testing": false
    },
    "software": "mriqc",
    "version": "21.0.0rc2",
    "webapi_port": null,
    "webapi_url": "https://mriqc.nimh.nih.gov/api/v1"
  },
  "size_t": 453,
  "size_x": 106,
  "size_y": 106,
  "size_z": 64,
  "snr": 2.5093650757403685,
  "spacing_tr": 1.0,
  "spacing_x": 2.0,
  "spacing_y": 2.0,
  "spacing_z": 2.4000000953674316,
  "summary_bg_k": 27.45011576483908,
  "summary_bg_mad": 137.73007217033305,
  "summary_bg_mean": 690.0578002929688,
  "summary_bg_median": 358.5296630859375,
  "summary_bg_n": 501487.0,
  "summary_bg_p05": 254.21916961669922,
  "summary_bg_p95": 2420.263476562498,
  "summary_bg_stdv": 938.7141723632812,
  "summary_fg_k": 1.1337413474579003,
  "summary_fg_mad": 3558.796956684197,
  "summary_fg_mean": 9794.3681640625,
  "summary_fg_median": 9256.828125,
  "summary_fg_n": 120906.0,
  "summary_fg_p05": 4955.9573974609375,
  "summary_fg_p95": 16487.0458984375,
  "summary_fg_stdv": 3688.897216796875,
  "tsnr": 22.599523544311523
}