{
  "aor": 0.0004418543046357616,
  "aqi": 0.010029491059602649,
  "bids_meta": {
    "BandwidthPerPixelPhaseEncode": 34.305,
    "CogAtlasID": "http://www.cognitiveatlas.org/id/trm_4cacee4a1d875/",
    "EchoTime": 0.03,
    "EffectiveEchoSpacing": 0.000275,
    "FlipAngle": 68,
    "MagneticFieldStrength": 3,
    "Manufacturer": "SIEMENS",
    "ManufacturersModelName": "Prisma",
    "MultibandAccelerationFactor": 4,
    "PhaseEncodingDirection": "j-",
    "RepetitionTime": 1,
    "SliceTiming": [
      0,
      0.4375,
      0.875,
      0.3125,
      0.75,
      0.1875,
      0.625,
      0.0625,
      0.5,
      0.9375,
      0.375,
      0.8125,
      0.25,
      0.6875,
      0.125,
      0.5625,
      0,
      0.4375,
      0.875,
      0.3125,
      0.75,
      0.1875,
      0.625,
      0.0625,
      0.5,
      0.9375,
      0.375,
      0.8125,
      0.25,
      0.6875,
      0.125,
      0.5625,
      0,
      0.4375,
      0.875,
      0.3125,
      0.75,
      0.1875,
      0.625,
      0.0625,
      0.5,
      0.9375,
      0.375,
      0.8125,
      0.25,
      0.6875,
      0.125,
      0.5625,
      0,
      0.4375,
      0.875,
      0.3125,
      0.75,
      0.1875,
      0.625,
      0.0625,
      0.5,
      0.9375,
      0.375,
      0.8125,
      0.25,
      0.6875,
      0.125,
      0.5625
    ],
    "TaskDescription": "Mixed gambles task",
    "TaskName": "MGT",
    "dataset": "ds001734",
    "modality": "bold",
    "run_id": 3,
    "subject_id": "107",
    "task_id": "MGT"
  },
  "dummy_trs": 0,
  "dvars_nstd": 62.84874675542042,
  "dvars_std": 1.0453162556194688,
  "dvars_vstd": 1.0063100030973455,
  "efc": 0.5758755074102608,
  "fber": 279.5256652832031,
  "fd_mean": 0.08259174550085005,
  "fd_num": 4,
  "fd_perc": 0.8830022075055187,
  "fwhm_avg": 2.9849050598793263,
  "fwhm_x": 2.81668,
  "fwhm_y": 3.12421,
  "fwhm_z": 3.0138251796379794,
  "gcor": 0.00274772,
  "gsr_x": -0.013011150993406773,
  "gsr_y": 0.05556241422891617,
  "provenance": {
    "md5sum": "96554b8f19a7bc93424adecd3da4b79a",
    "settings": {
      "fd_thres": 0.2,
      "testing": false
    },
    "software": "mriqc",
    "version": "21.0.0rc2",
    "webapi_port": null,
    "webapi_url": "https://mriqc.nimh.nih.gov/api/v1"
  },
  "size_t": 453,
  "size_x": 106,
  "size_y": 106,
  "size_z": 64,
  "snr": 2.1601410568265753,
  "spacing_tr": 1.0,
  "spacing_x": 2.0,
  "spacing_y": 2.0,
  "spacing_z": 2.3999998569488525,
  "summary_bg_k": 25.871783355381506,
  "summary_bg_mad": 237.49540614444834,
  "summary_bg_mean": 973.2589111328125,
  "summary_bg_median": 462.21148681640625,
  "summary_bg_n": 439094.0,
  "summary_bg_p05": 275.6918151855469,
  "summary_bg_p95": 3776.8742797851546,
  "summary_bg_stdv": 1526.2427978515625,
  "summary_fg_k": 0.7785130234614388,
  "summary_fg_mad": 3515.4033325720575,
  "summary_fg_mean": 8776.5546875,
  "summary_fg_median": 8192.0966796875,
  "summary_fg_n": 164610.0,
  "summary_fg_p05": 3708.7380615234374,
  "summary_fg_p95": 15873.4677734375,
  "summary_fg_stdv": 3792.378173828125,
  "tsnr": 23.511037826538086
}