{
  "aor": 0.0005786061946902655,
  "aqi": 0.011285011836283188,
  "bids_meta": {
    "BandwidthPerPixelPhaseEncode": 34.305,
    "CogAtlasID": "http://www.cognitiveatlas.org/id/trm_4cacee4a1d875/",
    "EchoTime": 0.03,
    "EffectiveEchoSpacing": 0.000275,
    "FlipAngle": 68,
    "MagneticFieldStrength": 3,
    "Manufacturer": "SIEMENS",
    "ManufacturersModelName": "Prisma",
    "MultibandAccelerationFactor": 4,
    "PhaseEncodingDirection": "j-",
    "RepetitionTime": 1,
    "SliceTiming": [
      0,
      0.4375,
      0.875,
      0.3125,
      0.75,
      0.1875,
      0.625,
      0.0625,
      0.5,
      0.9375,
      0.375,
      0.8125,
      0.25,
      0.6875,
      0.125,
      0.5625,
      0,
      0.4375,
      0.875,
      0.3125,
      0.75,
      0.1875,
      0.625,
      0.0625,
      0.5,
      0.9375,
      0.375,
      0.8125,
      0.25,
      0.6875,
      0.125,
      0.5625,
      0,
      0.4375,
      0.875,
      0.3125,
      0.75,
      0.1875,
      0.625,
      0.0625,
      0.5,
      0.9375,
      0.375,
      0.8125,
      0.25,
      0.6875,
      0.125,
      0.5625,
      0,
      0.4375,
      0.875,
      0.3125,
      0.75,
      0.1875,
      0.625,
      0.0625,
      0.5,
      0.9375,
      0.375,
      0.8125,
      0.25,
      0.6875,
      0.125,
      0.5625
    ],
    "TaskDescription": "Mixed gambles task",
    "TaskName": "MGT",
    "dataset": "ds001734",
    "modality": "bold",
    "run_id": 3,
    "subject_id": "020",
    "task_id": "MGT"
  },
  "dummy_trs": 1,
  "dvars_nstd": 65.10501632365856,
  "dvars_std": 1.062707126075388,
  "dvars_vstd": 1.0052501709534367,
  "efc": 0.5459306407810474,
  "fber": 354.0379638671875,
  "fd_mean": 0.1053029398303954,
  "fd_num": 13,
  "fd_perc": 2.8761061946902653,
  "fwhm_avg": 3.0363157928828084,
  "fwhm_x": 2.93642,
  "fwhm_y": 3.118615,
  "fwhm_z": 3.053912378648425,
  "gcor": 0.00410419,
  "gsr_x": -0.015830285847187042,
  "gsr_y": 0.07280193269252777,
  "provenance": {
    "md5sum": "2df16e57f0eb3d60f0cf084f69327020",
    "settings": {
      "fd_thres": 0.2,
      "testing": false
    },
    "software": "mriqc",
    "version": "21.0.0rc2",
    "webapi_port": null,
    "webapi_url": "https://mriqc.nimh.nih.gov/api/v1"
  },
  "size_t": 452,
  "size_x": 106,
  "size_y": 106,
  "size_z": 64,
  "snr": 2.2729848041268883,
  "spacing_tr": 1.0,
  "spacing_x": 2.0,
  "spacing_y": 2.0,
  "spacing_z": 2.4000000953674316,
  "summary_bg_k": 35.564045433046985,
  "summary_bg_mad": 199.0276292682579,
  "summary_bg_mean": 925.457275390625,
  "summary_bg_median": 413.9455871582031,
  "summary_bg_n": 475845.0,
  "summary_bg_p05": 269.2670959472656,
  "summary_bg_p95": 3458.657324218749,
  "summary_bg_stdv": 1507.2994384765625,
  "summary_fg_k": 0.6502928167569184,
  "summary_fg_mad": 3509.4729236980347,
  "summary_fg_mean": 8808.197265625,
  "summary_fg_median": 8289.546875,
  "summary_fg_n": 135134.0,
  "summary_fg_p05": 3849.854443359375,
  "summary_fg_p95": 15472.806787109375,
  "summary_fg_stdv": 3646.973876953125,
  "tsnr": 22.78184700012207
}