{
  "aor": 0.0003118984547461369,
  "aqi": 0.011207601302428255,
  "bids_meta": {
    "BandwidthPerPixelPhaseEncode": 34.305,
    "CogAtlasID": "http://www.cognitiveatlas.org/id/trm_4cacee4a1d875/",
    "EchoTime": 0.03,
    "EffectiveEchoSpacing": 0.000275,
    "FlipAngle": 68,
    "MagneticFieldStrength": 3,
    "Manufacturer": "SIEMENS",
    "ManufacturersModelName": "Prisma",
    "MultibandAccelerationFactor": 4,
    "PhaseEncodingDirection": "j-",
    "RepetitionTime": 1,
    "SliceTiming": [
      0,
      0.4375,
      0.875,
      0.3125,
      0.75,
      0.1875,
      0.625,
      0.0625,
      0.5,
      0.9375,
      0.375,
      0.8125,
      0.25,
      0.6875,
      0.125,
      0.5625,
      0,
      0.4375,
      0.875,
      0.3125,
      0.75,
      0.1875,
      0.625,
      0.0625,
      0.5,
      0.9375,
      0.375,
      0.8125,
      0.25,
      0.6875,
      0.125,
      0.5625,
      0,
      0.4375,
      0.875,
      0.3125,
      0.75,
      0.1875,
      0.625,
      0.0625,
      0.5,
      0.9375,
      0.375,
      0.8125,
      0.25,
      0.6875,
      0.125,
      0.5625,
      0,
      0.4375,
      0.875,
      0.3125,
      0.75,
      0.1875,
      0.625,
      0.0625,
      0.5,
      0.9375,
      0.375,
      0.8125,
      0.25,
      0.6875,
      0.125,
      0.5625
    ],
    "TaskDescription": "Mixed gambles task",
    "TaskName": "MGT",
    "dataset": "ds001734",
    "modality": "bold",
    "run_id": 4,
    "subject_id": "074",
    "task_id": "MGT"
  },
  "dummy_trs": 0,
  "dvars_nstd": 58.792756629358465,
  "dvars_std": 1.084808199225663,
  "dvars_vstd": 1.0011856340044247,
  "efc": 0.5206128199044034,
  "fber": 500.7508239746094,
  "fd_mean": 0.09246042092166534,
  "fd_num": 7,
  "fd_perc": 1.5452538631346577,
  "fwhm_avg": 3.08643718114778,
  "fwhm_x": 3.00453,
  "fwhm_y": 3.153765,
  "fwhm_z": 3.1010165434433405,
  "gcor": 0.00258753,
  "gsr_x": -0.017943000420928,
  "gsr_y": 0.05264721438288689,
  "provenance": {
    "md5sum": "65b5f3a0021c8df363328cf30abb72d2",
    "settings": {
      "fd_thres": 0.2,
      "testing": false
    },
    "software": "mriqc",
    "version": "21.0.0rc2",
    "webapi_port": null,
    "webapi_url": "https://mriqc.nimh.nih.gov/api/v1"
  },
  "size_t": 453,
  "size_x": 106,
  "size_y": 106,
  "size_z": 64,
  "snr": 2.4697048975113507,
  "spacing_tr": 1.0,
  "spacing_x": 2.0,
  "spacing_y": 2.0,
  "spacing_z": 2.4000000953674316,
  "summary_bg_k": 29.28622591750475,
  "summary_bg_mad": 170.89130677070256,
  "summary_bg_mean": 760.17529296875,
  "summary_bg_median": 387.2923278808594,
  "summary_bg_n": 487813.0,
  "summary_bg_p05": 262.57819213867185,
  "summary_bg_p95": 2702.561035156249,
  "summary_bg_stdv": 1122.70947265625,
  "summary_fg_k": 0.9958959932872515,
  "summary_fg_mad": 3363.4894518363417,
  "summary_fg_mean": 9546.427734375,
  "summary_fg_median": 9010.603515625,
  "summary_fg_n": 129724.0,
  "summary_fg_p05": 4686.544360351562,
  "summary_fg_p95": 16273.211279296875,
  "summary_fg_stdv": 3648.439453125,
  "tsnr": 25.408794403076172
}