{
  "aor": 0.0012401995565410199,
  "aqi": 0.011490271152993349,
  "bids_meta": {
    "BandwidthPerPixelPhaseEncode": 34.305,
    "CogAtlasID": "http://www.cognitiveatlas.org/id/trm_4cacee4a1d875/",
    "EchoTime": 0.03,
    "EffectiveEchoSpacing": 0.000275,
    "FlipAngle": 68,
    "MagneticFieldStrength": 3,
    "Manufacturer": "SIEMENS",
    "ManufacturersModelName": "Prisma",
    "MultibandAccelerationFactor": 4,
    "PhaseEncodingDirection": "j-",
    "RepetitionTime": 1,
    "SliceTiming": [
      0,
      0.4375,
      0.875,
      0.3125,
      0.75,
      0.1875,
      0.625,
      0.0625,
      0.5,
      0.9375,
      0.375,
      0.8125,
      0.25,
      0.6875,
      0.125,
      0.5625,
      0,
      0.4375,
      0.875,
      0.3125,
      0.75,
      0.1875,
      0.625,
      0.0625,
      0.5,
      0.9375,
      0.375,
      0.8125,
      0.25,
      0.6875,
      0.125,
      0.5625,
      0,
      0.4375,
      0.875,
      0.3125,
      0.75,
      0.1875,
      0.625,
      0.0625,
      0.5,
      0.9375,
      0.375,
      0.8125,
      0.25,
      0.6875,
      0.125,
      0.5625,
      0,
      0.4375,
      0.875,
      0.3125,
      0.75,
      0.1875,
      0.625,
      0.0625,
      0.5,
      0.9375,
      0.375,
      0.8125,
      0.25,
      0.6875,
      0.125,
      0.5625
    ],
    "TaskDescription": "Mixed gambles task",
    "TaskName": "MGT",
    "dataset": "ds001734",
    "modality": "bold",
    "run_id": 4,
    "subject_id": "099",
    "task_id": "MGT"
  },
  "dummy_trs": 2,
  "dvars_nstd": 66.0743370904667,
  "dvars_std": 1.1067047688444451,
  "dvars_vstd": 1.0170208634000002,
  "efc": 0.55363328921238,
  "fber": 393.7708435058594,
  "fd_mean": 0.14862077933134224,
  "fd_num": 65,
  "fd_perc": 14.412416851441241,
  "fwhm_avg": 3.041029126175743,
  "fwhm_x": 2.915655,
  "fwhm_y": 3.15047,
  "fwhm_z": 3.056962378527229,
  "gcor": 0.00299578,
  "gsr_x": -0.027799325063824654,
  "gsr_y": 0.09433545917272568,
  "provenance": {
    "md5sum": "32fdbbe1b36ba0c4f63193ee31ec6efc",
    "settings": {
      "fd_thres": 0.2,
      "testing": false
    },
    "software": "mriqc",
    "version": "21.0.0rc2",
    "webapi_port": null,
    "webapi_url": "https://mriqc.nimh.nih.gov/api/v1"
  },
  "size_t": 451,
  "size_x": 106,
  "size_y": 106,
  "size_z": 64,
  "snr": 2.1138169619778933,
  "spacing_tr": 1.0,
  "spacing_x": 2.0,
  "spacing_y": 2.0,
  "spacing_z": 2.4000000953674316,
  "summary_bg_k": 42.85720335451838,
  "summary_bg_mad": 195.20843998099082,
  "summary_bg_mean": 935.7842407226562,
  "summary_bg_median": 415.02227783203125,
  "summary_bg_n": 456122.0,
  "summary_bg_p05": 271.88318328857423,
  "summary_bg_p95": 3647.047741699218,
  "summary_bg_stdv": 1585.369384765625,
  "summary_fg_k": 1.2090475590048886,
  "summary_fg_mad": 3628.142634961966,
  "summary_fg_mean": 9222.4072265625,
  "summary_fg_median": 8513.4267578125,
  "summary_fg_n": 158365.0,
  "summary_fg_p05": 4100.28193359375,
  "summary_fg_p95": 16874.070312499996,
  "summary_fg_stdv": 4027.5009765625,
  "tsnr": 23.104238510131836
}