{
  "aor": 0.00037677704194260484,
  "aqi": 0.008966793355408387,
  "bids_meta": {
    "BandwidthPerPixelPhaseEncode": 34.305,
    "CogAtlasID": "http://www.cognitiveatlas.org/id/trm_4cacee4a1d875/",
    "EchoTime": 0.03,
    "EffectiveEchoSpacing": 0.000275,
    "FlipAngle": 68,
    "MagneticFieldStrength": 3,
    "Manufacturer": "SIEMENS",
    "ManufacturersModelName": "Prisma",
    "MultibandAccelerationFactor": 4,
    "PhaseEncodingDirection": "j-",
    "RepetitionTime": 1,
    "SliceTiming": [
      0,
      0.4375,
      0.875,
      0.3125,
      0.75,
      0.1875,
      0.625,
      0.0625,
      0.5,
      0.9375,
      0.375,
      0.8125,
      0.25,
      0.6875,
      0.125,
      0.5625,
      0,
      0.4375,
      0.875,
      0.3125,
      0.75,
      0.1875,
      0.625,
      0.0625,
      0.5,
      0.9375,
      0.375,
      0.8125,
      0.25,
      0.6875,
      0.125,
      0.5625,
      0,
      0.4375,
      0.875,
      0.3125,
      0.75,
      0.1875,
      0.625,
      0.0625,
      0.5,
      0.9375,
      0.375,
      0.8125,
      0.25,
      0.6875,
      0.125,
      0.5625,
      0,
      0.4375,
      0.875,
      0.3125,
      0.75,
      0.1875,
      0.625,
      0.0625,
      0.5,
      0.9375,
      0.375,
      0.8125,
      0.25,
      0.6875,
      0.125,
      0.5625
    ],
    "TaskDescription": "Mixed gambles task",
    "TaskName": "MGT",
    "dataset": "ds001734",
    "modality": "bold",
    "run_id": 3,
    "subject_id": "005",
    "task_id": "MGT"
  },
  "dummy_trs": 0,
  "dvars_nstd": 60.02280061404866,
  "dvars_std": 1.0797468954646017,
  "dvars_vstd": 1.0057510929424784,
  "efc": 0.5322208044263574,
  "fber": 503.492919921875,
  "fd_mean": 0.09722961741709601,
  "fd_num": 10,
  "fd_perc": 2.207505518763797,
  "fwhm_avg": 3.135083013722975,
  "fwhm_x": 3.08351,
  "fwhm_y": 3.163485,
  "fwhm_z": 3.1582540411689264,
  "gcor": 0.00538142,
  "gsr_x": -0.02938181720674038,
  "gsr_y": 0.08742912858724594,
  "provenance": {
    "md5sum": "ab64c21897cd82348f09cc2c03a01f0f",
    "settings": {
      "fd_thres": 0.2,
      "testing": false
    },
    "software": "mriqc",
    "version": "21.0.0rc2",
    "webapi_port": null,
    "webapi_url": "https://mriqc.nimh.nih.gov/api/v1"
  },
  "size_t": 453,
  "size_x": 106,
  "size_y": 106,
  "size_z": 64,
  "snr": 2.2213225695602214,
  "spacing_tr": 1.0,
  "spacing_x": 2.0,
  "spacing_y": 2.0,
  "spacing_z": 2.4000000953674316,
  "summary_bg_k": 28.31039810805682,
  "summary_bg_mad": 153.4655274789231,
  "summary_bg_mean": 883.7091674804688,
  "summary_bg_median": 379.65655517578125,
  "summary_bg_n": 479732.0,
  "summary_bg_p05": 267.5813507080078,
  "summary_bg_p95": 3727.821020507811,
  "summary_bg_stdv": 1440.026123046875,
  "summary_fg_k": 1.4919183788847326,
  "summary_fg_mad": 3602.818225387863,
  "summary_fg_mean": 9530.607421875,
  "summary_fg_median": 8802.859375,
  "summary_fg_n": 137972.0,
  "summary_fg_p05": 4492.669604492187,
  "summary_fg_p95": 16994.083398437477,
  "summary_fg_stdv": 3962.876708984375,
  "tsnr": 25.543081283569336
}