{
  "aor": 0.0005729359823399558,
  "aqi": 0.008126597306843267,
  "bids_meta": {
    "BandwidthPerPixelPhaseEncode": 34.305,
    "CogAtlasID": "http://www.cognitiveatlas.org/id/trm_4cacee4a1d875/",
    "EchoTime": 0.03,
    "EffectiveEchoSpacing": 0.000275,
    "FlipAngle": 68,
    "MagneticFieldStrength": 3,
    "Manufacturer": "SIEMENS",
    "ManufacturersModelName": "Prisma",
    "MultibandAccelerationFactor": 4,
    "PhaseEncodingDirection": "j-",
    "RepetitionTime": 1,
    "SliceTiming": [
      0,
      0.4375,
      0.875,
      0.3125,
      0.75,
      0.1875,
      0.625,
      0.0625,
      0.5,
      0.9375,
      0.375,
      0.8125,
      0.25,
      0.6875,
      0.125,
      0.5625,
      0,
      0.4375,
      0.875,
      0.3125,
      0.75,
      0.1875,
      0.625,
      0.0625,
      0.5,
      0.9375,
      0.375,
      0.8125,
      0.25,
      0.6875,
      0.125,
      0.5625,
      0,
      0.4375,
      0.875,
      0.3125,
      0.75,
      0.1875,
      0.625,
      0.0625,
      0.5,
      0.9375,
      0.375,
      0.8125,
      0.25,
      0.6875,
      0.125,
      0.5625,
      0,
      0.4375,
      0.875,
      0.3125,
      0.75,
      0.1875,
      0.625,
      0.0625,
      0.5,
      0.9375,
      0.375,
      0.8125,
      0.25,
      0.6875,
      0.125,
      0.5625
    ],
    "TaskDescription": "Mixed gambles task",
    "TaskName": "MGT",
    "dataset": "ds001734",
    "modality": "bold",
    "run_id": 2,
    "subject_id": "003",
    "task_id": "MGT"
  },
  "dummy_trs": 0,
  "dvars_nstd": 51.948233418606236,
  "dvars_std": 1.0500327438053105,
  "dvars_vstd": 1.0070114026106194,
  "efc": 0.5045175800477475,
  "fber": 573.1495971679688,
  "fd_mean": 0.09197413586625951,
  "fd_num": 14,
  "fd_perc": 3.0905077262693155,
  "fwhm_avg": 3.2217269023285215,
  "fwhm_x": 3.09044,
  "fwhm_y": 3.395095,
  "fwhm_z": 3.1796457069855646,
  "gcor": 0.00730034,
  "gsr_x": -0.010639691725373268,
  "gsr_y": 0.05937866494059563,
  "provenance": {
    "md5sum": "620d116a87090003761a41fe503ff933",
    "settings": {
      "fd_thres": 0.2,
      "testing": false
    },
    "software": "mriqc",
    "version": "21.0.0rc2",
    "webapi_port": null,
    "webapi_url": "https://mriqc.nimh.nih.gov/api/v1"
  },
  "size_t": 453,
  "size_x": 106,
  "size_y": 106,
  "size_z": 64,
  "snr": 2.339306360414453,
  "spacing_tr": 1.0,
  "spacing_x": 2.0,
  "spacing_y": 2.0,
  "spacing_z": 2.4000000953674316,
  "summary_bg_k": 36.87870915889897,
  "summary_bg_mad": 189.9761002087816,
  "summary_bg_mean": 805.3768310546875,
  "summary_bg_median": 396.62457275390625,
  "summary_bg_n": 500523.0,
  "summary_bg_p05": 260.3739715576172,
  "summary_bg_p95": 2764.1666259765625,
  "summary_bg_stdv": 1198.7445068359375,
  "summary_fg_k": 0.9216897780733291,
  "summary_fg_mad": 4004.4608130105735,
  "summary_fg_mean": 10393.3486328125,
  "summary_fg_median": 9783.921875,
  "summary_fg_n": 121369.0,
  "summary_fg_p05": 4842.0251953125,
  "summary_fg_p95": 18014.857031249998,
  "summary_fg_stdv": 4182.3857421875,
  "tsnr": 26.592002868652344
}