{
  "aor": 0.0007114790286975718,
  "aqi": 0.010086111192052981,
  "bids_meta": {
    "BandwidthPerPixelPhaseEncode": 34.305,
    "CogAtlasID": "http://www.cognitiveatlas.org/id/trm_4cacee4a1d875/",
    "EchoTime": 0.03,
    "EffectiveEchoSpacing": 0.000275,
    "FlipAngle": 68,
    "MagneticFieldStrength": 3,
    "Manufacturer": "SIEMENS",
    "ManufacturersModelName": "Prisma",
    "MultibandAccelerationFactor": 4,
    "PhaseEncodingDirection": "j-",
    "RepetitionTime": 1,
    "SliceTiming": [
      0,
      0.4375,
      0.875,
      0.3125,
      0.75,
      0.1875,
      0.625,
      0.0625,
      0.5,
      0.9375,
      0.375,
      0.8125,
      0.25,
      0.6875,
      0.125,
      0.5625,
      0,
      0.4375,
      0.875,
      0.3125,
      0.75,
      0.1875,
      0.625,
      0.0625,
      0.5,
      0.9375,
      0.375,
      0.8125,
      0.25,
      0.6875,
      0.125,
      0.5625,
      0,
      0.4375,
      0.875,
      0.3125,
      0.75,
      0.1875,
      0.625,
      0.0625,
      0.5,
      0.9375,
      0.375,
      0.8125,
      0.25,
      0.6875,
      0.125,
      0.5625,
      0,
      0.4375,
      0.875,
      0.3125,
      0.75,
      0.1875,
      0.625,
      0.0625,
      0.5,
      0.9375,
      0.375,
      0.8125,
      0.25,
      0.6875,
      0.125,
      0.5625
    ],
    "TaskDescription": "Mixed gambles task",
    "TaskName": "MGT",
    "dataset": "ds001734",
    "modality": "bold",
    "run_id": 1,
    "subject_id": "087",
    "task_id": "MGT"
  },
  "dummy_trs": 0,
  "dvars_nstd": 48.131743110398176,
  "dvars_std": 1.0194534971902658,
  "dvars_vstd": 1.0317088518141595,
  "efc": 0.47474572220692746,
  "fber": 815.1660766601562,
  "fd_mean": 0.11513338952017943,
  "fd_num": 49,
  "fd_perc": 10.816777041942604,
  "fwhm_avg": 3.1586262471953948,
  "fwhm_x": 3.18149,
  "fwhm_y": 3.23796,
  "fwhm_z": 3.0564287415861844,
  "gcor": 0.0150459,
  "gsr_x": -0.01334487833082676,
  "gsr_y": 0.041925664991140366,
  "provenance": {
    "md5sum": "05baee53892423c9ba6176c731d39e11",
    "settings": {
      "fd_thres": 0.2,
      "testing": false
    },
    "software": "mriqc",
    "version": "21.0.0rc2",
    "webapi_port": null,
    "webapi_url": "https://mriqc.nimh.nih.gov/api/v1"
  },
  "size_t": 453,
  "size_x": 106,
  "size_y": 106,
  "size_z": 64,
  "snr": 2.431858792494789,
  "spacing_tr": 1.0,
  "spacing_x": 2.0,
  "spacing_y": 2.0,
  "spacing_z": 2.4000003337860107,
  "summary_bg_k": 32.23870909876441,
  "summary_bg_mad": 111.97494873456426,
  "summary_bg_mean": 648.1392211914062,
  "summary_bg_median": 339.25390625,
  "summary_bg_n": 517128.0,
  "summary_bg_p05": 254.9623825073242,
  "summary_bg_p95": 2166.1306396484374,
  "summary_bg_stdv": 911.2874755859375,
  "summary_fg_k": 1.9444319561289767,
  "summary_fg_mad": 3803.283709145314,
  "summary_fg_mean": 10428.69140625,
  "summary_fg_median": 9783.640625,
  "summary_fg_n": 112382.0,
  "summary_fg_p05": 5238.16552734375,
  "summary_fg_p95": 17794.522558593748,
  "summary_fg_stdv": 4023.09423828125,
  "tsnr": 24.98970603942871
}