{
  "aor": 0.0008201986754966887,
  "aqi": 0.01204302178807947,
  "bids_meta": {
    "BandwidthPerPixelPhaseEncode": 34.305,
    "CogAtlasID": "http://www.cognitiveatlas.org/id/trm_4cacee4a1d875/",
    "EchoTime": 0.03,
    "EffectiveEchoSpacing": 0.000275,
    "FlipAngle": 68,
    "MagneticFieldStrength": 3,
    "Manufacturer": "SIEMENS",
    "ManufacturersModelName": "Prisma",
    "MultibandAccelerationFactor": 4,
    "PhaseEncodingDirection": "j-",
    "RepetitionTime": 1,
    "SliceTiming": [
      0,
      0.4375,
      0.875,
      0.3125,
      0.75,
      0.1875,
      0.625,
      0.0625,
      0.5,
      0.9375,
      0.375,
      0.8125,
      0.25,
      0.6875,
      0.125,
      0.5625,
      0,
      0.4375,
      0.875,
      0.3125,
      0.75,
      0.1875,
      0.625,
      0.0625,
      0.5,
      0.9375,
      0.375,
      0.8125,
      0.25,
      0.6875,
      0.125,
      0.5625,
      0,
      0.4375,
      0.875,
      0.3125,
      0.75,
      0.1875,
      0.625,
      0.0625,
      0.5,
      0.9375,
      0.375,
      0.8125,
      0.25,
      0.6875,
      0.125,
      0.5625,
      0,
      0.4375,
      0.875,
      0.3125,
      0.75,
      0.1875,
      0.625,
      0.0625,
      0.5,
      0.9375,
      0.375,
      0.8125,
      0.25,
      0.6875,
      0.125,
      0.5625
    ],
    "TaskDescription": "Mixed gambles task",
    "TaskName": "MGT",
    "dataset": "ds001734",
    "modality": "bold",
    "run_id": 4,
    "subject_id": "087",
    "task_id": "MGT"
  },
  "dummy_trs": 0,
  "dvars_nstd": 47.84012743858406,
  "dvars_std": 0.9915350196902659,
  "dvars_vstd": 0.9799006813053089,
  "efc": 0.47758614906968067,
  "fber": 796.4883422851562,
  "fd_mean": 0.11082073889117268,
  "fd_num": 46,
  "fd_perc": 10.154525386313466,
  "fwhm_avg": 3.106040419350407,
  "fwhm_x": 3.16178,
  "fwhm_y": 3.2183,
  "fwhm_z": 2.9380412580512205,
  "gcor": 0.0130453,
  "gsr_x": -0.013036017306149006,
  "gsr_y": 0.04261765256524086,
  "provenance": {
    "md5sum": "6c6c76a8906b3fa9cd7246124ee0b64d",
    "settings": {
      "fd_thres": 0.2,
      "testing": false
    },
    "software": "mriqc",
    "version": "21.0.0rc2",
    "webapi_port": null,
    "webapi_url": "https://mriqc.nimh.nih.gov/api/v1"
  },
  "size_t": 453,
  "size_x": 106,
  "size_y": 106,
  "size_z": 64,
  "snr": 2.4310882662881643,
  "spacing_tr": 1.0,
  "spacing_x": 2.0,
  "spacing_y": 2.0,
  "spacing_z": 2.4000003337860107,
  "summary_bg_k": 32.77101411607657,
  "summary_bg_mad": 111.26158667773845,
  "summary_bg_mean": 649.7142333984375,
  "summary_bg_median": 340.3450927734375,
  "summary_bg_n": 514627.0,
  "summary_bg_p05": 255.44951324462892,
  "summary_bg_p95": 2181.5759521484338,
  "summary_bg_stdv": 900.5149536132812,
  "summary_fg_k": 1.9706722825519414,
  "summary_fg_mad": 3715.532190337514,
  "summary_fg_mean": 10355.2724609375,
  "summary_fg_median": 9690.373046875,
  "summary_fg_n": 113329.0,
  "summary_fg_p05": 5242.53056640625,
  "summary_fg_p95": 17710.933593749996,
  "summary_fg_stdv": 3986.005126953125,
  "tsnr": 23.300033569335938
}