{
  "aor": 0.00037706401766004414,
  "aqi": 0.008841086269315674,
  "bids_meta": {
    "BandwidthPerPixelPhaseEncode": 34.305,
    "CogAtlasID": "http://www.cognitiveatlas.org/id/trm_4cacee4a1d875/",
    "EchoTime": 0.03,
    "EffectiveEchoSpacing": 0.000275,
    "FlipAngle": 68,
    "MagneticFieldStrength": 3,
    "Manufacturer": "SIEMENS",
    "ManufacturersModelName": "Prisma",
    "MultibandAccelerationFactor": 4,
    "PhaseEncodingDirection": "j-",
    "RepetitionTime": 1,
    "SliceTiming": [
      0,
      0.4375,
      0.875,
      0.3125,
      0.75,
      0.1875,
      0.625,
      0.0625,
      0.5,
      0.9375,
      0.375,
      0.8125,
      0.25,
      0.6875,
      0.125,
      0.5625,
      0,
      0.4375,
      0.875,
      0.3125,
      0.75,
      0.1875,
      0.625,
      0.0625,
      0.5,
      0.9375,
      0.375,
      0.8125,
      0.25,
      0.6875,
      0.125,
      0.5625,
      0,
      0.4375,
      0.875,
      0.3125,
      0.75,
      0.1875,
      0.625,
      0.0625,
      0.5,
      0.9375,
      0.375,
      0.8125,
      0.25,
      0.6875,
      0.125,
      0.5625,
      0,
      0.4375,
      0.875,
      0.3125,
      0.75,
      0.1875,
      0.625,
      0.0625,
      0.5,
      0.9375,
      0.375,
      0.8125,
      0.25,
      0.6875,
      0.125,
      0.5625
    ],
    "TaskDescription": "Mixed gambles task",
    "TaskName": "MGT",
    "dataset": "ds001734",
    "modality": "bold",
    "run_id": 2,
    "subject_id": "005",
    "task_id": "MGT"
  },
  "dummy_trs": 0,
  "dvars_nstd": 58.92427104327429,
  "dvars_std": 1.0728909683407077,
  "dvars_vstd": 1.0053032348893807,
  "efc": 0.5314167319922445,
  "fber": 508.6631774902344,
  "fd_mean": 0.09085612253541743,
  "fd_num": 7,
  "fd_perc": 1.5452538631346577,
  "fwhm_avg": 3.140403569338908,
  "fwhm_x": 3.10079,
  "fwhm_y": 3.166725,
  "fwhm_z": 3.153695708016725,
  "gcor": 0.0045661,
  "gsr_x": -0.028459765017032623,
  "gsr_y": 0.08608163148164749,
  "provenance": {
    "md5sum": "7b0af804896a42a060e50c5ea3bcb43c",
    "settings": {
      "fd_thres": 0.2,
      "testing": false
    },
    "software": "mriqc",
    "version": "21.0.0rc2",
    "webapi_port": null,
    "webapi_url": "https://mriqc.nimh.nih.gov/api/v1"
  },
  "size_t": 453,
  "size_x": 106,
  "size_y": 106,
  "size_z": 64,
  "snr": 2.225838168353802,
  "spacing_tr": 1.0,
  "spacing_x": 2.0,
  "spacing_y": 2.0,
  "spacing_z": 2.4000000953674316,
  "summary_bg_k": 28.48710878041985,
  "summary_bg_mad": 151.59268343502043,
  "summary_bg_mean": 877.9475708007812,
  "summary_bg_median": 377.9714660644531,
  "summary_bg_n": 480011.0,
  "summary_bg_p05": 267.4820251464844,
  "summary_bg_p95": 3705.754150390625,
  "summary_bg_stdv": 1433.8057861328125,
  "summary_fg_k": 1.4611487039725883,
  "summary_fg_mad": 3603.5323792396966,
  "summary_fg_mean": 9527.1337890625,
  "summary_fg_median": 8802.984375,
  "summary_fg_n": 138010.0,
  "summary_fg_p05": 4495.146313476563,
  "summary_fg_p95": 16982.652832031246,
  "summary_fg_stdv": 3954.893310546875,
  "tsnr": 25.73489761352539
}