{
  "aor": 0.0010818763796909493,
  "aqi": 0.0167524293598234,
  "bids_meta": {
    "BandwidthPerPixelPhaseEncode": 34.305,
    "CogAtlasID": "http://www.cognitiveatlas.org/id/trm_4cacee4a1d875/",
    "EchoTime": 0.03,
    "EffectiveEchoSpacing": 0.000275,
    "FlipAngle": 68,
    "MagneticFieldStrength": 3,
    "Manufacturer": "SIEMENS",
    "ManufacturersModelName": "Prisma",
    "MultibandAccelerationFactor": 4,
    "PhaseEncodingDirection": "j-",
    "RepetitionTime": 1,
    "SliceTiming": [
      0,
      0.4375,
      0.875,
      0.3125,
      0.75,
      0.1875,
      0.625,
      0.0625,
      0.5,
      0.9375,
      0.375,
      0.8125,
      0.25,
      0.6875,
      0.125,
      0.5625,
      0,
      0.4375,
      0.875,
      0.3125,
      0.75,
      0.1875,
      0.625,
      0.0625,
      0.5,
      0.9375,
      0.375,
      0.8125,
      0.25,
      0.6875,
      0.125,
      0.5625,
      0,
      0.4375,
      0.875,
      0.3125,
      0.75,
      0.1875,
      0.625,
      0.0625,
      0.5,
      0.9375,
      0.375,
      0.8125,
      0.25,
      0.6875,
      0.125,
      0.5625,
      0,
      0.4375,
      0.875,
      0.3125,
      0.75,
      0.1875,
      0.625,
      0.0625,
      0.5,
      0.9375,
      0.375,
      0.8125,
      0.25,
      0.6875,
      0.125,
      0.5625
    ],
    "TaskDescription": "Mixed gambles task",
    "TaskName": "MGT",
    "dataset": "ds001734",
    "modality": "bold",
    "run_id": 4,
    "subject_id": "004",
    "task_id": "MGT"
  },
  "dummy_trs": 0,
  "dvars_nstd": 58.71570366061946,
  "dvars_std": 1.026671870685841,
  "dvars_vstd": 0.9990982830530971,
  "efc": 0.5388804472597445,
  "fber": 446.1080322265625,
  "fd_mean": 0.12461689512312121,
  "fd_num": 56,
  "fd_perc": 12.362030905077262,
  "fwhm_avg": 3.0132919042564006,
  "fwhm_x": 2.858225,
  "fwhm_y": 3.147555,
  "fwhm_z": 3.034095712769202,
  "gcor": 0.00534568,
  "gsr_x": 0.00797932781279087,
  "gsr_y": 0.07457349449396133,
  "provenance": {
    "md5sum": "dcb985a09edcee88fb0dd797e5bd8114",
    "settings": {
      "fd_thres": 0.2,
      "testing": false
    },
    "software": "mriqc",
    "version": "21.0.0rc2",
    "webapi_port": null,
    "webapi_url": "https://mriqc.nimh.nih.gov/api/v1"
  },
  "size_t": 453,
  "size_x": 106,
  "size_y": 106,
  "size_z": 64,
  "snr": 2.0946823231658818,
  "spacing_tr": 1.0,
  "spacing_x": 2.0,
  "spacing_y": 2.0,
  "spacing_z": 2.4000000953674316,
  "summary_bg_k": 27.569127430852436,
  "summary_bg_mad": 176.55700726217592,
  "summary_bg_mean": 859.007080078125,
  "summary_bg_median": 394.02593994140625,
  "summary_bg_n": 465538.0,
  "summary_bg_p05": 258.9642532348633,
  "summary_bg_p95": 3357.7318481445286,
  "summary_bg_stdv": 1410.1522216796875,
  "summary_fg_k": 1.1538750220465364,
  "summary_fg_mad": 3660.7606076959537,
  "summary_fg_mean": 9266.27734375,
  "summary_fg_median": 8538.5078125,
  "summary_fg_n": 150810.0,
  "summary_fg_p05": 4086.4324951171875,
  "summary_fg_p95": 16981.603320312497,
  "summary_fg_stdv": 4076.2646484375,
  "tsnr": 20.670978546142578
}