{
  "aor": 0.0005002433628318585,
  "aqi": 0.009336424646017697,
  "bids_meta": {
    "BandwidthPerPixelPhaseEncode": 34.305,
    "CogAtlasID": "http://www.cognitiveatlas.org/id/trm_4cacee4a1d875/",
    "EchoTime": 0.03,
    "EffectiveEchoSpacing": 0.000275,
    "FlipAngle": 68,
    "MagneticFieldStrength": 3,
    "Manufacturer": "SIEMENS",
    "ManufacturersModelName": "Prisma",
    "MultibandAccelerationFactor": 4,
    "PhaseEncodingDirection": "j-",
    "RepetitionTime": 1,
    "SliceTiming": [
      0,
      0.4375,
      0.875,
      0.3125,
      0.75,
      0.1875,
      0.625,
      0.0625,
      0.5,
      0.9375,
      0.375,
      0.8125,
      0.25,
      0.6875,
      0.125,
      0.5625,
      0,
      0.4375,
      0.875,
      0.3125,
      0.75,
      0.1875,
      0.625,
      0.0625,
      0.5,
      0.9375,
      0.375,
      0.8125,
      0.25,
      0.6875,
      0.125,
      0.5625,
      0,
      0.4375,
      0.875,
      0.3125,
      0.75,
      0.1875,
      0.625,
      0.0625,
      0.5,
      0.9375,
      0.375,
      0.8125,
      0.25,
      0.6875,
      0.125,
      0.5625,
      0,
      0.4375,
      0.875,
      0.3125,
      0.75,
      0.1875,
      0.625,
      0.0625,
      0.5,
      0.9375,
      0.375,
      0.8125,
      0.25,
      0.6875,
      0.125,
      0.5625
    ],
    "TaskDescription": "Mixed gambles task",
    "TaskName": "MGT",
    "dataset": "ds001734",
    "modality": "bold",
    "run_id": 1,
    "subject_id": "025",
    "task_id": "MGT"
  },
  "dummy_trs": 1,
  "dvars_nstd": 57.9139318361862,
  "dvars_std": 1.0806434955432367,
  "dvars_vstd": 1.0039705247450115,
  "efc": 0.5564842622673181,
  "fber": 420.7394714355469,
  "fd_mean": 0.09584432889304863,
  "fd_num": 2,
  "fd_perc": 0.4424778761061947,
  "fwhm_avg": 3.1510838467250064,
  "fwhm_x": 3.073455,
  "fwhm_y": 3.19653,
  "fwhm_z": 3.183266540175019,
  "gcor": 0.00459793,
  "gsr_x": -0.00972059927880764,
  "gsr_y": 0.06125077232718468,
  "provenance": {
    "md5sum": "fd1d30f8eb973d927efe6c68b0ccac51",
    "settings": {
      "fd_thres": 0.2,
      "testing": false
    },
    "software": "mriqc",
    "version": "21.0.0rc2",
    "webapi_port": null,
    "webapi_url": "https://mriqc.nimh.nih.gov/api/v1"
  },
  "size_t": 452,
  "size_x": 106,
  "size_y": 106,
  "size_z": 64,
  "snr": 2.089169113579848,
  "spacing_tr": 1.0,
  "spacing_x": 2.0,
  "spacing_y": 2.0,
  "spacing_z": 2.4000000953674316,
  "summary_bg_k": 36.63562169884996,
  "summary_bg_mad": 214.41863112563078,
  "summary_bg_mean": 901.07666015625,
  "summary_bg_median": 429.944091796875,
  "summary_bg_n": 439457.0,
  "summary_bg_p05": 266.6338745117188,
  "summary_bg_p95": 3498.0613769531233,
  "summary_bg_stdv": 1438.219482421875,
  "summary_fg_k": 0.9763882607505519,
  "summary_fg_mad": 4078.737881089348,
  "summary_fg_mean": 10083.7236328125,
  "summary_fg_median": 9247.9619140625,
  "summary_fg_n": 169067.0,
  "summary_fg_p05": 4600.7099609375,
  "summary_fg_p95": 18528.2453125,
  "summary_fg_stdv": 4426.60888671875,
  "tsnr": 25.719738006591797
}