{
  "aor": 0.00044750551876379695,
  "aqi": 0.010504616799116998,
  "bids_meta": {
    "BandwidthPerPixelPhaseEncode": 34.305,
    "CogAtlasID": "http://www.cognitiveatlas.org/id/trm_4cacee4a1d875/",
    "EchoTime": 0.03,
    "EffectiveEchoSpacing": 0.000275,
    "FlipAngle": 68,
    "MagneticFieldStrength": 3,
    "Manufacturer": "SIEMENS",
    "ManufacturersModelName": "Prisma",
    "MultibandAccelerationFactor": 4,
    "PhaseEncodingDirection": "j-",
    "RepetitionTime": 1,
    "SliceTiming": [
      0,
      0.4375,
      0.875,
      0.3125,
      0.75,
      0.1875,
      0.625,
      0.0625,
      0.5,
      0.9375,
      0.375,
      0.8125,
      0.25,
      0.6875,
      0.125,
      0.5625,
      0,
      0.4375,
      0.875,
      0.3125,
      0.75,
      0.1875,
      0.625,
      0.0625,
      0.5,
      0.9375,
      0.375,
      0.8125,
      0.25,
      0.6875,
      0.125,
      0.5625,
      0,
      0.4375,
      0.875,
      0.3125,
      0.75,
      0.1875,
      0.625,
      0.0625,
      0.5,
      0.9375,
      0.375,
      0.8125,
      0.25,
      0.6875,
      0.125,
      0.5625,
      0,
      0.4375,
      0.875,
      0.3125,
      0.75,
      0.1875,
      0.625,
      0.0625,
      0.5,
      0.9375,
      0.375,
      0.8125,
      0.25,
      0.6875,
      0.125,
      0.5625
    ],
    "TaskDescription": "Mixed gambles task",
    "TaskName": "MGT",
    "dataset": "ds001734",
    "modality": "bold",
    "run_id": 4,
    "subject_id": "104",
    "task_id": "MGT"
  },
  "dummy_trs": 0,
  "dvars_nstd": 57.714397185663664,
  "dvars_std": 1.0343364906415926,
  "dvars_vstd": 0.9964673717477872,
  "efc": 0.5448227355388869,
  "fber": 359.4752502441406,
  "fd_mean": 0.08320459732381191,
  "fd_num": 5,
  "fd_perc": 1.1037527593818985,
  "fwhm_avg": 3.2226278428612525,
  "fwhm_x": 3.12513,
  "fwhm_y": 3.266995,
  "fwhm_z": 3.275758528583757,
  "gcor": 0.002762,
  "gsr_x": -0.02137269638478756,
  "gsr_y": 0.059881653636693954,
  "provenance": {
    "md5sum": "a8211a5fe6e8deff682fa1ccb84990f0",
    "settings": {
      "fd_thres": 0.2,
      "testing": false
    },
    "software": "mriqc",
    "version": "21.0.0rc2",
    "webapi_port": null,
    "webapi_url": "https://mriqc.nimh.nih.gov/api/v1"
  },
  "size_t": 453,
  "size_x": 106,
  "size_y": 106,
  "size_z": 64,
  "snr": 1.881012151902598,
  "spacing_tr": 1.0,
  "spacing_x": 2.0,
  "spacing_y": 2.0,
  "spacing_z": 2.3999998569488525,
  "summary_bg_k": 17.686129808770815,
  "summary_bg_mad": 225.54681226408235,
  "summary_bg_mean": 978.0687255859375,
  "summary_bg_median": 440.72467041015625,
  "summary_bg_n": 456596.0,
  "summary_bg_p05": 274.2306900024414,
  "summary_bg_p95": 4059.6423950195312,
  "summary_bg_stdv": 1485.8818359375,
  "summary_fg_k": 2.171756299341653,
  "summary_fg_mad": 3987.615758800414,
  "summary_fg_mean": 9782.08984375,
  "summary_fg_median": 8788.224609375,
  "summary_fg_n": 154856.0,
  "summary_fg_p05": 4180.972900390625,
  "summary_fg_p95": 18719.0849609375,
  "summary_fg_stdv": 4672.05712890625,
  "tsnr": 23.581283569335938
}