{
  "aor": 0.00028006622516556294,
  "aqi": 0.00932900242825607,
  "bids_meta": {
    "BandwidthPerPixelPhaseEncode": 34.305,
    "CogAtlasID": "http://www.cognitiveatlas.org/id/trm_4cacee4a1d875/",
    "EchoTime": 0.03,
    "EffectiveEchoSpacing": 0.000275,
    "FlipAngle": 68,
    "MagneticFieldStrength": 3,
    "Manufacturer": "SIEMENS",
    "ManufacturersModelName": "Prisma",
    "MultibandAccelerationFactor": 4,
    "PhaseEncodingDirection": "j-",
    "RepetitionTime": 1,
    "SliceTiming": [
      0,
      0.4375,
      0.875,
      0.3125,
      0.75,
      0.1875,
      0.625,
      0.0625,
      0.5,
      0.9375,
      0.375,
      0.8125,
      0.25,
      0.6875,
      0.125,
      0.5625,
      0,
      0.4375,
      0.875,
      0.3125,
      0.75,
      0.1875,
      0.625,
      0.0625,
      0.5,
      0.9375,
      0.375,
      0.8125,
      0.25,
      0.6875,
      0.125,
      0.5625,
      0,
      0.4375,
      0.875,
      0.3125,
      0.75,
      0.1875,
      0.625,
      0.0625,
      0.5,
      0.9375,
      0.375,
      0.8125,
      0.25,
      0.6875,
      0.125,
      0.5625,
      0,
      0.4375,
      0.875,
      0.3125,
      0.75,
      0.1875,
      0.625,
      0.0625,
      0.5,
      0.9375,
      0.375,
      0.8125,
      0.25,
      0.6875,
      0.125,
      0.5625
    ],
    "TaskDescription": "Mixed gambles task",
    "TaskName": "MGT",
    "dataset": "ds001734",
    "modality": "bold",
    "run_id": 2,
    "subject_id": "118",
    "task_id": "MGT"
  },
  "dummy_trs": 0,
  "dvars_nstd": 58.32455781913717,
  "dvars_std": 1.0839244470132738,
  "dvars_vstd": 0.9995959478539814,
  "efc": 0.5109942229633028,
  "fber": 624.6954956054688,
  "fd_mean": 0.14245808876013297,
  "fd_num": 71,
  "fd_perc": 15.673289183222957,
  "fwhm_avg": 2.9769322820944293,
  "fwhm_x": 2.802845,
  "fwhm_y": 3.114485,
  "fwhm_z": 3.0134668462832876,
  "gcor": 0.00645998,
  "gsr_x": -0.01700040139257908,
  "gsr_y": 0.048471421003341675,
  "provenance": {
    "md5sum": "c87b5ff694bf957d0db4282f55817b30",
    "settings": {
      "fd_thres": 0.2,
      "testing": false
    },
    "software": "mriqc",
    "version": "21.0.0rc2",
    "webapi_port": null,
    "webapi_url": "https://mriqc.nimh.nih.gov/api/v1"
  },
  "size_t": 453,
  "size_x": 106,
  "size_y": 106,
  "size_z": 64,
  "snr": 2.6911645329574734,
  "spacing_tr": 1.0,
  "spacing_x": 2.0,
  "spacing_y": 2.0,
  "spacing_z": 2.3999998569488525,
  "summary_bg_k": 31.429648263346436,
  "summary_bg_mad": 120.9220739665503,
  "summary_bg_mean": 686.1471557617188,
  "summary_bg_median": 347.1390686035156,
  "summary_bg_n": 497247.0,
  "summary_bg_p05": 257.3355407714844,
  "summary_bg_p95": 2605.2620605468687,
  "summary_bg_stdv": 1054.4261474609375,
  "summary_fg_k": 0.42055771453036606,
  "summary_fg_mad": 3329.1293491029237,
  "summary_fg_mean": 9301.2958984375,
  "summary_fg_median": 8971.8466796875,
  "summary_fg_n": 123528.0,
  "summary_fg_p05": 4650.824047851563,
  "summary_fg_p95": 15189.341992187497,
  "summary_fg_stdv": 3333.80224609375,
  "tsnr": 26.473855391901452
}