{
  "aor": 0.00024123893805309734,
  "aqi": 0.00947682325221239,
  "bids_meta": {
    "BandwidthPerPixelPhaseEncode": 34.305,
    "CogAtlasID": "http://www.cognitiveatlas.org/id/trm_4cacee4a1d875/",
    "EchoTime": 0.03,
    "EffectiveEchoSpacing": 0.000275,
    "FlipAngle": 68,
    "MagneticFieldStrength": 3,
    "Manufacturer": "SIEMENS",
    "ManufacturersModelName": "Prisma",
    "MultibandAccelerationFactor": 4,
    "PhaseEncodingDirection": "j-",
    "RepetitionTime": 1,
    "SliceTiming": [
      0,
      0.4375,
      0.875,
      0.3125,
      0.75,
      0.1875,
      0.625,
      0.0625,
      0.5,
      0.9375,
      0.375,
      0.8125,
      0.25,
      0.6875,
      0.125,
      0.5625,
      0,
      0.4375,
      0.875,
      0.3125,
      0.75,
      0.1875,
      0.625,
      0.0625,
      0.5,
      0.9375,
      0.375,
      0.8125,
      0.25,
      0.6875,
      0.125,
      0.5625,
      0,
      0.4375,
      0.875,
      0.3125,
      0.75,
      0.1875,
      0.625,
      0.0625,
      0.5,
      0.9375,
      0.375,
      0.8125,
      0.25,
      0.6875,
      0.125,
      0.5625,
      0,
      0.4375,
      0.875,
      0.3125,
      0.75,
      0.1875,
      0.625,
      0.0625,
      0.5,
      0.9375,
      0.375,
      0.8125,
      0.25,
      0.6875,
      0.125,
      0.5625
    ],
    "TaskDescription": "Mixed gambles task",
    "TaskName": "MGT",
    "dataset": "ds001734",
    "modality": "bold",
    "run_id": 3,
    "subject_id": "118",
    "task_id": "MGT"
  },
  "dummy_trs": 1,
  "dvars_nstd": 55.849186594767225,
  "dvars_std": 1.061741761862528,
  "dvars_vstd": 0.9967472207095338,
  "efc": 0.511792147010069,
  "fber": 620.8404541015625,
  "fd_mean": 0.1309529820898639,
  "fd_num": 49,
  "fd_perc": 10.84070796460177,
  "fwhm_avg": 2.9458103368036817,
  "fwhm_x": 2.815445,
  "fwhm_y": 3.051115,
  "fwhm_z": 2.9708710104110447,
  "gcor": 0.00407993,
  "gsr_x": -0.021416347473859787,
  "gsr_y": 0.044428981840610504,
  "provenance": {
    "md5sum": "de90be534834cc2183208e28d1670326",
    "settings": {
      "fd_thres": 0.2,
      "testing": false
    },
    "software": "mriqc",
    "version": "21.0.0rc2",
    "webapi_port": null,
    "webapi_url": "https://mriqc.nimh.nih.gov/api/v1"
  },
  "size_t": 452,
  "size_x": 106,
  "size_y": 106,
  "size_z": 64,
  "snr": 2.735964158475558,
  "spacing_tr": 1.0,
  "spacing_x": 2.0,
  "spacing_y": 2.0,
  "spacing_z": 2.3999998569488525,
  "summary_bg_k": 25.40777888880681,
  "summary_bg_mad": 126.69688381013323,
  "summary_bg_mean": 724.9384155273438,
  "summary_bg_median": 351.7101745605469,
  "summary_bg_n": 501847.0,
  "summary_bg_p05": 257.9424743652344,
  "summary_bg_p95": 2873.689306640624,
  "summary_bg_stdv": 1139.159912109375,
  "summary_fg_k": 0.39253206694397047,
  "summary_fg_mad": 3310.005011159871,
  "summary_fg_mean": 9346.5205078125,
  "summary_fg_median": 9007.19921875,
  "summary_fg_n": 121185.0,
  "summary_fg_p05": 4752.421191406251,
  "summary_fg_p95": 15187.719140624997,
  "summary_fg_stdv": 3292.134521484375,
  "tsnr": 26.744599361438304
}