{
  "aor": 0.0002872787610619469,
  "aqi": 0.009003799867256638,
  "bids_meta": {
    "BandwidthPerPixelPhaseEncode": 34.305,
    "CogAtlasID": "http://www.cognitiveatlas.org/id/trm_4cacee4a1d875/",
    "EchoTime": 0.03,
    "EffectiveEchoSpacing": 0.000275,
    "FlipAngle": 68,
    "MagneticFieldStrength": 3,
    "Manufacturer": "SIEMENS",
    "ManufacturersModelName": "Prisma",
    "MultibandAccelerationFactor": 4,
    "PhaseEncodingDirection": "j-",
    "RepetitionTime": 1,
    "SliceTiming": [
      0,
      0.4375,
      0.875,
      0.3125,
      0.75,
      0.1875,
      0.625,
      0.0625,
      0.5,
      0.9375,
      0.375,
      0.8125,
      0.25,
      0.6875,
      0.125,
      0.5625,
      0,
      0.4375,
      0.875,
      0.3125,
      0.75,
      0.1875,
      0.625,
      0.0625,
      0.5,
      0.9375,
      0.375,
      0.8125,
      0.25,
      0.6875,
      0.125,
      0.5625,
      0,
      0.4375,
      0.875,
      0.3125,
      0.75,
      0.1875,
      0.625,
      0.0625,
      0.5,
      0.9375,
      0.375,
      0.8125,
      0.25,
      0.6875,
      0.125,
      0.5625,
      0,
      0.4375,
      0.875,
      0.3125,
      0.75,
      0.1875,
      0.625,
      0.0625,
      0.5,
      0.9375,
      0.375,
      0.8125,
      0.25,
      0.6875,
      0.125,
      0.5625
    ],
    "TaskDescription": "Mixed gambles task",
    "TaskName": "MGT",
    "dataset": "ds001734",
    "modality": "bold",
    "run_id": 4,
    "subject_id": "071",
    "task_id": "MGT"
  },
  "dummy_trs": 1,
  "dvars_nstd": 49.555079491729494,
  "dvars_std": 1.012535858869179,
  "dvars_vstd": 0.9908747952549886,
  "efc": 0.5056870118605089,
  "fber": 625.126953125,
  "fd_mean": 0.07128534740500377,
  "fd_num": 2,
  "fd_perc": 0.4424778761061947,
  "fwhm_avg": 3.185101346703648,
  "fwhm_x": 3.048035,
  "fwhm_y": 3.32239,
  "fwhm_z": 3.184879040110944,
  "gcor": 0.00234586,
  "gsr_x": -0.0029550082981586456,
  "gsr_y": 0.05366842821240425,
  "provenance": {
    "md5sum": "96bbcaca3b2543c467391621a0f56771",
    "settings": {
      "fd_thres": 0.2,
      "testing": false
    },
    "software": "mriqc",
    "version": "21.0.0rc2",
    "webapi_port": null,
    "webapi_url": "https://mriqc.nimh.nih.gov/api/v1"
  },
  "size_t": 452,
  "size_x": 106,
  "size_y": 106,
  "size_z": 64,
  "snr": 2.4747773818541816,
  "spacing_tr": 1.0,
  "spacing_x": 2.0,
  "spacing_y": 2.0,
  "spacing_z": 2.4000000953674316,
  "summary_bg_k": 33.35669418617473,
  "summary_bg_mad": 136.06531185454645,
  "summary_bg_mean": 729.986328125,
  "summary_bg_median": 359.87188720703125,
  "summary_bg_n": 498922.0,
  "summary_bg_p05": 258.66491851806643,
  "summary_bg_p95": 2670.413134765623,
  "summary_bg_stdv": 1095.1591796875,
  "summary_fg_k": 0.26833362919233794,
  "summary_fg_mad": 3690.2197255566753,
  "summary_fg_mean": 9792.787109375,
  "summary_fg_median": 9268.474609375,
  "summary_fg_n": 123358.0,
  "summary_fg_p05": 4704.250952148437,
  "summary_fg_p95": 16639.440234374997,
  "summary_fg_stdv": 3745.159912109375,
  "tsnr": 26.112464904785156
}