{
  "aor": 0.0004050221238938053,
  "aqi": 0.011767525973451326,
  "bids_meta": {
    "BandwidthPerPixelPhaseEncode": 34.305,
    "CogAtlasID": "http://www.cognitiveatlas.org/id/trm_4cacee4a1d875/",
    "EchoTime": 0.03,
    "EffectiveEchoSpacing": 0.000275,
    "FlipAngle": 68,
    "MagneticFieldStrength": 3,
    "Manufacturer": "SIEMENS",
    "ManufacturersModelName": "Prisma",
    "MultibandAccelerationFactor": 4,
    "PhaseEncodingDirection": "j-",
    "RepetitionTime": 1,
    "SliceTiming": [
      0,
      0.4375,
      0.875,
      0.3125,
      0.75,
      0.1875,
      0.625,
      0.0625,
      0.5,
      0.9375,
      0.375,
      0.8125,
      0.25,
      0.6875,
      0.125,
      0.5625,
      0,
      0.4375,
      0.875,
      0.3125,
      0.75,
      0.1875,
      0.625,
      0.0625,
      0.5,
      0.9375,
      0.375,
      0.8125,
      0.25,
      0.6875,
      0.125,
      0.5625,
      0,
      0.4375,
      0.875,
      0.3125,
      0.75,
      0.1875,
      0.625,
      0.0625,
      0.5,
      0.9375,
      0.375,
      0.8125,
      0.25,
      0.6875,
      0.125,
      0.5625,
      0,
      0.4375,
      0.875,
      0.3125,
      0.75,
      0.1875,
      0.625,
      0.0625,
      0.5,
      0.9375,
      0.375,
      0.8125,
      0.25,
      0.6875,
      0.125,
      0.5625
    ],
    "TaskDescription": "Mixed gambles task",
    "TaskName": "MGT",
    "dataset": "ds001734",
    "modality": "bold",
    "run_id": 4,
    "subject_id": "029",
    "task_id": "MGT"
  },
  "dummy_trs": 1,
  "dvars_nstd": 55.49881656427938,
  "dvars_std": 1.0208662768957866,
  "dvars_vstd": 0.9873241504212863,
  "efc": 0.5345445532663196,
  "fber": 474.1970520019531,
  "fd_mean": 0.08731268241483443,
  "fd_num": 5,
  "fd_perc": 1.1061946902654867,
  "fwhm_avg": 3.02352107128649,
  "fwhm_x": 2.8896,
  "fwhm_y": 3.174305,
  "fwhm_z": 3.00665821385947,
  "gcor": 0.00652109,
  "gsr_x": -0.010382100939750671,
  "gsr_y": 0.04910091683268547,
  "provenance": {
    "md5sum": "55afc765c1052e1985c77045f1324b66",
    "settings": {
      "fd_thres": 0.2,
      "testing": false
    },
    "software": "mriqc",
    "version": "21.0.0rc2",
    "webapi_port": null,
    "webapi_url": "https://mriqc.nimh.nih.gov/api/v1"
  },
  "size_t": 452,
  "size_x": 106,
  "size_y": 106,
  "size_z": 64,
  "snr": 2.3097528652220456,
  "spacing_tr": 1.0,
  "spacing_x": 2.0,
  "spacing_y": 2.0,
  "spacing_z": 2.4000000953674316,
  "summary_bg_k": 35.9968860706844,
  "summary_bg_mad": 163.29740445290642,
  "summary_bg_mean": 762.97021484375,
  "summary_bg_median": 384.6227111816406,
  "summary_bg_n": 470743.0,
  "summary_bg_p05": 262.43939514160155,
  "summary_bg_p95": 2745.8129150390614,
  "summary_bg_stdv": 1176.4442138671875,
  "summary_fg_k": 1.2286308409894344,
  "summary_fg_mad": 3411.4597415858807,
  "summary_fg_mean": 9223.6884765625,
  "summary_fg_median": 8622.25,
  "summary_fg_n": 146660.0,
  "summary_fg_p05": 4371.515356445312,
  "summary_fg_p95": 16164.501953124996,
  "summary_fg_stdv": 3732.96240234375,
  "tsnr": 23.65418815612793
}