{
  "aor": 0.0003920529801324503,
  "aqi": 0.007226948344370862,
  "bids_meta": {
    "BandwidthPerPixelPhaseEncode": 34.305,
    "CogAtlasID": "http://www.cognitiveatlas.org/id/trm_4cacee4a1d875/",
    "EchoTime": 0.03,
    "EffectiveEchoSpacing": 0.000275,
    "FlipAngle": 68,
    "MagneticFieldStrength": 3,
    "Manufacturer": "SIEMENS",
    "ManufacturersModelName": "Prisma",
    "MultibandAccelerationFactor": 4,
    "PhaseEncodingDirection": "j-",
    "RepetitionTime": 1,
    "SliceTiming": [
      0,
      0.4375,
      0.875,
      0.3125,
      0.75,
      0.1875,
      0.625,
      0.0625,
      0.5,
      0.9375,
      0.375,
      0.8125,
      0.25,
      0.6875,
      0.125,
      0.5625,
      0,
      0.4375,
      0.875,
      0.3125,
      0.75,
      0.1875,
      0.625,
      0.0625,
      0.5,
      0.9375,
      0.375,
      0.8125,
      0.25,
      0.6875,
      0.125,
      0.5625,
      0,
      0.4375,
      0.875,
      0.3125,
      0.75,
      0.1875,
      0.625,
      0.0625,
      0.5,
      0.9375,
      0.375,
      0.8125,
      0.25,
      0.6875,
      0.125,
      0.5625,
      0,
      0.4375,
      0.875,
      0.3125,
      0.75,
      0.1875,
      0.625,
      0.0625,
      0.5,
      0.9375,
      0.375,
      0.8125,
      0.25,
      0.6875,
      0.125,
      0.5625
    ],
    "TaskDescription": "Mixed gambles task",
    "TaskName": "MGT",
    "dataset": "ds001734",
    "modality": "bold",
    "run_id": 4,
    "subject_id": "041",
    "task_id": "MGT"
  },
  "dummy_trs": 0,
  "dvars_nstd": 54.595147656106164,
  "dvars_std": 1.0527027259513284,
  "dvars_vstd": 1.0094965294911507,
  "efc": 0.5048648785385651,
  "fber": 599.9788818359375,
  "fd_mean": 0.08207172760524672,
  "fd_num": 0,
  "fd_perc": 0.0,
  "fwhm_avg": 3.056466348701066,
  "fwhm_x": 2.89161,
  "fwhm_y": 3.24371,
  "fwhm_z": 3.0340790461031975,
  "gcor": 0.00344364,
  "gsr_x": -0.022986261174082756,
  "gsr_y": 0.05129719898104668,
  "provenance": {
    "md5sum": "1c6db01ced409cc8503a5dffcfab41a5",
    "settings": {
      "fd_thres": 0.2,
      "testing": false
    },
    "software": "mriqc",
    "version": "21.0.0rc2",
    "webapi_port": null,
    "webapi_url": "https://mriqc.nimh.nih.gov/api/v1"
  },
  "size_t": 453,
  "size_x": 106,
  "size_y": 106,
  "size_z": 64,
  "snr": 2.3698600621229313,
  "spacing_tr": 1.0,
  "spacing_x": 2.0,
  "spacing_y": 2.0,
  "spacing_z": 2.4000000953674316,
  "summary_bg_k": 33.60035093045668,
  "summary_bg_mad": 125.90183113119096,
  "summary_bg_mean": 652.5781860351562,
  "summary_bg_median": 349.80047607421875,
  "summary_bg_n": 493465.0,
  "summary_bg_p05": 257.46563720703125,
  "summary_bg_p95": 2149.370996093749,
  "summary_bg_stdv": 931.4559326171875,
  "summary_fg_k": 1.03600904283587,
  "summary_fg_mad": 3406.3133455061165,
  "summary_fg_mean": 9270.6904296875,
  "summary_fg_median": 8688.357421875,
  "summary_fg_n": 130540.0,
  "summary_fg_p05": 4540.1383056640625,
  "summary_fg_p95": 16147.34331054687,
  "summary_fg_stdv": 3666.176025390625,
  "tsnr": 27.201772689819336
}