{
  "aor": 0.00024146017699115048,
  "aqi": 0.0075267119247787615,
  "bids_meta": {
    "BandwidthPerPixelPhaseEncode": 34.305,
    "CogAtlasID": "http://www.cognitiveatlas.org/id/trm_4cacee4a1d875/",
    "EchoTime": 0.03,
    "EffectiveEchoSpacing": 0.000275,
    "FlipAngle": 68,
    "MagneticFieldStrength": 3,
    "Manufacturer": "SIEMENS",
    "ManufacturersModelName": "Prisma",
    "MultibandAccelerationFactor": 4,
    "PhaseEncodingDirection": "j-",
    "RepetitionTime": 1,
    "SliceTiming": [
      0,
      0.4375,
      0.875,
      0.3125,
      0.75,
      0.1875,
      0.625,
      0.0625,
      0.5,
      0.9375,
      0.375,
      0.8125,
      0.25,
      0.6875,
      0.125,
      0.5625,
      0,
      0.4375,
      0.875,
      0.3125,
      0.75,
      0.1875,
      0.625,
      0.0625,
      0.5,
      0.9375,
      0.375,
      0.8125,
      0.25,
      0.6875,
      0.125,
      0.5625,
      0,
      0.4375,
      0.875,
      0.3125,
      0.75,
      0.1875,
      0.625,
      0.0625,
      0.5,
      0.9375,
      0.375,
      0.8125,
      0.25,
      0.6875,
      0.125,
      0.5625,
      0,
      0.4375,
      0.875,
      0.3125,
      0.75,
      0.1875,
      0.625,
      0.0625,
      0.5,
      0.9375,
      0.375,
      0.8125,
      0.25,
      0.6875,
      0.125,
      0.5625
    ],
    "TaskDescription": "Mixed gambles task",
    "TaskName": "MGT",
    "dataset": "ds001734",
    "modality": "bold",
    "run_id": 3,
    "subject_id": "041",
    "task_id": "MGT"
  },
  "dummy_trs": 1,
  "dvars_nstd": 54.78862523082038,
  "dvars_std": 1.044755087605322,
  "dvars_vstd": 0.9986064062527717,
  "efc": 0.5048973710578067,
  "fber": 601.8233032226562,
  "fd_mean": 0.08372274818415291,
  "fd_num": 0,
  "fd_perc": 0.0,
  "fwhm_avg": 3.040124126539,
  "fwhm_x": 2.862805,
  "fwhm_y": 3.22803,
  "fwhm_z": 3.0295373796170004,
  "gcor": 0.00262811,
  "gsr_x": -0.022538602352142334,
  "gsr_y": 0.050104908645153046,
  "provenance": {
    "md5sum": "8f3ad55d573d8da1c8b7dc0103e9d522",
    "settings": {
      "fd_thres": 0.2,
      "testing": false
    },
    "software": "mriqc",
    "version": "21.0.0rc2",
    "webapi_port": null,
    "webapi_url": "https://mriqc.nimh.nih.gov/api/v1"
  },
  "size_t": 452,
  "size_x": 106,
  "size_y": 106,
  "size_z": 64,
  "snr": 2.38193385932066,
  "spacing_tr": 1.0,
  "spacing_x": 2.0,
  "spacing_y": 2.0,
  "spacing_z": 2.4000000953674316,
  "summary_bg_k": 33.01778563214263,
  "summary_bg_mad": 125.19898863661497,
  "summary_bg_mean": 652.3379516601562,
  "summary_bg_median": 349.07843017578125,
  "summary_bg_n": 493720.0,
  "summary_bg_p05": 257.9765563964844,
  "summary_bg_p95": 2146.0004882812495,
  "summary_bg_stdv": 933.2732543945312,
  "summary_fg_k": 1.0022375524745275,
  "summary_fg_mad": 3389.551904848807,
  "summary_fg_mean": 9275.6953125,
  "summary_fg_median": 8689.599609375,
  "summary_fg_n": 130406.0,
  "summary_fg_p05": 4564.412109375,
  "summary_fg_p95": 16141.809814453125,
  "summary_fg_stdv": 3648.114013671875,
  "tsnr": 26.901714324951172
}