{
  "aor": 0.00027382743362831856,
  "aqi": 0.007163754203539823,
  "bids_meta": {
    "BandwidthPerPixelPhaseEncode": 34.305,
    "CogAtlasID": "http://www.cognitiveatlas.org/id/trm_4cacee4a1d875/",
    "EchoTime": 0.03,
    "EffectiveEchoSpacing": 0.000275,
    "FlipAngle": 68,
    "MagneticFieldStrength": 3,
    "Manufacturer": "SIEMENS",
    "ManufacturersModelName": "Prisma",
    "MultibandAccelerationFactor": 4,
    "PhaseEncodingDirection": "j-",
    "RepetitionTime": 1,
    "SliceTiming": [
      0,
      0.4375,
      0.875,
      0.3125,
      0.75,
      0.1875,
      0.625,
      0.0625,
      0.5,
      0.9375,
      0.375,
      0.8125,
      0.25,
      0.6875,
      0.125,
      0.5625,
      0,
      0.4375,
      0.875,
      0.3125,
      0.75,
      0.1875,
      0.625,
      0.0625,
      0.5,
      0.9375,
      0.375,
      0.8125,
      0.25,
      0.6875,
      0.125,
      0.5625,
      0,
      0.4375,
      0.875,
      0.3125,
      0.75,
      0.1875,
      0.625,
      0.0625,
      0.5,
      0.9375,
      0.375,
      0.8125,
      0.25,
      0.6875,
      0.125,
      0.5625,
      0,
      0.4375,
      0.875,
      0.3125,
      0.75,
      0.1875,
      0.625,
      0.0625,
      0.5,
      0.9375,
      0.375,
      0.8125,
      0.25,
      0.6875,
      0.125,
      0.5625
    ],
    "TaskDescription": "Mixed gambles task",
    "TaskName": "MGT",
    "dataset": "ds001734",
    "modality": "bold",
    "run_id": 2,
    "subject_id": "041",
    "task_id": "MGT"
  },
  "dummy_trs": 1,
  "dvars_nstd": 53.90279984729489,
  "dvars_std": 1.0440042337028825,
  "dvars_vstd": 1.0035990655654117,
  "efc": 0.504440084748899,
  "fber": 615.1375122070312,
  "fd_mean": 0.0872768739969161,
  "fd_num": 0,
  "fd_perc": 0.0,
  "fwhm_avg": 3.0357435713247365,
  "fwhm_x": 2.85674,
  "fwhm_y": 3.24672,
  "fwhm_z": 3.0037707139742094,
  "gcor": 0.00280454,
  "gsr_x": -0.024231942370533943,
  "gsr_y": 0.04958900436758995,
  "provenance": {
    "md5sum": "0f63d92988775240f8905d8a88c2cfc3",
    "settings": {
      "fd_thres": 0.2,
      "testing": false
    },
    "software": "mriqc",
    "version": "21.0.0rc2",
    "webapi_port": null,
    "webapi_url": "https://mriqc.nimh.nih.gov/api/v1"
  },
  "size_t": 452,
  "size_x": 106,
  "size_y": 106,
  "size_z": 64,
  "snr": 2.3986373951474587,
  "spacing_tr": 1.0,
  "spacing_x": 2.0,
  "spacing_y": 2.0,
  "spacing_z": 2.4000000953674316,
  "summary_bg_k": 31.183955617027628,
  "summary_bg_mad": 125.0188665836404,
  "summary_bg_mean": 665.190673828125,
  "summary_bg_median": 348.441162109375,
  "summary_bg_n": 496228.0,
  "summary_bg_p05": 257.18411712646486,
  "summary_bg_p95": 2218.5437499999985,
  "summary_bg_stdv": 972.036865234375,
  "summary_fg_k": 1.0455123499095924,
  "summary_fg_mad": 3372.1324146716634,
  "summary_fg_mean": 9297.1982421875,
  "summary_fg_median": 8710.921875,
  "summary_fg_n": 129665.0,
  "summary_fg_p05": 4630.0625,
  "summary_fg_p95": 16163.392382812499,
  "summary_fg_stdv": 3631.5986328125,
  "tsnr": 27.43295669555664
}