{
  "aor": 0.00018066371681415926,
  "aqi": 0.006628388030973452,
  "bids_meta": {
    "BandwidthPerPixelPhaseEncode": 34.305,
    "CogAtlasID": "http://www.cognitiveatlas.org/id/trm_4cacee4a1d875/",
    "EchoTime": 0.03,
    "EffectiveEchoSpacing": 0.000275,
    "FlipAngle": 68,
    "MagneticFieldStrength": 3,
    "Manufacturer": "SIEMENS",
    "ManufacturersModelName": "Prisma",
    "MultibandAccelerationFactor": 4,
    "PhaseEncodingDirection": "j-",
    "RepetitionTime": 1,
    "SliceTiming": [
      0,
      0.4375,
      0.875,
      0.3125,
      0.75,
      0.1875,
      0.625,
      0.0625,
      0.5,
      0.9375,
      0.375,
      0.8125,
      0.25,
      0.6875,
      0.125,
      0.5625,
      0,
      0.4375,
      0.875,
      0.3125,
      0.75,
      0.1875,
      0.625,
      0.0625,
      0.5,
      0.9375,
      0.375,
      0.8125,
      0.25,
      0.6875,
      0.125,
      0.5625,
      0,
      0.4375,
      0.875,
      0.3125,
      0.75,
      0.1875,
      0.625,
      0.0625,
      0.5,
      0.9375,
      0.375,
      0.8125,
      0.25,
      0.6875,
      0.125,
      0.5625,
      0,
      0.4375,
      0.875,
      0.3125,
      0.75,
      0.1875,
      0.625,
      0.0625,
      0.5,
      0.9375,
      0.375,
      0.8125,
      0.25,
      0.6875,
      0.125,
      0.5625
    ],
    "TaskDescription": "Mixed gambles task",
    "TaskName": "MGT",
    "dataset": "ds001734",
    "modality": "bold",
    "run_id": 2,
    "subject_id": "045",
    "task_id": "MGT"
  },
  "dummy_trs": 1,
  "dvars_nstd": 50.74723365073175,
  "dvars_std": 1.0389163507538808,
  "dvars_vstd": 0.9943356179822613,
  "efc": 0.4881818699304223,
  "fber": 716.751953125,
  "fd_mean": 0.0777113652295897,
  "fd_num": 0,
  "fd_perc": 0.0,
  "fwhm_avg": 3.0294469052352415,
  "fwhm_x": 2.982925,
  "fwhm_y": 3.14522,
  "fwhm_z": 2.960195715705724,
  "gcor": 0.00156103,
  "gsr_x": -0.009527956135571003,
  "gsr_y": 0.0452682226896286,
  "provenance": {
    "md5sum": "530daed5a9800294d168eb5a0b9d5bb0",
    "settings": {
      "fd_thres": 0.2,
      "testing": false
    },
    "software": "mriqc",
    "version": "21.0.0rc2",
    "webapi_port": null,
    "webapi_url": "https://mriqc.nimh.nih.gov/api/v1"
  },
  "size_t": 452,
  "size_x": 106,
  "size_y": 106,
  "size_z": 64,
  "snr": 2.4972918467976344,
  "spacing_tr": 1.0,
  "spacing_x": 2.0,
  "spacing_y": 2.0,
  "spacing_z": 2.4000000953674316,
  "summary_bg_k": 28.0877313315448,
  "summary_bg_mad": 124.04360136086548,
  "summary_bg_mean": 680.3226318359375,
  "summary_bg_median": 345.6329345703125,
  "summary_bg_n": 513520.0,
  "summary_bg_p05": 254.50699996948242,
  "summary_bg_p95": 2498.201037597656,
  "summary_bg_stdv": 976.7605590820312,
  "summary_fg_k": 1.1967090280516368,
  "summary_fg_mad": 3534.419081485434,
  "summary_fg_mean": 9954.8974609375,
  "summary_fg_median": 9307.8994140625,
  "summary_fg_n": 115452.0,
  "summary_fg_p05": 5117.088891601563,
  "summary_fg_p95": 17012.432128906246,
  "summary_fg_stdv": 3727.18115234375,
  "tsnr": 28.951156616210938
}