{
  "aor": 0.00088980044345898,
  "aqi": 0.009363415875831484,
  "bids_meta": {
    "BandwidthPerPixelPhaseEncode": 34.305,
    "CogAtlasID": "http://www.cognitiveatlas.org/id/trm_4cacee4a1d875/",
    "EchoTime": 0.03,
    "EffectiveEchoSpacing": 0.000275,
    "FlipAngle": 68,
    "MagneticFieldStrength": 3,
    "Manufacturer": "SIEMENS",
    "ManufacturersModelName": "Prisma",
    "MultibandAccelerationFactor": 4,
    "PhaseEncodingDirection": "j-",
    "RepetitionTime": 1,
    "SliceTiming": [
      0,
      0.4375,
      0.875,
      0.3125,
      0.75,
      0.1875,
      0.625,
      0.0625,
      0.5,
      0.9375,
      0.375,
      0.8125,
      0.25,
      0.6875,
      0.125,
      0.5625,
      0,
      0.4375,
      0.875,
      0.3125,
      0.75,
      0.1875,
      0.625,
      0.0625,
      0.5,
      0.9375,
      0.375,
      0.8125,
      0.25,
      0.6875,
      0.125,
      0.5625,
      0,
      0.4375,
      0.875,
      0.3125,
      0.75,
      0.1875,
      0.625,
      0.0625,
      0.5,
      0.9375,
      0.375,
      0.8125,
      0.25,
      0.6875,
      0.125,
      0.5625,
      0,
      0.4375,
      0.875,
      0.3125,
      0.75,
      0.1875,
      0.625,
      0.0625,
      0.5,
      0.9375,
      0.375,
      0.8125,
      0.25,
      0.6875,
      0.125,
      0.5625
    ],
    "TaskDescription": "Mixed gambles task",
    "TaskName": "MGT",
    "dataset": "ds001734",
    "modality": "bold",
    "run_id": 3,
    "subject_id": "075",
    "task_id": "MGT"
  },
  "dummy_trs": 2,
  "dvars_nstd": 52.419124349066664,
  "dvars_std": 1.0248902823111108,
  "dvars_vstd": 1.002722013133334,
  "efc": 0.4997621013150476,
  "fber": 580.1422119140625,
  "fd_mean": 0.11193695497057304,
  "fd_num": 22,
  "fd_perc": 4.878048780487805,
  "fwhm_avg": 2.9840021825633904,
  "fwhm_x": 2.85216,
  "fwhm_y": 3.105705,
  "fwhm_z": 2.9941415476901714,
  "gcor": 0.00238134,
  "gsr_x": -0.012694139033555984,
  "gsr_y": 0.0438421294093132,
  "provenance": {
    "md5sum": "9a8a9f251ec968e4644ba4de7858f9cf",
    "settings": {
      "fd_thres": 0.2,
      "testing": false
    },
    "software": "mriqc",
    "version": "21.0.0rc2",
    "webapi_port": null,
    "webapi_url": "https://mriqc.nimh.nih.gov/api/v1"
  },
  "size_t": 451,
  "size_x": 106,
  "size_y": 106,
  "size_z": 64,
  "snr": 2.3546211560737342,
  "spacing_tr": 1.0,
  "spacing_x": 2.0,
  "spacing_y": 2.0,
  "spacing_z": 2.4000000953674316,
  "summary_bg_k": 45.56453459158398,
  "summary_bg_mad": 137.92648257775897,
  "summary_bg_mean": 640.2428588867188,
  "summary_bg_median": 360.4627380371094,
  "summary_bg_n": 491885.0,
  "summary_bg_p05": 259.1466857910156,
  "summary_bg_p95": 1985.7318847656247,
  "summary_bg_stdv": 941.583251953125,
  "summary_fg_k": 0.8711930841182403,
  "summary_fg_mad": 3638.906703510286,
  "summary_fg_mean": 9646.1083984375,
  "summary_fg_median": 9077.208984375,
  "summary_fg_n": 124844.0,
  "summary_fg_p05": 4504.702099609375,
  "summary_fg_p95": 16742.72548828125,
  "summary_fg_stdv": 3855.0458984375,
  "tsnr": 25.829147338867188
}