{
  "aor": 0.00029511061946902654,
  "aqi": 0.008409414491150442,
  "bids_meta": {
    "BandwidthPerPixelPhaseEncode": 34.305,
    "CogAtlasID": "http://www.cognitiveatlas.org/id/trm_4cacee4a1d875/",
    "EchoTime": 0.03,
    "EffectiveEchoSpacing": 0.000275,
    "FlipAngle": 68,
    "MagneticFieldStrength": 3,
    "Manufacturer": "SIEMENS",
    "ManufacturersModelName": "Prisma",
    "MultibandAccelerationFactor": 4,
    "PhaseEncodingDirection": "j-",
    "RepetitionTime": 1,
    "SliceTiming": [
      0,
      0.4375,
      0.875,
      0.3125,
      0.75,
      0.1875,
      0.625,
      0.0625,
      0.5,
      0.9375,
      0.375,
      0.8125,
      0.25,
      0.6875,
      0.125,
      0.5625,
      0,
      0.4375,
      0.875,
      0.3125,
      0.75,
      0.1875,
      0.625,
      0.0625,
      0.5,
      0.9375,
      0.375,
      0.8125,
      0.25,
      0.6875,
      0.125,
      0.5625,
      0,
      0.4375,
      0.875,
      0.3125,
      0.75,
      0.1875,
      0.625,
      0.0625,
      0.5,
      0.9375,
      0.375,
      0.8125,
      0.25,
      0.6875,
      0.125,
      0.5625,
      0,
      0.4375,
      0.875,
      0.3125,
      0.75,
      0.1875,
      0.625,
      0.0625,
      0.5,
      0.9375,
      0.375,
      0.8125,
      0.25,
      0.6875,
      0.125,
      0.5625
    ],
    "TaskDescription": "Mixed gambles task",
    "TaskName": "MGT",
    "dataset": "ds001734",
    "modality": "bold",
    "run_id": 4,
    "subject_id": "114",
    "task_id": "MGT"
  },
  "dummy_trs": 1,
  "dvars_nstd": 52.23016291432373,
  "dvars_std": 1.028675785898004,
  "dvars_vstd": 0.9987179976274942,
  "efc": 0.5189188964932647,
  "fber": 479.60479736328125,
  "fd_mean": 0.08695876891826401,
  "fd_num": 0,
  "fd_perc": 0.0,
  "fwhm_avg": 3.0022085718893248,
  "fwhm_x": 2.868215,
  "fwhm_y": 3.177265,
  "fwhm_z": 2.9611457156679744,
  "gcor": 0.00145962,
  "gsr_x": -0.018465224653482437,
  "gsr_y": 0.028433607891201973,
  "provenance": {
    "md5sum": "d48f24664de8905402ac4cdb5b7a0edb",
    "settings": {
      "fd_thres": 0.2,
      "testing": false
    },
    "software": "mriqc",
    "version": "21.0.0rc2",
    "webapi_port": null,
    "webapi_url": "https://mriqc.nimh.nih.gov/api/v1"
  },
  "size_t": 452,
  "size_x": 106,
  "size_y": 106,
  "size_z": 64,
  "snr": 2.436350622233818,
  "spacing_tr": 1.0,
  "spacing_x": 2.0,
  "spacing_y": 2.0,
  "spacing_z": 2.4000000953674316,
  "summary_bg_k": 20.884526988671055,
  "summary_bg_mad": 196.7186645339202,
  "summary_bg_mean": 816.3206176757812,
  "summary_bg_median": 401.4229736328125,
  "summary_bg_n": 501571.0,
  "summary_bg_p05": 253.99148559570312,
  "summary_bg_p95": 3147.82470703125,
  "summary_bg_stdv": 1164.492431640625,
  "summary_fg_k": 0.6119491831567943,
  "summary_fg_mad": 3483.2218877373657,
  "summary_fg_mean": 9574.0322265625,
  "summary_fg_median": 8994.912109375,
  "summary_fg_n": 123317.0,
  "summary_fg_p05": 4696.96630859375,
  "summary_fg_p95": 16482.1140625,
  "summary_fg_stdv": 3691.9462890625,
  "tsnr": 27.25885581970215
}