{
  "aor": 0.00020906873614190687,
  "aqi": 0.010195588980044345,
  "bids_meta": {
    "BandwidthPerPixelPhaseEncode": 34.305,
    "CogAtlasID": "http://www.cognitiveatlas.org/id/trm_4cacee4a1d875/",
    "EchoTime": 0.03,
    "EffectiveEchoSpacing": 0.000275,
    "FlipAngle": 68,
    "MagneticFieldStrength": 3,
    "Manufacturer": "SIEMENS",
    "ManufacturersModelName": "Prisma",
    "MultibandAccelerationFactor": 4,
    "PhaseEncodingDirection": "j-",
    "RepetitionTime": 1,
    "SliceTiming": [
      0,
      0.4375,
      0.875,
      0.3125,
      0.75,
      0.1875,
      0.625,
      0.0625,
      0.5,
      0.9375,
      0.375,
      0.8125,
      0.25,
      0.6875,
      0.125,
      0.5625,
      0,
      0.4375,
      0.875,
      0.3125,
      0.75,
      0.1875,
      0.625,
      0.0625,
      0.5,
      0.9375,
      0.375,
      0.8125,
      0.25,
      0.6875,
      0.125,
      0.5625,
      0,
      0.4375,
      0.875,
      0.3125,
      0.75,
      0.1875,
      0.625,
      0.0625,
      0.5,
      0.9375,
      0.375,
      0.8125,
      0.25,
      0.6875,
      0.125,
      0.5625,
      0,
      0.4375,
      0.875,
      0.3125,
      0.75,
      0.1875,
      0.625,
      0.0625,
      0.5,
      0.9375,
      0.375,
      0.8125,
      0.25,
      0.6875,
      0.125,
      0.5625
    ],
    "TaskDescription": "Mixed gambles task",
    "TaskName": "MGT",
    "dataset": "ds001734",
    "modality": "bold",
    "run_id": 4,
    "subject_id": "001",
    "task_id": "MGT"
  },
  "dummy_trs": 2,
  "dvars_nstd": 52.997989713888906,
  "dvars_std": 1.022711564622222,
  "dvars_vstd": 0.9868845571333328,
  "efc": 0.5310743436718774,
  "fber": 523.7848510742188,
  "fd_mean": 0.08243506171119716,
  "fd_num": 7,
  "fd_perc": 1.5521064301552105,
  "fwhm_avg": 3.1720099579909795,
  "fwhm_x": 3.061625,
  "fwhm_y": 3.28283,
  "fwhm_z": 3.1715748739729377,
  "gcor": 0.00591309,
  "gsr_x": -0.01547000277787447,
  "gsr_y": 0.05881855636835098,
  "provenance": {
    "md5sum": "698d8262c6a11cbfe433b73b43a2a81a",
    "settings": {
      "fd_thres": 0.2,
      "testing": false
    },
    "software": "mriqc",
    "version": "21.0.0rc2",
    "webapi_port": null,
    "webapi_url": "https://mriqc.nimh.nih.gov/api/v1"
  },
  "size_t": 451,
  "size_x": 106,
  "size_y": 106,
  "size_z": 64,
  "snr": 2.162155024529631,
  "spacing_tr": 1.0,
  "spacing_x": 2.0,
  "spacing_y": 2.0,
  "spacing_z": 2.4000000953674316,
  "summary_bg_k": 23.867701462091404,
  "summary_bg_mad": 169.3867152736876,
  "summary_bg_mean": 836.172119140625,
  "summary_bg_median": 384.9988098144531,
  "summary_bg_n": 468981.0,
  "summary_bg_p05": 259.73260498046875,
  "summary_bg_p95": 3314.788330078125,
  "summary_bg_stdv": 1284.4981689453125,
  "summary_fg_k": 1.2596486732242624,
  "summary_fg_mad": 3752.9968534293603,
  "summary_fg_mean": 9905.4384765625,
  "summary_fg_median": 9068.7529296875,
  "summary_fg_n": 147433.0,
  "summary_fg_p05": 4756.73681640625,
  "summary_fg_p95": 18071.226171874998,
  "summary_fg_stdv": 4194.2978515625,
  "tsnr": 25.286697387695312
}