{
  "aor": 0.0003577041942604856,
  "aqi": 0.010016531258278146,
  "bids_meta": {
    "BandwidthPerPixelPhaseEncode": 34.305,
    "CogAtlasID": "http://www.cognitiveatlas.org/id/trm_4cacee4a1d875/",
    "EchoTime": 0.03,
    "EffectiveEchoSpacing": 0.000275,
    "FlipAngle": 68,
    "MagneticFieldStrength": 3,
    "Manufacturer": "SIEMENS",
    "ManufacturersModelName": "Prisma",
    "MultibandAccelerationFactor": 4,
    "PhaseEncodingDirection": "j-",
    "RepetitionTime": 1,
    "SliceTiming": [
      0,
      0.4375,
      0.875,
      0.3125,
      0.75,
      0.1875,
      0.625,
      0.0625,
      0.5,
      0.9375,
      0.375,
      0.8125,
      0.25,
      0.6875,
      0.125,
      0.5625,
      0,
      0.4375,
      0.875,
      0.3125,
      0.75,
      0.1875,
      0.625,
      0.0625,
      0.5,
      0.9375,
      0.375,
      0.8125,
      0.25,
      0.6875,
      0.125,
      0.5625,
      0,
      0.4375,
      0.875,
      0.3125,
      0.75,
      0.1875,
      0.625,
      0.0625,
      0.5,
      0.9375,
      0.375,
      0.8125,
      0.25,
      0.6875,
      0.125,
      0.5625,
      0,
      0.4375,
      0.875,
      0.3125,
      0.75,
      0.1875,
      0.625,
      0.0625,
      0.5,
      0.9375,
      0.375,
      0.8125,
      0.25,
      0.6875,
      0.125,
      0.5625
    ],
    "TaskDescription": "Mixed gambles task",
    "TaskName": "MGT",
    "dataset": "ds001734",
    "modality": "bold",
    "run_id": 2,
    "subject_id": "066",
    "task_id": "MGT"
  },
  "dummy_trs": 0,
  "dvars_nstd": 53.32000769553093,
  "dvars_std": 1.018203365973451,
  "dvars_vstd": 1.001038908252213,
  "efc": 0.5245259268734769,
  "fber": 483.2680358886719,
  "fd_mean": 0.08199570410513969,
  "fd_num": 0,
  "fd_perc": 0.0,
  "fwhm_avg": 3.017366070813958,
  "fwhm_x": 2.9154,
  "fwhm_y": 3.094365,
  "fwhm_z": 3.0423332124418727,
  "gcor": 0.00132124,
  "gsr_x": -0.005822864361107349,
  "gsr_y": 0.06204121559858322,
  "provenance": {
    "md5sum": "7a9246368bd032c5cc736dc45c64fcb1",
    "settings": {
      "fd_thres": 0.2,
      "testing": false
    },
    "software": "mriqc",
    "version": "21.0.0rc2",
    "webapi_port": null,
    "webapi_url": "https://mriqc.nimh.nih.gov/api/v1"
  },
  "size_t": 453,
  "size_x": 106,
  "size_y": 106,
  "size_z": 64,
  "snr": 2.456837042269083,
  "spacing_tr": 1.0,
  "spacing_x": 2.0,
  "spacing_y": 2.0,
  "spacing_z": 2.4000000953674316,
  "summary_bg_k": 29.66377758070748,
  "summary_bg_mad": 156.6829073146416,
  "summary_bg_mean": 779.617431640625,
  "summary_bg_median": 374.548583984375,
  "summary_bg_n": 490968.0,
  "summary_bg_p05": 258.0669921875,
  "summary_bg_p95": 2980.7064575195295,
  "summary_bg_stdv": 1215.3116455078125,
  "summary_fg_k": 0.76216895559687,
  "summary_fg_mad": 3241.334756646685,
  "summary_fg_mean": 9026.6669921875,
  "summary_fg_median": 8498.966796875,
  "summary_fg_n": 127629.0,
  "summary_fg_p05": 4447.9509765625,
  "summary_fg_p95": 15514.711718749997,
  "summary_fg_stdv": 3459.298828125,
  "tsnr": 24.7591343523236
}