{
  "aor": 0.0002801324503311258,
  "aqi": 0.008411403929359825,
  "bids_meta": {
    "BandwidthPerPixelPhaseEncode": 34.305,
    "CogAtlasID": "http://www.cognitiveatlas.org/id/trm_4cacee4a1d875/",
    "EchoTime": 0.03,
    "EffectiveEchoSpacing": 0.000275,
    "FlipAngle": 68,
    "MagneticFieldStrength": 3,
    "Manufacturer": "SIEMENS",
    "ManufacturersModelName": "Prisma",
    "MultibandAccelerationFactor": 4,
    "PhaseEncodingDirection": "j-",
    "RepetitionTime": 1,
    "SliceTiming": [
      0,
      0.4375,
      0.875,
      0.3125,
      0.75,
      0.1875,
      0.625,
      0.0625,
      0.5,
      0.9375,
      0.375,
      0.8125,
      0.25,
      0.6875,
      0.125,
      0.5625,
      0,
      0.4375,
      0.875,
      0.3125,
      0.75,
      0.1875,
      0.625,
      0.0625,
      0.5,
      0.9375,
      0.375,
      0.8125,
      0.25,
      0.6875,
      0.125,
      0.5625,
      0,
      0.4375,
      0.875,
      0.3125,
      0.75,
      0.1875,
      0.625,
      0.0625,
      0.5,
      0.9375,
      0.375,
      0.8125,
      0.25,
      0.6875,
      0.125,
      0.5625,
      0,
      0.4375,
      0.875,
      0.3125,
      0.75,
      0.1875,
      0.625,
      0.0625,
      0.5,
      0.9375,
      0.375,
      0.8125,
      0.25,
      0.6875,
      0.125,
      0.5625
    ],
    "TaskDescription": "Mixed gambles task",
    "TaskName": "MGT",
    "dataset": "ds001734",
    "modality": "bold",
    "run_id": 4,
    "subject_id": "085",
    "task_id": "MGT"
  },
  "dummy_trs": 0,
  "dvars_nstd": 50.053363648252216,
  "dvars_std": 1.024421970774336,
  "dvars_vstd": 1.0112180440265477,
  "efc": 0.5224891454734931,
  "fber": 501.6407165527344,
  "fd_mean": 0.06989995874050381,
  "fd_num": 2,
  "fd_perc": 0.44150110375275936,
  "fwhm_avg": 3.0898458566345166,
  "fwhm_x": 3.016605,
  "fwhm_y": 3.2048451910236593,
  "fwhm_z": 3.04808737887989,
  "gcor": 0.00450823,
  "gsr_x": -0.0222836472094059,
  "gsr_y": 0.050061650574207306,
  "provenance": {
    "md5sum": "c399a9cfc9ef7d45c1f13b20f3251796",
    "settings": {
      "fd_thres": 0.2,
      "testing": false
    },
    "software": "mriqc",
    "version": "21.0.0rc2",
    "webapi_port": null,
    "webapi_url": "https://mriqc.nimh.nih.gov/api/v1"
  },
  "size_t": 453,
  "size_x": 106,
  "size_y": 106,
  "size_z": 64,
  "snr": 2.4789956922117318,
  "spacing_tr": 1.0,
  "spacing_x": 2.0,
  "spacing_y": 1.9999998807907104,
  "spacing_z": 2.4000000953674316,
  "summary_bg_k": 35.49522020498924,
  "summary_bg_mad": 188.52670813518515,
  "summary_bg_mean": 929.75146484375,
  "summary_bg_median": 406.85113525390625,
  "summary_bg_n": 506511.0,
  "summary_bg_p05": 268.1459655761719,
  "summary_bg_p95": 3937.91845703125,
  "summary_bg_stdv": 1433.1405029296875,
  "summary_fg_k": 0.44875872584214527,
  "summary_fg_mad": 3658.504851586157,
  "summary_fg_mean": 9777.974609375,
  "summary_fg_median": 9243.9345703125,
  "summary_fg_n": 121513.0,
  "summary_fg_p05": 4698.3892578125,
  "summary_fg_p95": 16641.534375,
  "summary_fg_stdv": 3728.8876953125,
  "tsnr": 27.918439865112305
}