{
  "aor": 0.0003051106194690265,
  "aqi": 0.01282527592920354,
  "bids_meta": {
    "BandwidthPerPixelPhaseEncode": 34.305,
    "CogAtlasID": "http://www.cognitiveatlas.org/id/trm_4cacee4a1d875/",
    "EchoTime": 0.03,
    "EffectiveEchoSpacing": 0.000275,
    "FlipAngle": 68,
    "MagneticFieldStrength": 3,
    "Manufacturer": "SIEMENS",
    "ManufacturersModelName": "Prisma",
    "MultibandAccelerationFactor": 4,
    "PhaseEncodingDirection": "j-",
    "RepetitionTime": 1,
    "SliceTiming": [
      0,
      0.4375,
      0.875,
      0.3125,
      0.75,
      0.1875,
      0.625,
      0.0625,
      0.5,
      0.9375,
      0.375,
      0.8125,
      0.25,
      0.6875,
      0.125,
      0.5625,
      0,
      0.4375,
      0.875,
      0.3125,
      0.75,
      0.1875,
      0.625,
      0.0625,
      0.5,
      0.9375,
      0.375,
      0.8125,
      0.25,
      0.6875,
      0.125,
      0.5625,
      0,
      0.4375,
      0.875,
      0.3125,
      0.75,
      0.1875,
      0.625,
      0.0625,
      0.5,
      0.9375,
      0.375,
      0.8125,
      0.25,
      0.6875,
      0.125,
      0.5625,
      0,
      0.4375,
      0.875,
      0.3125,
      0.75,
      0.1875,
      0.625,
      0.0625,
      0.5,
      0.9375,
      0.375,
      0.8125,
      0.25,
      0.6875,
      0.125,
      0.5625
    ],
    "TaskDescription": "Mixed gambles task",
    "TaskName": "MGT",
    "dataset": "ds001734",
    "modality": "bold",
    "run_id": 2,
    "subject_id": "060",
    "task_id": "MGT"
  },
  "dummy_trs": 1,
  "dvars_nstd": 53.74200145093129,
  "dvars_std": 1.0286374379600889,
  "dvars_vstd": 0.9705139028159646,
  "efc": 0.5052613214310214,
  "fber": 637.6609497070312,
  "fd_mean": 0.09568919645535605,
  "fd_num": 14,
  "fd_perc": 3.0973451327433628,
  "fwhm_avg": 3.289736901042717,
  "fwhm_x": 3.136415,
  "fwhm_y": 3.456075,
  "fwhm_z": 3.276720703128151,
  "gcor": 0.00594242,
  "gsr_x": -0.016802120953798294,
  "gsr_y": 0.051548343151807785,
  "provenance": {
    "md5sum": "9fd3b71253416578993657bdf5ea5db7",
    "settings": {
      "fd_thres": 0.2,
      "testing": false
    },
    "software": "mriqc",
    "version": "21.0.0rc2",
    "webapi_port": null,
    "webapi_url": "https://mriqc.nimh.nih.gov/api/v1"
  },
  "size_t": 452,
  "size_x": 106,
  "size_y": 106,
  "size_z": 64,
  "snr": 2.4203703130170373,
  "spacing_tr": 1.0,
  "spacing_x": 2.0,
  "spacing_y": 2.0,
  "spacing_z": 2.4000000953674316,
  "summary_bg_k": 34.292353409128694,
  "summary_bg_mad": 131.7410704657148,
  "summary_bg_mean": 709.4331665039062,
  "summary_bg_median": 354.5604553222656,
  "summary_bg_n": 494099.0,
  "summary_bg_p05": 254.57404632568358,
  "summary_bg_p95": 2589.9195556640625,
  "summary_bg_stdv": 1053.30810546875,
  "summary_fg_k": 0.7716309862835877,
  "summary_fg_mad": 3695.2821461201565,
  "summary_fg_mean": 9759.400390625,
  "summary_fg_median": 9245.041015625,
  "summary_fg_n": 126442.0,
  "summary_fg_p05": 4555.160717773438,
  "summary_fg_p95": 16655.035742187498,
  "summary_fg_stdv": 3819.665283203125,
  "tsnr": 23.452178955078125
}