{
  "aor": 0.00030264900662251655,
  "aqi": 0.010881295629139072,
  "bids_meta": {
    "BandwidthPerPixelPhaseEncode": 34.305,
    "CogAtlasID": "http://www.cognitiveatlas.org/id/trm_4cacee4a1d875/",
    "EchoTime": 0.03,
    "EffectiveEchoSpacing": 0.000275,
    "FlipAngle": 68,
    "MagneticFieldStrength": 3,
    "Manufacturer": "SIEMENS",
    "ManufacturersModelName": "Prisma",
    "MultibandAccelerationFactor": 4,
    "PhaseEncodingDirection": "j-",
    "RepetitionTime": 1,
    "SliceTiming": [
      0,
      0.4375,
      0.875,
      0.3125,
      0.75,
      0.1875,
      0.625,
      0.0625,
      0.5,
      0.9375,
      0.375,
      0.8125,
      0.25,
      0.6875,
      0.125,
      0.5625,
      0,
      0.4375,
      0.875,
      0.3125,
      0.75,
      0.1875,
      0.625,
      0.0625,
      0.5,
      0.9375,
      0.375,
      0.8125,
      0.25,
      0.6875,
      0.125,
      0.5625,
      0,
      0.4375,
      0.875,
      0.3125,
      0.75,
      0.1875,
      0.625,
      0.0625,
      0.5,
      0.9375,
      0.375,
      0.8125,
      0.25,
      0.6875,
      0.125,
      0.5625,
      0,
      0.4375,
      0.875,
      0.3125,
      0.75,
      0.1875,
      0.625,
      0.0625,
      0.5,
      0.9375,
      0.375,
      0.8125,
      0.25,
      0.6875,
      0.125,
      0.5625
    ],
    "TaskDescription": "Mixed gambles task",
    "TaskName": "MGT",
    "dataset": "ds001734",
    "modality": "bold",
    "run_id": 1,
    "subject_id": "113",
    "task_id": "MGT"
  },
  "dummy_trs": 0,
  "dvars_nstd": 62.78892283294244,
  "dvars_std": 1.0989575838716805,
  "dvars_vstd": 1.0221758671902657,
  "efc": 0.5184636596468059,
  "fber": 516.5774536132812,
  "fd_mean": 0.07356122951117296,
  "fd_num": 0,
  "fd_perc": 0.0,
  "fwhm_avg": 2.733337185216128,
  "fwhm_x": 2.585945,
  "fwhm_y": 2.8202,
  "fwhm_z": 2.793866555648384,
  "gcor": 0.00140277,
  "gsr_x": -0.009705823846161366,
  "gsr_y": 0.060138996690511703,
  "provenance": {
    "md5sum": "c448e0c308e14f4134a24a0fc03b64e5",
    "settings": {
      "fd_thres": 0.2,
      "testing": false
    },
    "software": "mriqc",
    "version": "21.0.0rc2",
    "webapi_port": null,
    "webapi_url": "https://mriqc.nimh.nih.gov/api/v1"
  },
  "size_t": 453,
  "size_x": 106,
  "size_y": 106,
  "size_z": 64,
  "snr": 2.8420902691817322,
  "spacing_tr": 1.0,
  "spacing_x": 2.0,
  "spacing_y": 2.0,
  "spacing_z": 2.4000000953674316,
  "summary_bg_k": 67.07140330184218,
  "summary_bg_mad": 143.4585506945877,
  "summary_bg_mean": 744.6439819335938,
  "summary_bg_median": 363.65374755859375,
  "summary_bg_n": 501432.0,
  "summary_bg_p05": 256.6186828613281,
  "summary_bg_p95": 2548.669348144525,
  "summary_bg_stdv": 1286.40087890625,
  "summary_fg_k": 0.32496189665183195,
  "summary_fg_mad": 3041.45999721067,
  "summary_fg_mean": 8834.220703125,
  "summary_fg_median": 8544.267578125,
  "summary_fg_n": 118824.0,
  "summary_fg_p05": 4583.055810546875,
  "summary_fg_p95": 14012.435205078116,
  "summary_fg_stdv": 3006.319580078125,
  "tsnr": 25.605531692504883
}