{
  "aor": 0.00039666666666666664,
  "aqi": 0.010545322317880794,
  "bids_meta": {
    "BandwidthPerPixelPhaseEncode": 34.305,
    "CogAtlasID": "http://www.cognitiveatlas.org/id/trm_4cacee4a1d875/",
    "EchoTime": 0.03,
    "EffectiveEchoSpacing": 0.000275,
    "FlipAngle": 68,
    "MagneticFieldStrength": 3,
    "Manufacturer": "SIEMENS",
    "ManufacturersModelName": "Prisma",
    "MultibandAccelerationFactor": 4,
    "PhaseEncodingDirection": "j-",
    "RepetitionTime": 1,
    "SliceTiming": [
      0,
      0.4375,
      0.875,
      0.3125,
      0.75,
      0.1875,
      0.625,
      0.0625,
      0.5,
      0.9375,
      0.375,
      0.8125,
      0.25,
      0.6875,
      0.125,
      0.5625,
      0,
      0.4375,
      0.875,
      0.3125,
      0.75,
      0.1875,
      0.625,
      0.0625,
      0.5,
      0.9375,
      0.375,
      0.8125,
      0.25,
      0.6875,
      0.125,
      0.5625,
      0,
      0.4375,
      0.875,
      0.3125,
      0.75,
      0.1875,
      0.625,
      0.0625,
      0.5,
      0.9375,
      0.375,
      0.8125,
      0.25,
      0.6875,
      0.125,
      0.5625,
      0,
      0.4375,
      0.875,
      0.3125,
      0.75,
      0.1875,
      0.625,
      0.0625,
      0.5,
      0.9375,
      0.375,
      0.8125,
      0.25,
      0.6875,
      0.125,
      0.5625
    ],
    "TaskDescription": "Mixed gambles task",
    "TaskName": "MGT",
    "dataset": "ds001734",
    "modality": "bold",
    "run_id": 4,
    "subject_id": "107",
    "task_id": "MGT"
  },
  "dummy_trs": 0,
  "dvars_nstd": 62.47667661174781,
  "dvars_std": 1.0411041246902648,
  "dvars_vstd": 1.104554274579646,
  "efc": 0.5771271312066494,
  "fber": 275.0313415527344,
  "fd_mean": 0.07540907147345237,
  "fd_num": 4,
  "fd_perc": 0.8830022075055187,
  "fwhm_avg": 2.9842092264896167,
  "fwhm_x": 2.809935,
  "fwhm_y": 3.131705,
  "fwhm_z": 3.010987679468851,
  "gcor": 0.00229787,
  "gsr_x": -0.014471521601080894,
  "gsr_y": 0.0571163110435009,
  "provenance": {
    "md5sum": "1f5324d170531a8c47cc62868af96f8b",
    "settings": {
      "fd_thres": 0.2,
      "testing": false
    },
    "software": "mriqc",
    "version": "21.0.0rc2",
    "webapi_port": null,
    "webapi_url": "https://mriqc.nimh.nih.gov/api/v1"
  },
  "size_t": 453,
  "size_x": 106,
  "size_y": 106,
  "size_z": 64,
  "snr": 2.1573486106204416,
  "spacing_tr": 1.0,
  "spacing_x": 2.0,
  "spacing_y": 2.0,
  "spacing_z": 2.3999998569488525,
  "summary_bg_k": 24.97352473718402,
  "summary_bg_mad": 242.664515429586,
  "summary_bg_mean": 989.1760864257812,
  "summary_bg_median": 465.9613342285156,
  "summary_bg_n": 439108.0,
  "summary_bg_p05": 275.62346801757815,
  "summary_bg_p95": 3870.3807128906196,
  "summary_bg_stdv": 1548.942626953125,
  "summary_fg_k": 0.778017418212793,
  "summary_fg_mad": 3525.5564068467356,
  "summary_fg_mean": 8789.736328125,
  "summary_fg_median": 8203.265625,
  "summary_fg_n": 164345.0,
  "summary_fg_p05": 3720.5568359375,
  "summary_fg_p95": 15911.332031249995,
  "summary_fg_stdv": 3802.464111328125,
  "tsnr": 23.166366577148438
}