{
  "aor": 0.00035000000000000005,
  "aqi": 0.009836949271523178,
  "bids_meta": {
    "BandwidthPerPixelPhaseEncode": 34.305,
    "CogAtlasID": "http://www.cognitiveatlas.org/id/trm_4cacee4a1d875/",
    "EchoTime": 0.03,
    "EffectiveEchoSpacing": 0.000275,
    "FlipAngle": 68,
    "MagneticFieldStrength": 3,
    "Manufacturer": "SIEMENS",
    "ManufacturersModelName": "Prisma",
    "MultibandAccelerationFactor": 4,
    "PhaseEncodingDirection": "j-",
    "RepetitionTime": 1,
    "SliceTiming": [
      0,
      0.4375,
      0.875,
      0.3125,
      0.75,
      0.1875,
      0.625,
      0.0625,
      0.5,
      0.9375,
      0.375,
      0.8125,
      0.25,
      0.6875,
      0.125,
      0.5625,
      0,
      0.4375,
      0.875,
      0.3125,
      0.75,
      0.1875,
      0.625,
      0.0625,
      0.5,
      0.9375,
      0.375,
      0.8125,
      0.25,
      0.6875,
      0.125,
      0.5625,
      0,
      0.4375,
      0.875,
      0.3125,
      0.75,
      0.1875,
      0.625,
      0.0625,
      0.5,
      0.9375,
      0.375,
      0.8125,
      0.25,
      0.6875,
      0.125,
      0.5625,
      0,
      0.4375,
      0.875,
      0.3125,
      0.75,
      0.1875,
      0.625,
      0.0625,
      0.5,
      0.9375,
      0.375,
      0.8125,
      0.25,
      0.6875,
      0.125,
      0.5625
    ],
    "TaskDescription": "Mixed gambles task",
    "TaskName": "MGT",
    "dataset": "ds001734",
    "modality": "bold",
    "run_id": 4,
    "subject_id": "033",
    "task_id": "MGT"
  },
  "dummy_trs": 0,
  "dvars_nstd": 61.34393145964601,
  "dvars_std": 1.0501014328097342,
  "dvars_vstd": 1.0030285919247788,
  "efc": 0.5665300440376085,
  "fber": 328.9610595703125,
  "fd_mean": 0.0944090499303578,
  "fd_num": 2,
  "fd_perc": 0.44150110375275936,
  "fwhm_avg": 3.187618846276647,
  "fwhm_x": 3.125035,
  "fwhm_y": 3.220705,
  "fwhm_z": 3.217116538829941,
  "gcor": 0.00353728,
  "gsr_x": -0.015226849354803562,
  "gsr_y": 0.08182070404291153,
  "provenance": {
    "md5sum": "479ba3bbf4d388e95ca07e241ced8fd6",
    "settings": {
      "fd_thres": 0.2,
      "testing": false
    },
    "software": "mriqc",
    "version": "21.0.0rc2",
    "webapi_port": null,
    "webapi_url": "https://mriqc.nimh.nih.gov/api/v1"
  },
  "size_t": 453,
  "size_x": 106,
  "size_y": 106,
  "size_z": 64,
  "snr": 1.9868189450997593,
  "spacing_tr": 1.0,
  "spacing_x": 2.0,
  "spacing_y": 2.0,
  "spacing_z": 2.4000000953674316,
  "summary_bg_k": 22.203417343418312,
  "summary_bg_mad": 235.8090411362992,
  "summary_bg_mean": 1055.930419921875,
  "summary_bg_median": 452.6300354003906,
  "summary_bg_n": 442980.0,
  "summary_bg_p05": 273.9530776977539,
  "summary_bg_p95": 4368.123315429682,
  "summary_bg_stdv": 1679.5849609375,
  "summary_fg_k": 1.2432032241713307,
  "summary_fg_mad": 3900.8994554088554,
  "summary_fg_mean": 9419.8232421875,
  "summary_fg_median": 8563.4140625,
  "summary_fg_n": 167692.0,
  "summary_fg_p05": 4019.1257446289064,
  "summary_fg_p95": 17698.773339843738,
  "summary_fg_stdv": 4310.10009765625,
  "tsnr": 23.787864685058594
}