{
  "aor": 0.00019984409799554567,
  "aqi": 0.007095894788418708,
  "bids_meta": {
    "BandwidthPerPixelPhaseEncode": 34.305,
    "CogAtlasID": "http://www.cognitiveatlas.org/id/trm_4cacee4a1d875/",
    "EchoTime": 0.03,
    "EffectiveEchoSpacing": 0.000275,
    "FlipAngle": 68,
    "MagneticFieldStrength": 3,
    "Manufacturer": "SIEMENS",
    "ManufacturersModelName": "Prisma",
    "MultibandAccelerationFactor": 4,
    "PhaseEncodingDirection": "j-",
    "RepetitionTime": 1,
    "SliceTiming": [
      0,
      0.4375,
      0.875,
      0.3125,
      0.75,
      0.1875,
      0.625,
      0.0625,
      0.5,
      0.9375,
      0.375,
      0.8125,
      0.25,
      0.6875,
      0.125,
      0.5625,
      0,
      0.4375,
      0.875,
      0.3125,
      0.75,
      0.1875,
      0.625,
      0.0625,
      0.5,
      0.9375,
      0.375,
      0.8125,
      0.25,
      0.6875,
      0.125,
      0.5625,
      0,
      0.4375,
      0.875,
      0.3125,
      0.75,
      0.1875,
      0.625,
      0.0625,
      0.5,
      0.9375,
      0.375,
      0.8125,
      0.25,
      0.6875,
      0.125,
      0.5625,
      0,
      0.4375,
      0.875,
      0.3125,
      0.75,
      0.1875,
      0.625,
      0.0625,
      0.5,
      0.9375,
      0.375,
      0.8125,
      0.25,
      0.6875,
      0.125,
      0.5625
    ],
    "TaskDescription": "Mixed gambles task",
    "TaskName": "MGT",
    "dataset": "ds001734",
    "modality": "bold",
    "run_id": 2,
    "subject_id": "069",
    "task_id": "MGT"
  },
  "dummy_trs": 4,
  "dvars_nstd": 50.73628979087054,
  "dvars_std": 1.0439892266741082,
  "dvars_vstd": 0.9970385372321433,
  "efc": 0.4940164760367295,
  "fber": 711.276611328125,
  "fd_mean": 0.12102363365873717,
  "fd_num": 24,
  "fd_perc": 5.3452115812917596,
  "fwhm_avg": 3.0474457937272077,
  "fwhm_x": 3.00316,
  "fwhm_y": 3.149015,
  "fwhm_z": 2.990162381181622,
  "gcor": 0.00498407,
  "gsr_x": -0.018570614978671074,
  "gsr_y": 0.05596907436847687,
  "provenance": {
    "md5sum": "c6687d4708f051c7d0974f44ab5a0f40",
    "settings": {
      "fd_thres": 0.2,
      "testing": false
    },
    "software": "mriqc",
    "version": "21.0.0rc2",
    "webapi_port": null,
    "webapi_url": "https://mriqc.nimh.nih.gov/api/v1"
  },
  "size_t": 449,
  "size_x": 106,
  "size_y": 106,
  "size_z": 64,
  "snr": 2.5172993142100757,
  "spacing_tr": 1.0,
  "spacing_x": 2.0,
  "spacing_y": 2.0,
  "spacing_z": 2.4000000953674316,
  "summary_bg_k": 42.908596797266426,
  "summary_bg_mad": 124.55426389562999,
  "summary_bg_mean": 720.0772705078125,
  "summary_bg_median": 349.5516662597656,
  "summary_bg_n": 509984.0,
  "summary_bg_p05": 257.24087982177736,
  "summary_bg_p95": 2624.7351074218736,
  "summary_bg_stdv": 1145.748046875,
  "summary_fg_k": 1.1225061276335069,
  "summary_fg_mad": 3555.9359977156746,
  "summary_fg_mean": 9958.40625,
  "summary_fg_median": 9369.03515625,
  "summary_fg_n": 119480.0,
  "summary_fg_p05": 5119.6173095703125,
  "summary_fg_p95": 16887.703124999996,
  "summary_fg_stdv": 3721.84423828125,
  "tsnr": 28.534696578979492
}