{
  "aor": 0.00024984513274336286,
  "aqi": 0.00833899831858407,
  "bids_meta": {
    "BandwidthPerPixelPhaseEncode": 34.305,
    "CogAtlasID": "http://www.cognitiveatlas.org/id/trm_4cacee4a1d875/",
    "EchoTime": 0.03,
    "EffectiveEchoSpacing": 0.000275,
    "FlipAngle": 68,
    "MagneticFieldStrength": 3,
    "Manufacturer": "SIEMENS",
    "ManufacturersModelName": "Prisma",
    "MultibandAccelerationFactor": 4,
    "PhaseEncodingDirection": "j-",
    "RepetitionTime": 1,
    "SliceTiming": [
      0,
      0.4375,
      0.875,
      0.3125,
      0.75,
      0.1875,
      0.625,
      0.0625,
      0.5,
      0.9375,
      0.375,
      0.8125,
      0.25,
      0.6875,
      0.125,
      0.5625,
      0,
      0.4375,
      0.875,
      0.3125,
      0.75,
      0.1875,
      0.625,
      0.0625,
      0.5,
      0.9375,
      0.375,
      0.8125,
      0.25,
      0.6875,
      0.125,
      0.5625,
      0,
      0.4375,
      0.875,
      0.3125,
      0.75,
      0.1875,
      0.625,
      0.0625,
      0.5,
      0.9375,
      0.375,
      0.8125,
      0.25,
      0.6875,
      0.125,
      0.5625,
      0,
      0.4375,
      0.875,
      0.3125,
      0.75,
      0.1875,
      0.625,
      0.0625,
      0.5,
      0.9375,
      0.375,
      0.8125,
      0.25,
      0.6875,
      0.125,
      0.5625
    ],
    "TaskDescription": "Mixed gambles task",
    "TaskName": "MGT",
    "dataset": "ds001734",
    "modality": "bold",
    "run_id": 3,
    "subject_id": "121",
    "task_id": "MGT"
  },
  "dummy_trs": 1,
  "dvars_nstd": 57.61258941942349,
  "dvars_std": 1.0824406758093126,
  "dvars_vstd": 0.9989109778713962,
  "efc": 0.5108201040494161,
  "fber": 611.976318359375,
  "fd_mean": 0.06568243492449952,
  "fd_num": 0,
  "fd_perc": 0.0,
  "fwhm_avg": 3.1257749589678334,
  "fwhm_x": 2.97086,
  "fwhm_y": 3.30864,
  "fwhm_z": 3.0978248769034993,
  "gcor": 0.0018132,
  "gsr_x": -0.014655397273600101,
  "gsr_y": 0.07485855370759964,
  "provenance": {
    "md5sum": "7d546952d962112489e4f67961fd0048",
    "settings": {
      "fd_thres": 0.2,
      "testing": false
    },
    "software": "mriqc",
    "version": "21.0.0rc2",
    "webapi_port": null,
    "webapi_url": "https://mriqc.nimh.nih.gov/api/v1"
  },
  "size_t": 452,
  "size_x": 106,
  "size_y": 106,
  "size_z": 64,
  "snr": 2.3681377715573206,
  "spacing_tr": 1.0,
  "spacing_x": 2.0,
  "spacing_y": 2.0,
  "spacing_z": 2.4000000953674316,
  "summary_bg_k": 34.828624808071574,
  "summary_bg_mad": 134.1619271460475,
  "summary_bg_mean": 731.5809326171875,
  "summary_bg_median": 357.3177185058594,
  "summary_bg_n": 492937.0,
  "summary_bg_p05": 256.8197998046875,
  "summary_bg_p95": 2729.4606933593736,
  "summary_bg_stdv": 1104.2791748046875,
  "summary_fg_k": 1.129978496167226,
  "summary_fg_mad": 3550.602104578004,
  "summary_fg_mean": 9516.3115234375,
  "summary_fg_median": 8966.9873046875,
  "summary_fg_n": 131055.0,
  "summary_fg_p05": 4562.2904296875,
  "summary_fg_p95": 16586.995703124998,
  "summary_fg_stdv": 3786.499755859375,
  "tsnr": 26.935405731201172
}