{
  "aor": 0.00028238938053097345,
  "aqi": 0.01219764371681416,
  "bids_meta": {
    "BandwidthPerPixelPhaseEncode": 34.305,
    "CogAtlasID": "http://www.cognitiveatlas.org/id/trm_4cacee4a1d875/",
    "EchoTime": 0.03,
    "EffectiveEchoSpacing": 0.000275,
    "FlipAngle": 68,
    "MagneticFieldStrength": 3,
    "Manufacturer": "SIEMENS",
    "ManufacturersModelName": "Prisma",
    "MultibandAccelerationFactor": 4,
    "PhaseEncodingDirection": "j-",
    "RepetitionTime": 1,
    "SliceTiming": [
      0,
      0.4375,
      0.875,
      0.3125,
      0.75,
      0.1875,
      0.625,
      0.0625,
      0.5,
      0.9375,
      0.375,
      0.8125,
      0.25,
      0.6875,
      0.125,
      0.5625,
      0,
      0.4375,
      0.875,
      0.3125,
      0.75,
      0.1875,
      0.625,
      0.0625,
      0.5,
      0.9375,
      0.375,
      0.8125,
      0.25,
      0.6875,
      0.125,
      0.5625,
      0,
      0.4375,
      0.875,
      0.3125,
      0.75,
      0.1875,
      0.625,
      0.0625,
      0.5,
      0.9375,
      0.375,
      0.8125,
      0.25,
      0.6875,
      0.125,
      0.5625,
      0,
      0.4375,
      0.875,
      0.3125,
      0.75,
      0.1875,
      0.625,
      0.0625,
      0.5,
      0.9375,
      0.375,
      0.8125,
      0.25,
      0.6875,
      0.125,
      0.5625
    ],
    "TaskDescription": "Mixed gambles task",
    "TaskName": "MGT",
    "dataset": "ds001734",
    "modality": "bold",
    "run_id": 4,
    "subject_id": "046",
    "task_id": "MGT"
  },
  "dummy_trs": 1,
  "dvars_nstd": 55.09763413153,
  "dvars_std": 0.999249998935699,
  "dvars_vstd": 0.9824955037694016,
  "efc": 0.5393431988018492,
  "fber": 434.88787841796875,
  "fd_mean": 0.11667453425120887,
  "fd_num": 19,
  "fd_perc": 4.20353982300885,
  "fwhm_avg": 3.1548535694187123,
  "fwhm_x": 3.01553,
  "fwhm_y": 3.30136,
  "fwhm_z": 3.147670708256137,
  "gcor": 0.00495595,
  "gsr_x": -0.018249573186039925,
  "gsr_y": 0.07653021067380905,
  "provenance": {
    "md5sum": "383547c9c1490fb9755f4de25c4df2fa",
    "settings": {
      "fd_thres": 0.2,
      "testing": false
    },
    "software": "mriqc",
    "version": "21.0.0rc2",
    "webapi_port": null,
    "webapi_url": "https://mriqc.nimh.nih.gov/api/v1"
  },
  "size_t": 452,
  "size_x": 106,
  "size_y": 106,
  "size_z": 64,
  "snr": 2.170100924583664,
  "spacing_tr": 1.0,
  "spacing_x": 2.0,
  "spacing_y": 2.0,
  "spacing_z": 2.4000000953674316,
  "summary_bg_k": 18.898657383224467,
  "summary_bg_mad": 199.24562174533187,
  "summary_bg_mean": 1034.45166015625,
  "summary_bg_median": 414.6876220703125,
  "summary_bg_n": 485722.0,
  "summary_bg_p05": 266.44915161132815,
  "summary_bg_p95": 4674.036499023436,
  "summary_bg_stdv": 1732.0374755859375,
  "summary_fg_k": 1.216398707925216,
  "summary_fg_mad": 3704.791287448858,
  "summary_fg_mean": 9510.7529296875,
  "summary_fg_median": 8774.978515625,
  "summary_fg_n": 137761.0,
  "summary_fg_p05": 4468.6123046875,
  "summary_fg_p95": 17183.2578125,
  "summary_fg_stdv": 4043.566162109375,
  "tsnr": 23.7087459564209
}