{
  "aor": 0.00035526548672566374,
  "aqi": 0.0107425375,
  "bids_meta": {
    "BandwidthPerPixelPhaseEncode": 34.305,
    "CogAtlasID": "http://www.cognitiveatlas.org/id/trm_4cacee4a1d875/",
    "EchoTime": 0.03,
    "EffectiveEchoSpacing": 0.000275,
    "FlipAngle": 68,
    "MagneticFieldStrength": 3,
    "Manufacturer": "SIEMENS",
    "ManufacturersModelName": "Prisma",
    "MultibandAccelerationFactor": 4,
    "PhaseEncodingDirection": "j-",
    "RepetitionTime": 1,
    "SliceTiming": [
      0,
      0.4375,
      0.875,
      0.3125,
      0.75,
      0.1875,
      0.625,
      0.0625,
      0.5,
      0.9375,
      0.375,
      0.8125,
      0.25,
      0.6875,
      0.125,
      0.5625,
      0,
      0.4375,
      0.875,
      0.3125,
      0.75,
      0.1875,
      0.625,
      0.0625,
      0.5,
      0.9375,
      0.375,
      0.8125,
      0.25,
      0.6875,
      0.125,
      0.5625,
      0,
      0.4375,
      0.875,
      0.3125,
      0.75,
      0.1875,
      0.625,
      0.0625,
      0.5,
      0.9375,
      0.375,
      0.8125,
      0.25,
      0.6875,
      0.125,
      0.5625,
      0,
      0.4375,
      0.875,
      0.3125,
      0.75,
      0.1875,
      0.625,
      0.0625,
      0.5,
      0.9375,
      0.375,
      0.8125,
      0.25,
      0.6875,
      0.125,
      0.5625
    ],
    "TaskDescription": "Mixed gambles task",
    "TaskName": "MGT",
    "dataset": "ds001734",
    "modality": "bold",
    "run_id": 1,
    "subject_id": "046",
    "task_id": "MGT"
  },
  "dummy_trs": 1,
  "dvars_nstd": 55.33152397997782,
  "dvars_std": 1.0120990037250541,
  "dvars_vstd": 1.009545085764967,
  "efc": 0.5367310735164751,
  "fber": 445.8272705078125,
  "fd_mean": 0.1142499136746912,
  "fd_num": 37,
  "fd_perc": 8.185840707964601,
  "fwhm_avg": 3.161748569080953,
  "fwhm_x": 3.032635,
  "fwhm_y": 3.27944,
  "fwhm_z": 3.1731707072428583,
  "gcor": 0.00643787,
  "gsr_x": -0.01330040954053402,
  "gsr_y": 0.06800489872694016,
  "provenance": {
    "md5sum": "37857d6710f2f8a6bb2986df90e9549e",
    "settings": {
      "fd_thres": 0.2,
      "testing": false
    },
    "software": "mriqc",
    "version": "21.0.0rc2",
    "webapi_port": null,
    "webapi_url": "https://mriqc.nimh.nih.gov/api/v1"
  },
  "size_t": 452,
  "size_x": 106,
  "size_y": 106,
  "size_z": 64,
  "snr": 2.147998244117225,
  "spacing_tr": 1.0,
  "spacing_x": 2.0,
  "spacing_y": 2.0,
  "spacing_z": 2.4000000953674316,
  "summary_bg_k": 17.648862578664378,
  "summary_bg_mad": 205.8169321215861,
  "summary_bg_mean": 1039.794677734375,
  "summary_bg_median": 422.3194580078125,
  "summary_bg_n": 484449.0,
  "summary_bg_p05": 266.7432922363281,
  "summary_bg_p95": 4647.6232421874965,
  "summary_bg_stdv": 1701.8048095703125,
  "summary_fg_k": 0.9672960842179061,
  "summary_fg_mad": 3921.1093216852328,
  "summary_fg_mean": 9859.732421875,
  "summary_fg_median": 9077.064453125,
  "summary_fg_n": 137882.0,
  "summary_fg_p05": 4525.41416015625,
  "summary_fg_p95": 17870.8099609375,
  "summary_fg_stdv": 4225.8095703125,
  "tsnr": 23.95951271057129
}