{
  "aor": 0.0006167477876106195,
  "aqi": 0.01505164365044248,
  "bids_meta": {
    "BandwidthPerPixelPhaseEncode": 34.305,
    "CogAtlasID": "http://www.cognitiveatlas.org/id/trm_4cacee4a1d875/",
    "EchoTime": 0.03,
    "EffectiveEchoSpacing": 0.000275,
    "FlipAngle": 68,
    "MagneticFieldStrength": 3,
    "Manufacturer": "SIEMENS",
    "ManufacturersModelName": "Prisma",
    "MultibandAccelerationFactor": 4,
    "PhaseEncodingDirection": "j-",
    "RepetitionTime": 1,
    "SliceTiming": [
      0,
      0.4375,
      0.875,
      0.3125,
      0.75,
      0.1875,
      0.625,
      0.0625,
      0.5,
      0.9375,
      0.375,
      0.8125,
      0.25,
      0.6875,
      0.125,
      0.5625,
      0,
      0.4375,
      0.875,
      0.3125,
      0.75,
      0.1875,
      0.625,
      0.0625,
      0.5,
      0.9375,
      0.375,
      0.8125,
      0.25,
      0.6875,
      0.125,
      0.5625,
      0,
      0.4375,
      0.875,
      0.3125,
      0.75,
      0.1875,
      0.625,
      0.0625,
      0.5,
      0.9375,
      0.375,
      0.8125,
      0.25,
      0.6875,
      0.125,
      0.5625,
      0,
      0.4375,
      0.875,
      0.3125,
      0.75,
      0.1875,
      0.625,
      0.0625,
      0.5,
      0.9375,
      0.375,
      0.8125,
      0.25,
      0.6875,
      0.125,
      0.5625
    ],
    "TaskDescription": "Mixed gambles task",
    "TaskName": "MGT",
    "dataset": "ds001734",
    "modality": "bold",
    "run_id": 4,
    "subject_id": "084",
    "task_id": "MGT"
  },
  "dummy_trs": 1,
  "dvars_nstd": 59.08824604305991,
  "dvars_std": 1.0147573197560984,
  "dvars_vstd": 0.985528561308204,
  "efc": 0.5380447789462112,
  "fber": 395.6333312988281,
  "fd_mean": 0.13065909079534307,
  "fd_num": 51,
  "fd_perc": 11.283185840707965,
  "fwhm_avg": 3.0417171830485064,
  "fwhm_x": 2.976785,
  "fwhm_y": 3.19085,
  "fwhm_z": 2.957516549145518,
  "gcor": 0.00614804,
  "gsr_x": -0.01294776238501072,
  "gsr_y": 0.05892810970544815,
  "provenance": {
    "md5sum": "91553139e156f3dada5349f502314e1a",
    "settings": {
      "fd_thres": 0.2,
      "testing": false
    },
    "software": "mriqc",
    "version": "21.0.0rc2",
    "webapi_port": null,
    "webapi_url": "https://mriqc.nimh.nih.gov/api/v1"
  },
  "size_t": 452,
  "size_x": 106,
  "size_y": 106,
  "size_z": 64,
  "snr": 2.129545568496956,
  "spacing_tr": 1.0,
  "spacing_x": 2.0,
  "spacing_y": 2.0,
  "spacing_z": 2.4000000953674316,
  "summary_bg_k": 23.310862233604244,
  "summary_bg_mad": 220.6644685081466,
  "summary_bg_mean": 989.5704345703125,
  "summary_bg_median": 431.12725830078125,
  "summary_bg_n": 479672.0,
  "summary_bg_p05": 270.2804946899414,
  "summary_bg_p95": 3902.7597167968615,
  "summary_bg_stdv": 1537.3250732421875,
  "summary_fg_k": 1.4283656636288722,
  "summary_fg_mad": 3813.7408327030844,
  "summary_fg_mean": 9625.341796875,
  "summary_fg_median": 8848.341796875,
  "summary_fg_n": 137704.0,
  "summary_fg_p05": 4417.58369140625,
  "summary_fg_p95": 17487.6712890625,
  "summary_fg_stdv": 4155.0224609375,
  "tsnr": 21.146696090698242
}