{
  "aor": 0.0027560264900662245,
  "aqi": 0.014885489161147906,
  "bids_meta": {
    "BandwidthPerPixelPhaseEncode": 34.305,
    "CogAtlasID": "http://www.cognitiveatlas.org/id/trm_4cacee4a1d875/",
    "EchoTime": 0.03,
    "EffectiveEchoSpacing": 0.000275,
    "FlipAngle": 68,
    "MagneticFieldStrength": 3,
    "Manufacturer": "SIEMENS",
    "ManufacturersModelName": "Prisma",
    "MultibandAccelerationFactor": 4,
    "PhaseEncodingDirection": "j-",
    "RepetitionTime": 1,
    "SliceTiming": [
      0,
      0.4375,
      0.875,
      0.3125,
      0.75,
      0.1875,
      0.625,
      0.0625,
      0.5,
      0.9375,
      0.375,
      0.8125,
      0.25,
      0.6875,
      0.125,
      0.5625,
      0,
      0.4375,
      0.875,
      0.3125,
      0.75,
      0.1875,
      0.625,
      0.0625,
      0.5,
      0.9375,
      0.375,
      0.8125,
      0.25,
      0.6875,
      0.125,
      0.5625,
      0,
      0.4375,
      0.875,
      0.3125,
      0.75,
      0.1875,
      0.625,
      0.0625,
      0.5,
      0.9375,
      0.375,
      0.8125,
      0.25,
      0.6875,
      0.125,
      0.5625,
      0,
      0.4375,
      0.875,
      0.3125,
      0.75,
      0.1875,
      0.625,
      0.0625,
      0.5,
      0.9375,
      0.375,
      0.8125,
      0.25,
      0.6875,
      0.125,
      0.5625
    ],
    "TaskDescription": "Mixed gambles task",
    "TaskName": "MGT",
    "dataset": "ds001734",
    "modality": "bold",
    "run_id": 4,
    "subject_id": "024",
    "task_id": "MGT"
  },
  "dummy_trs": 0,
  "dvars_nstd": 57.830094599446866,
  "dvars_std": 1.0675256589601763,
  "dvars_vstd": 1.0285661929646013,
  "efc": 0.5196965820983483,
  "fber": 560.271484375,
  "fd_mean": 0.13083692109476755,
  "fd_num": 76,
  "fd_perc": 16.777041942604857,
  "fwhm_avg": 3.048174504442153,
  "fwhm_x": 2.95372,
  "fwhm_y": 3.17102,
  "fwhm_z": 3.0197835133264572,
  "gcor": 0.014146,
  "gsr_x": -0.02381366491317749,
  "gsr_y": 0.06617170572280884,
  "provenance": {
    "md5sum": "97ea14f3f667bf9962ebfadd80c96ca7",
    "settings": {
      "fd_thres": 0.2,
      "testing": false
    },
    "software": "mriqc",
    "version": "21.0.0rc2",
    "webapi_port": null,
    "webapi_url": "https://mriqc.nimh.nih.gov/api/v1"
  },
  "size_t": 453,
  "size_x": 106,
  "size_y": 106,
  "size_z": 64,
  "snr": 2.199779582955488,
  "spacing_tr": 1.0,
  "spacing_x": 2.0,
  "spacing_y": 2.0,
  "spacing_z": 2.3999998569488525,
  "summary_bg_k": 31.165122769094985,
  "summary_bg_mad": 129.1728946684554,
  "summary_bg_mean": 800.1268310546875,
  "summary_bg_median": 353.5858459472656,
  "summary_bg_n": 486991.0,
  "summary_bg_p05": 255.34014892578125,
  "summary_bg_p95": 3303.2833251953125,
  "summary_bg_stdv": 1398.311767578125,
  "summary_fg_k": 2.3038310179437564,
  "summary_fg_mad": 3312.63720923921,
  "summary_fg_mean": 9203.857421875,
  "summary_fg_median": 8484.890625,
  "summary_fg_n": 134983.0,
  "summary_fg_p05": 4513.7587890625,
  "summary_fg_p95": 16633.766015625,
  "summary_fg_stdv": 3857.140625,
  "tsnr": 21.440853118896484
}