{
  "aor": 0.0005943708609271523,
  "aqi": 0.011646072649006623,
  "bids_meta": {
    "BandwidthPerPixelPhaseEncode": 34.305,
    "CogAtlasID": "http://www.cognitiveatlas.org/id/trm_4cacee4a1d875/",
    "EchoTime": 0.03,
    "EffectiveEchoSpacing": 0.000275,
    "FlipAngle": 68,
    "MagneticFieldStrength": 3,
    "Manufacturer": "SIEMENS",
    "ManufacturersModelName": "Prisma",
    "MultibandAccelerationFactor": 4,
    "PhaseEncodingDirection": "j-",
    "RepetitionTime": 1,
    "SliceTiming": [
      0,
      0.4375,
      0.875,
      0.3125,
      0.75,
      0.1875,
      0.625,
      0.0625,
      0.5,
      0.9375,
      0.375,
      0.8125,
      0.25,
      0.6875,
      0.125,
      0.5625,
      0,
      0.4375,
      0.875,
      0.3125,
      0.75,
      0.1875,
      0.625,
      0.0625,
      0.5,
      0.9375,
      0.375,
      0.8125,
      0.25,
      0.6875,
      0.125,
      0.5625,
      0,
      0.4375,
      0.875,
      0.3125,
      0.75,
      0.1875,
      0.625,
      0.0625,
      0.5,
      0.9375,
      0.375,
      0.8125,
      0.25,
      0.6875,
      0.125,
      0.5625,
      0,
      0.4375,
      0.875,
      0.3125,
      0.75,
      0.1875,
      0.625,
      0.0625,
      0.5,
      0.9375,
      0.375,
      0.8125,
      0.25,
      0.6875,
      0.125,
      0.5625
    ],
    "TaskDescription": "Mixed gambles task",
    "TaskName": "MGT",
    "dataset": "ds001734",
    "modality": "bold",
    "run_id": 2,
    "subject_id": "024",
    "task_id": "MGT"
  },
  "dummy_trs": 0,
  "dvars_nstd": 60.1413059404867,
  "dvars_std": 1.0612894187389386,
  "dvars_vstd": 1.0007705302212386,
  "efc": 0.5160794089674673,
  "fber": 560.0236206054688,
  "fd_mean": 0.11928141580712164,
  "fd_num": 67,
  "fd_perc": 14.79028697571744,
  "fwhm_avg": 3.077369505679446,
  "fwhm_x": 2.95717,
  "fwhm_y": 3.19288,
  "fwhm_z": 3.0820585170383366,
  "gcor": 0.0163067,
  "gsr_x": -0.0172404944896698,
  "gsr_y": 0.07234784215688705,
  "provenance": {
    "md5sum": "f594101b6d21e940f3790308635f285e",
    "settings": {
      "fd_thres": 0.2,
      "testing": false
    },
    "software": "mriqc",
    "version": "21.0.0rc2",
    "webapi_port": null,
    "webapi_url": "https://mriqc.nimh.nih.gov/api/v1"
  },
  "size_t": 453,
  "size_x": 106,
  "size_y": 106,
  "size_z": 64,
  "snr": 2.2000342855428494,
  "spacing_tr": 1.0,
  "spacing_x": 2.0,
  "spacing_y": 2.0,
  "spacing_z": 2.3999998569488525,
  "summary_bg_k": 34.03368368784669,
  "summary_bg_mad": 125.58651573627013,
  "summary_bg_mean": 748.4517211914062,
  "summary_bg_median": 351.23785400390625,
  "summary_bg_n": 485943.0,
  "summary_bg_p05": 256.44281311035155,
  "summary_bg_p95": 2970.922290039062,
  "summary_bg_stdv": 1295.6458740234375,
  "summary_fg_k": 2.1413813410606073,
  "summary_fg_mad": 3344.9706787154473,
  "summary_fg_mean": 9235.6015625,
  "summary_fg_median": 8514.5068359375,
  "summary_fg_n": 135281.0,
  "summary_fg_p05": 4514.4921875,
  "summary_fg_p95": 16689.28125,
  "summary_fg_stdv": 3870.15576171875,
  "tsnr": 24.06283950805664
}