{
  "aor": 0.0003503090507726269,
  "aqi": 0.013330100772626932,
  "bids_meta": {
    "BandwidthPerPixelPhaseEncode": 34.305,
    "CogAtlasID": "http://www.cognitiveatlas.org/id/trm_4cacee4a1d875/",
    "EchoTime": 0.03,
    "EffectiveEchoSpacing": 0.000275,
    "FlipAngle": 68,
    "MagneticFieldStrength": 3,
    "Manufacturer": "SIEMENS",
    "ManufacturersModelName": "Prisma",
    "MultibandAccelerationFactor": 4,
    "PhaseEncodingDirection": "j-",
    "RepetitionTime": 1,
    "SliceTiming": [
      0,
      0.4375,
      0.875,
      0.3125,
      0.75,
      0.1875,
      0.625,
      0.0625,
      0.5,
      0.9375,
      0.375,
      0.8125,
      0.25,
      0.6875,
      0.125,
      0.5625,
      0,
      0.4375,
      0.875,
      0.3125,
      0.75,
      0.1875,
      0.625,
      0.0625,
      0.5,
      0.9375,
      0.375,
      0.8125,
      0.25,
      0.6875,
      0.125,
      0.5625,
      0,
      0.4375,
      0.875,
      0.3125,
      0.75,
      0.1875,
      0.625,
      0.0625,
      0.5,
      0.9375,
      0.375,
      0.8125,
      0.25,
      0.6875,
      0.125,
      0.5625,
      0,
      0.4375,
      0.875,
      0.3125,
      0.75,
      0.1875,
      0.625,
      0.0625,
      0.5,
      0.9375,
      0.375,
      0.8125,
      0.25,
      0.6875,
      0.125,
      0.5625
    ],
    "TaskDescription": "Mixed gambles task",
    "TaskName": "MGT",
    "dataset": "ds001734",
    "modality": "bold",
    "run_id": 3,
    "subject_id": "109",
    "task_id": "MGT"
  },
  "dummy_trs": 0,
  "dvars_nstd": 64.95245629701331,
  "dvars_std": 1.0948325230088494,
  "dvars_vstd": 0.9883263708849558,
  "efc": 0.5372222186529237,
  "fber": 479.6548156738281,
  "fd_mean": 0.13503813336335524,
  "fd_num": 79,
  "fd_perc": 17.439293598233995,
  "fwhm_avg": 3.052963949537446,
  "fwhm_x": 2.89935,
  "fwhm_y": 3.207,
  "fwhm_z": 3.0525418486123392,
  "gcor": 0.00336525,
  "gsr_x": -0.009203286841511726,
  "gsr_y": 0.06912599503993988,
  "provenance": {
    "md5sum": "b5bd9d1efbf75a5e28c5527e79ea02df",
    "settings": {
      "fd_thres": 0.2,
      "testing": false
    },
    "software": "mriqc",
    "version": "21.0.0rc2",
    "webapi_port": null,
    "webapi_url": "https://mriqc.nimh.nih.gov/api/v1"
  },
  "size_t": 453,
  "size_x": 106,
  "size_y": 106,
  "size_z": 64,
  "snr": 2.1970434724842254,
  "spacing_tr": 1.0,
  "spacing_x": 2.0,
  "spacing_y": 2.0,
  "spacing_z": 2.3999998569488525,
  "summary_bg_k": 32.278933398361325,
  "summary_bg_mad": 164.0438182956398,
  "summary_bg_mean": 822.3178100585938,
  "summary_bg_median": 386.86126708984375,
  "summary_bg_n": 462465.0,
  "summary_bg_p05": 261.0200134277344,
  "summary_bg_p95": 3188.0258300781247,
  "summary_bg_stdv": 1344.8004150390625,
  "summary_fg_k": 1.1919510528215627,
  "summary_fg_mad": 3665.062905051705,
  "summary_fg_mean": 9414.5439453125,
  "summary_fg_median": 8774.7421875,
  "summary_fg_n": 151584.0,
  "summary_fg_p05": 4149.795166015625,
  "summary_fg_p95": 16756.6857421875,
  "summary_fg_stdv": 3993.873291015625,
  "tsnr": 22.934608459472656
}