{
  "aor": 0.000268141592920354,
  "aqi": 0.009055973871681416,
  "bids_meta": {
    "BandwidthPerPixelPhaseEncode": 34.305,
    "CogAtlasID": "http://www.cognitiveatlas.org/id/trm_4cacee4a1d875/",
    "EchoTime": 0.03,
    "EffectiveEchoSpacing": 0.000275,
    "FlipAngle": 68,
    "MagneticFieldStrength": 3,
    "Manufacturer": "SIEMENS",
    "ManufacturersModelName": "Prisma",
    "MultibandAccelerationFactor": 4,
    "PhaseEncodingDirection": "j-",
    "RepetitionTime": 1,
    "SliceTiming": [
      0,
      0.4375,
      0.875,
      0.3125,
      0.75,
      0.1875,
      0.625,
      0.0625,
      0.5,
      0.9375,
      0.375,
      0.8125,
      0.25,
      0.6875,
      0.125,
      0.5625,
      0,
      0.4375,
      0.875,
      0.3125,
      0.75,
      0.1875,
      0.625,
      0.0625,
      0.5,
      0.9375,
      0.375,
      0.8125,
      0.25,
      0.6875,
      0.125,
      0.5625,
      0,
      0.4375,
      0.875,
      0.3125,
      0.75,
      0.1875,
      0.625,
      0.0625,
      0.5,
      0.9375,
      0.375,
      0.8125,
      0.25,
      0.6875,
      0.125,
      0.5625,
      0,
      0.4375,
      0.875,
      0.3125,
      0.75,
      0.1875,
      0.625,
      0.0625,
      0.5,
      0.9375,
      0.375,
      0.8125,
      0.25,
      0.6875,
      0.125,
      0.5625
    ],
    "TaskDescription": "Mixed gambles task",
    "TaskName": "MGT",
    "dataset": "ds001734",
    "modality": "bold",
    "run_id": 1,
    "subject_id": "109",
    "task_id": "MGT"
  },
  "dummy_trs": 1,
  "dvars_nstd": 66.19057324170737,
  "dvars_std": 1.1375579596674057,
  "dvars_vstd": 1.0104482972062088,
  "efc": 0.5337978230836411,
  "fber": 489.61669921875,
  "fd_mean": 0.1216674010184038,
  "fd_num": 34,
  "fd_perc": 7.522123893805309,
  "fwhm_avg": 3.068760895304038,
  "fwhm_x": 2.900815,
  "fwhm_y": 3.18638,
  "fwhm_z": 3.1190876859121133,
  "gcor": 0.00500041,
  "gsr_x": -0.007786116097122431,
  "gsr_y": 0.06775219738483429,
  "provenance": {
    "md5sum": "6019a855b4cde4ff5a1fc8f03221a245",
    "settings": {
      "fd_thres": 0.2,
      "testing": false
    },
    "software": "mriqc",
    "version": "21.0.0rc2",
    "webapi_port": null,
    "webapi_url": "https://mriqc.nimh.nih.gov/api/v1"
  },
  "size_t": 452,
  "size_x": 106,
  "size_y": 106,
  "size_z": 64,
  "snr": 2.214624516255978,
  "spacing_tr": 1.0,
  "spacing_x": 2.0,
  "spacing_y": 2.0,
  "spacing_z": 2.3999998569488525,
  "summary_bg_k": 34.81902540145124,
  "summary_bg_mad": 160.06407560345428,
  "summary_bg_mean": 789.4881591796875,
  "summary_bg_median": 383.5554504394531,
  "summary_bg_n": 463713.0,
  "summary_bg_p05": 264.49884643554685,
  "summary_bg_p95": 2984.507714843744,
  "summary_bg_stdv": 1285.5584716796875,
  "summary_fg_k": 1.1361558704590324,
  "summary_fg_mad": 3657.4971453907665,
  "summary_fg_mean": 9433.990234375,
  "summary_fg_median": 8800.859375,
  "summary_fg_n": 151023.0,
  "summary_fg_p05": 4205.644775390625,
  "summary_fg_p95": 16746.6462890625,
  "summary_fg_stdv": 3973.96044921875,
  "tsnr": 26.0364990234375
}