{
  "aor": 0.000279255079006772,
  "aqi": 0.009779856568848758,
  "bids_meta": {
    "BandwidthPerPixelPhaseEncode": 34.305,
    "CogAtlasID": "http://www.cognitiveatlas.org/id/trm_4cacee4a1d875/",
    "EchoTime": 0.03,
    "EffectiveEchoSpacing": 0.000275,
    "FlipAngle": 68,
    "MagneticFieldStrength": 3,
    "Manufacturer": "SIEMENS",
    "ManufacturersModelName": "Prisma",
    "MultibandAccelerationFactor": 4,
    "PhaseEncodingDirection": "j-",
    "RepetitionTime": 1,
    "SliceTiming": [
      0,
      0.4375,
      0.875,
      0.3125,
      0.75,
      0.1875,
      0.625,
      0.0625,
      0.5,
      0.9375,
      0.375,
      0.8125,
      0.25,
      0.6875,
      0.125,
      0.5625,
      0,
      0.4375,
      0.875,
      0.3125,
      0.75,
      0.1875,
      0.625,
      0.0625,
      0.5,
      0.9375,
      0.375,
      0.8125,
      0.25,
      0.6875,
      0.125,
      0.5625,
      0,
      0.4375,
      0.875,
      0.3125,
      0.75,
      0.1875,
      0.625,
      0.0625,
      0.5,
      0.9375,
      0.375,
      0.8125,
      0.25,
      0.6875,
      0.125,
      0.5625,
      0,
      0.4375,
      0.875,
      0.3125,
      0.75,
      0.1875,
      0.625,
      0.0625,
      0.5,
      0.9375,
      0.375,
      0.8125,
      0.25,
      0.6875,
      0.125,
      0.5625
    ],
    "TaskDescription": "Mixed gambles task",
    "TaskName": "MGT",
    "dataset": "ds001734",
    "modality": "bold",
    "run_id": 3,
    "subject_id": "098",
    "task_id": "MGT"
  },
  "dummy_trs": 10,
  "dvars_nstd": 55.337907273280564,
  "dvars_std": 1.0131879156108594,
  "dvars_vstd": 0.9964534065837113,
  "efc": 0.537245061619802,
  "fber": 425.84466552734375,
  "fd_mean": 0.06253809366093097,
  "fd_num": 0,
  "fd_perc": 0.0,
  "fwhm_avg": 2.8859156130689083,
  "fwhm_x": 2.7514,
  "fwhm_y": 3.011605,
  "fwhm_z": 2.8947418392067257,
  "gcor": 0.00214152,
  "gsr_x": -0.022823553532361984,
  "gsr_y": 0.07940854132175446,
  "provenance": {
    "md5sum": "e1a94d2f2ea0d8ac0f930dda946f28d0",
    "settings": {
      "fd_thres": 0.2,
      "testing": false
    },
    "software": "mriqc",
    "version": "21.0.0rc2",
    "webapi_port": null,
    "webapi_url": "https://mriqc.nimh.nih.gov/api/v1"
  },
  "size_t": 443,
  "size_x": 106,
  "size_y": 106,
  "size_z": 64,
  "snr": 2.3217382153623296,
  "spacing_tr": 1.0,
  "spacing_x": 2.0,
  "spacing_y": 2.0,
  "spacing_z": 2.3999998569488525,
  "summary_bg_k": 23.966641371890574,
  "summary_bg_mad": 172.13564655992803,
  "summary_bg_mean": 863.0239868164062,
  "summary_bg_median": 391.2436828613281,
  "summary_bg_n": 481871.0,
  "summary_bg_p05": 262.4346923828125,
  "summary_bg_p95": 3411.2225341796875,
  "summary_bg_stdv": 1386.9163818359375,
  "summary_fg_k": 0.5877815015217811,
  "summary_fg_mad": 3394.965067978141,
  "summary_fg_mean": 8884.65234375,
  "summary_fg_median": 8301.1064453125,
  "summary_fg_n": 137545.0,
  "summary_fg_p05": 4219.03779296875,
  "summary_fg_p95": 15530.456445312484,
  "summary_fg_stdv": 3575.371337890625,
  "tsnr": 24.546958923339844
}