{
  "aor": 0.00044,
  "aqi": 0.008100701390728476,
  "bids_meta": {
    "BandwidthPerPixelPhaseEncode": 34.305,
    "CogAtlasID": "http://www.cognitiveatlas.org/id/trm_4cacee4a1d875/",
    "EchoTime": 0.03,
    "EffectiveEchoSpacing": 0.000275,
    "FlipAngle": 68,
    "MagneticFieldStrength": 3,
    "Manufacturer": "SIEMENS",
    "ManufacturersModelName": "Prisma",
    "MultibandAccelerationFactor": 4,
    "PhaseEncodingDirection": "j-",
    "RepetitionTime": 1,
    "SliceTiming": [
      0,
      0.4375,
      0.875,
      0.3125,
      0.75,
      0.1875,
      0.625,
      0.0625,
      0.5,
      0.9375,
      0.375,
      0.8125,
      0.25,
      0.6875,
      0.125,
      0.5625,
      0,
      0.4375,
      0.875,
      0.3125,
      0.75,
      0.1875,
      0.625,
      0.0625,
      0.5,
      0.9375,
      0.375,
      0.8125,
      0.25,
      0.6875,
      0.125,
      0.5625,
      0,
      0.4375,
      0.875,
      0.3125,
      0.75,
      0.1875,
      0.625,
      0.0625,
      0.5,
      0.9375,
      0.375,
      0.8125,
      0.25,
      0.6875,
      0.125,
      0.5625,
      0,
      0.4375,
      0.875,
      0.3125,
      0.75,
      0.1875,
      0.625,
      0.0625,
      0.5,
      0.9375,
      0.375,
      0.8125,
      0.25,
      0.6875,
      0.125,
      0.5625
    ],
    "TaskDescription": "Mixed gambles task",
    "TaskName": "MGT",
    "dataset": "ds001734",
    "modality": "bold",
    "run_id": 3,
    "subject_id": "056",
    "task_id": "MGT"
  },
  "dummy_trs": 0,
  "dvars_nstd": 57.19618658037603,
  "dvars_std": 1.126123570265488,
  "dvars_vstd": 1.0049918730530973,
  "efc": 0.4799592130998191,
  "fber": 682.5316772460938,
  "fd_mean": 0.10558600601869758,
  "fd_num": 7,
  "fd_perc": 1.5452538631346577,
  "fwhm_avg": 3.3486535679027676,
  "fwhm_x": 3.236235,
  "fwhm_y": 3.547605,
  "fwhm_z": 3.2621207037083026,
  "gcor": 0.00296941,
  "gsr_x": -0.019196785986423492,
  "gsr_y": 0.03761173039674759,
  "provenance": {
    "md5sum": "71a30b048349c33e58e1f6e34d361886",
    "settings": {
      "fd_thres": 0.2,
      "testing": false
    },
    "software": "mriqc",
    "version": "21.0.0rc2",
    "webapi_port": null,
    "webapi_url": "https://mriqc.nimh.nih.gov/api/v1"
  },
  "size_t": 453,
  "size_x": 106,
  "size_y": 106,
  "size_z": 64,
  "snr": 2.394369857599063,
  "spacing_tr": 1.0,
  "spacing_x": 2.0,
  "spacing_y": 2.0,
  "spacing_z": 2.4000000953674316,
  "summary_bg_k": 33.76468782627028,
  "summary_bg_mad": 112.85033467275204,
  "summary_bg_mean": 600.4000244140625,
  "summary_bg_median": 341.88189697265625,
  "summary_bg_n": 510414.0,
  "summary_bg_p05": 257.7071868896484,
  "summary_bg_p95": 1949.4526123046862,
  "summary_bg_stdv": 792.5885620117188,
  "summary_fg_k": 0.7979559744766087,
  "summary_fg_mad": 3628.7290157222146,
  "summary_fg_mean": 9792.5927734375,
  "summary_fg_median": 9235.705078125,
  "summary_fg_n": 113598.0,
  "summary_fg_p05": 4699.106103515625,
  "summary_fg_p95": 17054.58251953125,
  "summary_fg_stdv": 3857.2421875,
  "tsnr": 27.68091583251953
}