{
  "aor": 0.00042075055187637973,
  "aqi": 0.016744295121412803,
  "bids_meta": {
    "BandwidthPerPixelPhaseEncode": 34.305,
    "CogAtlasID": "http://www.cognitiveatlas.org/id/trm_4cacee4a1d875/",
    "EchoTime": 0.03,
    "EffectiveEchoSpacing": 0.000275,
    "FlipAngle": 68,
    "MagneticFieldStrength": 3,
    "Manufacturer": "SIEMENS",
    "ManufacturersModelName": "Prisma",
    "MultibandAccelerationFactor": 4,
    "PhaseEncodingDirection": "j-",
    "RepetitionTime": 1,
    "SliceTiming": [
      0,
      0.4375,
      0.875,
      0.3125,
      0.75,
      0.1875,
      0.625,
      0.0625,
      0.5,
      0.9375,
      0.375,
      0.8125,
      0.25,
      0.6875,
      0.125,
      0.5625,
      0,
      0.4375,
      0.875,
      0.3125,
      0.75,
      0.1875,
      0.625,
      0.0625,
      0.5,
      0.9375,
      0.375,
      0.8125,
      0.25,
      0.6875,
      0.125,
      0.5625,
      0,
      0.4375,
      0.875,
      0.3125,
      0.75,
      0.1875,
      0.625,
      0.0625,
      0.5,
      0.9375,
      0.375,
      0.8125,
      0.25,
      0.6875,
      0.125,
      0.5625,
      0,
      0.4375,
      0.875,
      0.3125,
      0.75,
      0.1875,
      0.625,
      0.0625,
      0.5,
      0.9375,
      0.375,
      0.8125,
      0.25,
      0.6875,
      0.125,
      0.5625
    ],
    "TaskDescription": "Mixed gambles task",
    "TaskName": "MGT",
    "dataset": "ds001734",
    "modality": "bold",
    "run_id": 2,
    "subject_id": "019",
    "task_id": "MGT"
  },
  "dummy_trs": 0,
  "dvars_nstd": 53.516071589867295,
  "dvars_std": 0.9846987955973459,
  "dvars_vstd": 0.9721103315486721,
  "efc": 0.5494186977776485,
  "fber": 390.2128601074219,
  "fd_mean": 0.08334481242433685,
  "fd_num": 0,
  "fd_perc": 0.0,
  "fwhm_avg": 3.071311068887072,
  "fwhm_x": 2.764195,
  "fwhm_y": 3.26193,
  "fwhm_z": 3.187808206661216,
  "gcor": 0.00345613,
  "gsr_x": -0.0022855058778077364,
  "gsr_y": 0.06615489721298218,
  "provenance": {
    "md5sum": "3c7d589282d48b239fa440eff55713b2",
    "settings": {
      "fd_thres": 0.2,
      "testing": false
    },
    "software": "mriqc",
    "version": "21.0.0rc2",
    "webapi_port": null,
    "webapi_url": "https://mriqc.nimh.nih.gov/api/v1"
  },
  "size_t": 453,
  "size_x": 106,
  "size_y": 106,
  "size_z": 64,
  "snr": 2.0605486325098243,
  "spacing_tr": 1.0,
  "spacing_x": 2.0,
  "spacing_y": 2.0,
  "spacing_z": 2.4000000953674316,
  "summary_bg_k": 27.14080796811726,
  "summary_bg_mad": 218.73975057985928,
  "summary_bg_mean": 919.172119140625,
  "summary_bg_median": 427.6419982910156,
  "summary_bg_n": 455479.0,
  "summary_bg_p05": 259.97410583496094,
  "summary_bg_p95": 3604.9722900390607,
  "summary_bg_stdv": 1494.2120361328125,
  "summary_fg_k": 1.3645946045738642,
  "summary_fg_mad": 3819.013192057272,
  "summary_fg_mean": 9396.7578125,
  "summary_fg_median": 8737.1259765625,
  "summary_fg_n": 158813.0,
  "summary_fg_p05": 3608.547265625,
  "summary_fg_p95": 17156.758203125,
  "summary_fg_stdv": 4240.1806640625,
  "tsnr": 21.409423828125
}