{
  "aor": 0.00044761061946902656,
  "aqi": 0.011888461261061946,
  "bids_meta": {
    "BandwidthPerPixelPhaseEncode": 34.305,
    "CogAtlasID": "http://www.cognitiveatlas.org/id/trm_4cacee4a1d875/",
    "EchoTime": 0.03,
    "EffectiveEchoSpacing": 0.000275,
    "FlipAngle": 68,
    "MagneticFieldStrength": 3,
    "Manufacturer": "SIEMENS",
    "ManufacturersModelName": "Prisma",
    "MultibandAccelerationFactor": 4,
    "PhaseEncodingDirection": "j-",
    "RepetitionTime": 1,
    "SliceTiming": [
      0,
      0.4375,
      0.875,
      0.3125,
      0.75,
      0.1875,
      0.625,
      0.0625,
      0.5,
      0.9375,
      0.375,
      0.8125,
      0.25,
      0.6875,
      0.125,
      0.5625,
      0,
      0.4375,
      0.875,
      0.3125,
      0.75,
      0.1875,
      0.625,
      0.0625,
      0.5,
      0.9375,
      0.375,
      0.8125,
      0.25,
      0.6875,
      0.125,
      0.5625,
      0,
      0.4375,
      0.875,
      0.3125,
      0.75,
      0.1875,
      0.625,
      0.0625,
      0.5,
      0.9375,
      0.375,
      0.8125,
      0.25,
      0.6875,
      0.125,
      0.5625,
      0,
      0.4375,
      0.875,
      0.3125,
      0.75,
      0.1875,
      0.625,
      0.0625,
      0.5,
      0.9375,
      0.375,
      0.8125,
      0.25,
      0.6875,
      0.125,
      0.5625
    ],
    "TaskDescription": "Mixed gambles task",
    "TaskName": "MGT",
    "dataset": "ds001734",
    "modality": "bold",
    "run_id": 3,
    "subject_id": "080",
    "task_id": "MGT"
  },
  "dummy_trs": 1,
  "dvars_nstd": 55.42527205980039,
  "dvars_std": 1.0447250245898012,
  "dvars_vstd": 0.9912829369401326,
  "efc": 0.5237075935964903,
  "fber": 583.213134765625,
  "fd_mean": 0.08769961588044466,
  "fd_num": 6,
  "fd_perc": 1.3274336283185841,
  "fwhm_avg": 2.7544835748179,
  "fwhm_x": 2.675265,
  "fwhm_y": 2.84814,
  "fwhm_z": 2.7400457244536987,
  "gcor": 0.00412442,
  "gsr_x": -0.0047619156539440155,
  "gsr_y": 0.0442219115793705,
  "provenance": {
    "md5sum": "ac25e9d788b995a850f2d6d12a64a8dd",
    "settings": {
      "fd_thres": 0.2,
      "testing": false
    },
    "software": "mriqc",
    "version": "21.0.0rc2",
    "webapi_port": null,
    "webapi_url": "https://mriqc.nimh.nih.gov/api/v1"
  },
  "size_t": 452,
  "size_x": 106,
  "size_y": 106,
  "size_z": 64,
  "snr": 2.3684878074691076,
  "spacing_tr": 1.0,
  "spacing_x": 2.0,
  "spacing_y": 2.0,
  "spacing_z": 2.4000000953674316,
  "summary_bg_k": 41.31148167040892,
  "summary_bg_mad": 135.04676937890287,
  "summary_bg_mean": 662.2975463867188,
  "summary_bg_median": 356.7314147949219,
  "summary_bg_n": 472886.0,
  "summary_bg_p05": 253.103759765625,
  "summary_bg_p95": 2221.9149780273438,
  "summary_bg_stdv": 979.3189697265625,
  "summary_fg_k": 0.8765567530065805,
  "summary_fg_mad": 3487.710958224159,
  "summary_fg_mean": 9457.9296875,
  "summary_fg_median": 8800.89453125,
  "summary_fg_n": 144690.0,
  "summary_fg_p05": 4747.402612304688,
  "summary_fg_p95": 16479.04873046875,
  "summary_fg_stdv": 3715.815673828125,
  "tsnr": 24.006134033203125
}