{
  "aor": 0.00028411504424778755,
  "aqi": 0.012945409269911504,
  "bids_meta": {
    "BandwidthPerPixelPhaseEncode": 34.305,
    "CogAtlasID": "http://www.cognitiveatlas.org/id/trm_4cacee4a1d875/",
    "EchoTime": 0.03,
    "EffectiveEchoSpacing": 0.000275,
    "FlipAngle": 68,
    "MagneticFieldStrength": 3,
    "Manufacturer": "SIEMENS",
    "ManufacturersModelName": "Prisma",
    "MultibandAccelerationFactor": 4,
    "PhaseEncodingDirection": "j-",
    "RepetitionTime": 1,
    "SliceTiming": [
      0,
      0.4375,
      0.875,
      0.3125,
      0.75,
      0.1875,
      0.625,
      0.0625,
      0.5,
      0.9375,
      0.375,
      0.8125,
      0.25,
      0.6875,
      0.125,
      0.5625,
      0,
      0.4375,
      0.875,
      0.3125,
      0.75,
      0.1875,
      0.625,
      0.0625,
      0.5,
      0.9375,
      0.375,
      0.8125,
      0.25,
      0.6875,
      0.125,
      0.5625,
      0,
      0.4375,
      0.875,
      0.3125,
      0.75,
      0.1875,
      0.625,
      0.0625,
      0.5,
      0.9375,
      0.375,
      0.8125,
      0.25,
      0.6875,
      0.125,
      0.5625,
      0,
      0.4375,
      0.875,
      0.3125,
      0.75,
      0.1875,
      0.625,
      0.0625,
      0.5,
      0.9375,
      0.375,
      0.8125,
      0.25,
      0.6875,
      0.125,
      0.5625
    ],
    "TaskDescription": "Mixed gambles task",
    "TaskName": "MGT",
    "dataset": "ds001734",
    "modality": "bold",
    "run_id": 4,
    "subject_id": "080",
    "task_id": "MGT"
  },
  "dummy_trs": 1,
  "dvars_nstd": 56.216757637095284,
  "dvars_std": 1.0316171861197339,
  "dvars_vstd": 0.9760866020842563,
  "efc": 0.5237241600846189,
  "fber": 578.405517578125,
  "fd_mean": 0.09031656530411585,
  "fd_num": 9,
  "fd_perc": 1.991150442477876,
  "fwhm_avg": 2.7525263521760164,
  "fwhm_x": 2.66486,
  "fwhm_y": 2.82099,
  "fwhm_z": 2.7717290565280495,
  "gcor": 0.00238687,
  "gsr_x": -0.003758971579372883,
  "gsr_y": 0.04424178600311279,
  "provenance": {
    "md5sum": "7028122bc5e7cd39cc579c602a85536b",
    "settings": {
      "fd_thres": 0.2,
      "testing": false
    },
    "software": "mriqc",
    "version": "21.0.0rc2",
    "webapi_port": null,
    "webapi_url": "https://mriqc.nimh.nih.gov/api/v1"
  },
  "size_t": 452,
  "size_x": 106,
  "size_y": 106,
  "size_z": 64,
  "snr": 2.38024701552428,
  "spacing_tr": 1.0,
  "spacing_x": 2.0,
  "spacing_y": 2.0,
  "spacing_z": 2.4000000953674316,
  "summary_bg_k": 41.05011534438366,
  "summary_bg_mad": 134.31598783189992,
  "summary_bg_mean": 661.9334716796875,
  "summary_bg_median": 356.5599365234375,
  "summary_bg_n": 474271.0,
  "summary_bg_p05": 254.51042938232422,
  "summary_bg_p95": 2230.622802734375,
  "summary_bg_stdv": 983.9320678710938,
  "summary_fg_k": 0.792643260207091,
  "summary_fg_mad": 3471.401247930301,
  "summary_fg_mean": 9414.2041015625,
  "summary_fg_median": 8761.689453125,
  "summary_fg_n": 144074.0,
  "summary_fg_p05": 4739.2353515625,
  "summary_fg_p95": 16380.533496093753,
  "summary_fg_stdv": 3680.9873046875,
  "tsnr": 23.32086944580078
}