{
  "aor": 0.00040022075055187636,
  "aqi": 0.014193285960264902,
  "bids_meta": {
    "BandwidthPerPixelPhaseEncode": 34.305,
    "CogAtlasID": "http://www.cognitiveatlas.org/id/trm_4cacee4a1d875/",
    "EchoTime": 0.03,
    "EffectiveEchoSpacing": 0.000275,
    "FlipAngle": 68,
    "MagneticFieldStrength": 3,
    "Manufacturer": "SIEMENS",
    "ManufacturersModelName": "Prisma",
    "MultibandAccelerationFactor": 4,
    "PhaseEncodingDirection": "j-",
    "RepetitionTime": 1,
    "SliceTiming": [
      0,
      0.4375,
      0.875,
      0.3125,
      0.75,
      0.1875,
      0.625,
      0.0625,
      0.5,
      0.9375,
      0.375,
      0.8125,
      0.25,
      0.6875,
      0.125,
      0.5625,
      0,
      0.4375,
      0.875,
      0.3125,
      0.75,
      0.1875,
      0.625,
      0.0625,
      0.5,
      0.9375,
      0.375,
      0.8125,
      0.25,
      0.6875,
      0.125,
      0.5625,
      0,
      0.4375,
      0.875,
      0.3125,
      0.75,
      0.1875,
      0.625,
      0.0625,
      0.5,
      0.9375,
      0.375,
      0.8125,
      0.25,
      0.6875,
      0.125,
      0.5625,
      0,
      0.4375,
      0.875,
      0.3125,
      0.75,
      0.1875,
      0.625,
      0.0625,
      0.5,
      0.9375,
      0.375,
      0.8125,
      0.25,
      0.6875,
      0.125,
      0.5625
    ],
    "TaskDescription": "Mixed gambles task",
    "TaskName": "MGT",
    "dataset": "ds001734",
    "modality": "bold",
    "run_id": 1,
    "subject_id": "080",
    "task_id": "MGT"
  },
  "dummy_trs": 0,
  "dvars_nstd": 56.01313243283193,
  "dvars_std": 1.0323837688716815,
  "dvars_vstd": 0.9760560150221247,
  "efc": 0.5241149242582065,
  "fber": 579.7028198242188,
  "fd_mean": 0.11296096091682138,
  "fd_num": 44,
  "fd_perc": 9.713024282560706,
  "fwhm_avg": 2.7694030189433487,
  "fwhm_x": 2.676385,
  "fwhm_y": 2.867695,
  "fwhm_z": 2.7641290568300465,
  "gcor": 0.00957825,
  "gsr_x": -0.006402932573109865,
  "gsr_y": 0.038778387010097504,
  "provenance": {
    "md5sum": "a86baae94ffb7e35ad18aa10602a66a8",
    "settings": {
      "fd_thres": 0.2,
      "testing": false
    },
    "software": "mriqc",
    "version": "21.0.0rc2",
    "webapi_port": null,
    "webapi_url": "https://mriqc.nimh.nih.gov/api/v1"
  },
  "size_t": 453,
  "size_x": 106,
  "size_y": 106,
  "size_z": 64,
  "snr": 2.3840569335486923,
  "spacing_tr": 1.0,
  "spacing_x": 2.0,
  "spacing_y": 2.0,
  "spacing_z": 2.4000000953674316,
  "summary_bg_k": 40.678774330146865,
  "summary_bg_mad": 143.98638386966968,
  "summary_bg_mean": 664.7933959960938,
  "summary_bg_median": 364.822509765625,
  "summary_bg_n": 470469.0,
  "summary_bg_p05": 255.47813110351564,
  "summary_bg_p95": 2185.6665527343744,
  "summary_bg_stdv": 950.5218505859375,
  "summary_fg_k": 0.9448822035306299,
  "summary_fg_mad": 3559.4767240099673,
  "summary_fg_mean": 9675.7548828125,
  "summary_fg_median": 9020.767578125,
  "summary_fg_n": 145304.0,
  "summary_fg_p05": 4837.951416015625,
  "summary_fg_p95": 16764.82578125,
  "summary_fg_stdv": 3783.775634765625,
  "tsnr": 22.632062911987305
}