{
  "aor": 0.0005243141592920355,
  "aqi": 0.014408108539823009,
  "bids_meta": {
    "BandwidthPerPixelPhaseEncode": 34.305,
    "CogAtlasID": "http://www.cognitiveatlas.org/id/trm_4cacee4a1d875/",
    "EchoTime": 0.03,
    "EffectiveEchoSpacing": 0.000275,
    "FlipAngle": 68,
    "MagneticFieldStrength": 3,
    "Manufacturer": "SIEMENS",
    "ManufacturersModelName": "Prisma",
    "MultibandAccelerationFactor": 4,
    "PhaseEncodingDirection": "j-",
    "RepetitionTime": 1,
    "SliceTiming": [
      0,
      0.4375,
      0.875,
      0.3125,
      0.75,
      0.1875,
      0.625,
      0.0625,
      0.5,
      0.9375,
      0.375,
      0.8125,
      0.25,
      0.6875,
      0.125,
      0.5625,
      0,
      0.4375,
      0.875,
      0.3125,
      0.75,
      0.1875,
      0.625,
      0.0625,
      0.5,
      0.9375,
      0.375,
      0.8125,
      0.25,
      0.6875,
      0.125,
      0.5625,
      0,
      0.4375,
      0.875,
      0.3125,
      0.75,
      0.1875,
      0.625,
      0.0625,
      0.5,
      0.9375,
      0.375,
      0.8125,
      0.25,
      0.6875,
      0.125,
      0.5625,
      0,
      0.4375,
      0.875,
      0.3125,
      0.75,
      0.1875,
      0.625,
      0.0625,
      0.5,
      0.9375,
      0.375,
      0.8125,
      0.25,
      0.6875,
      0.125,
      0.5625
    ],
    "TaskDescription": "Mixed gambles task",
    "TaskName": "MGT",
    "dataset": "ds001734",
    "modality": "bold",
    "run_id": 4,
    "subject_id": "055",
    "task_id": "MGT"
  },
  "dummy_trs": 1,
  "dvars_nstd": 61.274157462638605,
  "dvars_std": 1.04958020767184,
  "dvars_vstd": 0.9933494348780485,
  "efc": 0.5120172463023718,
  "fber": 491.2680969238281,
  "fd_mean": 0.10508668148884003,
  "fd_num": 7,
  "fd_perc": 1.5486725663716814,
  "fwhm_avg": 2.9185761679944755,
  "fwhm_x": 2.861425,
  "fwhm_y": 3.03127,
  "fwhm_z": 2.863033503983428,
  "gcor": 0.00126831,
  "gsr_x": -0.01371515728533268,
  "gsr_y": 0.04710067808628082,
  "provenance": {
    "md5sum": "4710fdc831c1c7069859b122f54ff247",
    "settings": {
      "fd_thres": 0.2,
      "testing": false
    },
    "software": "mriqc",
    "version": "21.0.0rc2",
    "webapi_port": null,
    "webapi_url": "https://mriqc.nimh.nih.gov/api/v1"
  },
  "size_t": 452,
  "size_x": 106,
  "size_y": 106,
  "size_z": 64,
  "snr": 2.425248728998331,
  "spacing_tr": 1.0,
  "spacing_x": 2.0,
  "spacing_y": 2.0,
  "spacing_z": 2.3999998569488525,
  "summary_bg_k": 31.97537398653803,
  "summary_bg_mad": 149.55614142888166,
  "summary_bg_mean": 723.3218383789062,
  "summary_bg_median": 365.93994140625,
  "summary_bg_n": 499959.0,
  "summary_bg_p05": 250.16666564941406,
  "summary_bg_p95": 2618.8185302734355,
  "summary_bg_stdv": 1062.0106201171875,
  "summary_fg_k": 1.3979245606051096,
  "summary_fg_mad": 3150.677395404763,
  "summary_fg_mean": 8872.693359375,
  "summary_fg_median": 8385.7978515625,
  "summary_fg_n": 119869.0,
  "summary_fg_p05": 4232.3509765625,
  "summary_fg_p95": 15039.021484374996,
  "summary_fg_stdv": 3457.69189453125,
  "tsnr": 22.804332733154297
}