{
  "aor": 0.0006904194260485651,
  "aqi": 0.010957318520971301,
  "bids_meta": {
    "BandwidthPerPixelPhaseEncode": 34.305,
    "CogAtlasID": "http://www.cognitiveatlas.org/id/trm_4cacee4a1d875/",
    "EchoTime": 0.03,
    "EffectiveEchoSpacing": 0.000275,
    "FlipAngle": 68,
    "MagneticFieldStrength": 3,
    "Manufacturer": "SIEMENS",
    "ManufacturersModelName": "Prisma",
    "MultibandAccelerationFactor": 4,
    "PhaseEncodingDirection": "j-",
    "RepetitionTime": 1,
    "SliceTiming": [
      0,
      0.4375,
      0.875,
      0.3125,
      0.75,
      0.1875,
      0.625,
      0.0625,
      0.5,
      0.9375,
      0.375,
      0.8125,
      0.25,
      0.6875,
      0.125,
      0.5625,
      0,
      0.4375,
      0.875,
      0.3125,
      0.75,
      0.1875,
      0.625,
      0.0625,
      0.5,
      0.9375,
      0.375,
      0.8125,
      0.25,
      0.6875,
      0.125,
      0.5625,
      0,
      0.4375,
      0.875,
      0.3125,
      0.75,
      0.1875,
      0.625,
      0.0625,
      0.5,
      0.9375,
      0.375,
      0.8125,
      0.25,
      0.6875,
      0.125,
      0.5625,
      0,
      0.4375,
      0.875,
      0.3125,
      0.75,
      0.1875,
      0.625,
      0.0625,
      0.5,
      0.9375,
      0.375,
      0.8125,
      0.25,
      0.6875,
      0.125,
      0.5625
    ],
    "TaskDescription": "Mixed gambles task",
    "TaskName": "MGT",
    "dataset": "ds001734",
    "modality": "bold",
    "run_id": 2,
    "subject_id": "089",
    "task_id": "MGT"
  },
  "dummy_trs": 0,
  "dvars_nstd": 56.54383880488937,
  "dvars_std": 1.036072058207965,
  "dvars_vstd": 1.0083850858407084,
  "efc": 0.5686241676890267,
  "fber": 280.6662292480469,
  "fd_mean": 0.13913959727757133,
  "fd_num": 94,
  "fd_perc": 20.750551876379692,
  "fwhm_avg": 3.3316893989183085,
  "fwhm_x": 3.13677,
  "fwhm_y": 3.42119,
  "fwhm_z": 3.4371081967549246,
  "gcor": 0.00865226,
  "gsr_x": -0.004138600081205368,
  "gsr_y": 0.06081516295671463,
  "provenance": {
    "md5sum": "be9c459ac746358ccaf14c1572418b24",
    "settings": {
      "fd_thres": 0.2,
      "testing": false
    },
    "software": "mriqc",
    "version": "21.0.0rc2",
    "webapi_port": null,
    "webapi_url": "https://mriqc.nimh.nih.gov/api/v1"
  },
  "size_t": 453,
  "size_x": 106,
  "size_y": 106,
  "size_z": 64,
  "snr": 2.133341253722215,
  "spacing_tr": 1.0,
  "spacing_x": 2.0,
  "spacing_y": 2.0,
  "spacing_z": 2.4000000953674316,
  "summary_bg_k": 18.09390041520222,
  "summary_bg_mad": 349.53021458162135,
  "summary_bg_mean": 1299.4830322265625,
  "summary_bg_median": 547.0170288085938,
  "summary_bg_n": 472117.0,
  "summary_bg_p05": 285.3201110839844,
  "summary_bg_p95": 5245.879394531249,
  "summary_bg_stdv": 1919.0018310546875,
  "summary_fg_k": 1.0141235141275082,
  "summary_fg_mad": 4149.609959160925,
  "summary_fg_mean": 10082.9833984375,
  "summary_fg_median": 9348.7626953125,
  "summary_fg_n": 150246.0,
  "summary_fg_p05": 4341.417724609375,
  "summary_fg_p95": 18165.5244140625,
  "summary_fg_stdv": 4382.20166015625,
  "tsnr": 24.43128776550293
}