{
  "aor": 0.001127328918322296,
  "aqi": 0.013607522715231789,
  "bids_meta": {
    "BandwidthPerPixelPhaseEncode": 34.305,
    "CogAtlasID": "http://www.cognitiveatlas.org/id/trm_4cacee4a1d875/",
    "EchoTime": 0.03,
    "EffectiveEchoSpacing": 0.000275,
    "FlipAngle": 68,
    "MagneticFieldStrength": 3,
    "Manufacturer": "SIEMENS",
    "ManufacturersModelName": "Prisma",
    "MultibandAccelerationFactor": 4,
    "PhaseEncodingDirection": "j-",
    "RepetitionTime": 1,
    "SliceTiming": [
      0,
      0.4375,
      0.875,
      0.3125,
      0.75,
      0.1875,
      0.625,
      0.0625,
      0.5,
      0.9375,
      0.375,
      0.8125,
      0.25,
      0.6875,
      0.125,
      0.5625,
      0,
      0.4375,
      0.875,
      0.3125,
      0.75,
      0.1875,
      0.625,
      0.0625,
      0.5,
      0.9375,
      0.375,
      0.8125,
      0.25,
      0.6875,
      0.125,
      0.5625,
      0,
      0.4375,
      0.875,
      0.3125,
      0.75,
      0.1875,
      0.625,
      0.0625,
      0.5,
      0.9375,
      0.375,
      0.8125,
      0.25,
      0.6875,
      0.125,
      0.5625,
      0,
      0.4375,
      0.875,
      0.3125,
      0.75,
      0.1875,
      0.625,
      0.0625,
      0.5,
      0.9375,
      0.375,
      0.8125,
      0.25,
      0.6875,
      0.125,
      0.5625
    ],
    "TaskDescription": "Mixed gambles task",
    "TaskName": "MGT",
    "dataset": "ds001734",
    "modality": "bold",
    "run_id": 4,
    "subject_id": "089",
    "task_id": "MGT"
  },
  "dummy_trs": 0,
  "dvars_nstd": 56.63926998057525,
  "dvars_std": 1.0321758912389383,
  "dvars_vstd": 1.014030840398231,
  "efc": 0.5710583740155569,
  "fber": 273.1694030761719,
  "fd_mean": 0.13469973830285564,
  "fd_num": 80,
  "fd_perc": 17.660044150110377,
  "fwhm_avg": 3.309238288076853,
  "fwhm_x": 3.10145,
  "fwhm_y": 3.409515,
  "fwhm_z": 3.416749864230559,
  "gcor": 0.0103629,
  "gsr_x": -0.002731133485212922,
  "gsr_y": 0.06258943676948547,
  "provenance": {
    "md5sum": "de5cd52137497e93a6e0a1bf2c530f8e",
    "settings": {
      "fd_thres": 0.2,
      "testing": false
    },
    "software": "mriqc",
    "version": "21.0.0rc2",
    "webapi_port": null,
    "webapi_url": "https://mriqc.nimh.nih.gov/api/v1"
  },
  "size_t": 453,
  "size_x": 106,
  "size_y": 106,
  "size_z": 64,
  "snr": 2.16149380835795,
  "spacing_tr": 1.0,
  "spacing_x": 2.0,
  "spacing_y": 2.0,
  "spacing_z": 2.4000000953674316,
  "summary_bg_k": 17.809403459261745,
  "summary_bg_mad": 348.78642497377183,
  "summary_bg_mean": 1297.044677734375,
  "summary_bg_median": 546.8529663085938,
  "summary_bg_n": 472427.0,
  "summary_bg_p05": 286.1702606201172,
  "summary_bg_p95": 5215.625292968742,
  "summary_bg_stdv": 1908.3184814453125,
  "summary_fg_k": 0.784414505971843,
  "summary_fg_mad": 4077.0055241025884,
  "summary_fg_mean": 9941.2666015625,
  "summary_fg_median": 9232.9287109375,
  "summary_fg_n": 149579.0,
  "summary_fg_p05": 4310.4609375,
  "summary_fg_p95": 17858.233203125004,
  "summary_fg_stdv": 4271.53564453125,
  "tsnr": 22.916770935058594
}