{
  "aor": 0.0002349227373068433,
  "aqi": 0.0071497567328918325,
  "bids_meta": {
    "BandwidthPerPixelPhaseEncode": 34.305,
    "CogAtlasID": "http://www.cognitiveatlas.org/id/trm_4cacee4a1d875/",
    "EchoTime": 0.03,
    "EffectiveEchoSpacing": 0.000275,
    "FlipAngle": 68,
    "MagneticFieldStrength": 3,
    "Manufacturer": "SIEMENS",
    "ManufacturersModelName": "Prisma",
    "MultibandAccelerationFactor": 4,
    "PhaseEncodingDirection": "j-",
    "RepetitionTime": 1,
    "SliceTiming": [
      0,
      0.4375,
      0.875,
      0.3125,
      0.75,
      0.1875,
      0.625,
      0.0625,
      0.5,
      0.9375,
      0.375,
      0.8125,
      0.25,
      0.6875,
      0.125,
      0.5625,
      0,
      0.4375,
      0.875,
      0.3125,
      0.75,
      0.1875,
      0.625,
      0.0625,
      0.5,
      0.9375,
      0.375,
      0.8125,
      0.25,
      0.6875,
      0.125,
      0.5625,
      0,
      0.4375,
      0.875,
      0.3125,
      0.75,
      0.1875,
      0.625,
      0.0625,
      0.5,
      0.9375,
      0.375,
      0.8125,
      0.25,
      0.6875,
      0.125,
      0.5625,
      0,
      0.4375,
      0.875,
      0.3125,
      0.75,
      0.1875,
      0.625,
      0.0625,
      0.5,
      0.9375,
      0.375,
      0.8125,
      0.25,
      0.6875,
      0.125,
      0.5625
    ],
    "TaskDescription": "Mixed gambles task",
    "TaskName": "MGT",
    "dataset": "ds001734",
    "modality": "bold",
    "run_id": 4,
    "subject_id": "105",
    "task_id": "MGT"
  },
  "dummy_trs": 0,
  "dvars_nstd": 52.98326152196901,
  "dvars_std": 1.0395916707079642,
  "dvars_vstd": 1.003407661592921,
  "efc": 0.5237200184625868,
  "fber": 504.0891418457031,
  "fd_mean": 0.11264208440895614,
  "fd_num": 17,
  "fd_perc": 3.752759381898455,
  "fwhm_avg": 3.051037459137541,
  "fwhm_x": 2.93158,
  "fwhm_y": 3.13652,
  "fwhm_z": 3.085012377412622,
  "gcor": 0.0022411,
  "gsr_x": -0.014990121126174927,
  "gsr_y": 0.06727766245603561,
  "provenance": {
    "md5sum": "aa341ffd80f98c9a29f8b1dc4f901064",
    "settings": {
      "fd_thres": 0.2,
      "testing": false
    },
    "software": "mriqc",
    "version": "21.0.0rc2",
    "webapi_port": null,
    "webapi_url": "https://mriqc.nimh.nih.gov/api/v1"
  },
  "size_t": 453,
  "size_x": 106,
  "size_y": 106,
  "size_z": 64,
  "snr": 2.536063666763993,
  "spacing_tr": 1.0,
  "spacing_x": 2.0,
  "spacing_y": 2.0,
  "spacing_z": 2.4000000953674316,
  "summary_bg_k": 38.44047051336611,
  "summary_bg_mad": 192.25816653556004,
  "summary_bg_mean": 755.4493408203125,
  "summary_bg_median": 402.35394287109375,
  "summary_bg_n": 488632.0,
  "summary_bg_p05": 262.8540496826172,
  "summary_bg_p95": 2319.7794189453116,
  "summary_bg_stdv": 967.7250366210938,
  "summary_fg_k": 1.1533087969190756,
  "summary_fg_mad": 3556.543372354994,
  "summary_fg_mean": 9758.369140625,
  "summary_fg_median": 9299.224609375,
  "summary_fg_n": 132296.0,
  "summary_fg_p05": 4764.798095703125,
  "summary_fg_p95": 16270.612548828125,
  "summary_fg_stdv": 3666.78076171875,
  "tsnr": 27.690841674804688
}