{
  "aor": 0.0004616777041942605,
  "aqi": 0.007020976335540838,
  "bids_meta": {
    "BandwidthPerPixelPhaseEncode": 34.305,
    "CogAtlasID": "http://www.cognitiveatlas.org/id/trm_4cacee4a1d875/",
    "EchoTime": 0.03,
    "EffectiveEchoSpacing": 0.000275,
    "FlipAngle": 68,
    "MagneticFieldStrength": 3,
    "Manufacturer": "SIEMENS",
    "ManufacturersModelName": "Prisma",
    "MultibandAccelerationFactor": 4,
    "PhaseEncodingDirection": "j-",
    "RepetitionTime": 1,
    "SliceTiming": [
      0,
      0.4375,
      0.875,
      0.3125,
      0.75,
      0.1875,
      0.625,
      0.0625,
      0.5,
      0.9375,
      0.375,
      0.8125,
      0.25,
      0.6875,
      0.125,
      0.5625,
      0,
      0.4375,
      0.875,
      0.3125,
      0.75,
      0.1875,
      0.625,
      0.0625,
      0.5,
      0.9375,
      0.375,
      0.8125,
      0.25,
      0.6875,
      0.125,
      0.5625,
      0,
      0.4375,
      0.875,
      0.3125,
      0.75,
      0.1875,
      0.625,
      0.0625,
      0.5,
      0.9375,
      0.375,
      0.8125,
      0.25,
      0.6875,
      0.125,
      0.5625,
      0,
      0.4375,
      0.875,
      0.3125,
      0.75,
      0.1875,
      0.625,
      0.0625,
      0.5,
      0.9375,
      0.375,
      0.8125,
      0.25,
      0.6875,
      0.125,
      0.5625
    ],
    "TaskDescription": "Mixed gambles task",
    "TaskName": "MGT",
    "dataset": "ds001734",
    "modality": "bold",
    "run_id": 3,
    "subject_id": "105",
    "task_id": "MGT"
  },
  "dummy_trs": 0,
  "dvars_nstd": 52.57837381610619,
  "dvars_std": 1.0444442185398235,
  "dvars_vstd": 1.0091450196017706,
  "efc": 0.5224308211879686,
  "fber": 511.3807067871094,
  "fd_mean": 0.10703787608155718,
  "fd_num": 8,
  "fd_perc": 1.7660044150110374,
  "fwhm_avg": 3.093719958758554,
  "fwhm_x": 2.972515,
  "fwhm_y": 3.19502,
  "fwhm_z": 3.1136248762756633,
  "gcor": 0.00146537,
  "gsr_x": -0.014328263700008392,
  "gsr_y": 0.06568489968776703,
  "provenance": {
    "md5sum": "77965b5fe8d03f1dd84b3c7f082a7038",
    "settings": {
      "fd_thres": 0.2,
      "testing": false
    },
    "software": "mriqc",
    "version": "21.0.0rc2",
    "webapi_port": null,
    "webapi_url": "https://mriqc.nimh.nih.gov/api/v1"
  },
  "size_t": 453,
  "size_x": 106,
  "size_y": 106,
  "size_z": 64,
  "snr": 2.501127058333365,
  "spacing_tr": 1.0,
  "spacing_x": 2.0,
  "spacing_y": 2.0,
  "spacing_z": 2.4000000953674316,
  "summary_bg_k": 37.633355320181856,
  "summary_bg_mad": 189.18593403617473,
  "summary_bg_mean": 758.2465209960938,
  "summary_bg_median": 401.375732421875,
  "summary_bg_n": 488560.0,
  "summary_bg_p05": 265.30904388427734,
  "summary_bg_p95": 2335.3772949218737,
  "summary_bg_stdv": 974.8604125976562,
  "summary_fg_k": 1.2645746349093567,
  "summary_fg_mad": 3589.6869159926123,
  "summary_fg_mean": 9818.9228515625,
  "summary_fg_median": 9339.296875,
  "summary_fg_n": 132230.0,
  "summary_fg_p05": 4779.026049804687,
  "summary_fg_p95": 16465.674511718742,
  "summary_fg_stdv": 3734.021240234375,
  "tsnr": 27.695133209228516
}