{
  "aor": 0.0018378587196467991,
  "aqi": 0.010133978454746135,
  "bids_meta": {
    "BandwidthPerPixelPhaseEncode": 34.305,
    "CogAtlasID": "http://www.cognitiveatlas.org/id/trm_4cacee4a1d875/",
    "EchoTime": 0.03,
    "EffectiveEchoSpacing": 0.000275,
    "FlipAngle": 68,
    "MagneticFieldStrength": 3,
    "Manufacturer": "SIEMENS",
    "ManufacturersModelName": "Prisma",
    "MultibandAccelerationFactor": 4,
    "PhaseEncodingDirection": "j-",
    "RepetitionTime": 1,
    "SliceTiming": [
      0,
      0.4375,
      0.875,
      0.3125,
      0.75,
      0.1875,
      0.625,
      0.0625,
      0.5,
      0.9375,
      0.375,
      0.8125,
      0.25,
      0.6875,
      0.125,
      0.5625,
      0,
      0.4375,
      0.875,
      0.3125,
      0.75,
      0.1875,
      0.625,
      0.0625,
      0.5,
      0.9375,
      0.375,
      0.8125,
      0.25,
      0.6875,
      0.125,
      0.5625,
      0,
      0.4375,
      0.875,
      0.3125,
      0.75,
      0.1875,
      0.625,
      0.0625,
      0.5,
      0.9375,
      0.375,
      0.8125,
      0.25,
      0.6875,
      0.125,
      0.5625,
      0,
      0.4375,
      0.875,
      0.3125,
      0.75,
      0.1875,
      0.625,
      0.0625,
      0.5,
      0.9375,
      0.375,
      0.8125,
      0.25,
      0.6875,
      0.125,
      0.5625
    ],
    "TaskDescription": "Mixed gambles task",
    "TaskName": "MGT",
    "dataset": "ds001734",
    "modality": "bold",
    "run_id": 4,
    "subject_id": "017",
    "task_id": "MGT"
  },
  "dummy_trs": 0,
  "dvars_nstd": 54.24769627712396,
  "dvars_std": 1.058920408849558,
  "dvars_vstd": 1.0560062940265482,
  "efc": 0.4923997490444988,
  "fber": 601.3681030273438,
  "fd_mean": 0.14018037189622823,
  "fd_num": 72,
  "fd_perc": 15.894039735099337,
  "fwhm_avg": 3.0824382929995338,
  "fwhm_x": 3.031485,
  "fwhm_y": 3.17073,
  "fwhm_z": 3.045099878998602,
  "gcor": 0.0108179,
  "gsr_x": -0.007019442040473223,
  "gsr_y": 0.04408746585249901,
  "provenance": {
    "md5sum": "dcc77187fce3e093c9e9514de35ba57e",
    "settings": {
      "fd_thres": 0.2,
      "testing": false
    },
    "software": "mriqc",
    "version": "21.0.0rc2",
    "webapi_port": null,
    "webapi_url": "https://mriqc.nimh.nih.gov/api/v1"
  },
  "size_t": 453,
  "size_x": 106,
  "size_y": 106,
  "size_z": 64,
  "snr": 2.302799184293072,
  "spacing_tr": 1.0,
  "spacing_x": 2.0,
  "spacing_y": 2.0,
  "spacing_z": 2.4000000953674316,
  "summary_bg_k": 43.08669667330757,
  "summary_bg_mad": 135.52037590729057,
  "summary_bg_mean": 674.9205322265625,
  "summary_bg_median": 361.0285339355469,
  "summary_bg_n": 500318.0,
  "summary_bg_p05": 260.9310729980469,
  "summary_bg_p95": 2279.7086914062456,
  "summary_bg_stdv": 985.71484375,
  "summary_fg_k": 2.029778700520839,
  "summary_fg_mad": 3696.7006808111532,
  "summary_fg_mean": 9834.6533203125,
  "summary_fg_median": 9222.228515625,
  "summary_fg_n": 118391.0,
  "summary_fg_p05": 4665.564208984375,
  "summary_fg_p95": 17051.525390625,
  "summary_fg_stdv": 4004.773681640625,
  "tsnr": 24.775989532470703
}