{
  "aor": 0.0005458278145695364,
  "aqi": 0.013029230066225165,
  "bids_meta": {
    "BandwidthPerPixelPhaseEncode": 34.305,
    "CogAtlasID": "http://www.cognitiveatlas.org/id/trm_4cacee4a1d875/",
    "EchoTime": 0.03,
    "EffectiveEchoSpacing": 0.000275,
    "FlipAngle": 68,
    "MagneticFieldStrength": 3,
    "Manufacturer": "SIEMENS",
    "ManufacturersModelName": "Prisma",
    "MultibandAccelerationFactor": 4,
    "PhaseEncodingDirection": "j-",
    "RepetitionTime": 1,
    "SliceTiming": [
      0,
      0.4375,
      0.875,
      0.3125,
      0.75,
      0.1875,
      0.625,
      0.0625,
      0.5,
      0.9375,
      0.375,
      0.8125,
      0.25,
      0.6875,
      0.125,
      0.5625,
      0,
      0.4375,
      0.875,
      0.3125,
      0.75,
      0.1875,
      0.625,
      0.0625,
      0.5,
      0.9375,
      0.375,
      0.8125,
      0.25,
      0.6875,
      0.125,
      0.5625,
      0,
      0.4375,
      0.875,
      0.3125,
      0.75,
      0.1875,
      0.625,
      0.0625,
      0.5,
      0.9375,
      0.375,
      0.8125,
      0.25,
      0.6875,
      0.125,
      0.5625,
      0,
      0.4375,
      0.875,
      0.3125,
      0.75,
      0.1875,
      0.625,
      0.0625,
      0.5,
      0.9375,
      0.375,
      0.8125,
      0.25,
      0.6875,
      0.125,
      0.5625
    ],
    "TaskDescription": "Mixed gambles task",
    "TaskName": "MGT",
    "dataset": "ds001734",
    "modality": "bold",
    "run_id": 3,
    "subject_id": "044",
    "task_id": "MGT"
  },
  "dummy_trs": 0,
  "dvars_nstd": 54.07865761466813,
  "dvars_std": 1.0099705171017699,
  "dvars_vstd": 0.9745256616592918,
  "efc": 0.5420403767788522,
  "fber": 394.8514709472656,
  "fd_mean": 0.08162424739586185,
  "fd_num": 0,
  "fd_perc": 0.0,
  "fwhm_avg": 3.2968027322913778,
  "fwhm_x": 2.934525,
  "fwhm_y": 3.521775,
  "fwhm_z": 3.434108196874134,
  "gcor": 0.00375181,
  "gsr_x": -0.011917918920516968,
  "gsr_y": 0.05598953738808632,
  "provenance": {
    "md5sum": "07e050af6b3c3aa4ff3bfa048ea91617",
    "settings": {
      "fd_thres": 0.2,
      "testing": false
    },
    "software": "mriqc",
    "version": "21.0.0rc2",
    "webapi_port": null,
    "webapi_url": "https://mriqc.nimh.nih.gov/api/v1"
  },
  "size_t": 453,
  "size_x": 106,
  "size_y": 106,
  "size_z": 64,
  "snr": 1.9640322545849107,
  "spacing_tr": 1.0,
  "spacing_x": 2.0,
  "spacing_y": 2.0,
  "spacing_z": 2.4000000953674316,
  "summary_bg_k": 26.80249333693208,
  "summary_bg_mad": 234.58411163612823,
  "summary_bg_mean": 964.8927001953125,
  "summary_bg_median": 444.8969421386719,
  "summary_bg_n": 456099.0,
  "summary_bg_p05": 269.4638977050781,
  "summary_bg_p95": 3785.957397460937,
  "summary_bg_stdv": 1555.7628173828125,
  "summary_fg_k": 1.1876189804830553,
  "summary_fg_mad": 4306.882708511136,
  "summary_fg_mean": 10031.974609375,
  "summary_fg_median": 9286.9921875,
  "summary_fg_n": 153816.0,
  "summary_fg_p05": 3793.1301879882812,
  "summary_fg_p95": 18770.88623046875,
  "summary_fg_stdv": 4728.51806640625,
  "tsnr": 22.11993408203125
}