{
  "aor": 0.0003269977924944813,
  "aqi": 0.00955243655629139,
  "bids_meta": {
    "BandwidthPerPixelPhaseEncode": 34.305,
    "CogAtlasID": "http://www.cognitiveatlas.org/id/trm_4cacee4a1d875/",
    "EchoTime": 0.03,
    "EffectiveEchoSpacing": 0.000275,
    "FlipAngle": 68,
    "MagneticFieldStrength": 3,
    "Manufacturer": "SIEMENS",
    "ManufacturersModelName": "Prisma",
    "MultibandAccelerationFactor": 4,
    "PhaseEncodingDirection": "j-",
    "RepetitionTime": 1,
    "SliceTiming": [
      0,
      0.4375,
      0.875,
      0.3125,
      0.75,
      0.1875,
      0.625,
      0.0625,
      0.5,
      0.9375,
      0.375,
      0.8125,
      0.25,
      0.6875,
      0.125,
      0.5625,
      0,
      0.4375,
      0.875,
      0.3125,
      0.75,
      0.1875,
      0.625,
      0.0625,
      0.5,
      0.9375,
      0.375,
      0.8125,
      0.25,
      0.6875,
      0.125,
      0.5625,
      0,
      0.4375,
      0.875,
      0.3125,
      0.75,
      0.1875,
      0.625,
      0.0625,
      0.5,
      0.9375,
      0.375,
      0.8125,
      0.25,
      0.6875,
      0.125,
      0.5625,
      0,
      0.4375,
      0.875,
      0.3125,
      0.75,
      0.1875,
      0.625,
      0.0625,
      0.5,
      0.9375,
      0.375,
      0.8125,
      0.25,
      0.6875,
      0.125,
      0.5625
    ],
    "TaskDescription": "Mixed gambles task",
    "TaskName": "MGT",
    "dataset": "ds001734",
    "modality": "bold",
    "run_id": 4,
    "subject_id": "019",
    "task_id": "MGT"
  },
  "dummy_trs": 0,
  "dvars_nstd": 53.66284881858405,
  "dvars_std": 1.0170013715929207,
  "dvars_vstd": 1.0338704821460178,
  "efc": 0.5502072711519919,
  "fber": 385.78155517578125,
  "fd_mean": 0.07359983384266798,
  "fd_num": 0,
  "fd_perc": 0.0,
  "fwhm_avg": 3.013670791635747,
  "fwhm_x": 2.696305,
  "fwhm_y": 3.196645,
  "fwhm_z": 3.1480623749072403,
  "gcor": 0.00250031,
  "gsr_x": -0.0006559092435054481,
  "gsr_y": 0.06693887710571289,
  "provenance": {
    "md5sum": "cb1e9b93e223e41ffc0f8b122e173d0f",
    "settings": {
      "fd_thres": 0.2,
      "testing": false
    },
    "software": "mriqc",
    "version": "21.0.0rc2",
    "webapi_port": null,
    "webapi_url": "https://mriqc.nimh.nih.gov/api/v1"
  },
  "size_t": 453,
  "size_x": 106,
  "size_y": 106,
  "size_z": 64,
  "snr": 2.0850132119498332,
  "spacing_tr": 1.0,
  "spacing_x": 2.0,
  "spacing_y": 2.0,
  "spacing_z": 2.4000000953674316,
  "summary_bg_k": 28.93678164678354,
  "summary_bg_mad": 211.862852575926,
  "summary_bg_mean": 920.0949096679688,
  "summary_bg_median": 426.6849670410156,
  "summary_bg_n": 456501.0,
  "summary_bg_p05": 266.1673583984375,
  "summary_bg_p95": 3629.76220703125,
  "summary_bg_stdv": 1519.9652099609375,
  "summary_fg_k": 1.1948493523460515,
  "summary_fg_mad": 3752.0535767249107,
  "summary_fg_mean": 9309.9248046875,
  "summary_fg_median": 8676.513671875,
  "summary_fg_n": 158045.0,
  "summary_fg_p05": 3595.03232421875,
  "summary_fg_p95": 16939.778125,
  "summary_fg_stdv": 4161.35791015625,
  "tsnr": 24.909208297729492
}