{
  "aor": 0.0008371017699115043,
  "aqi": 0.010694459247787612,
  "bids_meta": {
    "BandwidthPerPixelPhaseEncode": 34.305,
    "CogAtlasID": "http://www.cognitiveatlas.org/id/trm_4cacee4a1d875/",
    "EchoTime": 0.03,
    "EffectiveEchoSpacing": 0.000275,
    "FlipAngle": 68,
    "MagneticFieldStrength": 3,
    "Manufacturer": "SIEMENS",
    "ManufacturersModelName": "Prisma",
    "MultibandAccelerationFactor": 4,
    "PhaseEncodingDirection": "j-",
    "RepetitionTime": 1,
    "SliceTiming": [
      0,
      0.4375,
      0.875,
      0.3125,
      0.75,
      0.1875,
      0.625,
      0.0625,
      0.5,
      0.9375,
      0.375,
      0.8125,
      0.25,
      0.6875,
      0.125,
      0.5625,
      0,
      0.4375,
      0.875,
      0.3125,
      0.75,
      0.1875,
      0.625,
      0.0625,
      0.5,
      0.9375,
      0.375,
      0.8125,
      0.25,
      0.6875,
      0.125,
      0.5625,
      0,
      0.4375,
      0.875,
      0.3125,
      0.75,
      0.1875,
      0.625,
      0.0625,
      0.5,
      0.9375,
      0.375,
      0.8125,
      0.25,
      0.6875,
      0.125,
      0.5625,
      0,
      0.4375,
      0.875,
      0.3125,
      0.75,
      0.1875,
      0.625,
      0.0625,
      0.5,
      0.9375,
      0.375,
      0.8125,
      0.25,
      0.6875,
      0.125,
      0.5625
    ],
    "TaskDescription": "Mixed gambles task",
    "TaskName": "MGT",
    "dataset": "ds001734",
    "modality": "bold",
    "run_id": 1,
    "subject_id": "019",
    "task_id": "MGT"
  },
  "dummy_trs": 1,
  "dvars_nstd": 53.49627659334813,
  "dvars_std": 1.020602980886918,
  "dvars_vstd": 1.0057563793791582,
  "efc": 0.5473708578198677,
  "fber": 396.17596435546875,
  "fd_mean": 0.08567903724476955,
  "fd_num": 2,
  "fd_perc": 0.4424778761061947,
  "fwhm_avg": 3.0517905132410057,
  "fwhm_x": 2.74465,
  "fwhm_y": 3.21608,
  "fwhm_z": 3.1946415397230172,
  "gcor": 0.00678433,
  "gsr_x": -0.0025402414612472057,
  "gsr_y": 0.0660141333937645,
  "provenance": {
    "md5sum": "82b6a857b98756d3e791ad2518442b10",
    "settings": {
      "fd_thres": 0.2,
      "testing": false
    },
    "software": "mriqc",
    "version": "21.0.0rc2",
    "webapi_port": null,
    "webapi_url": "https://mriqc.nimh.nih.gov/api/v1"
  },
  "size_t": 452,
  "size_x": 106,
  "size_y": 106,
  "size_z": 64,
  "snr": 2.0515104755326377,
  "spacing_tr": 1.0,
  "spacing_x": 2.0,
  "spacing_y": 2.0,
  "spacing_z": 2.4000000953674316,
  "summary_bg_k": 28.90588041913189,
  "summary_bg_mad": 210.75338941064354,
  "summary_bg_mean": 910.5209350585938,
  "summary_bg_median": 425.25836181640625,
  "summary_bg_n": 455050.0,
  "summary_bg_p05": 267.0037353515625,
  "summary_bg_p95": 3541.29326171875,
  "summary_bg_stdv": 1479.3092041015625,
  "summary_fg_k": 1.3926171052231036,
  "summary_fg_mad": 3854.9489216112847,
  "summary_fg_mean": 9483.6865234375,
  "summary_fg_median": 8799.841796875,
  "summary_fg_n": 157975.0,
  "summary_fg_p05": 3725.170581054688,
  "summary_fg_p95": 17359.044726562486,
  "summary_fg_stdv": 4289.431640625,
  "tsnr": 23.673320770263672
}