{
  "aor": 0.001185929203539823,
  "aqi": 0.015860177654867257,
  "bids_meta": {
    "BandwidthPerPixelPhaseEncode": 34.305,
    "CogAtlasID": "http://www.cognitiveatlas.org/id/trm_4cacee4a1d875/",
    "EchoTime": 0.03,
    "EffectiveEchoSpacing": 0.000275,
    "FlipAngle": 68,
    "MagneticFieldStrength": 3,
    "Manufacturer": "SIEMENS",
    "ManufacturersModelName": "Prisma",
    "MultibandAccelerationFactor": 4,
    "PhaseEncodingDirection": "j-",
    "RepetitionTime": 1,
    "SliceTiming": [
      0,
      0.4375,
      0.875,
      0.3125,
      0.75,
      0.1875,
      0.625,
      0.0625,
      0.5,
      0.9375,
      0.375,
      0.8125,
      0.25,
      0.6875,
      0.125,
      0.5625,
      0,
      0.4375,
      0.875,
      0.3125,
      0.75,
      0.1875,
      0.625,
      0.0625,
      0.5,
      0.9375,
      0.375,
      0.8125,
      0.25,
      0.6875,
      0.125,
      0.5625,
      0,
      0.4375,
      0.875,
      0.3125,
      0.75,
      0.1875,
      0.625,
      0.0625,
      0.5,
      0.9375,
      0.375,
      0.8125,
      0.25,
      0.6875,
      0.125,
      0.5625,
      0,
      0.4375,
      0.875,
      0.3125,
      0.75,
      0.1875,
      0.625,
      0.0625,
      0.5,
      0.9375,
      0.375,
      0.8125,
      0.25,
      0.6875,
      0.125,
      0.5625
    ],
    "TaskDescription": "Mixed gambles task",
    "TaskName": "MGT",
    "dataset": "ds001734",
    "modality": "bold",
    "run_id": 1,
    "subject_id": "068",
    "task_id": "MGT"
  },
  "dummy_trs": 1,
  "dvars_nstd": 63.967800715698466,
  "dvars_std": 1.084827840953437,
  "dvars_vstd": 0.9921314747228384,
  "efc": 0.5540202533410102,
  "fber": 413.51239013671875,
  "fd_mean": 0.11676718557943408,
  "fd_num": 31,
  "fd_perc": 6.8584070796460175,
  "fwhm_avg": 3.101733014345182,
  "fwhm_x": 2.930305,
  "fwhm_y": 3.263615,
  "fwhm_z": 3.111279043035545,
  "gcor": 0.0057457,
  "gsr_x": -0.034302204847335815,
  "gsr_y": 0.08292322605848312,
  "provenance": {
    "md5sum": "f4308ce9b384ea6e0f04a4bc5e45426e",
    "settings": {
      "fd_thres": 0.2,
      "testing": false
    },
    "software": "mriqc",
    "version": "21.0.0rc2",
    "webapi_port": null,
    "webapi_url": "https://mriqc.nimh.nih.gov/api/v1"
  },
  "size_t": 452,
  "size_x": 106,
  "size_y": 106,
  "size_z": 64,
  "snr": 2.2394995409811282,
  "spacing_tr": 1.0,
  "spacing_x": 2.0,
  "spacing_y": 2.0,
  "spacing_z": 2.4000000953674316,
  "summary_bg_k": 23.653679847875743,
  "summary_bg_mad": 200.27993225299292,
  "summary_bg_mean": 1016.6815185546875,
  "summary_bg_median": 422.0679626464844,
  "summary_bg_n": 463872.0,
  "summary_bg_p05": 274.9164276123047,
  "summary_bg_p95": 4321.995410156247,
  "summary_bg_stdv": 1719.7135009765625,
  "summary_fg_k": 0.697225732514057,
  "summary_fg_mad": 3846.3244189110083,
  "summary_fg_mean": 9532.375,
  "summary_fg_median": 8961.775390625,
  "summary_fg_n": 150452.0,
  "summary_fg_p05": 4108.855639648437,
  "summary_fg_p95": 16780.96845703125,
  "summary_fg_stdv": 4001.67333984375,
  "tsnr": 22.377769470214844
}