{
  "aor": 0.0013606194690265487,
  "aqi": 0.019016064579646018,
  "bids_meta": {
    "BandwidthPerPixelPhaseEncode": 34.305,
    "CogAtlasID": "http://www.cognitiveatlas.org/id/trm_4cacee4a1d875/",
    "EchoTime": 0.03,
    "EffectiveEchoSpacing": 0.000275,
    "FlipAngle": 68,
    "MagneticFieldStrength": 3,
    "Manufacturer": "SIEMENS",
    "ManufacturersModelName": "Prisma",
    "MultibandAccelerationFactor": 4,
    "PhaseEncodingDirection": "j-",
    "RepetitionTime": 1,
    "SliceTiming": [
      0,
      0.4375,
      0.875,
      0.3125,
      0.75,
      0.1875,
      0.625,
      0.0625,
      0.5,
      0.9375,
      0.375,
      0.8125,
      0.25,
      0.6875,
      0.125,
      0.5625,
      0,
      0.4375,
      0.875,
      0.3125,
      0.75,
      0.1875,
      0.625,
      0.0625,
      0.5,
      0.9375,
      0.375,
      0.8125,
      0.25,
      0.6875,
      0.125,
      0.5625,
      0,
      0.4375,
      0.875,
      0.3125,
      0.75,
      0.1875,
      0.625,
      0.0625,
      0.5,
      0.9375,
      0.375,
      0.8125,
      0.25,
      0.6875,
      0.125,
      0.5625,
      0,
      0.4375,
      0.875,
      0.3125,
      0.75,
      0.1875,
      0.625,
      0.0625,
      0.5,
      0.9375,
      0.375,
      0.8125,
      0.25,
      0.6875,
      0.125,
      0.5625
    ],
    "TaskDescription": "Mixed gambles task",
    "TaskName": "MGT",
    "dataset": "ds001734",
    "modality": "bold",
    "run_id": 2,
    "subject_id": "068",
    "task_id": "MGT"
  },
  "dummy_trs": 1,
  "dvars_nstd": 66.49543687804871,
  "dvars_std": 1.0581249346784918,
  "dvars_vstd": 1.105020330465632,
  "efc": 0.5550004941514588,
  "fber": 437.3074035644531,
  "fd_mean": 0.19692587163252462,
  "fd_num": 128,
  "fd_perc": 28.31858407079646,
  "fwhm_avg": 3.050909126219453,
  "fwhm_x": 2.8665,
  "fwhm_y": 3.232565,
  "fwhm_z": 3.053662378658359,
  "gcor": 0.00785303,
  "gsr_x": -0.03196362033486366,
  "gsr_y": 0.08314097672700882,
  "provenance": {
    "md5sum": "70d7214993973b10c93a572dffca203f",
    "settings": {
      "fd_thres": 0.2,
      "testing": false
    },
    "software": "mriqc",
    "version": "21.0.0rc2",
    "webapi_port": null,
    "webapi_url": "https://mriqc.nimh.nih.gov/api/v1"
  },
  "size_t": 452,
  "size_x": 106,
  "size_y": 106,
  "size_z": 64,
  "snr": 2.3046019548185614,
  "spacing_tr": 1.0,
  "spacing_x": 2.0,
  "spacing_y": 2.0,
  "spacing_z": 2.4000000953674316,
  "summary_bg_k": 23.43923426513122,
  "summary_bg_mad": 200.23608943226137,
  "summary_bg_mean": 1021.5360717773438,
  "summary_bg_median": 416.1425476074219,
  "summary_bg_n": 465569.0,
  "summary_bg_p05": 264.6150268554687,
  "summary_bg_p95": 4382.759570312499,
  "summary_bg_stdv": 1736.628173828125,
  "summary_fg_k": 0.4906642806992152,
  "summary_fg_mad": 3764.167768875532,
  "summary_fg_mean": 9464.0322265625,
  "summary_fg_median": 8943.06640625,
  "summary_fg_n": 149923.0,
  "summary_fg_p05": 4124.123046875,
  "summary_fg_p95": 16524.981445312493,
  "summary_fg_stdv": 3880.512451171875,
  "tsnr": 20.444808959960938
}