{
  "aor": 0.0006388520971302428,
  "aqi": 0.010763637328918321,
  "bids_meta": {
    "BandwidthPerPixelPhaseEncode": 34.305,
    "CogAtlasID": "http://www.cognitiveatlas.org/id/trm_4cacee4a1d875/",
    "EchoTime": 0.03,
    "EffectiveEchoSpacing": 0.000275,
    "FlipAngle": 68,
    "MagneticFieldStrength": 3,
    "Manufacturer": "SIEMENS",
    "ManufacturersModelName": "Prisma",
    "MultibandAccelerationFactor": 4,
    "PhaseEncodingDirection": "j-",
    "RepetitionTime": 1,
    "SliceTiming": [
      0,
      0.4375,
      0.875,
      0.3125,
      0.75,
      0.1875,
      0.625,
      0.0625,
      0.5,
      0.9375,
      0.375,
      0.8125,
      0.25,
      0.6875,
      0.125,
      0.5625,
      0,
      0.4375,
      0.875,
      0.3125,
      0.75,
      0.1875,
      0.625,
      0.0625,
      0.5,
      0.9375,
      0.375,
      0.8125,
      0.25,
      0.6875,
      0.125,
      0.5625,
      0,
      0.4375,
      0.875,
      0.3125,
      0.75,
      0.1875,
      0.625,
      0.0625,
      0.5,
      0.9375,
      0.375,
      0.8125,
      0.25,
      0.6875,
      0.125,
      0.5625,
      0,
      0.4375,
      0.875,
      0.3125,
      0.75,
      0.1875,
      0.625,
      0.0625,
      0.5,
      0.9375,
      0.375,
      0.8125,
      0.25,
      0.6875,
      0.125,
      0.5625
    ],
    "TaskDescription": "Mixed gambles task",
    "TaskName": "MGT",
    "dataset": "ds001734",
    "modality": "bold",
    "run_id": 3,
    "subject_id": "094",
    "task_id": "MGT"
  },
  "dummy_trs": 0,
  "dvars_nstd": 61.125815459336344,
  "dvars_std": 1.1140014568584076,
  "dvars_vstd": 1.0082796251327437,
  "efc": 0.5593267385925201,
  "fber": 395.4937744140625,
  "fd_mean": 0.07547555428432437,
  "fd_num": 9,
  "fd_perc": 1.9867549668874172,
  "fwhm_avg": 3.0424416255520463,
  "fwhm_x": 2.81388,
  "fwhm_y": 3.209395,
  "fwhm_z": 3.10404987665614,
  "gcor": 0.00935474,
  "gsr_x": -0.010319865308701992,
  "gsr_y": 0.05907035991549492,
  "provenance": {
    "md5sum": "c72a2e925ba08dee058da15f3dce980d",
    "settings": {
      "fd_thres": 0.2,
      "testing": false
    },
    "software": "mriqc",
    "version": "21.0.0rc2",
    "webapi_port": null,
    "webapi_url": "https://mriqc.nimh.nih.gov/api/v1"
  },
  "size_t": 453,
  "size_x": 106,
  "size_y": 106,
  "size_z": 64,
  "snr": 2.222554662818531,
  "spacing_tr": 1.0,
  "spacing_x": 2.0,
  "spacing_y": 2.0,
  "spacing_z": 2.4000000953674316,
  "summary_bg_k": 29.158017424939345,
  "summary_bg_mad": 214.70872219386655,
  "summary_bg_mean": 864.4297485351562,
  "summary_bg_median": 425.9166259765625,
  "summary_bg_n": 442246.0,
  "summary_bg_p05": 263.7216491699219,
  "summary_bg_p95": 3378.396484375,
  "summary_bg_stdv": 1346.215576171875,
  "summary_fg_k": 0.86867807574985,
  "summary_fg_mad": 3649.33704177407,
  "summary_fg_mean": 9480.39453125,
  "summary_fg_median": 8820.5537109375,
  "summary_fg_n": 166593.0,
  "summary_fg_p05": 4354.4064453125,
  "summary_fg_p95": 16947.06953125,
  "summary_fg_stdv": 3968.6435546875,
  "tsnr": 24.600526809692383
}