{
  "aor": 0.002332516556291391,
  "aqi": 0.017551307593818982,
  "bids_meta": {
    "BandwidthPerPixelPhaseEncode": 34.305,
    "CogAtlasID": "http://www.cognitiveatlas.org/id/trm_4cacee4a1d875/",
    "EchoTime": 0.03,
    "EffectiveEchoSpacing": 0.000275,
    "FlipAngle": 68,
    "MagneticFieldStrength": 3,
    "Manufacturer": "SIEMENS",
    "ManufacturersModelName": "Prisma",
    "MultibandAccelerationFactor": 4,
    "PhaseEncodingDirection": "j-",
    "RepetitionTime": 1,
    "SliceTiming": [
      0,
      0.4375,
      0.875,
      0.3125,
      0.75,
      0.1875,
      0.625,
      0.0625,
      0.5,
      0.9375,
      0.375,
      0.8125,
      0.25,
      0.6875,
      0.125,
      0.5625,
      0,
      0.4375,
      0.875,
      0.3125,
      0.75,
      0.1875,
      0.625,
      0.0625,
      0.5,
      0.9375,
      0.375,
      0.8125,
      0.25,
      0.6875,
      0.125,
      0.5625,
      0,
      0.4375,
      0.875,
      0.3125,
      0.75,
      0.1875,
      0.625,
      0.0625,
      0.5,
      0.9375,
      0.375,
      0.8125,
      0.25,
      0.6875,
      0.125,
      0.5625,
      0,
      0.4375,
      0.875,
      0.3125,
      0.75,
      0.1875,
      0.625,
      0.0625,
      0.5,
      0.9375,
      0.375,
      0.8125,
      0.25,
      0.6875,
      0.125,
      0.5625
    ],
    "TaskDescription": "Mixed gambles task",
    "TaskName": "MGT",
    "dataset": "ds001734",
    "modality": "bold",
    "run_id": 4,
    "subject_id": "018",
    "task_id": "MGT"
  },
  "dummy_trs": 0,
  "dvars_nstd": 61.439277159292,
  "dvars_std": 1.0412561621238938,
  "dvars_vstd": 1.0099568549557518,
  "efc": 0.4919416514900383,
  "fber": 575.3671264648438,
  "fd_mean": 0.29513563902468454,
  "fd_num": 275,
  "fd_perc": 60.70640176600441,
  "fwhm_avg": 3.217693013510386,
  "fwhm_x": 3.174485,
  "fwhm_y": 3.30429,
  "fwhm_z": 3.174304040531157,
  "gcor": 0.00422429,
  "gsr_x": -0.011080713011324406,
  "gsr_y": 0.04307914525270462,
  "provenance": {
    "md5sum": "cb07011dfd39ede4d643e2e3929181da",
    "settings": {
      "fd_thres": 0.2,
      "testing": false
    },
    "software": "mriqc",
    "version": "21.0.0rc2",
    "webapi_port": null,
    "webapi_url": "https://mriqc.nimh.nih.gov/api/v1"
  },
  "size_t": 453,
  "size_x": 106,
  "size_y": 106,
  "size_z": 64,
  "snr": 2.260387607210667,
  "spacing_tr": 1.0,
  "spacing_x": 2.0,
  "spacing_y": 2.0,
  "spacing_z": 2.4000000953674316,
  "summary_bg_k": 34.48391595115714,
  "summary_bg_mad": 133.2252562742365,
  "summary_bg_mean": 690.7981567382812,
  "summary_bg_median": 352.809326171875,
  "summary_bg_n": 509973.0,
  "summary_bg_p05": 252.10020446777344,
  "summary_bg_p95": 2268.8628417968744,
  "summary_bg_stdv": 1056.196044921875,
  "summary_fg_k": 2.912015692924558,
  "summary_fg_mad": 3106.1602367989117,
  "summary_fg_mean": 9310.22265625,
  "summary_fg_median": 8563.857421875,
  "summary_fg_n": 114566.0,
  "summary_fg_p05": 4828.4443359375,
  "summary_fg_p95": 16589.63427734375,
  "summary_fg_stdv": 3788.651123046875,
  "tsnr": 20.58483123779297
}