{
  "aor": 0.0014912831858407082,
  "aqi": 0.020283828318584073,
  "bids_meta": {
    "BandwidthPerPixelPhaseEncode": 34.305,
    "CogAtlasID": "http://www.cognitiveatlas.org/id/trm_4cacee4a1d875/",
    "EchoTime": 0.03,
    "EffectiveEchoSpacing": 0.000275,
    "FlipAngle": 68,
    "MagneticFieldStrength": 3,
    "Manufacturer": "SIEMENS",
    "ManufacturersModelName": "Prisma",
    "MultibandAccelerationFactor": 4,
    "PhaseEncodingDirection": "j-",
    "RepetitionTime": 1,
    "SliceTiming": [
      0,
      0.4375,
      0.875,
      0.3125,
      0.75,
      0.1875,
      0.625,
      0.0625,
      0.5,
      0.9375,
      0.375,
      0.8125,
      0.25,
      0.6875,
      0.125,
      0.5625,
      0,
      0.4375,
      0.875,
      0.3125,
      0.75,
      0.1875,
      0.625,
      0.0625,
      0.5,
      0.9375,
      0.375,
      0.8125,
      0.25,
      0.6875,
      0.125,
      0.5625,
      0,
      0.4375,
      0.875,
      0.3125,
      0.75,
      0.1875,
      0.625,
      0.0625,
      0.5,
      0.9375,
      0.375,
      0.8125,
      0.25,
      0.6875,
      0.125,
      0.5625,
      0,
      0.4375,
      0.875,
      0.3125,
      0.75,
      0.1875,
      0.625,
      0.0625,
      0.5,
      0.9375,
      0.375,
      0.8125,
      0.25,
      0.6875,
      0.125,
      0.5625
    ],
    "TaskDescription": "Mixed gambles task",
    "TaskName": "MGT",
    "dataset": "ds001734",
    "modality": "bold",
    "run_id": 3,
    "subject_id": "016",
    "task_id": "MGT"
  },
  "dummy_trs": 1,
  "dvars_nstd": 68.87309948574278,
  "dvars_std": 1.0437606930820398,
  "dvars_vstd": 0.9954276539024387,
  "efc": 0.5176632591662471,
  "fber": 460.65728759765625,
  "fd_mean": 0.19877136561006137,
  "fd_num": 121,
  "fd_perc": 26.76991150442478,
  "fwhm_avg": 3.0944457924135875,
  "fwhm_x": 2.90506,
  "fwhm_y": 3.28894,
  "fwhm_z": 3.089337377240762,
  "gcor": 0.00976275,
  "gsr_x": -0.0077704619616270065,
  "gsr_y": 0.04665219783782959,
  "provenance": {
    "md5sum": "647fc2563eb79c14af1786cfb14da0ed",
    "settings": {
      "fd_thres": 0.2,
      "testing": false
    },
    "software": "mriqc",
    "version": "21.0.0rc2",
    "webapi_port": null,
    "webapi_url": "https://mriqc.nimh.nih.gov/api/v1"
  },
  "size_t": 452,
  "size_x": 106,
  "size_y": 106,
  "size_z": 64,
  "snr": 2.369569586969617,
  "spacing_tr": 1.0,
  "spacing_x": 2.0,
  "spacing_y": 2.0,
  "spacing_z": 2.4000000953674316,
  "summary_bg_k": 42.74692681732114,
  "summary_bg_mad": 143.00607378155775,
  "summary_bg_mean": 684.1122436523438,
  "summary_bg_median": 363.68035888671875,
  "summary_bg_n": 489424.0,
  "summary_bg_p05": 255.59048461914062,
  "summary_bg_p95": 2201.348059082031,
  "summary_bg_stdv": 1024.572998046875,
  "summary_fg_k": 0.7481025714898162,
  "summary_fg_mad": 3173.8445029226423,
  "summary_fg_mean": 8640.4736328125,
  "summary_fg_median": 8143.2373046875,
  "summary_fg_n": 126915.0,
  "summary_fg_p05": 3958.7310546875,
  "summary_fg_p95": 15061.002246093747,
  "summary_fg_stdv": 3436.57568359375,
  "tsnr": 18.8877010345459
}