{
  "aor": 0.0014381456953642385,
  "aqi": 0.029698278366445917,
  "bids_meta": {
    "BandwidthPerPixelPhaseEncode": 34.305,
    "CogAtlasID": "http://www.cognitiveatlas.org/id/trm_4cacee4a1d875/",
    "EchoTime": 0.03,
    "EffectiveEchoSpacing": 0.000275,
    "FlipAngle": 68,
    "MagneticFieldStrength": 3,
    "Manufacturer": "SIEMENS",
    "ManufacturersModelName": "Prisma",
    "MultibandAccelerationFactor": 4,
    "PhaseEncodingDirection": "j-",
    "RepetitionTime": 1,
    "SliceTiming": [
      0,
      0.4375,
      0.875,
      0.3125,
      0.75,
      0.1875,
      0.625,
      0.0625,
      0.5,
      0.9375,
      0.375,
      0.8125,
      0.25,
      0.6875,
      0.125,
      0.5625,
      0,
      0.4375,
      0.875,
      0.3125,
      0.75,
      0.1875,
      0.625,
      0.0625,
      0.5,
      0.9375,
      0.375,
      0.8125,
      0.25,
      0.6875,
      0.125,
      0.5625,
      0,
      0.4375,
      0.875,
      0.3125,
      0.75,
      0.1875,
      0.625,
      0.0625,
      0.5,
      0.9375,
      0.375,
      0.8125,
      0.25,
      0.6875,
      0.125,
      0.5625,
      0,
      0.4375,
      0.875,
      0.3125,
      0.75,
      0.1875,
      0.625,
      0.0625,
      0.5,
      0.9375,
      0.375,
      0.8125,
      0.25,
      0.6875,
      0.125,
      0.5625
    ],
    "TaskDescription": "Mixed gambles task",
    "TaskName": "MGT",
    "dataset": "ds001734",
    "modality": "bold",
    "run_id": 4,
    "subject_id": "016",
    "task_id": "MGT"
  },
  "dummy_trs": 0,
  "dvars_nstd": 72.40269466836287,
  "dvars_std": 1.0049364895575215,
  "dvars_vstd": 0.9708483868584066,
  "efc": 0.5176878527156338,
  "fber": 452.9452819824219,
  "fd_mean": 0.31738478087796157,
  "fd_num": 170,
  "fd_perc": 37.52759381898455,
  "fwhm_avg": 3.1755160691191993,
  "fwhm_x": 2.96441,
  "fwhm_y": 3.391855,
  "fwhm_z": 3.170283207357597,
  "gcor": 0.0134334,
  "gsr_x": -0.0068052541464567184,
  "gsr_y": 0.04416217654943466,
  "provenance": {
    "md5sum": "a1dc0e3a5aba8e87483d21aa4101d9c3",
    "settings": {
      "fd_thres": 0.2,
      "testing": false
    },
    "software": "mriqc",
    "version": "21.0.0rc2",
    "webapi_port": null,
    "webapi_url": "https://mriqc.nimh.nih.gov/api/v1"
  },
  "size_t": 453,
  "size_x": 106,
  "size_y": 106,
  "size_z": 64,
  "snr": 2.3649937198780595,
  "spacing_tr": 1.0,
  "spacing_x": 2.0,
  "spacing_y": 2.0,
  "spacing_z": 2.4000000953674316,
  "summary_bg_k": 40.12510250885361,
  "summary_bg_mad": 147.37214456952907,
  "summary_bg_mean": 684.4326171875,
  "summary_bg_median": 366.08404541015625,
  "summary_bg_n": 489709.0,
  "summary_bg_p05": 253.45110473632812,
  "summary_bg_p95": 2219.4733398437493,
  "summary_bg_stdv": 1005.0601196289062,
  "summary_fg_k": 0.8570167862728093,
  "summary_fg_mad": 3148.01081079936,
  "summary_fg_mean": 8601.3642578125,
  "summary_fg_median": 8102.462890625,
  "summary_fg_n": 126852.0,
  "summary_fg_p05": 3954.796240234375,
  "summary_fg_p95": 15012.957666015622,
  "summary_fg_stdv": 3425.984130859375,
  "tsnr": 16.31780433654785
}