{
  "aor": 0.0003782079646017699,
  "aqi": 0.014131034292035398,
  "bids_meta": {
    "BandwidthPerPixelPhaseEncode": 34.305,
    "CogAtlasID": "http://www.cognitiveatlas.org/id/trm_4cacee4a1d875/",
    "EchoTime": 0.03,
    "EffectiveEchoSpacing": 0.000275,
    "FlipAngle": 68,
    "MagneticFieldStrength": 3,
    "Manufacturer": "SIEMENS",
    "ManufacturersModelName": "Prisma",
    "MultibandAccelerationFactor": 4,
    "PhaseEncodingDirection": "j-",
    "RepetitionTime": 1,
    "SliceTiming": [
      0,
      0.4375,
      0.875,
      0.3125,
      0.75,
      0.1875,
      0.625,
      0.0625,
      0.5,
      0.9375,
      0.375,
      0.8125,
      0.25,
      0.6875,
      0.125,
      0.5625,
      0,
      0.4375,
      0.875,
      0.3125,
      0.75,
      0.1875,
      0.625,
      0.0625,
      0.5,
      0.9375,
      0.375,
      0.8125,
      0.25,
      0.6875,
      0.125,
      0.5625,
      0,
      0.4375,
      0.875,
      0.3125,
      0.75,
      0.1875,
      0.625,
      0.0625,
      0.5,
      0.9375,
      0.375,
      0.8125,
      0.25,
      0.6875,
      0.125,
      0.5625,
      0,
      0.4375,
      0.875,
      0.3125,
      0.75,
      0.1875,
      0.625,
      0.0625,
      0.5,
      0.9375,
      0.375,
      0.8125,
      0.25,
      0.6875,
      0.125,
      0.5625
    ],
    "TaskDescription": "Mixed gambles task",
    "TaskName": "MGT",
    "dataset": "ds001734",
    "modality": "bold",
    "run_id": 3,
    "subject_id": "060",
    "task_id": "MGT"
  },
  "dummy_trs": 1,
  "dvars_nstd": 54.35091713949001,
  "dvars_std": 1.0284775423059869,
  "dvars_vstd": 1.0825173327050999,
  "efc": 0.5073366156461905,
  "fber": 630.14990234375,
  "fd_mean": 0.13208699859182094,
  "fd_num": 56,
  "fd_perc": 12.389380530973451,
  "fwhm_avg": 3.2546321791910926,
  "fwhm_x": 3.095695,
  "fwhm_y": 3.41946,
  "fwhm_z": 3.2487415375732764,
  "gcor": 0.00695184,
  "gsr_x": -0.014957880601286888,
  "gsr_y": 0.05295827239751816,
  "provenance": {
    "md5sum": "964a87f8037ccf122d62d6264620610c",
    "settings": {
      "fd_thres": 0.2,
      "testing": false
    },
    "software": "mriqc",
    "version": "21.0.0rc2",
    "webapi_port": null,
    "webapi_url": "https://mriqc.nimh.nih.gov/api/v1"
  },
  "size_t": 452,
  "size_x": 106,
  "size_y": 106,
  "size_z": 64,
  "snr": 2.4629809618311644,
  "spacing_tr": 1.0,
  "spacing_x": 2.0,
  "spacing_y": 2.0,
  "spacing_z": 2.4000000953674316,
  "summary_bg_k": 34.02407621732934,
  "summary_bg_mad": 130.38221449561047,
  "summary_bg_mean": 700.4642333984375,
  "summary_bg_median": 352.8153076171875,
  "summary_bg_n": 493434.0,
  "summary_bg_p05": 253.21169509887696,
  "summary_bg_p95": 2537.5432617187457,
  "summary_bg_stdv": 1036.07470703125,
  "summary_fg_k": 0.7172199332633595,
  "summary_fg_mad": 3570.7098971664864,
  "summary_fg_mean": 9594.7392578125,
  "summary_fg_median": 9103.2880859375,
  "summary_fg_n": 126829.0,
  "summary_fg_p05": 4543.42451171875,
  "summary_fg_p95": 16218.767187499994,
  "summary_fg_stdv": 3696.0302734375,
  "tsnr": 22.726337432861328
}