{
  "aor": 0.0008558719646799116,
  "aqi": 0.0110891540397351,
  "bids_meta": {
    "BandwidthPerPixelPhaseEncode": 34.305,
    "CogAtlasID": "http://www.cognitiveatlas.org/id/trm_4cacee4a1d875/",
    "EchoTime": 0.03,
    "EffectiveEchoSpacing": 0.000275,
    "FlipAngle": 68,
    "MagneticFieldStrength": 3,
    "Manufacturer": "SIEMENS",
    "ManufacturersModelName": "Prisma",
    "MultibandAccelerationFactor": 4,
    "PhaseEncodingDirection": "j-",
    "RepetitionTime": 1,
    "SliceTiming": [
      0,
      0.4375,
      0.875,
      0.3125,
      0.75,
      0.1875,
      0.625,
      0.0625,
      0.5,
      0.9375,
      0.375,
      0.8125,
      0.25,
      0.6875,
      0.125,
      0.5625,
      0,
      0.4375,
      0.875,
      0.3125,
      0.75,
      0.1875,
      0.625,
      0.0625,
      0.5,
      0.9375,
      0.375,
      0.8125,
      0.25,
      0.6875,
      0.125,
      0.5625,
      0,
      0.4375,
      0.875,
      0.3125,
      0.75,
      0.1875,
      0.625,
      0.0625,
      0.5,
      0.9375,
      0.375,
      0.8125,
      0.25,
      0.6875,
      0.125,
      0.5625,
      0,
      0.4375,
      0.875,
      0.3125,
      0.75,
      0.1875,
      0.625,
      0.0625,
      0.5,
      0.9375,
      0.375,
      0.8125,
      0.25,
      0.6875,
      0.125,
      0.5625
    ],
    "TaskDescription": "Mixed gambles task",
    "TaskName": "MGT",
    "dataset": "ds001734",
    "modality": "bold",
    "run_id": 4,
    "subject_id": "060",
    "task_id": "MGT"
  },
  "dummy_trs": 0,
  "dvars_nstd": 54.12024753694689,
  "dvars_std": 1.053275851438053,
  "dvars_vstd": 1.0005676648451325,
  "efc": 0.5091404414811508,
  "fber": 635.5355834960938,
  "fd_mean": 0.09819890314117179,
  "fd_num": 14,
  "fd_perc": 3.0905077262693155,
  "fwhm_avg": 3.1445221805951125,
  "fwhm_x": 2.996155,
  "fwhm_y": 3.29467,
  "fwhm_z": 3.142741541785338,
  "gcor": 0.00467013,
  "gsr_x": -0.015128013677895069,
  "gsr_y": 0.05370538681745529,
  "provenance": {
    "md5sum": "2590d96f223d496047b49a7eec1575e3",
    "settings": {
      "fd_thres": 0.2,
      "testing": false
    },
    "software": "mriqc",
    "version": "21.0.0rc2",
    "webapi_port": null,
    "webapi_url": "https://mriqc.nimh.nih.gov/api/v1"
  },
  "size_t": 453,
  "size_x": 106,
  "size_y": 106,
  "size_z": 64,
  "snr": 2.509477191423737,
  "spacing_tr": 1.0,
  "spacing_x": 2.0,
  "spacing_y": 2.0,
  "spacing_z": 2.4000000953674316,
  "summary_bg_k": 33.76704264069396,
  "summary_bg_mad": 122.10585274901706,
  "summary_bg_mean": 690.842041015625,
  "summary_bg_median": 346.83795166015625,
  "summary_bg_n": 494154.0,
  "summary_bg_p05": 252.38497772216797,
  "summary_bg_p95": 2510.1709594726512,
  "summary_bg_stdv": 1032.8070068359375,
  "summary_fg_k": 0.6477054295181235,
  "summary_fg_mad": 3431.854933139571,
  "summary_fg_mean": 9452.2373046875,
  "summary_fg_median": 8980.3232421875,
  "summary_fg_n": 127005.0,
  "summary_fg_p05": 4519.48544921875,
  "summary_fg_p95": 15839.1810546875,
  "summary_fg_stdv": 3578.54931640625,
  "tsnr": 25.12196159362793
}