{
  "aor": 0.000699448123620309,
  "aqi": 0.007727896291390728,
  "bids_meta": {
    "BandwidthPerPixelPhaseEncode": 34.305,
    "CogAtlasID": "http://www.cognitiveatlas.org/id/trm_4cacee4a1d875/",
    "EchoTime": 0.03,
    "EffectiveEchoSpacing": 0.000275,
    "FlipAngle": 68,
    "MagneticFieldStrength": 3,
    "Manufacturer": "SIEMENS",
    "ManufacturersModelName": "Prisma",
    "MultibandAccelerationFactor": 4,
    "PhaseEncodingDirection": "j-",
    "RepetitionTime": 1,
    "SliceTiming": [
      0,
      0.4375,
      0.875,
      0.3125,
      0.75,
      0.1875,
      0.625,
      0.0625,
      0.5,
      0.9375,
      0.375,
      0.8125,
      0.25,
      0.6875,
      0.125,
      0.5625,
      0,
      0.4375,
      0.875,
      0.3125,
      0.75,
      0.1875,
      0.625,
      0.0625,
      0.5,
      0.9375,
      0.375,
      0.8125,
      0.25,
      0.6875,
      0.125,
      0.5625,
      0,
      0.4375,
      0.875,
      0.3125,
      0.75,
      0.1875,
      0.625,
      0.0625,
      0.5,
      0.9375,
      0.375,
      0.8125,
      0.25,
      0.6875,
      0.125,
      0.5625,
      0,
      0.4375,
      0.875,
      0.3125,
      0.75,
      0.1875,
      0.625,
      0.0625,
      0.5,
      0.9375,
      0.375,
      0.8125,
      0.25,
      0.6875,
      0.125,
      0.5625
    ],
    "TaskDescription": "Mixed gambles task",
    "TaskName": "MGT",
    "dataset": "ds001734",
    "modality": "bold",
    "run_id": 4,
    "subject_id": "003",
    "task_id": "MGT"
  },
  "dummy_trs": 0,
  "dvars_nstd": 51.62650678865042,
  "dvars_std": 1.0479377122787623,
  "dvars_vstd": 1.0560227375000006,
  "efc": 0.5057363270506852,
  "fber": 557.1134643554688,
  "fd_mean": 0.08832891965915057,
  "fd_num": 16,
  "fd_perc": 3.532008830022075,
  "fwhm_avg": 3.200908291589553,
  "fwhm_x": 3.08131,
  "fwhm_y": 3.369865,
  "fwhm_z": 3.1515498747686594,
  "gcor": 0.0100408,
  "gsr_x": -0.010455896146595478,
  "gsr_y": 0.059168897569179535,
  "provenance": {
    "md5sum": "918b2bd827eefc5ca65e090d9255fc5f",
    "settings": {
      "fd_thres": 0.2,
      "testing": false
    },
    "software": "mriqc",
    "version": "21.0.0rc2",
    "webapi_port": null,
    "webapi_url": "https://mriqc.nimh.nih.gov/api/v1"
  },
  "size_t": 453,
  "size_x": 106,
  "size_y": 106,
  "size_z": 64,
  "snr": 2.334897112730473,
  "spacing_tr": 1.0,
  "spacing_x": 2.0,
  "spacing_y": 2.0,
  "spacing_z": 2.4000000953674316,
  "summary_bg_k": 35.74384782538615,
  "summary_bg_mad": 197.09727828405613,
  "summary_bg_mean": 823.3514404296875,
  "summary_bg_median": 401.95849609375,
  "summary_bg_n": 500779.0,
  "summary_bg_p05": 261.14818115234374,
  "summary_bg_p95": 2854.3085693359353,
  "summary_bg_stdv": 1239.115234375,
  "summary_fg_k": 0.9169719255292543,
  "summary_fg_mad": 4006.713673412912,
  "summary_fg_mean": 10396.3125,
  "summary_fg_median": 9788.08984375,
  "summary_fg_n": 121155.0,
  "summary_fg_p05": 4823.710791015625,
  "summary_fg_p95": 18047.438867187484,
  "summary_fg_stdv": 4192.06884765625,
  "tsnr": 27.086997985839844
}