{
  "aor": 0.00018940397350993381,
  "aqi": 0.007526158587196468,
  "bids_meta": {
    "BandwidthPerPixelPhaseEncode": 34.305,
    "CogAtlasID": "http://www.cognitiveatlas.org/id/trm_4cacee4a1d875/",
    "EchoTime": 0.03,
    "EffectiveEchoSpacing": 0.000275,
    "FlipAngle": 68,
    "MagneticFieldStrength": 3,
    "Manufacturer": "SIEMENS",
    "ManufacturersModelName": "Prisma",
    "MultibandAccelerationFactor": 4,
    "PhaseEncodingDirection": "j-",
    "RepetitionTime": 1,
    "SliceTiming": [
      0,
      0.4375,
      0.875,
      0.3125,
      0.75,
      0.1875,
      0.625,
      0.0625,
      0.5,
      0.9375,
      0.375,
      0.8125,
      0.25,
      0.6875,
      0.125,
      0.5625,
      0,
      0.4375,
      0.875,
      0.3125,
      0.75,
      0.1875,
      0.625,
      0.0625,
      0.5,
      0.9375,
      0.375,
      0.8125,
      0.25,
      0.6875,
      0.125,
      0.5625,
      0,
      0.4375,
      0.875,
      0.3125,
      0.75,
      0.1875,
      0.625,
      0.0625,
      0.5,
      0.9375,
      0.375,
      0.8125,
      0.25,
      0.6875,
      0.125,
      0.5625,
      0,
      0.4375,
      0.875,
      0.3125,
      0.75,
      0.1875,
      0.625,
      0.0625,
      0.5,
      0.9375,
      0.375,
      0.8125,
      0.25,
      0.6875,
      0.125,
      0.5625
    ],
    "TaskDescription": "Mixed gambles task",
    "TaskName": "MGT",
    "dataset": "ds001734",
    "modality": "bold",
    "run_id": 1,
    "subject_id": "003",
    "task_id": "MGT"
  },
  "dummy_trs": 0,
  "dvars_nstd": 51.55461651446904,
  "dvars_std": 1.033234363451327,
  "dvars_vstd": 0.9903709426548662,
  "efc": 0.5031915778433181,
  "fber": 580.2705078125,
  "fd_mean": 0.07550595036846754,
  "fd_num": 5,
  "fd_perc": 1.1037527593818985,
  "fwhm_avg": 3.2060991247197337,
  "fwhm_x": 3.076235,
  "fwhm_y": 3.375175,
  "fwhm_z": 3.166887374159202,
  "gcor": 0.00450055,
  "gsr_x": -0.010531052015721798,
  "gsr_y": 0.05845976620912552,
  "provenance": {
    "md5sum": "a5990921dc202e5300ff2ff106739c3c",
    "settings": {
      "fd_thres": 0.2,
      "testing": false
    },
    "software": "mriqc",
    "version": "21.0.0rc2",
    "webapi_port": null,
    "webapi_url": "https://mriqc.nimh.nih.gov/api/v1"
  },
  "size_t": 453,
  "size_x": 106,
  "size_y": 106,
  "size_z": 64,
  "snr": 2.346633630389158,
  "spacing_tr": 1.0,
  "spacing_x": 2.0,
  "spacing_y": 2.0,
  "spacing_z": 2.4000000953674316,
  "summary_bg_k": 37.69132215613657,
  "summary_bg_mad": 190.60786213434903,
  "summary_bg_mean": 795.3053588867188,
  "summary_bg_median": 394.9580078125,
  "summary_bg_n": 500888.0,
  "summary_bg_p05": 257.3332809448242,
  "summary_bg_p95": 2721.4970581054636,
  "summary_bg_stdv": 1177.712646484375,
  "summary_fg_k": 0.9286131100120234,
  "summary_fg_mad": 4003.689106973012,
  "summary_fg_mean": 10413.66796875,
  "summary_fg_median": 9806.421875,
  "summary_fg_n": 121212.0,
  "summary_fg_p05": 4851.063427734375,
  "summary_fg_p95": 18043.091992187496,
  "summary_fg_stdv": 4178.91455078125,
  "tsnr": 27.12409210205078
}