{
  "aor": 0.0002754746136865342,
  "aqi": 0.014464352980132449,
  "bids_meta": {
    "BandwidthPerPixelPhaseEncode": 34.305,
    "CogAtlasID": "http://www.cognitiveatlas.org/id/trm_4cacee4a1d875/",
    "EchoTime": 0.03,
    "EffectiveEchoSpacing": 0.000275,
    "FlipAngle": 68,
    "MagneticFieldStrength": 3,
    "Manufacturer": "SIEMENS",
    "ManufacturersModelName": "Prisma",
    "MultibandAccelerationFactor": 4,
    "PhaseEncodingDirection": "j-",
    "RepetitionTime": 1,
    "SliceTiming": [
      0,
      0.4375,
      0.875,
      0.3125,
      0.75,
      0.1875,
      0.625,
      0.0625,
      0.5,
      0.9375,
      0.375,
      0.8125,
      0.25,
      0.6875,
      0.125,
      0.5625,
      0,
      0.4375,
      0.875,
      0.3125,
      0.75,
      0.1875,
      0.625,
      0.0625,
      0.5,
      0.9375,
      0.375,
      0.8125,
      0.25,
      0.6875,
      0.125,
      0.5625,
      0,
      0.4375,
      0.875,
      0.3125,
      0.75,
      0.1875,
      0.625,
      0.0625,
      0.5,
      0.9375,
      0.375,
      0.8125,
      0.25,
      0.6875,
      0.125,
      0.5625,
      0,
      0.4375,
      0.875,
      0.3125,
      0.75,
      0.1875,
      0.625,
      0.0625,
      0.5,
      0.9375,
      0.375,
      0.8125,
      0.25,
      0.6875,
      0.125,
      0.5625
    ],
    "TaskDescription": "Mixed gambles task",
    "TaskName": "MGT",
    "dataset": "ds001734",
    "modality": "bold",
    "run_id": 2,
    "subject_id": "015",
    "task_id": "MGT"
  },
  "dummy_trs": 0,
  "dvars_nstd": 59.51230176570794,
  "dvars_std": 1.019527524668141,
  "dvars_vstd": 0.9754801337831862,
  "efc": 0.4924373652198627,
  "fber": 630.04638671875,
  "fd_mean": 0.11960747395422945,
  "fd_num": 43,
  "fd_perc": 9.492273730684326,
  "fwhm_avg": 2.8945460723345384,
  "fwhm_x": 2.764395,
  "fwhm_y": 2.99171,
  "fwhm_z": 2.927533217003615,
  "gcor": 0.00436999,
  "gsr_x": -0.0008432212052866817,
  "gsr_y": 0.03633442893624306,
  "provenance": {
    "md5sum": "85a8885bef79217f94b985b76aadafaa",
    "settings": {
      "fd_thres": 0.2,
      "testing": false
    },
    "software": "mriqc",
    "version": "21.0.0rc2",
    "webapi_port": null,
    "webapi_url": "https://mriqc.nimh.nih.gov/api/v1"
  },
  "size_t": 453,
  "size_x": 106,
  "size_y": 106,
  "size_z": 64,
  "snr": 2.7100253266913152,
  "spacing_tr": 1.0,
  "spacing_x": 2.0,
  "spacing_y": 2.0,
  "spacing_z": 2.4000000953674316,
  "summary_bg_k": 36.75852010781846,
  "summary_bg_mad": 100.6565558124641,
  "summary_bg_mean": 600.2095336914062,
  "summary_bg_median": 327.0816650390625,
  "summary_bg_n": 517511.0,
  "summary_bg_p05": 251.2538604736328,
  "summary_bg_p95": 1868.5949096679688,
  "summary_bg_stdv": 869.711181640625,
  "summary_fg_k": 0.46923888499909117,
  "summary_fg_mad": 2972.175852716384,
  "summary_fg_mean": 8676.130859375,
  "summary_fg_median": 8274.6953125,
  "summary_fg_n": 113135.0,
  "summary_fg_p05": 4579.360107421875,
  "summary_fg_p95": 14248.456542968732,
  "summary_fg_stdv": 3053.35107421875,
  "tsnr": 22.33928186330013
}