{
  "aor": 0.0005460044150110375,
  "aqi": 0.013572447748344369,
  "bids_meta": {
    "BandwidthPerPixelPhaseEncode": 34.305,
    "CogAtlasID": "http://www.cognitiveatlas.org/id/trm_4cacee4a1d875/",
    "EchoTime": 0.03,
    "EffectiveEchoSpacing": 0.000275,
    "FlipAngle": 68,
    "MagneticFieldStrength": 3,
    "Manufacturer": "SIEMENS",
    "ManufacturersModelName": "Prisma",
    "MultibandAccelerationFactor": 4,
    "PhaseEncodingDirection": "j-",
    "RepetitionTime": 1,
    "SliceTiming": [
      0,
      0.4375,
      0.875,
      0.3125,
      0.75,
      0.1875,
      0.625,
      0.0625,
      0.5,
      0.9375,
      0.375,
      0.8125,
      0.25,
      0.6875,
      0.125,
      0.5625,
      0,
      0.4375,
      0.875,
      0.3125,
      0.75,
      0.1875,
      0.625,
      0.0625,
      0.5,
      0.9375,
      0.375,
      0.8125,
      0.25,
      0.6875,
      0.125,
      0.5625,
      0,
      0.4375,
      0.875,
      0.3125,
      0.75,
      0.1875,
      0.625,
      0.0625,
      0.5,
      0.9375,
      0.375,
      0.8125,
      0.25,
      0.6875,
      0.125,
      0.5625,
      0,
      0.4375,
      0.875,
      0.3125,
      0.75,
      0.1875,
      0.625,
      0.0625,
      0.5,
      0.9375,
      0.375,
      0.8125,
      0.25,
      0.6875,
      0.125,
      0.5625
    ],
    "TaskDescription": "Mixed gambles task",
    "TaskName": "MGT",
    "dataset": "ds001734",
    "modality": "bold",
    "run_id": 3,
    "subject_id": "015",
    "task_id": "MGT"
  },
  "dummy_trs": 0,
  "dvars_nstd": 60.25925573827434,
  "dvars_std": 1.0397878976769912,
  "dvars_vstd": 0.9905984746681422,
  "efc": 0.4923228515055312,
  "fber": 625.3861694335938,
  "fd_mean": 0.11942242172409843,
  "fd_num": 45,
  "fd_perc": 9.933774834437086,
  "fwhm_avg": 2.9006135721843678,
  "fwhm_x": 2.76474,
  "fwhm_y": 2.99823,
  "fwhm_z": 2.938870716553103,
  "gcor": 0.00578478,
  "gsr_x": 0.0003296001523267478,
  "gsr_y": 0.034535035490989685,
  "provenance": {
    "md5sum": "b8ccb12dfc6f1c487df4ea27c5225f9c",
    "settings": {
      "fd_thres": 0.2,
      "testing": false
    },
    "software": "mriqc",
    "version": "21.0.0rc2",
    "webapi_port": null,
    "webapi_url": "https://mriqc.nimh.nih.gov/api/v1"
  },
  "size_t": 453,
  "size_x": 106,
  "size_y": 106,
  "size_z": 64,
  "snr": 2.705848478196797,
  "spacing_tr": 1.0,
  "spacing_x": 2.0,
  "spacing_y": 2.0,
  "spacing_z": 2.4000000953674316,
  "summary_bg_k": 40.72907475641493,
  "summary_bg_mad": 98.26248442611808,
  "summary_bg_mean": 589.2470703125,
  "summary_bg_median": 325.7980041503906,
  "summary_bg_n": 516394.0,
  "summary_bg_p05": 251.90286254882812,
  "summary_bg_p95": 1784.1816528320303,
  "summary_bg_stdv": 855.87939453125,
  "summary_fg_k": 0.4839250895270548,
  "summary_fg_mad": 2960.40190619208,
  "summary_fg_mean": 8634.8681640625,
  "summary_fg_median": 8227.435546875,
  "summary_fg_n": 113128.0,
  "summary_fg_p05": 4560.3826904296875,
  "summary_fg_p95": 14166.940966796868,
  "summary_fg_stdv": 3040.5986328125,
  "tsnr": 22.624500932870433
}