{
  "aor": 0.0003526385809312639,
  "aqi": 0.008868493858093128,
  "bids_meta": {
    "BandwidthPerPixelPhaseEncode": 34.305,
    "CogAtlasID": "http://www.cognitiveatlas.org/id/trm_4cacee4a1d875/",
    "EchoTime": 0.03,
    "EffectiveEchoSpacing": 0.000275,
    "FlipAngle": 68,
    "MagneticFieldStrength": 3,
    "Manufacturer": "SIEMENS",
    "ManufacturersModelName": "Prisma",
    "MultibandAccelerationFactor": 4,
    "PhaseEncodingDirection": "j-",
    "RepetitionTime": 1,
    "SliceTiming": [
      0,
      0.4375,
      0.875,
      0.3125,
      0.75,
      0.1875,
      0.625,
      0.0625,
      0.5,
      0.9375,
      0.375,
      0.8125,
      0.25,
      0.6875,
      0.125,
      0.5625,
      0,
      0.4375,
      0.875,
      0.3125,
      0.75,
      0.1875,
      0.625,
      0.0625,
      0.5,
      0.9375,
      0.375,
      0.8125,
      0.25,
      0.6875,
      0.125,
      0.5625,
      0,
      0.4375,
      0.875,
      0.3125,
      0.75,
      0.1875,
      0.625,
      0.0625,
      0.5,
      0.9375,
      0.375,
      0.8125,
      0.25,
      0.6875,
      0.125,
      0.5625,
      0,
      0.4375,
      0.875,
      0.3125,
      0.75,
      0.1875,
      0.625,
      0.0625,
      0.5,
      0.9375,
      0.375,
      0.8125,
      0.25,
      0.6875,
      0.125,
      0.5625
    ],
    "TaskDescription": "Mixed gambles task",
    "TaskName": "MGT",
    "dataset": "ds001734",
    "modality": "bold",
    "run_id": 1,
    "subject_id": "063",
    "task_id": "MGT"
  },
  "dummy_trs": 2,
  "dvars_nstd": 56.022386796666666,
  "dvars_std": 1.0837593958666667,
  "dvars_vstd": 1.0027086026000007,
  "efc": 0.49074916322472706,
  "fber": 700.0966796875,
  "fd_mean": 0.07141090900894034,
  "fd_num": 0,
  "fd_perc": 0.0,
  "fwhm_avg": 3.0908174596219937,
  "fwhm_x": 3.06022,
  "fwhm_y": 3.163795,
  "fwhm_z": 3.048437378865982,
  "gcor": 0.00134501,
  "gsr_x": -0.017014171928167343,
  "gsr_y": 0.05328518524765968,
  "provenance": {
    "md5sum": "481918ec835c6c830dfcf23fbd29f8f3",
    "settings": {
      "fd_thres": 0.2,
      "testing": false
    },
    "software": "mriqc",
    "version": "21.0.0rc2",
    "webapi_port": null,
    "webapi_url": "https://mriqc.nimh.nih.gov/api/v1"
  },
  "size_t": 451,
  "size_x": 106,
  "size_y": 106,
  "size_z": 64,
  "snr": 2.393735185832475,
  "spacing_tr": 1.0,
  "spacing_x": 2.0,
  "spacing_y": 2.0,
  "spacing_z": 2.4000000953674316,
  "summary_bg_k": 38.57743011307954,
  "summary_bg_mad": 114.46016703769436,
  "summary_bg_mean": 673.4325561523438,
  "summary_bg_median": 339.86053466796875,
  "summary_bg_n": 505238.0,
  "summary_bg_p05": 255.24558792114257,
  "summary_bg_p95": 2372.4605712890607,
  "summary_bg_stdv": 1065.128173828125,
  "summary_fg_k": 1.566665091507078,
  "summary_fg_mad": 3492.215955101972,
  "summary_fg_mean": 9901.6669921875,
  "summary_fg_median": 9212.185546875,
  "summary_fg_n": 118518.0,
  "summary_fg_p05": 5023.325952148438,
  "summary_fg_p95": 17214.351855468743,
  "summary_fg_stdv": 3848.440185546875,
  "tsnr": 27.56353759765625
}