{
  "aor": 0.00018781456953642382,
  "aqi": 0.007475514304635763,
  "bids_meta": {
    "BandwidthPerPixelPhaseEncode": 34.305,
    "CogAtlasID": "http://www.cognitiveatlas.org/id/trm_4cacee4a1d875/",
    "EchoTime": 0.03,
    "EffectiveEchoSpacing": 0.000275,
    "FlipAngle": 68,
    "MagneticFieldStrength": 3,
    "Manufacturer": "SIEMENS",
    "ManufacturersModelName": "Prisma",
    "MultibandAccelerationFactor": 4,
    "PhaseEncodingDirection": "j-",
    "RepetitionTime": 1,
    "SliceTiming": [
      0,
      0.4375,
      0.875,
      0.3125,
      0.75,
      0.1875,
      0.625,
      0.0625,
      0.5,
      0.9375,
      0.375,
      0.8125,
      0.25,
      0.6875,
      0.125,
      0.5625,
      0,
      0.4375,
      0.875,
      0.3125,
      0.75,
      0.1875,
      0.625,
      0.0625,
      0.5,
      0.9375,
      0.375,
      0.8125,
      0.25,
      0.6875,
      0.125,
      0.5625,
      0,
      0.4375,
      0.875,
      0.3125,
      0.75,
      0.1875,
      0.625,
      0.0625,
      0.5,
      0.9375,
      0.375,
      0.8125,
      0.25,
      0.6875,
      0.125,
      0.5625,
      0,
      0.4375,
      0.875,
      0.3125,
      0.75,
      0.1875,
      0.625,
      0.0625,
      0.5,
      0.9375,
      0.375,
      0.8125,
      0.25,
      0.6875,
      0.125,
      0.5625
    ],
    "TaskDescription": "Mixed gambles task",
    "TaskName": "MGT",
    "dataset": "ds001734",
    "modality": "bold",
    "run_id": 3,
    "subject_id": "062",
    "task_id": "MGT"
  },
  "dummy_trs": 0,
  "dvars_nstd": 53.73730384351768,
  "dvars_std": 1.0371902632079657,
  "dvars_vstd": 0.9987997968141592,
  "efc": 0.52386800673025,
  "fber": 479.2685241699219,
  "fd_mean": 0.07564099833989818,
  "fd_num": 0,
  "fd_perc": 0.0,
  "fwhm_avg": 3.0214883950360654,
  "fwhm_x": 2.762255,
  "fwhm_y": 3.19661,
  "fwhm_z": 3.105600185108196,
  "gcor": 0.00126054,
  "gsr_x": -0.014896728098392487,
  "gsr_y": 0.03527546301484108,
  "provenance": {
    "md5sum": "db2b2cd17162cd24e35935d712dfc4ac",
    "settings": {
      "fd_thres": 0.2,
      "testing": false
    },
    "software": "mriqc",
    "version": "21.0.0rc2",
    "webapi_port": null,
    "webapi_url": "https://mriqc.nimh.nih.gov/api/v1"
  },
  "size_t": 453,
  "size_x": 106,
  "size_y": 106,
  "size_z": 64,
  "snr": 2.4677031576143476,
  "spacing_tr": 1.0,
  "spacing_x": 2.0,
  "spacing_y": 2.0,
  "spacing_z": 2.3999998569488525,
  "summary_bg_k": 58.52795797173568,
  "summary_bg_mad": 173.97840239352473,
  "summary_bg_mean": 761.22509765625,
  "summary_bg_median": 390.4720458984375,
  "summary_bg_n": 486267.0,
  "summary_bg_p05": 261.70652160644534,
  "summary_bg_p95": 2711.6360107421874,
  "summary_bg_stdv": 1180.306884765625,
  "summary_fg_k": 0.41822091176422527,
  "summary_fg_mad": 3509.2731198834317,
  "summary_fg_mean": 9245.9345703125,
  "summary_fg_median": 8898.9384765625,
  "summary_fg_n": 130913.0,
  "summary_fg_p05": 4071.9360839843753,
  "summary_fg_p95": 15649.02890625,
  "summary_fg_stdv": 3606.148681640625,
  "tsnr": 27.193946838378906
}