{
  "aor": 0.0002044591611479029,
  "aqi": 0.00760413174392936,
  "bids_meta": {
    "BandwidthPerPixelPhaseEncode": 34.305,
    "CogAtlasID": "http://www.cognitiveatlas.org/id/trm_4cacee4a1d875/",
    "EchoTime": 0.03,
    "EffectiveEchoSpacing": 0.000275,
    "FlipAngle": 68,
    "MagneticFieldStrength": 3,
    "Manufacturer": "SIEMENS",
    "ManufacturersModelName": "Prisma",
    "MultibandAccelerationFactor": 4,
    "PhaseEncodingDirection": "j-",
    "RepetitionTime": 1,
    "SliceTiming": [
      0,
      0.4375,
      0.875,
      0.3125,
      0.75,
      0.1875,
      0.625,
      0.0625,
      0.5,
      0.9375,
      0.375,
      0.8125,
      0.25,
      0.6875,
      0.125,
      0.5625,
      0,
      0.4375,
      0.875,
      0.3125,
      0.75,
      0.1875,
      0.625,
      0.0625,
      0.5,
      0.9375,
      0.375,
      0.8125,
      0.25,
      0.6875,
      0.125,
      0.5625,
      0,
      0.4375,
      0.875,
      0.3125,
      0.75,
      0.1875,
      0.625,
      0.0625,
      0.5,
      0.9375,
      0.375,
      0.8125,
      0.25,
      0.6875,
      0.125,
      0.5625,
      0,
      0.4375,
      0.875,
      0.3125,
      0.75,
      0.1875,
      0.625,
      0.0625,
      0.5,
      0.9375,
      0.375,
      0.8125,
      0.25,
      0.6875,
      0.125,
      0.5625
    ],
    "TaskDescription": "Mixed gambles task",
    "TaskName": "MGT",
    "dataset": "ds001734",
    "modality": "bold",
    "run_id": 2,
    "subject_id": "062",
    "task_id": "MGT"
  },
  "dummy_trs": 0,
  "dvars_nstd": 53.68926309061945,
  "dvars_std": 1.0421999354203548,
  "dvars_vstd": 1.0006755035398225,
  "efc": 0.5231809244442609,
  "fber": 486.4186706542969,
  "fd_mean": 0.07340490276696617,
  "fd_num": 0,
  "fd_perc": 0.0,
  "fwhm_avg": 3.0102531169086895,
  "fwhm_x": 2.761025,
  "fwhm_y": 3.18173,
  "fwhm_z": 3.088004350726069,
  "gcor": 0.00205407,
  "gsr_x": -0.014869803562760353,
  "gsr_y": 0.032933350652456284,
  "provenance": {
    "md5sum": "3749ddfc726124eb2711f362f5ce2763",
    "settings": {
      "fd_thres": 0.2,
      "testing": false
    },
    "software": "mriqc",
    "version": "21.0.0rc2",
    "webapi_port": null,
    "webapi_url": "https://mriqc.nimh.nih.gov/api/v1"
  },
  "size_t": 453,
  "size_x": 106,
  "size_y": 106,
  "size_z": 64,
  "snr": 2.4846594489686753,
  "spacing_tr": 1.0,
  "spacing_x": 2.0,
  "spacing_y": 2.0,
  "spacing_z": 2.3999998569488525,
  "summary_bg_k": 58.74877383333213,
  "summary_bg_mad": 173.45771799622972,
  "summary_bg_mean": 760.364013671875,
  "summary_bg_median": 389.1609191894531,
  "summary_bg_n": 487153.0,
  "summary_bg_p05": 260.29363403320315,
  "summary_bg_p95": 2713.180566406248,
  "summary_bg_stdv": 1179.008056640625,
  "summary_fg_k": 0.4079535703205499,
  "summary_fg_mad": 3510.304715665351,
  "summary_fg_mean": 9276.390625,
  "summary_fg_median": 8937.515625,
  "summary_fg_n": 130552.0,
  "summary_fg_p05": 4132.020288085938,
  "summary_fg_p95": 15669.1333984375,
  "summary_fg_stdv": 3597.06494140625,
  "tsnr": 27.140121459960938
}