{
  "aor": 0.00040329646017699117,
  "aqi": 0.007627325442477876,
  "bids_meta": {
    "BandwidthPerPixelPhaseEncode": 34.305,
    "CogAtlasID": "http://www.cognitiveatlas.org/id/trm_4cacee4a1d875/",
    "EchoTime": 0.03,
    "EffectiveEchoSpacing": 0.000275,
    "FlipAngle": 68,
    "MagneticFieldStrength": 3,
    "Manufacturer": "SIEMENS",
    "ManufacturersModelName": "Prisma",
    "MultibandAccelerationFactor": 4,
    "PhaseEncodingDirection": "j-",
    "RepetitionTime": 1,
    "SliceTiming": [
      0,
      0.4375,
      0.875,
      0.3125,
      0.75,
      0.1875,
      0.625,
      0.0625,
      0.5,
      0.9375,
      0.375,
      0.8125,
      0.25,
      0.6875,
      0.125,
      0.5625,
      0,
      0.4375,
      0.875,
      0.3125,
      0.75,
      0.1875,
      0.625,
      0.0625,
      0.5,
      0.9375,
      0.375,
      0.8125,
      0.25,
      0.6875,
      0.125,
      0.5625,
      0,
      0.4375,
      0.875,
      0.3125,
      0.75,
      0.1875,
      0.625,
      0.0625,
      0.5,
      0.9375,
      0.375,
      0.8125,
      0.25,
      0.6875,
      0.125,
      0.5625,
      0,
      0.4375,
      0.875,
      0.3125,
      0.75,
      0.1875,
      0.625,
      0.0625,
      0.5,
      0.9375,
      0.375,
      0.8125,
      0.25,
      0.6875,
      0.125,
      0.5625
    ],
    "TaskDescription": "Mixed gambles task",
    "TaskName": "MGT",
    "dataset": "ds001734",
    "modality": "bold",
    "run_id": 1,
    "subject_id": "071",
    "task_id": "MGT"
  },
  "dummy_trs": 1,
  "dvars_nstd": 50.875255457738405,
  "dvars_std": 1.0368431626164074,
  "dvars_vstd": 1.2328268129933484,
  "efc": 0.5032608752923712,
  "fber": 649.3184204101562,
  "fd_mean": 0.0769754199709531,
  "fd_num": 2,
  "fd_perc": 0.4424778761061947,
  "fwhm_avg": 3.0965980146786367,
  "fwhm_x": 2.956785,
  "fwhm_y": 3.246905,
  "fwhm_z": 3.0861040440359098,
  "gcor": 0.00494599,
  "gsr_x": -0.0005011754110455513,
  "gsr_y": 0.055747296661138535,
  "provenance": {
    "md5sum": "e9d814824f476bf505c1a522f9305be1",
    "settings": {
      "fd_thres": 0.2,
      "testing": false
    },
    "software": "mriqc",
    "version": "21.0.0rc2",
    "webapi_port": null,
    "webapi_url": "https://mriqc.nimh.nih.gov/api/v1"
  },
  "size_t": 452,
  "size_x": 106,
  "size_y": 106,
  "size_z": 64,
  "snr": 2.529862498294418,
  "spacing_tr": 1.0,
  "spacing_x": 2.0,
  "spacing_y": 2.0,
  "spacing_z": 2.4000000953674316,
  "summary_bg_k": 35.68400015258379,
  "summary_bg_mad": 122.22120597033299,
  "summary_bg_mean": 688.79052734375,
  "summary_bg_median": 347.33074951171875,
  "summary_bg_n": 499862.0,
  "summary_bg_p05": 256.54425048828125,
  "summary_bg_p95": 2450.9439208984368,
  "summary_bg_stdv": 1033.818359375,
  "summary_fg_k": 0.2286467220977113,
  "summary_fg_mad": 3550.589797821308,
  "summary_fg_mean": 9604.9140625,
  "summary_fg_median": 9110.220703125,
  "summary_fg_n": 123128.0,
  "summary_fg_p05": 4683.564868164062,
  "summary_fg_p95": 16159.818798828124,
  "summary_fg_stdv": 3601.058837890625,
  "tsnr": 27.632587888045236
}