{
  "aor": 0.00037677704194260484,
  "aqi": 0.00807956991169978,
  "bids_meta": {
    "BandwidthPerPixelPhaseEncode": 34.305,
    "CogAtlasID": "http://www.cognitiveatlas.org/id/trm_4cacee4a1d875/",
    "EchoTime": 0.03,
    "EffectiveEchoSpacing": 0.000275,
    "FlipAngle": 68,
    "MagneticFieldStrength": 3,
    "Manufacturer": "SIEMENS",
    "ManufacturersModelName": "Prisma",
    "MultibandAccelerationFactor": 4,
    "PhaseEncodingDirection": "j-",
    "RepetitionTime": 1,
    "SliceTiming": [
      0,
      0.4375,
      0.875,
      0.3125,
      0.75,
      0.1875,
      0.625,
      0.0625,
      0.5,
      0.9375,
      0.375,
      0.8125,
      0.25,
      0.6875,
      0.125,
      0.5625,
      0,
      0.4375,
      0.875,
      0.3125,
      0.75,
      0.1875,
      0.625,
      0.0625,
      0.5,
      0.9375,
      0.375,
      0.8125,
      0.25,
      0.6875,
      0.125,
      0.5625,
      0,
      0.4375,
      0.875,
      0.3125,
      0.75,
      0.1875,
      0.625,
      0.0625,
      0.5,
      0.9375,
      0.375,
      0.8125,
      0.25,
      0.6875,
      0.125,
      0.5625,
      0,
      0.4375,
      0.875,
      0.3125,
      0.75,
      0.1875,
      0.625,
      0.0625,
      0.5,
      0.9375,
      0.375,
      0.8125,
      0.25,
      0.6875,
      0.125,
      0.5625
    ],
    "TaskDescription": "Mixed gambles task",
    "TaskName": "MGT",
    "dataset": "ds001734",
    "modality": "bold",
    "run_id": 3,
    "subject_id": "071",
    "task_id": "MGT"
  },
  "dummy_trs": 0,
  "dvars_nstd": 50.30717462362829,
  "dvars_std": 1.0314725349336284,
  "dvars_vstd": 1.0028339988495574,
  "efc": 0.5056256987755797,
  "fber": 635.6798095703125,
  "fd_mean": 0.06936757970725622,
  "fd_num": 0,
  "fd_perc": 0.0,
  "fwhm_avg": 3.1173452365029424,
  "fwhm_x": 2.972245,
  "fwhm_y": 3.263645,
  "fwhm_z": 3.116145709508828,
  "gcor": 0.00254645,
  "gsr_x": -0.004925861954689026,
  "gsr_y": 0.054936036467552185,
  "provenance": {
    "md5sum": "eb6806a3e6aec610db8171f23747d737",
    "settings": {
      "fd_thres": 0.2,
      "testing": false
    },
    "software": "mriqc",
    "version": "21.0.0rc2",
    "webapi_port": null,
    "webapi_url": "https://mriqc.nimh.nih.gov/api/v1"
  },
  "size_t": 453,
  "size_x": 106,
  "size_y": 106,
  "size_z": 64,
  "snr": 2.5246339208319246,
  "spacing_tr": 1.0,
  "spacing_x": 2.0,
  "spacing_y": 2.0,
  "spacing_z": 2.4000000953674316,
  "summary_bg_k": 33.043781280470185,
  "summary_bg_mad": 129.77517919700878,
  "summary_bg_mean": 720.5552368164062,
  "summary_bg_median": 354.13726806640625,
  "summary_bg_n": 500682.0,
  "summary_bg_p05": 257.7968215942383,
  "summary_bg_p95": 2644.8808105468725,
  "summary_bg_stdv": 1087.0982666015625,
  "summary_fg_k": 0.24393471367645514,
  "summary_fg_mad": 3586.144741844591,
  "summary_fg_mean": 9659.875,
  "summary_fg_median": 9159.76171875,
  "summary_fg_n": 122809.0,
  "summary_fg_p05": 4714.65966796875,
  "summary_fg_p95": 16267.644921874999,
  "summary_fg_stdv": 3628.1396484375,
  "tsnr": 27.131446838378906
}