{
  "aor": 0.0002785430463576159,
  "aqi": 0.010496904834437087,
  "bids_meta": {
    "BandwidthPerPixelPhaseEncode": 34.305,
    "CogAtlasID": "http://www.cognitiveatlas.org/id/trm_4cacee4a1d875/",
    "EchoTime": 0.03,
    "EffectiveEchoSpacing": 0.000275,
    "FlipAngle": 68,
    "MagneticFieldStrength": 3,
    "Manufacturer": "SIEMENS",
    "ManufacturersModelName": "Prisma",
    "MultibandAccelerationFactor": 4,
    "PhaseEncodingDirection": "j-",
    "RepetitionTime": 1,
    "SliceTiming": [
      0,
      0.4375,
      0.875,
      0.3125,
      0.75,
      0.1875,
      0.625,
      0.0625,
      0.5,
      0.9375,
      0.375,
      0.8125,
      0.25,
      0.6875,
      0.125,
      0.5625,
      0,
      0.4375,
      0.875,
      0.3125,
      0.75,
      0.1875,
      0.625,
      0.0625,
      0.5,
      0.9375,
      0.375,
      0.8125,
      0.25,
      0.6875,
      0.125,
      0.5625,
      0,
      0.4375,
      0.875,
      0.3125,
      0.75,
      0.1875,
      0.625,
      0.0625,
      0.5,
      0.9375,
      0.375,
      0.8125,
      0.25,
      0.6875,
      0.125,
      0.5625,
      0,
      0.4375,
      0.875,
      0.3125,
      0.75,
      0.1875,
      0.625,
      0.0625,
      0.5,
      0.9375,
      0.375,
      0.8125,
      0.25,
      0.6875,
      0.125,
      0.5625
    ],
    "TaskDescription": "Mixed gambles task",
    "TaskName": "MGT",
    "dataset": "ds001734",
    "modality": "bold",
    "run_id": 3,
    "subject_id": "001",
    "task_id": "MGT"
  },
  "dummy_trs": 0,
  "dvars_nstd": 53.079524706747804,
  "dvars_std": 1.0215445611725673,
  "dvars_vstd": 0.9844825766814153,
  "efc": 0.5307830638213294,
  "fber": 534.2470092773438,
  "fd_mean": 0.07867687406975139,
  "fd_num": 4,
  "fd_perc": 0.8830022075055187,
  "fwhm_avg": 3.1967974577020626,
  "fwhm_x": 3.09721,
  "fwhm_y": 3.299795,
  "fwhm_z": 3.193387373106187,
  "gcor": 0.00608243,
  "gsr_x": -0.015054911375045776,
  "gsr_y": 0.06213866174221039,
  "provenance": {
    "md5sum": "525ba9985ceb4b361fa76b237f802f27",
    "settings": {
      "fd_thres": 0.2,
      "testing": false
    },
    "software": "mriqc",
    "version": "21.0.0rc2",
    "webapi_port": null,
    "webapi_url": "https://mriqc.nimh.nih.gov/api/v1"
  },
  "size_t": 453,
  "size_x": 106,
  "size_y": 106,
  "size_z": 64,
  "snr": 2.1339170663172697,
  "spacing_tr": 1.0,
  "spacing_x": 2.0,
  "spacing_y": 2.0,
  "spacing_z": 2.4000000953674316,
  "summary_bg_k": 24.529453073287993,
  "summary_bg_mad": 166.25987154146122,
  "summary_bg_mean": 823.2738037109375,
  "summary_bg_median": 382.3730773925781,
  "summary_bg_n": 467650.0,
  "summary_bg_p05": 258.7948883056641,
  "summary_bg_p95": 3216.5181152343735,
  "summary_bg_stdv": 1257.6317138671875,
  "summary_fg_k": 1.1685260484383875,
  "summary_fg_mad": 3824.868312537386,
  "summary_fg_mean": 9813.1494140625,
  "summary_fg_median": 9006.45703125,
  "summary_fg_n": 151209.0,
  "summary_fg_p05": 4492.68095703125,
  "summary_fg_p95": 17975.086328125002,
  "summary_fg_stdv": 4220.60791015625,
  "tsnr": 24.65073013305664
}