{
  "aor": 0.0006190949227373067,
  "aqi": 0.012968462362030905,
  "bids_meta": {
    "BandwidthPerPixelPhaseEncode": 34.305,
    "CogAtlasID": "http://www.cognitiveatlas.org/id/trm_4cacee4a1d875/",
    "EchoTime": 0.03,
    "EffectiveEchoSpacing": 0.000275,
    "FlipAngle": 68,
    "MagneticFieldStrength": 3,
    "Manufacturer": "SIEMENS",
    "ManufacturersModelName": "Prisma",
    "MultibandAccelerationFactor": 4,
    "PhaseEncodingDirection": "j-",
    "RepetitionTime": 1,
    "SliceTiming": [
      0,
      0.4375,
      0.875,
      0.3125,
      0.75,
      0.1875,
      0.625,
      0.0625,
      0.5,
      0.9375,
      0.375,
      0.8125,
      0.25,
      0.6875,
      0.125,
      0.5625,
      0,
      0.4375,
      0.875,
      0.3125,
      0.75,
      0.1875,
      0.625,
      0.0625,
      0.5,
      0.9375,
      0.375,
      0.8125,
      0.25,
      0.6875,
      0.125,
      0.5625,
      0,
      0.4375,
      0.875,
      0.3125,
      0.75,
      0.1875,
      0.625,
      0.0625,
      0.5,
      0.9375,
      0.375,
      0.8125,
      0.25,
      0.6875,
      0.125,
      0.5625,
      0,
      0.4375,
      0.875,
      0.3125,
      0.75,
      0.1875,
      0.625,
      0.0625,
      0.5,
      0.9375,
      0.375,
      0.8125,
      0.25,
      0.6875,
      0.125,
      0.5625
    ],
    "TaskDescription": "Mixed gambles task",
    "TaskName": "MGT",
    "dataset": "ds001734",
    "modality": "bold",
    "run_id": 3,
    "subject_id": "072",
    "task_id": "MGT"
  },
  "dummy_trs": 0,
  "dvars_nstd": 58.08215401238936,
  "dvars_std": 1.0274502641592917,
  "dvars_vstd": 1.0096892893141598,
  "efc": 0.5204384448077107,
  "fber": 510.9115295410156,
  "fd_mean": 0.1203265391913586,
  "fd_num": 40,
  "fd_perc": 8.830022075055188,
  "fwhm_avg": 3.063741626493469,
  "fwhm_x": 2.980525,
  "fwhm_y": 3.177725,
  "fwhm_z": 3.0329748794804066,
  "gcor": 0.00382761,
  "gsr_x": -0.02756432257592678,
  "gsr_y": 0.05099532753229141,
  "provenance": {
    "md5sum": "8f0b744f5352614ed562fdf836b256e4",
    "settings": {
      "fd_thres": 0.2,
      "testing": false
    },
    "software": "mriqc",
    "version": "21.0.0rc2",
    "webapi_port": null,
    "webapi_url": "https://mriqc.nimh.nih.gov/api/v1"
  },
  "size_t": 453,
  "size_x": 106,
  "size_y": 106,
  "size_z": 64,
  "snr": 2.4264792484170608,
  "spacing_tr": 1.0,
  "spacing_x": 2.0,
  "spacing_y": 2.0,
  "spacing_z": 2.4000000953674316,
  "summary_bg_k": 28.716492213849964,
  "summary_bg_mad": 147.08099023371108,
  "summary_bg_mean": 788.0949096679688,
  "summary_bg_median": 366.4532775878906,
  "summary_bg_n": 497804.0,
  "summary_bg_p05": 257.05516815185547,
  "summary_bg_p95": 2945.1026733398435,
  "summary_bg_stdv": 1203.83642578125,
  "summary_fg_k": 1.0326021031877133,
  "summary_fg_mad": 3322.830099491436,
  "summary_fg_mean": 9030.93359375,
  "summary_fg_median": 8507.560546875,
  "summary_fg_n": 125020.0,
  "summary_fg_p05": 4423.99453125,
  "summary_fg_p95": 15461.567578124994,
  "summary_fg_stdv": 3506.11962890625,
  "tsnr": 22.320953369140625
}