{
  "aor": 0.0006464653243847874,
  "aqi": 0.010429005659955259,
  "bids_meta": {
    "BandwidthPerPixelPhaseEncode": 34.305,
    "CogAtlasID": "http://www.cognitiveatlas.org/id/trm_4cacee4a1d875/",
    "EchoTime": 0.03,
    "EffectiveEchoSpacing": 0.000275,
    "FlipAngle": 68,
    "MagneticFieldStrength": 3,
    "Manufacturer": "SIEMENS",
    "ManufacturersModelName": "Prisma",
    "MultibandAccelerationFactor": 4,
    "PhaseEncodingDirection": "j-",
    "RepetitionTime": 1,
    "SliceTiming": [
      0,
      0.4375,
      0.875,
      0.3125,
      0.75,
      0.1875,
      0.625,
      0.0625,
      0.5,
      0.9375,
      0.375,
      0.8125,
      0.25,
      0.6875,
      0.125,
      0.5625,
      0,
      0.4375,
      0.875,
      0.3125,
      0.75,
      0.1875,
      0.625,
      0.0625,
      0.5,
      0.9375,
      0.375,
      0.8125,
      0.25,
      0.6875,
      0.125,
      0.5625,
      0,
      0.4375,
      0.875,
      0.3125,
      0.75,
      0.1875,
      0.625,
      0.0625,
      0.5,
      0.9375,
      0.375,
      0.8125,
      0.25,
      0.6875,
      0.125,
      0.5625,
      0,
      0.4375,
      0.875,
      0.3125,
      0.75,
      0.1875,
      0.625,
      0.0625,
      0.5,
      0.9375,
      0.375,
      0.8125,
      0.25,
      0.6875,
      0.125,
      0.5625
    ],
    "TaskDescription": "Mixed gambles task",
    "TaskName": "MGT",
    "dataset": "ds001734",
    "modality": "bold",
    "run_id": 4,
    "subject_id": "124",
    "task_id": "MGT"
  },
  "dummy_trs": 6,
  "dvars_nstd": 63.8754258947534,
  "dvars_std": 1.0986604434304934,
  "dvars_vstd": 1.4853849061659175,
  "efc": 0.5525074511737919,
  "fber": 420.68011474609375,
  "fd_mean": 0.1486637634712219,
  "fd_num": 102,
  "fd_perc": 22.818791946308725,
  "fwhm_avg": 2.926530056562328,
  "fwhm_x": 2.849755,
  "fwhm_y": 3.08296,
  "fwhm_z": 2.846875169686983,
  "gcor": 0.00414498,
  "gsr_x": -0.012852281332015991,
  "gsr_y": 0.08561348915100098,
  "provenance": {
    "md5sum": "6a84423432239e92aa36f198e1d69e3c",
    "settings": {
      "fd_thres": 0.2,
      "testing": false
    },
    "software": "mriqc",
    "version": "21.0.0rc2",
    "webapi_port": null,
    "webapi_url": "https://mriqc.nimh.nih.gov/api/v1"
  },
  "size_t": 447,
  "size_x": 106,
  "size_y": 106,
  "size_z": 64,
  "snr": 2.1754423105231604,
  "spacing_tr": 1.0,
  "spacing_x": 2.0,
  "spacing_y": 2.0,
  "spacing_z": 2.3999998569488525,
  "summary_bg_k": 29.360896058467347,
  "summary_bg_mad": 206.49375849446892,
  "summary_bg_mean": 958.57470703125,
  "summary_bg_median": 424.4185485839844,
  "summary_bg_n": 458219.0,
  "summary_bg_p05": 271.1232574462891,
  "summary_bg_p95": 3723.3037109374955,
  "summary_bg_stdv": 1526.901123046875,
  "summary_fg_k": 1.1478255776339692,
  "summary_fg_mad": 3780.333417723354,
  "summary_fg_mean": 9701.212890625,
  "summary_fg_median": 8899.31640625,
  "summary_fg_n": 158636.0,
  "summary_fg_p05": 4651.356201171875,
  "summary_fg_p95": 17464.24609375,
  "summary_fg_stdv": 4090.794921875,
  "tsnr": 23.874990463256836
}