{
  "aor": 0.00033207505518763797,
  "aqi": 0.008686213686534217,
  "bids_meta": {
    "BandwidthPerPixelPhaseEncode": 34.305,
    "CogAtlasID": "http://www.cognitiveatlas.org/id/trm_4cacee4a1d875/",
    "EchoTime": 0.03,
    "EffectiveEchoSpacing": 0.000275,
    "FlipAngle": 68,
    "MagneticFieldStrength": 3,
    "Manufacturer": "SIEMENS",
    "ManufacturersModelName": "Prisma",
    "MultibandAccelerationFactor": 4,
    "PhaseEncodingDirection": "j-",
    "RepetitionTime": 1,
    "SliceTiming": [
      0,
      0.4375,
      0.875,
      0.3125,
      0.75,
      0.1875,
      0.625,
      0.0625,
      0.5,
      0.9375,
      0.375,
      0.8125,
      0.25,
      0.6875,
      0.125,
      0.5625,
      0,
      0.4375,
      0.875,
      0.3125,
      0.75,
      0.1875,
      0.625,
      0.0625,
      0.5,
      0.9375,
      0.375,
      0.8125,
      0.25,
      0.6875,
      0.125,
      0.5625,
      0,
      0.4375,
      0.875,
      0.3125,
      0.75,
      0.1875,
      0.625,
      0.0625,
      0.5,
      0.9375,
      0.375,
      0.8125,
      0.25,
      0.6875,
      0.125,
      0.5625,
      0,
      0.4375,
      0.875,
      0.3125,
      0.75,
      0.1875,
      0.625,
      0.0625,
      0.5,
      0.9375,
      0.375,
      0.8125,
      0.25,
      0.6875,
      0.125,
      0.5625
    ],
    "TaskDescription": "Mixed gambles task",
    "TaskName": "MGT",
    "dataset": "ds001734",
    "modality": "bold",
    "run_id": 3,
    "subject_id": "070",
    "task_id": "MGT"
  },
  "dummy_trs": 0,
  "dvars_nstd": 48.89334756296453,
  "dvars_std": 1.0261717582079644,
  "dvars_vstd": 1.0043082106858412,
  "efc": 0.5058616004428733,
  "fber": 663.3533935546875,
  "fd_mean": 0.09781492686233405,
  "fd_num": 14,
  "fd_perc": 3.0905077262693155,
  "fwhm_avg": 3.070683015703505,
  "fwhm_x": 3.03946,
  "fwhm_y": 3.16386,
  "fwhm_z": 3.008729047110516,
  "gcor": 0.00658277,
  "gsr_x": -0.012038777582347393,
  "gsr_y": 0.05632341280579567,
  "provenance": {
    "md5sum": "bbbb88bf8285c35821a1aee21614a637",
    "settings": {
      "fd_thres": 0.2,
      "testing": false
    },
    "software": "mriqc",
    "version": "21.0.0rc2",
    "webapi_port": null,
    "webapi_url": "https://mriqc.nimh.nih.gov/api/v1"
  },
  "size_t": 453,
  "size_x": 106,
  "size_y": 106,
  "size_z": 64,
  "snr": 2.5431951216768436,
  "spacing_tr": 1.0,
  "spacing_x": 2.0,
  "spacing_y": 2.0,
  "spacing_z": 2.4000000953674316,
  "summary_bg_k": 33.380966872921206,
  "summary_bg_mad": 134.00583041588868,
  "summary_bg_mean": 775.8385009765625,
  "summary_bg_median": 357.8741149902344,
  "summary_bg_n": 503511.0,
  "summary_bg_p05": 258.88031005859375,
  "summary_bg_p95": 2992.6156005859375,
  "summary_bg_stdv": 1270.91650390625,
  "summary_fg_k": 0.6709910239756214,
  "summary_fg_mad": 3530.9351834500053,
  "summary_fg_mean": 9841.310546875,
  "summary_fg_median": 9275.595703125,
  "summary_fg_n": 124691.0,
  "summary_fg_p05": 4985.17724609375,
  "summary_fg_p95": 16710.8193359375,
  "summary_fg_stdv": 3647.206787109375,
  "tsnr": 27.848751068115234
}