{
  "aor": 0.0008701333333333334,
  "aqi": 0.010136199333333333,
  "bids_meta": {
    "BandwidthPerPixelPhaseEncode": 34.305,
    "CogAtlasID": "http://www.cognitiveatlas.org/id/trm_4cacee4a1d875/",
    "EchoTime": 0.03,
    "EffectiveEchoSpacing": 0.000275,
    "FlipAngle": 68,
    "MagneticFieldStrength": 3,
    "Manufacturer": "SIEMENS",
    "ManufacturersModelName": "Prisma",
    "MultibandAccelerationFactor": 4,
    "PhaseEncodingDirection": "j-",
    "RepetitionTime": 1,
    "SliceTiming": [
      0,
      0.4375,
      0.875,
      0.3125,
      0.75,
      0.1875,
      0.625,
      0.0625,
      0.5,
      0.9375,
      0.375,
      0.8125,
      0.25,
      0.6875,
      0.125,
      0.5625,
      0,
      0.4375,
      0.875,
      0.3125,
      0.75,
      0.1875,
      0.625,
      0.0625,
      0.5,
      0.9375,
      0.375,
      0.8125,
      0.25,
      0.6875,
      0.125,
      0.5625,
      0,
      0.4375,
      0.875,
      0.3125,
      0.75,
      0.1875,
      0.625,
      0.0625,
      0.5,
      0.9375,
      0.375,
      0.8125,
      0.25,
      0.6875,
      0.125,
      0.5625,
      0,
      0.4375,
      0.875,
      0.3125,
      0.75,
      0.1875,
      0.625,
      0.0625,
      0.5,
      0.9375,
      0.375,
      0.8125,
      0.25,
      0.6875,
      0.125,
      0.5625
    ],
    "TaskDescription": "Mixed gambles task",
    "TaskName": "MGT",
    "dataset": "ds001734",
    "modality": "bold",
    "run_id": 3,
    "subject_id": "103",
    "task_id": "MGT"
  },
  "dummy_trs": 3,
  "dvars_nstd": 55.66062781962141,
  "dvars_std": 1.0691333988195983,
  "dvars_vstd": 1.0097086848775068,
  "efc": 0.4840357646991912,
  "fber": 680.4835815429688,
  "fd_mean": 0.10579876902916145,
  "fd_num": 46,
  "fd_perc": 10.222222222222221,
  "fwhm_avg": 3.157046348176545,
  "fwhm_x": 3.075775,
  "fwhm_y": 3.321685,
  "fwhm_z": 3.073679044529635,
  "gcor": 0.0154454,
  "gsr_x": -0.011675613932311535,
  "gsr_y": 0.03344612568616867,
  "provenance": {
    "md5sum": "d5794b7a563c3846cedf8de43725489e",
    "settings": {
      "fd_thres": 0.2,
      "testing": false
    },
    "software": "mriqc",
    "version": "21.0.0rc2",
    "webapi_port": null,
    "webapi_url": "https://mriqc.nimh.nih.gov/api/v1"
  },
  "size_t": 450,
  "size_x": 106,
  "size_y": 106,
  "size_z": 64,
  "snr": 2.4455752429666244,
  "spacing_tr": 1.0,
  "spacing_x": 2.0,
  "spacing_y": 2.0,
  "spacing_z": 2.4000000953674316,
  "summary_bg_k": 32.20600392620345,
  "summary_bg_mad": 108.89466254881134,
  "summary_bg_mean": 644.723876953125,
  "summary_bg_median": 339.64605712890625,
  "summary_bg_n": 511135.0,
  "summary_bg_p05": 257.7072998046875,
  "summary_bg_p95": 2295.066943359375,
  "summary_bg_stdv": 932.7861938476562,
  "summary_fg_k": 0.7035624317895608,
  "summary_fg_mad": 3664.176818569551,
  "summary_fg_mean": 9628.27734375,
  "summary_fg_median": 9151.3369140625,
  "summary_fg_n": 111804.0,
  "summary_fg_p05": 4476.191479492188,
  "summary_fg_p95": 16342.461132812497,
  "summary_fg_stdv": 3741.98095703125,
  "tsnr": 25.508981704711914
}