{
  "aor": 0.0009901103752759384,
  "aqi": 0.019850636203090504,
  "bids_meta": {
    "BandwidthPerPixelPhaseEncode": 34.305,
    "CogAtlasID": "http://www.cognitiveatlas.org/id/trm_4cacee4a1d875/",
    "EchoTime": 0.03,
    "EffectiveEchoSpacing": 0.000275,
    "FlipAngle": 68,
    "MagneticFieldStrength": 3,
    "Manufacturer": "SIEMENS",
    "ManufacturersModelName": "Prisma",
    "MultibandAccelerationFactor": 4,
    "PhaseEncodingDirection": "j-",
    "RepetitionTime": 1,
    "SliceTiming": [
      0,
      0.4375,
      0.875,
      0.3125,
      0.75,
      0.1875,
      0.625,
      0.0625,
      0.5,
      0.9375,
      0.375,
      0.8125,
      0.25,
      0.6875,
      0.125,
      0.5625,
      0,
      0.4375,
      0.875,
      0.3125,
      0.75,
      0.1875,
      0.625,
      0.0625,
      0.5,
      0.9375,
      0.375,
      0.8125,
      0.25,
      0.6875,
      0.125,
      0.5625,
      0,
      0.4375,
      0.875,
      0.3125,
      0.75,
      0.1875,
      0.625,
      0.0625,
      0.5,
      0.9375,
      0.375,
      0.8125,
      0.25,
      0.6875,
      0.125,
      0.5625,
      0,
      0.4375,
      0.875,
      0.3125,
      0.75,
      0.1875,
      0.625,
      0.0625,
      0.5,
      0.9375,
      0.375,
      0.8125,
      0.25,
      0.6875,
      0.125,
      0.5625
    ],
    "TaskDescription": "Mixed gambles task",
    "TaskName": "MGT",
    "dataset": "ds001734",
    "modality": "bold",
    "run_id": 3,
    "subject_id": "116",
    "task_id": "MGT"
  },
  "dummy_trs": 0,
  "dvars_nstd": 59.010456777323036,
  "dvars_std": 0.978315189269912,
  "dvars_vstd": 0.9654610837610621,
  "efc": 0.4981292348060319,
  "fber": 623.5779418945312,
  "fd_mean": 0.22176080854038777,
  "fd_num": 107,
  "fd_perc": 23.620309050772626,
  "fwhm_avg": 3.163149785344124,
  "fwhm_x": 3.089615,
  "fwhm_y": 3.222805,
  "fwhm_z": 3.1770293560323726,
  "gcor": 0.012864,
  "gsr_x": -0.01154183316975832,
  "gsr_y": 0.03830023482441902,
  "provenance": {
    "md5sum": "9346a7c496fc01ae446110ba9406a16c",
    "settings": {
      "fd_thres": 0.2,
      "testing": false
    },
    "software": "mriqc",
    "version": "21.0.0rc2",
    "webapi_port": null,
    "webapi_url": "https://mriqc.nimh.nih.gov/api/v1"
  },
  "size_t": 453,
  "size_x": 106,
  "size_y": 106,
  "size_z": 64,
  "snr": 2.3250901953470193,
  "spacing_tr": 1.0,
  "spacing_x": 2.0,
  "spacing_y": 2.0,
  "spacing_z": 2.3999998569488525,
  "summary_bg_k": 33.856054849990564,
  "summary_bg_mad": 133.12793335638966,
  "summary_bg_mean": 634.7557373046875,
  "summary_bg_median": 353.5429382324219,
  "summary_bg_n": 498941.0,
  "summary_bg_p05": 253.8577117919922,
  "summary_bg_p95": 2029.5555419921875,
  "summary_bg_stdv": 790.2987060546875,
  "summary_fg_k": 2.932524624108069,
  "summary_fg_mad": 3389.5862913748715,
  "summary_fg_mean": 9519.5888671875,
  "summary_fg_median": 8870.69140625,
  "summary_fg_n": 127991.0,
  "summary_fg_p05": 4670.101806640625,
  "summary_fg_p95": 16393.1796875,
  "summary_fg_stdv": 3815.188232421875,
  "tsnr": 17.898136138916016
}