{
  "aor": 0.0004933995584988963,
  "aqi": 0.008929115894039736,
  "bids_meta": {
    "BandwidthPerPixelPhaseEncode": 34.305,
    "CogAtlasID": "http://www.cognitiveatlas.org/id/trm_4cacee4a1d875/",
    "EchoTime": 0.03,
    "EffectiveEchoSpacing": 0.000275,
    "FlipAngle": 68,
    "MagneticFieldStrength": 3,
    "Manufacturer": "SIEMENS",
    "ManufacturersModelName": "Prisma",
    "MultibandAccelerationFactor": 4,
    "PhaseEncodingDirection": "j-",
    "RepetitionTime": 1,
    "SliceTiming": [
      0,
      0.4375,
      0.875,
      0.3125,
      0.75,
      0.1875,
      0.625,
      0.0625,
      0.5,
      0.9375,
      0.375,
      0.8125,
      0.25,
      0.6875,
      0.125,
      0.5625,
      0,
      0.4375,
      0.875,
      0.3125,
      0.75,
      0.1875,
      0.625,
      0.0625,
      0.5,
      0.9375,
      0.375,
      0.8125,
      0.25,
      0.6875,
      0.125,
      0.5625,
      0,
      0.4375,
      0.875,
      0.3125,
      0.75,
      0.1875,
      0.625,
      0.0625,
      0.5,
      0.9375,
      0.375,
      0.8125,
      0.25,
      0.6875,
      0.125,
      0.5625,
      0,
      0.4375,
      0.875,
      0.3125,
      0.75,
      0.1875,
      0.625,
      0.0625,
      0.5,
      0.9375,
      0.375,
      0.8125,
      0.25,
      0.6875,
      0.125,
      0.5625
    ],
    "TaskDescription": "Mixed gambles task",
    "TaskName": "MGT",
    "dataset": "ds001734",
    "modality": "bold",
    "run_id": 2,
    "subject_id": "026",
    "task_id": "MGT"
  },
  "dummy_trs": 0,
  "dvars_nstd": 56.235998989314204,
  "dvars_std": 1.0335602094690266,
  "dvars_vstd": 1.00822471090708,
  "efc": 0.5374221693330933,
  "fber": 474.28118896484375,
  "fd_mean": 0.1741827554212844,
  "fd_num": 156,
  "fd_perc": 34.437086092715234,
  "fwhm_avg": 3.224579786240181,
  "fwhm_x": 3.17726,
  "fwhm_y": 3.27435,
  "fwhm_z": 3.2221293587205424,
  "gcor": 0.0119903,
  "gsr_x": -0.010021217167377472,
  "gsr_y": 0.07400273531675339,
  "provenance": {
    "md5sum": "6d5c7f9a7cf5351265fc042ef601d0a0",
    "settings": {
      "fd_thres": 0.2,
      "testing": false
    },
    "software": "mriqc",
    "version": "21.0.0rc2",
    "webapi_port": null,
    "webapi_url": "https://mriqc.nimh.nih.gov/api/v1"
  },
  "size_t": 453,
  "size_x": 106,
  "size_y": 106,
  "size_z": 64,
  "snr": 2.23258550921094,
  "spacing_tr": 1.0,
  "spacing_x": 2.0,
  "spacing_y": 2.0,
  "spacing_z": 2.3999998569488525,
  "summary_bg_k": 30.610670434362397,
  "summary_bg_mad": 178.3046798266628,
  "summary_bg_mean": 857.5693969726562,
  "summary_bg_median": 407.65087890625,
  "summary_bg_n": 468516.0,
  "summary_bg_p05": 275.1749267578125,
  "summary_bg_p95": 3172.3976440429688,
  "summary_bg_stdv": 1291.8583984375,
  "summary_fg_k": 0.982324180270318,
  "summary_fg_mad": 3914.5433050241754,
  "summary_fg_mean": 9797.134765625,
  "summary_fg_median": 9120.3408203125,
  "summary_fg_n": 148969.0,
  "summary_fg_p05": 4486.73466796875,
  "summary_fg_p95": 17387.976953125,
  "summary_fg_stdv": 4085.0888671875,
  "tsnr": 24.703685760498047
}