{
  "aor": 0.00032011037527593817,
  "aqi": 0.013242512538631346,
  "bids_meta": {
    "BandwidthPerPixelPhaseEncode": 34.305,
    "CogAtlasID": "http://www.cognitiveatlas.org/id/trm_4cacee4a1d875/",
    "EchoTime": 0.03,
    "EffectiveEchoSpacing": 0.000275,
    "FlipAngle": 68,
    "MagneticFieldStrength": 3,
    "Manufacturer": "SIEMENS",
    "ManufacturersModelName": "Prisma",
    "MultibandAccelerationFactor": 4,
    "PhaseEncodingDirection": "j-",
    "RepetitionTime": 1,
    "SliceTiming": [
      0,
      0.4375,
      0.875,
      0.3125,
      0.75,
      0.1875,
      0.625,
      0.0625,
      0.5,
      0.9375,
      0.375,
      0.8125,
      0.25,
      0.6875,
      0.125,
      0.5625,
      0,
      0.4375,
      0.875,
      0.3125,
      0.75,
      0.1875,
      0.625,
      0.0625,
      0.5,
      0.9375,
      0.375,
      0.8125,
      0.25,
      0.6875,
      0.125,
      0.5625,
      0,
      0.4375,
      0.875,
      0.3125,
      0.75,
      0.1875,
      0.625,
      0.0625,
      0.5,
      0.9375,
      0.375,
      0.8125,
      0.25,
      0.6875,
      0.125,
      0.5625,
      0,
      0.4375,
      0.875,
      0.3125,
      0.75,
      0.1875,
      0.625,
      0.0625,
      0.5,
      0.9375,
      0.375,
      0.8125,
      0.25,
      0.6875,
      0.125,
      0.5625
    ],
    "TaskDescription": "Mixed gambles task",
    "TaskName": "MGT",
    "dataset": "ds001734",
    "modality": "bold",
    "run_id": 1,
    "subject_id": "056",
    "task_id": "MGT"
  },
  "dummy_trs": 0,
  "dvars_nstd": 60.035856221747764,
  "dvars_std": 1.0915620830309734,
  "dvars_vstd": 0.9661133724557524,
  "efc": 0.48067853172224384,
  "fber": 698.5532836914062,
  "fd_mean": 0.12670328449441726,
  "fd_num": 32,
  "fd_perc": 7.06401766004415,
  "fwhm_avg": 3.339554957339964,
  "fwhm_x": 3.242425,
  "fwhm_y": 3.555515,
  "fwhm_z": 3.220724872019892,
  "gcor": 0.0134003,
  "gsr_x": -0.017466407269239426,
  "gsr_y": 0.03492947295308113,
  "provenance": {
    "md5sum": "a29fe4e596043b192d92fd590ab02378",
    "settings": {
      "fd_thres": 0.2,
      "testing": false
    },
    "software": "mriqc",
    "version": "21.0.0rc2",
    "webapi_port": null,
    "webapi_url": "https://mriqc.nimh.nih.gov/api/v1"
  },
  "size_t": 453,
  "size_x": 106,
  "size_y": 106,
  "size_z": 64,
  "snr": 2.4232056259200667,
  "spacing_tr": 1.0,
  "spacing_x": 2.0,
  "spacing_y": 2.0,
  "spacing_z": 2.4000000953674316,
  "summary_bg_k": 29.75099906931939,
  "summary_bg_mad": 112.84311802682151,
  "summary_bg_mean": 607.5048217773438,
  "summary_bg_median": 340.6936950683594,
  "summary_bg_n": 510978.0,
  "summary_bg_p05": 254.9397315979004,
  "summary_bg_p95": 1995.4641296386708,
  "summary_bg_stdv": 807.3070068359375,
  "summary_fg_k": 0.9166772816476096,
  "summary_fg_mad": 3601.5426662526056,
  "summary_fg_mean": 9847.390625,
  "summary_fg_median": 9271.501953125,
  "summary_fg_n": 113206.0,
  "summary_fg_p05": 4813.5234375,
  "summary_fg_p95": 17082.16748046875,
  "summary_fg_stdv": 3826.114013671875,
  "tsnr": 23.542911529541016
}