{
  "aor": 0.00030243362831858413,
  "aqi": 0.008453924646017697,
  "bids_meta": {
    "BandwidthPerPixelPhaseEncode": 34.305,
    "CogAtlasID": "http://www.cognitiveatlas.org/id/trm_4cacee4a1d875/",
    "EchoTime": 0.03,
    "EffectiveEchoSpacing": 0.000275,
    "FlipAngle": 68,
    "MagneticFieldStrength": 3,
    "Manufacturer": "SIEMENS",
    "ManufacturersModelName": "Prisma",
    "MultibandAccelerationFactor": 4,
    "PhaseEncodingDirection": "j-",
    "RepetitionTime": 1,
    "SliceTiming": [
      0,
      0.4375,
      0.875,
      0.3125,
      0.75,
      0.1875,
      0.625,
      0.0625,
      0.5,
      0.9375,
      0.375,
      0.8125,
      0.25,
      0.6875,
      0.125,
      0.5625,
      0,
      0.4375,
      0.875,
      0.3125,
      0.75,
      0.1875,
      0.625,
      0.0625,
      0.5,
      0.9375,
      0.375,
      0.8125,
      0.25,
      0.6875,
      0.125,
      0.5625,
      0,
      0.4375,
      0.875,
      0.3125,
      0.75,
      0.1875,
      0.625,
      0.0625,
      0.5,
      0.9375,
      0.375,
      0.8125,
      0.25,
      0.6875,
      0.125,
      0.5625,
      0,
      0.4375,
      0.875,
      0.3125,
      0.75,
      0.1875,
      0.625,
      0.0625,
      0.5,
      0.9375,
      0.375,
      0.8125,
      0.25,
      0.6875,
      0.125,
      0.5625
    ],
    "TaskDescription": "Mixed gambles task",
    "TaskName": "MGT",
    "dataset": "ds001734",
    "modality": "bold",
    "run_id": 2,
    "subject_id": "058",
    "task_id": "MGT"
  },
  "dummy_trs": 1,
  "dvars_nstd": 50.70624506705098,
  "dvars_std": 1.0105721851219507,
  "dvars_vstd": 0.9941832935254984,
  "efc": 0.4983472890711665,
  "fber": 620.9137573242188,
  "fd_mean": 0.13234750173894233,
  "fd_num": 77,
  "fd_perc": 17.035398230088497,
  "fwhm_avg": 3.1096771821600657,
  "fwhm_x": 3.050535,
  "fwhm_y": 3.253905,
  "fwhm_z": 3.0245915464801967,
  "gcor": 0.00651145,
  "gsr_x": -0.008574016392230988,
  "gsr_y": 0.04312777891755104,
  "provenance": {
    "md5sum": "c4050e5d49641ecca18c48a01c212f5e",
    "settings": {
      "fd_thres": 0.2,
      "testing": false
    },
    "software": "mriqc",
    "version": "21.0.0rc2",
    "webapi_port": null,
    "webapi_url": "https://mriqc.nimh.nih.gov/api/v1"
  },
  "size_t": 452,
  "size_x": 106,
  "size_y": 106,
  "size_z": 64,
  "snr": 2.3812678532618095,
  "spacing_tr": 1.0,
  "spacing_x": 2.0,
  "spacing_y": 2.0,
  "spacing_z": 2.4000000953674316,
  "summary_bg_k": 29.44705806308466,
  "summary_bg_mad": 129.64756446442533,
  "summary_bg_mean": 680.9464721679688,
  "summary_bg_median": 352.7240905761719,
  "summary_bg_n": 500680.0,
  "summary_bg_p05": 256.61312713623045,
  "summary_bg_p95": 2470.0783203124993,
  "summary_bg_stdv": 990.4878540039062,
  "summary_fg_k": 0.8600728895063203,
  "summary_fg_mad": 3609.2535732498773,
  "summary_fg_mean": 9584.1474609375,
  "summary_fg_median": 8986.626953125,
  "summary_fg_n": 122792.0,
  "summary_fg_p05": 4666.218920898437,
  "summary_fg_p95": 16719.004980468748,
  "summary_fg_stdv": 3773.867919921875,
  "tsnr": 25.675636291503906
}