{
  "aor": 0.003231434878587196,
  "aqi": 0.014218027682119206,
  "bids_meta": {
    "BandwidthPerPixelPhaseEncode": 34.305,
    "CogAtlasID": "http://www.cognitiveatlas.org/id/trm_4cacee4a1d875/",
    "EchoTime": 0.03,
    "EffectiveEchoSpacing": 0.000275,
    "FlipAngle": 68,
    "MagneticFieldStrength": 3,
    "Manufacturer": "SIEMENS",
    "ManufacturersModelName": "Prisma",
    "MultibandAccelerationFactor": 4,
    "PhaseEncodingDirection": "j-",
    "RepetitionTime": 1,
    "SliceTiming": [
      0,
      0.4375,
      0.875,
      0.3125,
      0.75,
      0.1875,
      0.625,
      0.0625,
      0.5,
      0.9375,
      0.375,
      0.8125,
      0.25,
      0.6875,
      0.125,
      0.5625,
      0,
      0.4375,
      0.875,
      0.3125,
      0.75,
      0.1875,
      0.625,
      0.0625,
      0.5,
      0.9375,
      0.375,
      0.8125,
      0.25,
      0.6875,
      0.125,
      0.5625,
      0,
      0.4375,
      0.875,
      0.3125,
      0.75,
      0.1875,
      0.625,
      0.0625,
      0.5,
      0.9375,
      0.375,
      0.8125,
      0.25,
      0.6875,
      0.125,
      0.5625,
      0,
      0.4375,
      0.875,
      0.3125,
      0.75,
      0.1875,
      0.625,
      0.0625,
      0.5,
      0.9375,
      0.375,
      0.8125,
      0.25,
      0.6875,
      0.125,
      0.5625
    ],
    "TaskDescription": "Mixed gambles task",
    "TaskName": "MGT",
    "dataset": "ds001734",
    "modality": "bold",
    "run_id": 4,
    "subject_id": "095",
    "task_id": "MGT"
  },
  "dummy_trs": 0,
  "dvars_nstd": 60.48411666391593,
  "dvars_std": 1.0610434745796464,
  "dvars_vstd": 1.0818301865929205,
  "efc": 0.5621957298381547,
  "fber": 308.4005432128906,
  "fd_mean": 0.12957595771503017,
  "fd_num": 44,
  "fd_perc": 9.713024282560706,
  "fwhm_avg": 3.0412974596107354,
  "fwhm_x": 2.836805,
  "fwhm_y": 3.2378,
  "fwhm_z": 3.049287378832206,
  "gcor": 0.00747056,
  "gsr_x": -0.002151663415133953,
  "gsr_y": 0.07646863907575607,
  "provenance": {
    "md5sum": "4e119c09be6ce2066f2181d2ed37a7ac",
    "settings": {
      "fd_thres": 0.2,
      "testing": false
    },
    "software": "mriqc",
    "version": "21.0.0rc2",
    "webapi_port": null,
    "webapi_url": "https://mriqc.nimh.nih.gov/api/v1"
  },
  "size_t": 453,
  "size_x": 106,
  "size_y": 106,
  "size_z": 64,
  "snr": 2.1224552029831525,
  "spacing_tr": 1.0,
  "spacing_x": 2.0,
  "spacing_y": 2.0,
  "spacing_z": 2.4000000953674316,
  "summary_bg_k": 21.79675269289422,
  "summary_bg_mad": 267.87219179678766,
  "summary_bg_mean": 1062.467041015625,
  "summary_bg_median": 480.24151611328125,
  "summary_bg_n": 457590.0,
  "summary_bg_p05": 276.0991500854492,
  "summary_bg_p95": 4310.020581054686,
  "summary_bg_stdv": 1616.6956787109375,
  "summary_fg_k": 1.7108741807543444,
  "summary_fg_mad": 3632.0927418981355,
  "summary_fg_mean": 9461.6484375,
  "summary_fg_median": 8743.498046875,
  "summary_fg_n": 154518.0,
  "summary_fg_p05": 4229.356103515625,
  "summary_fg_p95": 17146.08740234375,
  "summary_fg_stdv": 4119.50732421875,
  "tsnr": 21.270702362060547
}