{
  "aor": 0.001307814569536424,
  "aqi": 0.018726837969094922,
  "bids_meta": {
    "BandwidthPerPixelPhaseEncode": 34.305,
    "CogAtlasID": "http://www.cognitiveatlas.org/id/trm_4cacee4a1d875/",
    "EchoTime": 0.03,
    "EffectiveEchoSpacing": 0.000275,
    "FlipAngle": 68,
    "MagneticFieldStrength": 3,
    "Manufacturer": "SIEMENS",
    "ManufacturersModelName": "Prisma",
    "MultibandAccelerationFactor": 4,
    "PhaseEncodingDirection": "j-",
    "RepetitionTime": 1,
    "SliceTiming": [
      0,
      0.4375,
      0.875,
      0.3125,
      0.75,
      0.1875,
      0.625,
      0.0625,
      0.5,
      0.9375,
      0.375,
      0.8125,
      0.25,
      0.6875,
      0.125,
      0.5625,
      0,
      0.4375,
      0.875,
      0.3125,
      0.75,
      0.1875,
      0.625,
      0.0625,
      0.5,
      0.9375,
      0.375,
      0.8125,
      0.25,
      0.6875,
      0.125,
      0.5625,
      0,
      0.4375,
      0.875,
      0.3125,
      0.75,
      0.1875,
      0.625,
      0.0625,
      0.5,
      0.9375,
      0.375,
      0.8125,
      0.25,
      0.6875,
      0.125,
      0.5625,
      0,
      0.4375,
      0.875,
      0.3125,
      0.75,
      0.1875,
      0.625,
      0.0625,
      0.5,
      0.9375,
      0.375,
      0.8125,
      0.25,
      0.6875,
      0.125,
      0.5625
    ],
    "TaskDescription": "Mixed gambles task",
    "TaskName": "MGT",
    "dataset": "ds001734",
    "modality": "bold",
    "run_id": 4,
    "subject_id": "002",
    "task_id": "MGT"
  },
  "dummy_trs": 0,
  "dvars_nstd": 63.06182645294243,
  "dvars_std": 1.057969926017699,
  "dvars_vstd": 1.0071585584734506,
  "efc": 0.5489870297493519,
  "fber": 354.35650634765625,
  "fd_mean": 0.10446039051154073,
  "fd_num": 29,
  "fd_perc": 6.401766004415011,
  "fwhm_avg": 3.1632581186317608,
  "fwhm_x": 2.987715,
  "fwhm_y": 3.32733,
  "fwhm_z": 3.1747293558952823,
  "gcor": 0.00791461,
  "gsr_x": -0.006624310743063688,
  "gsr_y": 0.050102926790714264,
  "provenance": {
    "md5sum": "b6c2e2b2f7edb2aca992f3419bb863fe",
    "settings": {
      "fd_thres": 0.2,
      "testing": false
    },
    "software": "mriqc",
    "version": "21.0.0rc2",
    "webapi_port": null,
    "webapi_url": "https://mriqc.nimh.nih.gov/api/v1"
  },
  "size_t": 453,
  "size_x": 106,
  "size_y": 106,
  "size_z": 64,
  "snr": 2.1915767113027536,
  "spacing_tr": 1.0,
  "spacing_x": 2.0,
  "spacing_y": 2.0,
  "spacing_z": 2.3999998569488525,
  "summary_bg_k": 22.77823808368583,
  "summary_bg_mad": 216.05432125326462,
  "summary_bg_mean": 919.259765625,
  "summary_bg_median": 430.890380859375,
  "summary_bg_n": 467156.0,
  "summary_bg_p05": 268.19493865966797,
  "summary_bg_p95": 3605.2098999023438,
  "summary_bg_stdv": 1430.2392578125,
  "summary_fg_k": 0.6407638573221481,
  "summary_fg_mad": 3655.905954142585,
  "summary_fg_mean": 9170.2099609375,
  "summary_fg_median": 8572.3798828125,
  "summary_fg_n": 144235.0,
  "summary_fg_p05": 3834.430322265625,
  "summary_fg_p95": 16405.3154296875,
  "summary_fg_stdv": 3911.4990234375,
  "tsnr": 20.041162490844727
}