{
  "aor": 0.0003536061946902655,
  "aqi": 0.011366023982300886,
  "bids_meta": {
    "BandwidthPerPixelPhaseEncode": 34.305,
    "CogAtlasID": "http://www.cognitiveatlas.org/id/trm_4cacee4a1d875/",
    "EchoTime": 0.03,
    "EffectiveEchoSpacing": 0.000275,
    "FlipAngle": 68,
    "MagneticFieldStrength": 3,
    "Manufacturer": "SIEMENS",
    "ManufacturersModelName": "Prisma",
    "MultibandAccelerationFactor": 4,
    "PhaseEncodingDirection": "j-",
    "RepetitionTime": 1,
    "SliceTiming": [
      0,
      0.4375,
      0.875,
      0.3125,
      0.75,
      0.1875,
      0.625,
      0.0625,
      0.5,
      0.9375,
      0.375,
      0.8125,
      0.25,
      0.6875,
      0.125,
      0.5625,
      0,
      0.4375,
      0.875,
      0.3125,
      0.75,
      0.1875,
      0.625,
      0.0625,
      0.5,
      0.9375,
      0.375,
      0.8125,
      0.25,
      0.6875,
      0.125,
      0.5625,
      0,
      0.4375,
      0.875,
      0.3125,
      0.75,
      0.1875,
      0.625,
      0.0625,
      0.5,
      0.9375,
      0.375,
      0.8125,
      0.25,
      0.6875,
      0.125,
      0.5625,
      0,
      0.4375,
      0.875,
      0.3125,
      0.75,
      0.1875,
      0.625,
      0.0625,
      0.5,
      0.9375,
      0.375,
      0.8125,
      0.25,
      0.6875,
      0.125,
      0.5625
    ],
    "TaskDescription": "Mixed gambles task",
    "TaskName": "MGT",
    "dataset": "ds001734",
    "modality": "bold",
    "run_id": 1,
    "subject_id": "059",
    "task_id": "MGT"
  },
  "dummy_trs": 1,
  "dvars_nstd": 61.81945899745012,
  "dvars_std": 1.067742526208426,
  "dvars_vstd": 0.9879222217516629,
  "efc": 0.5668542433787417,
  "fber": 304.16290283203125,
  "fd_mean": 0.0897765731322425,
  "fd_num": 7,
  "fd_perc": 1.5486725663716814,
  "fwhm_avg": 3.2037492326209485,
  "fwhm_x": 2.961085,
  "fwhm_y": 3.330575,
  "fwhm_z": 3.3195876978628456,
  "gcor": 0.00245145,
  "gsr_x": -0.0051589300855994225,
  "gsr_y": 0.06784562021493912,
  "provenance": {
    "md5sum": "061b8c4652637889e0cd77862f11cd1d",
    "settings": {
      "fd_thres": 0.2,
      "testing": false
    },
    "software": "mriqc",
    "version": "21.0.0rc2",
    "webapi_port": null,
    "webapi_url": "https://mriqc.nimh.nih.gov/api/v1"
  },
  "size_t": 452,
  "size_x": 106,
  "size_y": 106,
  "size_z": 64,
  "snr": 2.0627115409004446,
  "spacing_tr": 1.0,
  "spacing_x": 2.0,
  "spacing_y": 2.0,
  "spacing_z": 2.3999998569488525,
  "summary_bg_k": 44.93263937016216,
  "summary_bg_mad": 282.97690320196347,
  "summary_bg_mean": 1056.0162353515625,
  "summary_bg_median": 488.8812255859375,
  "summary_bg_n": 440944.0,
  "summary_bg_p05": 273.8511795043945,
  "summary_bg_p95": 4055.354809570311,
  "summary_bg_stdv": 1757.4954833984375,
  "summary_fg_k": 0.6534162697097439,
  "summary_fg_mad": 4093.0318170289934,
  "summary_fg_mean": 9775.0673828125,
  "summary_fg_median": 9003.08203125,
  "summary_fg_n": 166655.0,
  "summary_fg_p05": 4245.117578125,
  "summary_fg_p95": 18184.831835937497,
  "summary_fg_stdv": 4364.669921875,
  "tsnr": 23.52606201171875
}