{
  "aor": 0.0005926490066225166,
  "aqi": 0.016692214790286975,
  "bids_meta": {
    "BandwidthPerPixelPhaseEncode": 34.305,
    "CogAtlasID": "http://www.cognitiveatlas.org/id/trm_4cacee4a1d875/",
    "EchoTime": 0.03,
    "EffectiveEchoSpacing": 0.000275,
    "FlipAngle": 68,
    "MagneticFieldStrength": 3,
    "Manufacturer": "SIEMENS",
    "ManufacturersModelName": "Prisma",
    "MultibandAccelerationFactor": 4,
    "PhaseEncodingDirection": "j-",
    "RepetitionTime": 1,
    "SliceTiming": [
      0,
      0.4375,
      0.875,
      0.3125,
      0.75,
      0.1875,
      0.625,
      0.0625,
      0.5,
      0.9375,
      0.375,
      0.8125,
      0.25,
      0.6875,
      0.125,
      0.5625,
      0,
      0.4375,
      0.875,
      0.3125,
      0.75,
      0.1875,
      0.625,
      0.0625,
      0.5,
      0.9375,
      0.375,
      0.8125,
      0.25,
      0.6875,
      0.125,
      0.5625,
      0,
      0.4375,
      0.875,
      0.3125,
      0.75,
      0.1875,
      0.625,
      0.0625,
      0.5,
      0.9375,
      0.375,
      0.8125,
      0.25,
      0.6875,
      0.125,
      0.5625,
      0,
      0.4375,
      0.875,
      0.3125,
      0.75,
      0.1875,
      0.625,
      0.0625,
      0.5,
      0.9375,
      0.375,
      0.8125,
      0.25,
      0.6875,
      0.125,
      0.5625
    ],
    "TaskDescription": "Mixed gambles task",
    "TaskName": "MGT",
    "dataset": "ds001734",
    "modality": "bold",
    "run_id": 4,
    "subject_id": "032",
    "task_id": "MGT"
  },
  "dummy_trs": 0,
  "dvars_nstd": 59.068914886106214,
  "dvars_std": 1.0313660461061935,
  "dvars_vstd": 0.9914071367256643,
  "efc": 0.520620163811512,
  "fber": 541.97607421875,
  "fd_mean": 0.15653818656287746,
  "fd_num": 108,
  "fd_perc": 23.841059602649008,
  "fwhm_avg": 3.0488135710214146,
  "fwhm_x": 2.96138,
  "fwhm_y": 3.15839,
  "fwhm_z": 3.0266707130642447,
  "gcor": 0.0102394,
  "gsr_x": -0.008694523014128208,
  "gsr_y": 0.049204181879758835,
  "provenance": {
    "md5sum": "619133754601967252560b0d092d9ebe",
    "settings": {
      "fd_thres": 0.2,
      "testing": false
    },
    "software": "mriqc",
    "version": "21.0.0rc2",
    "webapi_port": null,
    "webapi_url": "https://mriqc.nimh.nih.gov/api/v1"
  },
  "size_t": 453,
  "size_x": 106,
  "size_y": 106,
  "size_z": 64,
  "snr": 2.5628872831286666,
  "spacing_tr": 1.0,
  "spacing_x": 2.0,
  "spacing_y": 2.0,
  "spacing_z": 2.4000000953674316,
  "summary_bg_k": 63.6965627391435,
  "summary_bg_mad": 150.8285560068212,
  "summary_bg_mean": 676.5861206054688,
  "summary_bg_median": 364.62286376953125,
  "summary_bg_n": 489368.0,
  "summary_bg_p05": 252.21610641479492,
  "summary_bg_p95": 2172.6398315429683,
  "summary_bg_stdv": 993.8624267578125,
  "summary_fg_k": 0.9392754902073017,
  "summary_fg_mad": 3312.7190129748988,
  "summary_fg_mean": 9198.6123046875,
  "summary_fg_median": 8724.751953125,
  "summary_fg_n": 132562.0,
  "summary_fg_p05": 4701.31552734375,
  "summary_fg_p95": 15339.881835937498,
  "summary_fg_stdv": 3404.25390625,
  "tsnr": 21.700002670288086
}