{
  "aor": 0.0008916814159292035,
  "aqi": 0.01048042203539823,
  "bids_meta": {
    "BandwidthPerPixelPhaseEncode": 34.305,
    "CogAtlasID": "http://www.cognitiveatlas.org/id/trm_4cacee4a1d875/",
    "EchoTime": 0.03,
    "EffectiveEchoSpacing": 0.000275,
    "FlipAngle": 68,
    "MagneticFieldStrength": 3,
    "Manufacturer": "SIEMENS",
    "ManufacturersModelName": "Prisma",
    "MultibandAccelerationFactor": 4,
    "PhaseEncodingDirection": "j-",
    "RepetitionTime": 1,
    "SliceTiming": [
      0,
      0.4375,
      0.875,
      0.3125,
      0.75,
      0.1875,
      0.625,
      0.0625,
      0.5,
      0.9375,
      0.375,
      0.8125,
      0.25,
      0.6875,
      0.125,
      0.5625,
      0,
      0.4375,
      0.875,
      0.3125,
      0.75,
      0.1875,
      0.625,
      0.0625,
      0.5,
      0.9375,
      0.375,
      0.8125,
      0.25,
      0.6875,
      0.125,
      0.5625,
      0,
      0.4375,
      0.875,
      0.3125,
      0.75,
      0.1875,
      0.625,
      0.0625,
      0.5,
      0.9375,
      0.375,
      0.8125,
      0.25,
      0.6875,
      0.125,
      0.5625,
      0,
      0.4375,
      0.875,
      0.3125,
      0.75,
      0.1875,
      0.625,
      0.0625,
      0.5,
      0.9375,
      0.375,
      0.8125,
      0.25,
      0.6875,
      0.125,
      0.5625
    ],
    "TaskDescription": "Mixed gambles task",
    "TaskName": "MGT",
    "dataset": "ds001734",
    "modality": "bold",
    "run_id": 4,
    "subject_id": "051",
    "task_id": "MGT"
  },
  "dummy_trs": 1,
  "dvars_nstd": 55.38947888239463,
  "dvars_std": 1.0624336667405756,
  "dvars_vstd": 1.0037438542572068,
  "efc": 0.4994512661769665,
  "fber": 607.461669921875,
  "fd_mean": 0.15538406049091086,
  "fd_num": 129,
  "fd_perc": 28.539823008849556,
  "fwhm_avg": 2.896911166798906,
  "fwhm_x": 2.878205,
  "fwhm_y": 3.00967,
  "fwhm_z": 2.802858500396719,
  "gcor": 0.0075603,
  "gsr_x": -0.014165123924612999,
  "gsr_y": 0.05164250358939171,
  "provenance": {
    "md5sum": "ea68fb8781de4236c29cc5b6c6e75ce7",
    "settings": {
      "fd_thres": 0.2,
      "testing": false
    },
    "software": "mriqc",
    "version": "21.0.0rc2",
    "webapi_port": null,
    "webapi_url": "https://mriqc.nimh.nih.gov/api/v1"
  },
  "size_t": 452,
  "size_x": 106,
  "size_y": 106,
  "size_z": 64,
  "snr": 2.544483111315377,
  "spacing_tr": 1.0,
  "spacing_x": 2.0,
  "spacing_y": 2.0,
  "spacing_z": 2.3999998569488525,
  "summary_bg_k": 38.20968395910224,
  "summary_bg_mad": 156.6388608894794,
  "summary_bg_mean": 729.3407592773438,
  "summary_bg_median": 372.0588073730469,
  "summary_bg_n": 509235.0,
  "summary_bg_p05": 257.1417541503906,
  "summary_bg_p95": 2503.431689453124,
  "summary_bg_stdv": 1021.1786499023438,
  "summary_fg_k": 0.5453199066523085,
  "summary_fg_mad": 3619.61948202272,
  "summary_fg_mean": 9910.1376953125,
  "summary_fg_median": 9327.111328125,
  "summary_fg_n": 116240.0,
  "summary_fg_p05": 5049.02431640625,
  "summary_fg_p95": 16670.171679687497,
  "summary_fg_stdv": 3665.60546875,
  "tsnr": 25.110549926757812
}