{
  "aor": 0.00043061946902654864,
  "aqi": 0.008846482168141592,
  "bids_meta": {
    "BandwidthPerPixelPhaseEncode": 34.305,
    "CogAtlasID": "http://www.cognitiveatlas.org/id/trm_4cacee4a1d875/",
    "EchoTime": 0.03,
    "EffectiveEchoSpacing": 0.000275,
    "FlipAngle": 68,
    "MagneticFieldStrength": 3,
    "Manufacturer": "SIEMENS",
    "ManufacturersModelName": "Prisma",
    "MultibandAccelerationFactor": 4,
    "PhaseEncodingDirection": "j-",
    "RepetitionTime": 1,
    "SliceTiming": [
      0,
      0.4375,
      0.875,
      0.3125,
      0.75,
      0.1875,
      0.625,
      0.0625,
      0.5,
      0.9375,
      0.375,
      0.8125,
      0.25,
      0.6875,
      0.125,
      0.5625,
      0,
      0.4375,
      0.875,
      0.3125,
      0.75,
      0.1875,
      0.625,
      0.0625,
      0.5,
      0.9375,
      0.375,
      0.8125,
      0.25,
      0.6875,
      0.125,
      0.5625,
      0,
      0.4375,
      0.875,
      0.3125,
      0.75,
      0.1875,
      0.625,
      0.0625,
      0.5,
      0.9375,
      0.375,
      0.8125,
      0.25,
      0.6875,
      0.125,
      0.5625,
      0,
      0.4375,
      0.875,
      0.3125,
      0.75,
      0.1875,
      0.625,
      0.0625,
      0.5,
      0.9375,
      0.375,
      0.8125,
      0.25,
      0.6875,
      0.125,
      0.5625
    ],
    "TaskDescription": "Mixed gambles task",
    "TaskName": "MGT",
    "dataset": "ds001734",
    "modality": "bold",
    "run_id": 1,
    "subject_id": "108",
    "task_id": "MGT"
  },
  "dummy_trs": 1,
  "dvars_nstd": 57.56622114011086,
  "dvars_std": 1.069716733968958,
  "dvars_vstd": 1.0030416434589808,
  "efc": 0.501807464839036,
  "fber": 509.2742004394531,
  "fd_mean": 0.10598565442407748,
  "fd_num": 10,
  "fd_perc": 2.2123893805309733,
  "fwhm_avg": 3.336214956402516,
  "fwhm_x": 3.20281,
  "fwhm_y": 3.514335,
  "fwhm_z": 3.2914998692075463,
  "gcor": 0.00397125,
  "gsr_x": -0.0036766778212040663,
  "gsr_y": 0.043697573244571686,
  "provenance": {
    "md5sum": "24b3e303c5f42c8a3e07fc4b12c889a9",
    "settings": {
      "fd_thres": 0.2,
      "testing": false
    },
    "software": "mriqc",
    "version": "21.0.0rc2",
    "webapi_port": null,
    "webapi_url": "https://mriqc.nimh.nih.gov/api/v1"
  },
  "size_t": 452,
  "size_x": 106,
  "size_y": 106,
  "size_z": 64,
  "snr": 2.0978017722479065,
  "spacing_tr": 1.0,
  "spacing_x": 2.0,
  "spacing_y": 2.0,
  "spacing_z": 2.4000000953674316,
  "summary_bg_k": 39.014185485437025,
  "summary_bg_mad": 146.81585201958626,
  "summary_bg_mean": 714.935791015625,
  "summary_bg_median": 382.9066162109375,
  "summary_bg_n": 495311.0,
  "summary_bg_p05": 274.08937072753906,
  "summary_bg_p95": 2372.8931884765625,
  "summary_bg_stdv": 1067.2218017578125,
  "summary_fg_k": 2.3314174793729876,
  "summary_fg_mad": 3380.5849847416202,
  "summary_fg_mean": 9674.587890625,
  "summary_fg_median": 8727.931640625,
  "summary_fg_n": 130217.0,
  "summary_fg_p05": 4909.44833984375,
  "summary_fg_p95": 17993.659374999996,
  "summary_fg_stdv": 4160.4970703125,
  "tsnr": 26.24787139892578
}