{
  "aor": 0.00035655629139072845,
  "aqi": 0.012938038874172185,
  "bids_meta": {
    "BandwidthPerPixelPhaseEncode": 34.305,
    "CogAtlasID": "http://www.cognitiveatlas.org/id/trm_4cacee4a1d875/",
    "EchoTime": 0.03,
    "EffectiveEchoSpacing": 0.000275,
    "FlipAngle": 68,
    "MagneticFieldStrength": 3,
    "Manufacturer": "SIEMENS",
    "ManufacturersModelName": "Prisma",
    "MultibandAccelerationFactor": 4,
    "PhaseEncodingDirection": "j-",
    "RepetitionTime": 1,
    "SliceTiming": [
      0,
      0.4375,
      0.875,
      0.3125,
      0.75,
      0.1875,
      0.625,
      0.0625,
      0.5,
      0.9375,
      0.375,
      0.8125,
      0.25,
      0.6875,
      0.125,
      0.5625,
      0,
      0.4375,
      0.875,
      0.3125,
      0.75,
      0.1875,
      0.625,
      0.0625,
      0.5,
      0.9375,
      0.375,
      0.8125,
      0.25,
      0.6875,
      0.125,
      0.5625,
      0,
      0.4375,
      0.875,
      0.3125,
      0.75,
      0.1875,
      0.625,
      0.0625,
      0.5,
      0.9375,
      0.375,
      0.8125,
      0.25,
      0.6875,
      0.125,
      0.5625,
      0,
      0.4375,
      0.875,
      0.3125,
      0.75,
      0.1875,
      0.625,
      0.0625,
      0.5,
      0.9375,
      0.375,
      0.8125,
      0.25,
      0.6875,
      0.125,
      0.5625
    ],
    "TaskDescription": "Mixed gambles task",
    "TaskName": "MGT",
    "dataset": "ds001734",
    "modality": "bold",
    "run_id": 2,
    "subject_id": "108",
    "task_id": "MGT"
  },
  "dummy_trs": 0,
  "dvars_nstd": 56.53925797789822,
  "dvars_std": 1.0208320063938054,
  "dvars_vstd": 0.9778542759513262,
  "efc": 0.503868797091272,
  "fber": 507.2437438964844,
  "fd_mean": 0.11975011263643093,
  "fd_num": 32,
  "fd_perc": 7.06401766004415,
  "fwhm_avg": 3.3695710667975978,
  "fwhm_x": 3.18689,
  "fwhm_y": 3.576265,
  "fwhm_z": 3.3455582003927944,
  "gcor": 0.00508996,
  "gsr_x": -0.008220418356359005,
  "gsr_y": 0.04361679032444954,
  "provenance": {
    "md5sum": "b1a8caddc556bd27aaf1aa0d7f025479",
    "settings": {
      "fd_thres": 0.2,
      "testing": false
    },
    "software": "mriqc",
    "version": "21.0.0rc2",
    "webapi_port": null,
    "webapi_url": "https://mriqc.nimh.nih.gov/api/v1"
  },
  "size_t": 453,
  "size_x": 106,
  "size_y": 106,
  "size_z": 64,
  "snr": 2.0846069454872285,
  "spacing_tr": 1.0,
  "spacing_x": 2.0,
  "spacing_y": 2.0,
  "spacing_z": 2.4000000953674316,
  "summary_bg_k": 41.38248152856607,
  "summary_bg_mad": 147.98630602320324,
  "summary_bg_mean": 703.9187622070312,
  "summary_bg_median": 381.39715576171875,
  "summary_bg_n": 492101.0,
  "summary_bg_p05": 269.1856994628906,
  "summary_bg_p95": 2324.567626953125,
  "summary_bg_stdv": 1022.7678833007812,
  "summary_fg_k": 2.307731689838019,
  "summary_fg_mad": 3378.4211673436157,
  "summary_fg_mean": 9633.9150390625,
  "summary_fg_median": 8707.4208984375,
  "summary_fg_n": 132110.0,
  "summary_fg_p05": 4824.978857421875,
  "summary_fg_p95": 17909.254296875,
  "summary_fg_stdv": 4176.99267578125,
  "tsnr": 23.21213722229004
}