{
  "aor": 0.0003599115044247787,
  "aqi": 0.008007477278761062,
  "bids_meta": {
    "BandwidthPerPixelPhaseEncode": 34.305,
    "CogAtlasID": "http://www.cognitiveatlas.org/id/trm_4cacee4a1d875/",
    "EchoTime": 0.03,
    "EffectiveEchoSpacing": 0.000275,
    "FlipAngle": 68,
    "MagneticFieldStrength": 3,
    "Manufacturer": "SIEMENS",
    "ManufacturersModelName": "Prisma",
    "MultibandAccelerationFactor": 4,
    "PhaseEncodingDirection": "j-",
    "RepetitionTime": 1,
    "SliceTiming": [
      0,
      0.4375,
      0.875,
      0.3125,
      0.75,
      0.1875,
      0.625,
      0.0625,
      0.5,
      0.9375,
      0.375,
      0.8125,
      0.25,
      0.6875,
      0.125,
      0.5625,
      0,
      0.4375,
      0.875,
      0.3125,
      0.75,
      0.1875,
      0.625,
      0.0625,
      0.5,
      0.9375,
      0.375,
      0.8125,
      0.25,
      0.6875,
      0.125,
      0.5625,
      0,
      0.4375,
      0.875,
      0.3125,
      0.75,
      0.1875,
      0.625,
      0.0625,
      0.5,
      0.9375,
      0.375,
      0.8125,
      0.25,
      0.6875,
      0.125,
      0.5625,
      0,
      0.4375,
      0.875,
      0.3125,
      0.75,
      0.1875,
      0.625,
      0.0625,
      0.5,
      0.9375,
      0.375,
      0.8125,
      0.25,
      0.6875,
      0.125,
      0.5625
    ],
    "TaskDescription": "Mixed gambles task",
    "TaskName": "MGT",
    "dataset": "ds001734",
    "modality": "bold",
    "run_id": 2,
    "subject_id": "123",
    "task_id": "MGT"
  },
  "dummy_trs": 1,
  "dvars_nstd": 58.3407980079601,
  "dvars_std": 1.0860523356984477,
  "dvars_vstd": 1.0004951031263851,
  "efc": 0.5313873136666761,
  "fber": 527.7224731445312,
  "fd_mean": 0.06766086245233613,
  "fd_num": 0,
  "fd_perc": 0.0,
  "fwhm_avg": 3.2535796792336433,
  "fwhm_x": 3.138325,
  "fwhm_y": 3.376885,
  "fwhm_z": 3.24552903770093,
  "gcor": 0.00418378,
  "gsr_x": -0.026176296174526215,
  "gsr_y": 0.06232702359557152,
  "provenance": {
    "md5sum": "fbadc7889720ebc7b4803b271a84f950",
    "settings": {
      "fd_thres": 0.2,
      "testing": false
    },
    "software": "mriqc",
    "version": "21.0.0rc2",
    "webapi_port": null,
    "webapi_url": "https://mriqc.nimh.nih.gov/api/v1"
  },
  "size_t": 452,
  "size_x": 106,
  "size_y": 106,
  "size_z": 64,
  "snr": 2.227187651215929,
  "spacing_tr": 1.0,
  "spacing_x": 2.0,
  "spacing_y": 2.0,
  "spacing_z": 2.4000000953674316,
  "summary_bg_k": 23.884706287368008,
  "summary_bg_mad": 151.37543750752548,
  "summary_bg_mean": 844.4160766601562,
  "summary_bg_median": 378.2519836425781,
  "summary_bg_n": 469776.0,
  "summary_bg_p05": 267.92967224121094,
  "summary_bg_p95": 3553.29052734375,
  "summary_bg_stdv": 1388.883056640625,
  "summary_fg_k": 0.6181655625184099,
  "summary_fg_mad": 3987.9183602297767,
  "summary_fg_mean": 9744.7041015625,
  "summary_fg_median": 9104.2744140625,
  "summary_fg_n": 144315.0,
  "summary_fg_p05": 4345.193359375001,
  "summary_fg_p95": 17255.360546875,
  "summary_fg_stdv": 4087.775390625,
  "tsnr": 26.764209747314453
}