{
  "aor": 0.00029975717439293596,
  "aqi": 0.007516011302428257,
  "bids_meta": {
    "BandwidthPerPixelPhaseEncode": 34.305,
    "CogAtlasID": "http://www.cognitiveatlas.org/id/trm_4cacee4a1d875/",
    "EchoTime": 0.03,
    "EffectiveEchoSpacing": 0.000275,
    "FlipAngle": 68,
    "MagneticFieldStrength": 3,
    "Manufacturer": "SIEMENS",
    "ManufacturersModelName": "Prisma",
    "MultibandAccelerationFactor": 4,
    "PhaseEncodingDirection": "j-",
    "RepetitionTime": 1,
    "SliceTiming": [
      0,
      0.4375,
      0.875,
      0.3125,
      0.75,
      0.1875,
      0.625,
      0.0625,
      0.5,
      0.9375,
      0.375,
      0.8125,
      0.25,
      0.6875,
      0.125,
      0.5625,
      0,
      0.4375,
      0.875,
      0.3125,
      0.75,
      0.1875,
      0.625,
      0.0625,
      0.5,
      0.9375,
      0.375,
      0.8125,
      0.25,
      0.6875,
      0.125,
      0.5625,
      0,
      0.4375,
      0.875,
      0.3125,
      0.75,
      0.1875,
      0.625,
      0.0625,
      0.5,
      0.9375,
      0.375,
      0.8125,
      0.25,
      0.6875,
      0.125,
      0.5625,
      0,
      0.4375,
      0.875,
      0.3125,
      0.75,
      0.1875,
      0.625,
      0.0625,
      0.5,
      0.9375,
      0.375,
      0.8125,
      0.25,
      0.6875,
      0.125,
      0.5625
    ],
    "TaskDescription": "Mixed gambles task",
    "TaskName": "MGT",
    "dataset": "ds001734",
    "modality": "bold",
    "run_id": 3,
    "subject_id": "123",
    "task_id": "MGT"
  },
  "dummy_trs": 0,
  "dvars_nstd": 58.17814940039819,
  "dvars_std": 1.0935899830088496,
  "dvars_vstd": 1.0052345992699114,
  "efc": 0.5312709639755674,
  "fber": 526.6610107421875,
  "fd_mean": 0.06225422687992043,
  "fd_num": 0,
  "fd_perc": 0.0,
  "fwhm_avg": 3.2548144014081264,
  "fwhm_x": 3.15454,
  "fwhm_y": 3.36077,
  "fwhm_z": 3.2491332042243797,
  "gcor": 0.00308704,
  "gsr_x": -0.0266412440687418,
  "gsr_y": 0.06305763870477676,
  "provenance": {
    "md5sum": "0cf1040c905c36fa66b88e2356e9314e",
    "settings": {
      "fd_thres": 0.2,
      "testing": false
    },
    "software": "mriqc",
    "version": "21.0.0rc2",
    "webapi_port": null,
    "webapi_url": "https://mriqc.nimh.nih.gov/api/v1"
  },
  "size_t": 453,
  "size_x": 106,
  "size_y": 106,
  "size_z": 64,
  "snr": 2.2161540819505587,
  "spacing_tr": 1.0,
  "spacing_x": 2.0,
  "spacing_y": 2.0,
  "spacing_z": 2.4000000953674316,
  "summary_bg_k": 23.58435162299423,
  "summary_bg_mad": 152.81883456177525,
  "summary_bg_mean": 857.510009765625,
  "summary_bg_median": 380.2621154785156,
  "summary_bg_n": 470266.0,
  "summary_bg_p05": 269.17432403564453,
  "summary_bg_p95": 3624.8934936523438,
  "summary_bg_stdv": 1417.813720703125,
  "summary_fg_k": 0.649145032735396,
  "summary_fg_mad": 4008.1484964583606,
  "summary_fg_mean": 9795.28515625,
  "summary_fg_median": 9144.38671875,
  "summary_fg_n": 143793.0,
  "summary_fg_p05": 4333.21640625,
  "summary_fg_p95": 17371.591406249998,
  "summary_fg_stdv": 4126.22705078125,
  "tsnr": 27.321744918823242
}