{
  "aor": 0.00211549889135255,
  "aqi": 0.009613896762749444,
  "bids_meta": {
    "BandwidthPerPixelPhaseEncode": 34.305,
    "CogAtlasID": "http://www.cognitiveatlas.org/id/trm_4cacee4a1d875/",
    "EchoTime": 0.03,
    "EffectiveEchoSpacing": 0.000275,
    "FlipAngle": 68,
    "MagneticFieldStrength": 3,
    "Manufacturer": "SIEMENS",
    "ManufacturersModelName": "Prisma",
    "MultibandAccelerationFactor": 4,
    "PhaseEncodingDirection": "j-",
    "RepetitionTime": 1,
    "SliceTiming": [
      0,
      0.4375,
      0.875,
      0.3125,
      0.75,
      0.1875,
      0.625,
      0.0625,
      0.5,
      0.9375,
      0.375,
      0.8125,
      0.25,
      0.6875,
      0.125,
      0.5625,
      0,
      0.4375,
      0.875,
      0.3125,
      0.75,
      0.1875,
      0.625,
      0.0625,
      0.5,
      0.9375,
      0.375,
      0.8125,
      0.25,
      0.6875,
      0.125,
      0.5625,
      0,
      0.4375,
      0.875,
      0.3125,
      0.75,
      0.1875,
      0.625,
      0.0625,
      0.5,
      0.9375,
      0.375,
      0.8125,
      0.25,
      0.6875,
      0.125,
      0.5625,
      0,
      0.4375,
      0.875,
      0.3125,
      0.75,
      0.1875,
      0.625,
      0.0625,
      0.5,
      0.9375,
      0.375,
      0.8125,
      0.25,
      0.6875,
      0.125,
      0.5625
    ],
    "TaskDescription": "Mixed gambles task",
    "TaskName": "MGT",
    "dataset": "ds001734",
    "modality": "bold",
    "run_id": 3,
    "subject_id": "014",
    "task_id": "MGT"
  },
  "dummy_trs": 2,
  "dvars_nstd": 52.4762937500889,
  "dvars_std": 1.0385128298444448,
  "dvars_vstd": 1.0149926337333333,
  "efc": 0.493777073204419,
  "fber": 684.27392578125,
  "fd_mean": 0.10407216834004632,
  "fd_num": 2,
  "fd_perc": 0.4434589800443459,
  "fwhm_avg": 2.968656628754141,
  "fwhm_x": 2.953925,
  "fwhm_y": 3.089745,
  "fwhm_z": 2.8622998862624214,
  "gcor": 0.00458327,
  "gsr_x": -0.010126517154276371,
  "gsr_y": 0.045955508947372437,
  "provenance": {
    "md5sum": "bf2d62df1ecd85fc63cd75edc84d17e3",
    "settings": {
      "fd_thres": 0.2,
      "testing": false
    },
    "software": "mriqc",
    "version": "21.0.0rc2",
    "webapi_port": null,
    "webapi_url": "https://mriqc.nimh.nih.gov/api/v1"
  },
  "size_t": 451,
  "size_x": 106,
  "size_y": 106,
  "size_z": 64,
  "snr": 2.317437672183217,
  "spacing_tr": 1.0,
  "spacing_x": 2.0,
  "spacing_y": 2.0,
  "spacing_z": 2.4000000953674316,
  "summary_bg_k": 34.3718480836978,
  "summary_bg_mad": 130.24437429606587,
  "summary_bg_mean": 644.0341186523438,
  "summary_bg_median": 344.33685302734375,
  "summary_bg_n": 498872.0,
  "summary_bg_p05": 242.93892440795898,
  "summary_bg_p95": 2113.473095703119,
  "summary_bg_stdv": 881.2811889648438,
  "summary_fg_k": 1.7823555556814021,
  "summary_fg_mad": 3521.1904039269075,
  "summary_fg_mean": 9778.9970703125,
  "summary_fg_median": 9050.115234375,
  "summary_fg_n": 126807.0,
  "summary_fg_p05": 4912.201318359375,
  "summary_fg_p95": 17183.1068359375,
  "summary_fg_stdv": 3905.20947265625,
  "tsnr": 24.474853515625
}