{
  "aor": 0.00020516778523489932,
  "aqi": 0.006116953288590604,
  "bids_meta": {
    "BandwidthPerPixelPhaseEncode": 34.305,
    "CogAtlasID": "http://www.cognitiveatlas.org/id/trm_4cacee4a1d875/",
    "EchoTime": 0.03,
    "EffectiveEchoSpacing": 0.000275,
    "FlipAngle": 68,
    "MagneticFieldStrength": 3,
    "Manufacturer": "SIEMENS",
    "ManufacturersModelName": "Prisma",
    "MultibandAccelerationFactor": 4,
    "PhaseEncodingDirection": "j-",
    "RepetitionTime": 1,
    "SliceTiming": [
      0,
      0.4375,
      0.875,
      0.3125,
      0.75,
      0.1875,
      0.625,
      0.0625,
      0.5,
      0.9375,
      0.375,
      0.8125,
      0.25,
      0.6875,
      0.125,
      0.5625,
      0,
      0.4375,
      0.875,
      0.3125,
      0.75,
      0.1875,
      0.625,
      0.0625,
      0.5,
      0.9375,
      0.375,
      0.8125,
      0.25,
      0.6875,
      0.125,
      0.5625,
      0,
      0.4375,
      0.875,
      0.3125,
      0.75,
      0.1875,
      0.625,
      0.0625,
      0.5,
      0.9375,
      0.375,
      0.8125,
      0.25,
      0.6875,
      0.125,
      0.5625,
      0,
      0.4375,
      0.875,
      0.3125,
      0.75,
      0.1875,
      0.625,
      0.0625,
      0.5,
      0.9375,
      0.375,
      0.8125,
      0.25,
      0.6875,
      0.125,
      0.5625
    ],
    "TaskDescription": "Mixed gambles task",
    "TaskName": "MGT",
    "dataset": "ds001734",
    "modality": "bold",
    "run_id": 4,
    "subject_id": "045",
    "task_id": "MGT"
  },
  "dummy_trs": 6,
  "dvars_nstd": 50.63871245107623,
  "dvars_std": 1.0477025710313888,
  "dvars_vstd": 1.0039212858071744,
  "efc": 0.488995250339824,
  "fber": 703.5713500976562,
  "fd_mean": 0.08670408758730655,
  "fd_num": 1,
  "fd_perc": 0.22371364653243847,
  "fwhm_avg": 3.0227180165164462,
  "fwhm_x": 2.983715,
  "fwhm_y": 3.137085,
  "fwhm_z": 2.947354049549339,
  "gcor": 0.00191753,
  "gsr_x": -0.0087289959192276,
  "gsr_y": 0.04595037177205086,
  "provenance": {
    "md5sum": "c69f62ac99a3f9f7e3fffb00bbe91e26",
    "settings": {
      "fd_thres": 0.2,
      "testing": false
    },
    "software": "mriqc",
    "version": "21.0.0rc2",
    "webapi_port": null,
    "webapi_url": "https://mriqc.nimh.nih.gov/api/v1"
  },
  "size_t": 447,
  "size_x": 106,
  "size_y": 106,
  "size_z": 64,
  "snr": 2.485642879885371,
  "spacing_tr": 1.0,
  "spacing_x": 2.0,
  "spacing_y": 2.0,
  "spacing_z": 2.4000000953674316,
  "summary_bg_k": 27.452493221914704,
  "summary_bg_mad": 128.28291707940494,
  "summary_bg_mean": 693.4786376953125,
  "summary_bg_median": 349.4603271484375,
  "summary_bg_n": 514009.0,
  "summary_bg_p05": 256.4147155761719,
  "summary_bg_p95": 2579.088134765624,
  "summary_bg_stdv": 1004.9540405273438,
  "summary_fg_k": 1.2726358919557494,
  "summary_fg_mad": 3534.5139159046844,
  "summary_fg_mean": 9965.1083984375,
  "summary_fg_median": 9310.205078125,
  "summary_fg_n": 115410.0,
  "summary_fg_p05": 5120.78505859375,
  "summary_fg_p95": 17051.11416015623,
  "summary_fg_stdv": 3745.576171875,
  "tsnr": 29.74257469177246
}