{
  "aor": 0.0006147461368653422,
  "aqi": 0.010500698057395145,
  "bids_meta": {
    "BandwidthPerPixelPhaseEncode": 34.305,
    "CogAtlasID": "http://www.cognitiveatlas.org/id/trm_4cacee4a1d875/",
    "EchoTime": 0.03,
    "EffectiveEchoSpacing": 0.000275,
    "FlipAngle": 68,
    "MagneticFieldStrength": 3,
    "Manufacturer": "SIEMENS",
    "ManufacturersModelName": "Prisma",
    "MultibandAccelerationFactor": 4,
    "PhaseEncodingDirection": "j-",
    "RepetitionTime": 1,
    "SliceTiming": [
      0,
      0.4375,
      0.875,
      0.3125,
      0.75,
      0.1875,
      0.625,
      0.0625,
      0.5,
      0.9375,
      0.375,
      0.8125,
      0.25,
      0.6875,
      0.125,
      0.5625,
      0,
      0.4375,
      0.875,
      0.3125,
      0.75,
      0.1875,
      0.625,
      0.0625,
      0.5,
      0.9375,
      0.375,
      0.8125,
      0.25,
      0.6875,
      0.125,
      0.5625,
      0,
      0.4375,
      0.875,
      0.3125,
      0.75,
      0.1875,
      0.625,
      0.0625,
      0.5,
      0.9375,
      0.375,
      0.8125,
      0.25,
      0.6875,
      0.125,
      0.5625,
      0,
      0.4375,
      0.875,
      0.3125,
      0.75,
      0.1875,
      0.625,
      0.0625,
      0.5,
      0.9375,
      0.375,
      0.8125,
      0.25,
      0.6875,
      0.125,
      0.5625
    ],
    "TaskDescription": "Mixed gambles task",
    "TaskName": "MGT",
    "dataset": "ds001734",
    "modality": "bold",
    "run_id": 1,
    "subject_id": "021",
    "task_id": "MGT"
  },
  "dummy_trs": 0,
  "dvars_nstd": 61.00507673778753,
  "dvars_std": 1.098653745973452,
  "dvars_vstd": 1.7724003060619467,
  "efc": 0.5082622895189375,
  "fber": 598.4056396484375,
  "fd_mean": 0.1130067317591025,
  "fd_num": 31,
  "fd_perc": 6.843267108167771,
  "fwhm_avg": 3.1959466244460493,
  "fwhm_x": 3.050845,
  "fwhm_y": 3.349445,
  "fwhm_z": 3.187549873338148,
  "gcor": 0.00567239,
  "gsr_x": -0.025082014501094818,
  "gsr_y": 0.049531664699316025,
  "provenance": {
    "md5sum": "fa02f946bcf3828ee3a71d2eef8f1212",
    "settings": {
      "fd_thres": 0.2,
      "testing": false
    },
    "software": "mriqc",
    "version": "21.0.0rc2",
    "webapi_port": null,
    "webapi_url": "https://mriqc.nimh.nih.gov/api/v1"
  },
  "size_t": 453,
  "size_x": 106,
  "size_y": 106,
  "size_z": 64,
  "snr": 2.3339824439664976,
  "spacing_tr": 1.0,
  "spacing_x": 2.0,
  "spacing_y": 2.0,
  "spacing_z": 2.4000000953674316,
  "summary_bg_k": 29.9488945751999,
  "summary_bg_mad": 124.57627579685385,
  "summary_bg_mean": 694.3722534179688,
  "summary_bg_median": 350.8671875,
  "summary_bg_n": 490066.0,
  "summary_bg_p05": 259.0447769165039,
  "summary_bg_p95": 2440.5469970703125,
  "summary_bg_stdv": 1043.06787109375,
  "summary_fg_k": 1.519711094897981,
  "summary_fg_mad": 3541.390135227182,
  "summary_fg_mean": 9516.173828125,
  "summary_fg_median": 8905.880859375,
  "summary_fg_n": 128535.0,
  "summary_fg_p05": 4582.847509765626,
  "summary_fg_p95": 16590.5537109375,
  "summary_fg_stdv": 3815.729736328125,
  "tsnr": 25.13341522216797
}