{
  "aor": 0.0009240888888888888,
  "aqi": 0.006424930288888889,
  "bids_meta": {
    "BandwidthPerPixelPhaseEncode": 34.305,
    "CogAtlasID": "http://www.cognitiveatlas.org/id/trm_4cacee4a1d875/",
    "EchoTime": 0.03,
    "EffectiveEchoSpacing": 0.000275,
    "FlipAngle": 68,
    "MagneticFieldStrength": 3,
    "Manufacturer": "SIEMENS",
    "ManufacturersModelName": "Prisma",
    "MultibandAccelerationFactor": 4,
    "PhaseEncodingDirection": "j-",
    "RepetitionTime": 1,
    "SliceTiming": [
      0,
      0.4375,
      0.875,
      0.3125,
      0.75,
      0.1875,
      0.625,
      0.0625,
      0.5,
      0.9375,
      0.375,
      0.8125,
      0.25,
      0.6875,
      0.125,
      0.5625,
      0,
      0.4375,
      0.875,
      0.3125,
      0.75,
      0.1875,
      0.625,
      0.0625,
      0.5,
      0.9375,
      0.375,
      0.8125,
      0.25,
      0.6875,
      0.125,
      0.5625,
      0,
      0.4375,
      0.875,
      0.3125,
      0.75,
      0.1875,
      0.625,
      0.0625,
      0.5,
      0.9375,
      0.375,
      0.8125,
      0.25,
      0.6875,
      0.125,
      0.5625,
      0,
      0.4375,
      0.875,
      0.3125,
      0.75,
      0.1875,
      0.625,
      0.0625,
      0.5,
      0.9375,
      0.375,
      0.8125,
      0.25,
      0.6875,
      0.125,
      0.5625
    ],
    "TaskDescription": "Mixed gambles task",
    "TaskName": "MGT",
    "dataset": "ds001734",
    "modality": "bold",
    "run_id": 2,
    "subject_id": "102",
    "task_id": "MGT"
  },
  "dummy_trs": 3,
  "dvars_nstd": 52.012130601358514,
  "dvars_std": 1.0592277672828523,
  "dvars_vstd": 1.019076672605791,
  "efc": 0.49187726421143585,
  "fber": 686.4219970703125,
  "fd_mean": 0.11084419716307468,
  "fd_num": 24,
  "fd_perc": 5.333333333333333,
  "fwhm_avg": 3.023920793319578,
  "fwhm_x": 2.913715,
  "fwhm_y": 3.13711,
  "fwhm_z": 3.020937379958734,
  "gcor": 0.00488682,
  "gsr_x": -0.011999454349279404,
  "gsr_y": 0.031424447894096375,
  "provenance": {
    "md5sum": "34061b8e18bf21c5cecd39c6e5f702fb",
    "settings": {
      "fd_thres": 0.2,
      "testing": false
    },
    "software": "mriqc",
    "version": "21.0.0rc2",
    "webapi_port": null,
    "webapi_url": "https://mriqc.nimh.nih.gov/api/v1"
  },
  "size_t": 450,
  "size_x": 106,
  "size_y": 106,
  "size_z": 64,
  "snr": 2.4675237647995214,
  "spacing_tr": 1.0,
  "spacing_x": 2.0,
  "spacing_y": 2.0,
  "spacing_z": 2.4000000953674316,
  "summary_bg_k": 50.80658112176417,
  "summary_bg_mad": 120.85895659305129,
  "summary_bg_mean": 592.7509155273438,
  "summary_bg_median": 343.086181640625,
  "summary_bg_n": 496395.0,
  "summary_bg_p05": 254.76278076171874,
  "summary_bg_p95": 1771.6343749999999,
  "summary_bg_stdv": 819.8934326171875,
  "summary_fg_k": 0.3874085404947878,
  "summary_fg_mad": 3689.4976085093317,
  "summary_fg_mean": 9789.068359375,
  "summary_fg_median": 9260.2265625,
  "summary_fg_n": 125169.0,
  "summary_fg_p05": 4683.5859375,
  "summary_fg_p95": 16651.78554687499,
  "summary_fg_stdv": 3752.826904296875,
  "tsnr": 28.182546615600586
}