{
  "aor": 0.000337924944812362,
  "aqi": 0.00896262375275938,
  "bids_meta": {
    "BandwidthPerPixelPhaseEncode": 34.305,
    "CogAtlasID": "http://www.cognitiveatlas.org/id/trm_4cacee4a1d875/",
    "EchoTime": 0.03,
    "EffectiveEchoSpacing": 0.000275,
    "FlipAngle": 68,
    "MagneticFieldStrength": 3,
    "Manufacturer": "SIEMENS",
    "ManufacturersModelName": "Prisma",
    "MultibandAccelerationFactor": 4,
    "PhaseEncodingDirection": "j-",
    "RepetitionTime": 1,
    "SliceTiming": [
      0,
      0.4375,
      0.875,
      0.3125,
      0.75,
      0.1875,
      0.625,
      0.0625,
      0.5,
      0.9375,
      0.375,
      0.8125,
      0.25,
      0.6875,
      0.125,
      0.5625,
      0,
      0.4375,
      0.875,
      0.3125,
      0.75,
      0.1875,
      0.625,
      0.0625,
      0.5,
      0.9375,
      0.375,
      0.8125,
      0.25,
      0.6875,
      0.125,
      0.5625,
      0,
      0.4375,
      0.875,
      0.3125,
      0.75,
      0.1875,
      0.625,
      0.0625,
      0.5,
      0.9375,
      0.375,
      0.8125,
      0.25,
      0.6875,
      0.125,
      0.5625,
      0,
      0.4375,
      0.875,
      0.3125,
      0.75,
      0.1875,
      0.625,
      0.0625,
      0.5,
      0.9375,
      0.375,
      0.8125,
      0.25,
      0.6875,
      0.125,
      0.5625
    ],
    "TaskDescription": "Mixed gambles task",
    "TaskName": "MGT",
    "dataset": "ds001734",
    "modality": "bold",
    "run_id": 4,
    "subject_id": "053",
    "task_id": "MGT"
  },
  "dummy_trs": 0,
  "dvars_nstd": 52.48848937887168,
  "dvars_std": 1.0559230034734512,
  "dvars_vstd": 0.9918700283185841,
  "efc": 0.5036980512509992,
  "fber": 672.7017822265625,
  "fd_mean": 0.08527632085226264,
  "fd_num": 0,
  "fd_perc": 0.0,
  "fwhm_avg": 3.1946256177622776,
  "fwhm_x": 3.203735,
  "fwhm_y": 3.249175,
  "fwhm_z": 3.1309668532868336,
  "gcor": 0.0038757,
  "gsr_x": -0.021490583196282387,
  "gsr_y": 0.0600145049393177,
  "provenance": {
    "md5sum": "a3c4857755db1151988286cbfc111247",
    "settings": {
      "fd_thres": 0.2,
      "testing": false
    },
    "software": "mriqc",
    "version": "21.0.0rc2",
    "webapi_port": null,
    "webapi_url": "https://mriqc.nimh.nih.gov/api/v1"
  },
  "size_t": 453,
  "size_x": 106,
  "size_y": 106,
  "size_z": 64,
  "snr": 2.3021611643795263,
  "spacing_tr": 1.0,
  "spacing_x": 2.0,
  "spacing_y": 2.0,
  "spacing_z": 2.3999998569488525,
  "summary_bg_k": 52.584467683698875,
  "summary_bg_mad": 130.6554742642465,
  "summary_bg_mean": 691.5819091796875,
  "summary_bg_median": 355.38958740234375,
  "summary_bg_n": 487488.0,
  "summary_bg_p05": 258.32668151855466,
  "summary_bg_p95": 2329.714453124995,
  "summary_bg_stdv": 1040.2989501953125,
  "summary_fg_k": 0.9554310774551245,
  "summary_fg_mad": 3848.9099237075866,
  "summary_fg_mean": 10196.4208984375,
  "summary_fg_median": 9462.640625,
  "summary_fg_n": 133496.0,
  "summary_fg_p05": 4866.636474609375,
  "summary_fg_p95": 17914.5390625,
  "summary_fg_stdv": 4110.31396484375,
  "tsnr": 27.37468719482422
}