{
  "aor": 0.0003006458797327394,
  "aqi": 0.01113125951002227,
  "bids_meta": {
    "BandwidthPerPixelPhaseEncode": 34.305,
    "CogAtlasID": "http://www.cognitiveatlas.org/id/trm_4cacee4a1d875/",
    "EchoTime": 0.03,
    "EffectiveEchoSpacing": 0.000275,
    "FlipAngle": 68,
    "MagneticFieldStrength": 3,
    "Manufacturer": "SIEMENS",
    "ManufacturersModelName": "Prisma",
    "MultibandAccelerationFactor": 4,
    "PhaseEncodingDirection": "j-",
    "RepetitionTime": 1,
    "SliceTiming": [
      0,
      0.4375,
      0.875,
      0.3125,
      0.75,
      0.1875,
      0.625,
      0.0625,
      0.5,
      0.9375,
      0.375,
      0.8125,
      0.25,
      0.6875,
      0.125,
      0.5625,
      0,
      0.4375,
      0.875,
      0.3125,
      0.75,
      0.1875,
      0.625,
      0.0625,
      0.5,
      0.9375,
      0.375,
      0.8125,
      0.25,
      0.6875,
      0.125,
      0.5625,
      0,
      0.4375,
      0.875,
      0.3125,
      0.75,
      0.1875,
      0.625,
      0.0625,
      0.5,
      0.9375,
      0.375,
      0.8125,
      0.25,
      0.6875,
      0.125,
      0.5625,
      0,
      0.4375,
      0.875,
      0.3125,
      0.75,
      0.1875,
      0.625,
      0.0625,
      0.5,
      0.9375,
      0.375,
      0.8125,
      0.25,
      0.6875,
      0.125,
      0.5625
    ],
    "TaskDescription": "Mixed gambles task",
    "TaskName": "MGT",
    "dataset": "ds001734",
    "modality": "bold",
    "run_id": 3,
    "subject_id": "006",
    "task_id": "MGT"
  },
  "dummy_trs": 4,
  "dvars_nstd": 53.628816204330334,
  "dvars_std": 0.9933645379687503,
  "dvars_vstd": 0.9853645395982152,
  "efc": 0.5487381908503496,
  "fber": 369.5793151855469,
  "fd_mean": 0.09805929207026856,
  "fd_num": 8,
  "fd_perc": 1.78173719376392,
  "fwhm_avg": 3.171744124622711,
  "fwhm_x": 3.08778,
  "fwhm_y": 3.25324,
  "fwhm_z": 3.1742123738681327,
  "gcor": 0.00274601,
  "gsr_x": -0.007124562282115221,
  "gsr_y": 0.06855083256959915,
  "provenance": {
    "md5sum": "bce0c59ac5e93d70d529d7e7dfa32cc1",
    "settings": {
      "fd_thres": 0.2,
      "testing": false
    },
    "software": "mriqc",
    "version": "21.0.0rc2",
    "webapi_port": null,
    "webapi_url": "https://mriqc.nimh.nih.gov/api/v1"
  },
  "size_t": 449,
  "size_x": 106,
  "size_y": 106,
  "size_z": 64,
  "snr": 1.8667280639897754,
  "spacing_tr": 1.0,
  "spacing_x": 2.0,
  "spacing_y": 2.0,
  "spacing_z": 2.4000000953674316,
  "summary_bg_k": 41.33797701436285,
  "summary_bg_mad": 230.24973527119352,
  "summary_bg_mean": 1024.005126953125,
  "summary_bg_median": 444.4678955078125,
  "summary_bg_n": 450298.0,
  "summary_bg_p05": 269.4134323120117,
  "summary_bg_p95": 4034.7146606445262,
  "summary_bg_stdv": 1693.7218017578125,
  "summary_fg_k": 1.9360060479722723,
  "summary_fg_mad": 4163.19842837111,
  "summary_fg_mean": 9995.36328125,
  "summary_fg_median": 8927.59375,
  "summary_fg_n": 160259.0,
  "summary_fg_p05": 4372.694482421875,
  "summary_fg_p95": 19220.460546875,
  "summary_fg_stdv": 4782.46728515625,
  "tsnr": 23.11115837097168
}