{
  "aor": 0.00038719646799117004,
  "aqi": 0.010440906225165563,
  "bids_meta": {
    "BandwidthPerPixelPhaseEncode": 34.305,
    "CogAtlasID": "http://www.cognitiveatlas.org/id/trm_4cacee4a1d875/",
    "EchoTime": 0.03,
    "EffectiveEchoSpacing": 0.000275,
    "FlipAngle": 68,
    "MagneticFieldStrength": 3,
    "Manufacturer": "SIEMENS",
    "ManufacturersModelName": "Prisma",
    "MultibandAccelerationFactor": 4,
    "PhaseEncodingDirection": "j-",
    "RepetitionTime": 1,
    "SliceTiming": [
      0,
      0.4375,
      0.875,
      0.3125,
      0.75,
      0.1875,
      0.625,
      0.0625,
      0.5,
      0.9375,
      0.375,
      0.8125,
      0.25,
      0.6875,
      0.125,
      0.5625,
      0,
      0.4375,
      0.875,
      0.3125,
      0.75,
      0.1875,
      0.625,
      0.0625,
      0.5,
      0.9375,
      0.375,
      0.8125,
      0.25,
      0.6875,
      0.125,
      0.5625,
      0,
      0.4375,
      0.875,
      0.3125,
      0.75,
      0.1875,
      0.625,
      0.0625,
      0.5,
      0.9375,
      0.375,
      0.8125,
      0.25,
      0.6875,
      0.125,
      0.5625,
      0,
      0.4375,
      0.875,
      0.3125,
      0.75,
      0.1875,
      0.625,
      0.0625,
      0.5,
      0.9375,
      0.375,
      0.8125,
      0.25,
      0.6875,
      0.125,
      0.5625
    ],
    "TaskDescription": "Mixed gambles task",
    "TaskName": "MGT",
    "dataset": "ds001734",
    "modality": "bold",
    "run_id": 1,
    "subject_id": "067",
    "task_id": "MGT"
  },
  "dummy_trs": 0,
  "dvars_nstd": 56.28055188506635,
  "dvars_std": 1.0393711168141595,
  "dvars_vstd": 1.1312033063495568,
  "efc": 0.5102215329229383,
  "fber": 580.7238159179688,
  "fd_mean": 0.13635637145479992,
  "fd_num": 88,
  "fd_perc": 19.426048565121413,
  "fwhm_avg": 3.0871297840079865,
  "fwhm_x": 2.93533,
  "fwhm_y": 3.21628,
  "fwhm_z": 3.1097793520239603,
  "gcor": 0.00264533,
  "gsr_x": -0.007234431337565184,
  "gsr_y": 0.05484284833073616,
  "provenance": {
    "md5sum": "357691c1c84eabb1170abf4275f3f178",
    "settings": {
      "fd_thres": 0.2,
      "testing": false
    },
    "software": "mriqc",
    "version": "21.0.0rc2",
    "webapi_port": null,
    "webapi_url": "https://mriqc.nimh.nih.gov/api/v1"
  },
  "size_t": 453,
  "size_x": 106,
  "size_y": 106,
  "size_z": 64,
  "snr": 2.433990821538274,
  "spacing_tr": 1.0,
  "spacing_x": 2.0,
  "spacing_y": 2.0,
  "spacing_z": 2.3999998569488525,
  "summary_bg_k": 42.74960565333397,
  "summary_bg_mad": 140.76386867775608,
  "summary_bg_mean": 681.4486083984375,
  "summary_bg_median": 362.4062805175781,
  "summary_bg_n": 488951.0,
  "summary_bg_p05": 256.69842529296875,
  "summary_bg_p95": 2276.3238525390625,
  "summary_bg_stdv": 987.9816284179688,
  "summary_fg_k": 0.6919003427055279,
  "summary_fg_mad": 3525.5839160675864,
  "summary_fg_mean": 9561.873046875,
  "summary_fg_median": 9013.5439453125,
  "summary_fg_n": 130951.0,
  "summary_fg_p05": 4655.101318359375,
  "summary_fg_p95": 16407.6796875,
  "summary_fg_stdv": 3703.181396484375,
  "tsnr": 24.514347076416016
}