{
  "aor": 0.00033245033112582785,
  "aqi": 0.007215527660044151,
  "bids_meta": {
    "BandwidthPerPixelPhaseEncode": 34.305,
    "CogAtlasID": "http://www.cognitiveatlas.org/id/trm_4cacee4a1d875/",
    "EchoTime": 0.03,
    "EffectiveEchoSpacing": 0.000275,
    "FlipAngle": 68,
    "MagneticFieldStrength": 3,
    "Manufacturer": "SIEMENS",
    "ManufacturersModelName": "Prisma",
    "MultibandAccelerationFactor": 4,
    "PhaseEncodingDirection": "j-",
    "RepetitionTime": 1,
    "SliceTiming": [
      0,
      0.4375,
      0.875,
      0.3125,
      0.75,
      0.1875,
      0.625,
      0.0625,
      0.5,
      0.9375,
      0.375,
      0.8125,
      0.25,
      0.6875,
      0.125,
      0.5625,
      0,
      0.4375,
      0.875,
      0.3125,
      0.75,
      0.1875,
      0.625,
      0.0625,
      0.5,
      0.9375,
      0.375,
      0.8125,
      0.25,
      0.6875,
      0.125,
      0.5625,
      0,
      0.4375,
      0.875,
      0.3125,
      0.75,
      0.1875,
      0.625,
      0.0625,
      0.5,
      0.9375,
      0.375,
      0.8125,
      0.25,
      0.6875,
      0.125,
      0.5625,
      0,
      0.4375,
      0.875,
      0.3125,
      0.75,
      0.1875,
      0.625,
      0.0625,
      0.5,
      0.9375,
      0.375,
      0.8125,
      0.25,
      0.6875,
      0.125,
      0.5625
    ],
    "TaskDescription": "Mixed gambles task",
    "TaskName": "MGT",
    "dataset": "ds001734",
    "modality": "bold",
    "run_id": 1,
    "subject_id": "061",
    "task_id": "MGT"
  },
  "dummy_trs": 0,
  "dvars_nstd": 47.3782286265044,
  "dvars_std": 1.0234671652876104,
  "dvars_vstd": 0.9984762497345131,
  "efc": 0.4791673093489964,
  "fber": 730.6503295898438,
  "fd_mean": 0.08990084399636573,
  "fd_num": 2,
  "fd_perc": 0.44150110375275936,
  "fwhm_avg": 3.0154905165176054,
  "fwhm_x": 3.003055,
  "fwhm_y": 3.09615,
  "fwhm_z": 2.947266549552816,
  "gcor": 0.00208859,
  "gsr_x": -0.02616407349705696,
  "gsr_y": 0.03713206201791763,
  "provenance": {
    "md5sum": "51c1597edb484bad2a6e3cc7f000d07a",
    "settings": {
      "fd_thres": 0.2,
      "testing": false
    },
    "software": "mriqc",
    "version": "21.0.0rc2",
    "webapi_port": null,
    "webapi_url": "https://mriqc.nimh.nih.gov/api/v1"
  },
  "size_t": 453,
  "size_x": 106,
  "size_y": 106,
  "size_z": 64,
  "snr": 2.453914722695155,
  "spacing_tr": 1.0,
  "spacing_x": 2.0,
  "spacing_y": 2.0,
  "spacing_z": 2.4000000953674316,
  "summary_bg_k": 19.664156514304437,
  "summary_bg_mad": 140.48855024209914,
  "summary_bg_mean": 735.7421264648438,
  "summary_bg_median": 363.7212829589844,
  "summary_bg_n": 526038.0,
  "summary_bg_p05": 261.231999206543,
  "summary_bg_p95": 2660.2599487304683,
  "summary_bg_stdv": 999.638671875,
  "summary_fg_k": 1.3655846592192953,
  "summary_fg_mad": 3833.6488214769633,
  "summary_fg_mean": 10523.431640625,
  "summary_fg_median": 9860.5302734375,
  "summary_fg_n": 106945.0,
  "summary_fg_p05": 5274.27177734375,
  "summary_fg_p95": 17925.20234375,
  "summary_fg_stdv": 4018.266845703125,
  "tsnr": 28.548351287841797
}