{
  "aor": 0.0004271302428256071,
  "aqi": 0.009290162229580574,
  "bids_meta": {
    "BandwidthPerPixelPhaseEncode": 34.305,
    "CogAtlasID": "http://www.cognitiveatlas.org/id/trm_4cacee4a1d875/",
    "EchoTime": 0.03,
    "EffectiveEchoSpacing": 0.000275,
    "FlipAngle": 68,
    "MagneticFieldStrength": 3,
    "Manufacturer": "SIEMENS",
    "ManufacturersModelName": "Prisma",
    "MultibandAccelerationFactor": 4,
    "PhaseEncodingDirection": "j-",
    "RepetitionTime": 1,
    "SliceTiming": [
      0,
      0.4375,
      0.875,
      0.3125,
      0.75,
      0.1875,
      0.625,
      0.0625,
      0.5,
      0.9375,
      0.375,
      0.8125,
      0.25,
      0.6875,
      0.125,
      0.5625,
      0,
      0.4375,
      0.875,
      0.3125,
      0.75,
      0.1875,
      0.625,
      0.0625,
      0.5,
      0.9375,
      0.375,
      0.8125,
      0.25,
      0.6875,
      0.125,
      0.5625,
      0,
      0.4375,
      0.875,
      0.3125,
      0.75,
      0.1875,
      0.625,
      0.0625,
      0.5,
      0.9375,
      0.375,
      0.8125,
      0.25,
      0.6875,
      0.125,
      0.5625,
      0,
      0.4375,
      0.875,
      0.3125,
      0.75,
      0.1875,
      0.625,
      0.0625,
      0.5,
      0.9375,
      0.375,
      0.8125,
      0.25,
      0.6875,
      0.125,
      0.5625
    ],
    "TaskDescription": "Mixed gambles task",
    "TaskName": "MGT",
    "dataset": "ds001734",
    "modality": "bold",
    "run_id": 1,
    "subject_id": "029",
    "task_id": "MGT"
  },
  "dummy_trs": 0,
  "dvars_nstd": 55.25882114977877,
  "dvars_std": 1.0359164996238934,
  "dvars_vstd": 1.0000009691814153,
  "efc": 0.5326336003212706,
  "fber": 481.9375305175781,
  "fd_mean": 0.08684048918835856,
  "fd_num": 0,
  "fd_perc": 0.0,
  "fwhm_avg": 3.0074194050307645,
  "fwhm_x": 2.87493,
  "fwhm_y": 3.171695,
  "fwhm_z": 2.9756332150922926,
  "gcor": 0.00558455,
  "gsr_x": -0.011686708778142929,
  "gsr_y": 0.05105961114168167,
  "provenance": {
    "md5sum": "97ad85b721ed1fff2d54163541d42572",
    "settings": {
      "fd_thres": 0.2,
      "testing": false
    },
    "software": "mriqc",
    "version": "21.0.0rc2",
    "webapi_port": null,
    "webapi_url": "https://mriqc.nimh.nih.gov/api/v1"
  },
  "size_t": 453,
  "size_x": 106,
  "size_y": 106,
  "size_z": 64,
  "snr": 2.295745963783976,
  "spacing_tr": 1.0,
  "spacing_x": 2.0,
  "spacing_y": 2.0,
  "spacing_z": 2.4000000953674316,
  "summary_bg_k": 37.57542358792716,
  "summary_bg_mad": 161.378998261969,
  "summary_bg_mean": 753.7883911132812,
  "summary_bg_median": 383.571533203125,
  "summary_bg_n": 469604.0,
  "summary_bg_p05": 262.5040802001953,
  "summary_bg_p95": 2671.206054687499,
  "summary_bg_stdv": 1164.0709228515625,
  "summary_fg_k": 1.2743092447040798,
  "summary_fg_mad": 3458.693797714218,
  "summary_fg_mean": 9280.896484375,
  "summary_fg_median": 8675.1708984375,
  "summary_fg_n": 147143.0,
  "summary_fg_p05": 4356.579345703125,
  "summary_fg_p95": 16286.335253906249,
  "summary_fg_stdv": 3778.789794921875,
  "tsnr": 25.732770919799805
}