{
  "aor": 0.0005540838852097131,
  "aqi": 0.009253938410596027,
  "bids_meta": {
    "BandwidthPerPixelPhaseEncode": 34.305,
    "CogAtlasID": "http://www.cognitiveatlas.org/id/trm_4cacee4a1d875/",
    "EchoTime": 0.03,
    "EffectiveEchoSpacing": 0.000275,
    "FlipAngle": 68,
    "MagneticFieldStrength": 3,
    "Manufacturer": "SIEMENS",
    "ManufacturersModelName": "Prisma",
    "MultibandAccelerationFactor": 4,
    "PhaseEncodingDirection": "j-",
    "RepetitionTime": 1,
    "SliceTiming": [
      0,
      0.4375,
      0.875,
      0.3125,
      0.75,
      0.1875,
      0.625,
      0.0625,
      0.5,
      0.9375,
      0.375,
      0.8125,
      0.25,
      0.6875,
      0.125,
      0.5625,
      0,
      0.4375,
      0.875,
      0.3125,
      0.75,
      0.1875,
      0.625,
      0.0625,
      0.5,
      0.9375,
      0.375,
      0.8125,
      0.25,
      0.6875,
      0.125,
      0.5625,
      0,
      0.4375,
      0.875,
      0.3125,
      0.75,
      0.1875,
      0.625,
      0.0625,
      0.5,
      0.9375,
      0.375,
      0.8125,
      0.25,
      0.6875,
      0.125,
      0.5625,
      0,
      0.4375,
      0.875,
      0.3125,
      0.75,
      0.1875,
      0.625,
      0.0625,
      0.5,
      0.9375,
      0.375,
      0.8125,
      0.25,
      0.6875,
      0.125,
      0.5625
    ],
    "TaskDescription": "Mixed gambles task",
    "TaskName": "MGT",
    "dataset": "ds001734",
    "modality": "bold",
    "run_id": 2,
    "subject_id": "087",
    "task_id": "MGT"
  },
  "dummy_trs": 0,
  "dvars_nstd": 47.713520429690284,
  "dvars_std": 1.0228092080752218,
  "dvars_vstd": 0.9975865354424771,
  "efc": 0.47563518890974404,
  "fber": 808.7318115234375,
  "fd_mean": 0.09770902370880821,
  "fd_num": 33,
  "fd_perc": 7.28476821192053,
  "fwhm_avg": 3.1712212452193356,
  "fwhm_x": 3.16406,
  "fwhm_y": 3.25055,
  "fwhm_z": 3.099053735658007,
  "gcor": 0.0117268,
  "gsr_x": -0.012715326622128487,
  "gsr_y": 0.04248040169477463,
  "provenance": {
    "md5sum": "d44f495a57dba4c66065857f7e52d790",
    "settings": {
      "fd_thres": 0.2,
      "testing": false
    },
    "software": "mriqc",
    "version": "21.0.0rc2",
    "webapi_port": null,
    "webapi_url": "https://mriqc.nimh.nih.gov/api/v1"
  },
  "size_t": 453,
  "size_x": 106,
  "size_y": 106,
  "size_z": 64,
  "snr": 2.431067903536969,
  "spacing_tr": 1.0,
  "spacing_x": 2.0,
  "spacing_y": 2.0,
  "spacing_z": 2.4000003337860107,
  "summary_bg_k": 34.91545657681522,
  "summary_bg_mad": 113.16492614080838,
  "summary_bg_mean": 640.3486938476562,
  "summary_bg_median": 339.1360168457031,
  "summary_bg_n": 514871.0,
  "summary_bg_p05": 254.51576232910156,
  "summary_bg_p95": 2106.091796875,
  "summary_bg_stdv": 889.7982177734375,
  "summary_fg_k": 1.873973978617376,
  "summary_fg_mad": 3793.5125062916622,
  "summary_fg_mean": 10446.4560546875,
  "summary_fg_median": 9785.271484375,
  "summary_fg_n": 112902.0,
  "summary_fg_p05": 5265.061108398438,
  "summary_fg_p95": 17810.8650390625,
  "summary_fg_stdv": 4025.073974609375,
  "tsnr": 25.64471435546875
}