{
  "aor": 0.0006063858093126386,
  "aqi": 0.008875491507760533,
  "bids_meta": {
    "BandwidthPerPixelPhaseEncode": 34.305,
    "CogAtlasID": "http://www.cognitiveatlas.org/id/trm_4cacee4a1d875/",
    "EchoTime": 0.03,
    "EffectiveEchoSpacing": 0.000275,
    "FlipAngle": 68,
    "MagneticFieldStrength": 3,
    "Manufacturer": "SIEMENS",
    "ManufacturersModelName": "Prisma",
    "MultibandAccelerationFactor": 4,
    "PhaseEncodingDirection": "j-",
    "RepetitionTime": 1,
    "SliceTiming": [
      0,
      0.4375,
      0.875,
      0.3125,
      0.75,
      0.1875,
      0.625,
      0.0625,
      0.5,
      0.9375,
      0.375,
      0.8125,
      0.25,
      0.6875,
      0.125,
      0.5625,
      0,
      0.4375,
      0.875,
      0.3125,
      0.75,
      0.1875,
      0.625,
      0.0625,
      0.5,
      0.9375,
      0.375,
      0.8125,
      0.25,
      0.6875,
      0.125,
      0.5625,
      0,
      0.4375,
      0.875,
      0.3125,
      0.75,
      0.1875,
      0.625,
      0.0625,
      0.5,
      0.9375,
      0.375,
      0.8125,
      0.25,
      0.6875,
      0.125,
      0.5625,
      0,
      0.4375,
      0.875,
      0.3125,
      0.75,
      0.1875,
      0.625,
      0.0625,
      0.5,
      0.9375,
      0.375,
      0.8125,
      0.25,
      0.6875,
      0.125,
      0.5625
    ],
    "TaskDescription": "Mixed gambles task",
    "TaskName": "MGT",
    "dataset": "ds001734",
    "modality": "bold",
    "run_id": 4,
    "subject_id": "082",
    "task_id": "MGT"
  },
  "dummy_trs": 2,
  "dvars_nstd": 53.31494884073332,
  "dvars_std": 1.0404276756666673,
  "dvars_vstd": 0.9961479551333334,
  "efc": 0.4785986689136991,
  "fber": 750.1630249023438,
  "fd_mean": 0.16880870604405565,
  "fd_num": 139,
  "fd_perc": 30.82039911308204,
  "fwhm_avg": 3.054858015930003,
  "fwhm_x": 3.038345,
  "fwhm_y": 3.1346,
  "fwhm_z": 2.9916290477900085,
  "gcor": 0.0056045,
  "gsr_x": -0.021361475810408592,
  "gsr_y": 0.045414652675390244,
  "provenance": {
    "md5sum": "1ada5e0378cd902c9069de06fde6aa4a",
    "settings": {
      "fd_thres": 0.2,
      "testing": false
    },
    "software": "mriqc",
    "version": "21.0.0rc2",
    "webapi_port": null,
    "webapi_url": "https://mriqc.nimh.nih.gov/api/v1"
  },
  "size_t": 451,
  "size_x": 106,
  "size_y": 106,
  "size_z": 64,
  "snr": 2.391554468539372,
  "spacing_tr": 1.0,
  "spacing_x": 2.0,
  "spacing_y": 2.0,
  "spacing_z": 2.4000000953674316,
  "summary_bg_k": 57.23579078482192,
  "summary_bg_mad": 103.25536276517788,
  "summary_bg_mean": 638.907958984375,
  "summary_bg_median": 333.66973876953125,
  "summary_bg_n": 514527.0,
  "summary_bg_p05": 257.1188537597656,
  "summary_bg_p95": 2046.9884277343626,
  "summary_bg_stdv": 957.5076904296875,
  "summary_fg_k": 1.9158703257130707,
  "summary_fg_mad": 3397.6519225357506,
  "summary_fg_mean": 9924.7255859375,
  "summary_fg_median": 9240.755859375,
  "summary_fg_n": 114198.0,
  "summary_fg_p05": 5072.587670898438,
  "summary_fg_p95": 17305.8630859375,
  "summary_fg_stdv": 3863.89501953125,
  "tsnr": 26.143680572509766
}