{
  "aor": 0.0004429646017699115,
  "aqi": 0.008655271592920353,
  "bids_meta": {
    "BandwidthPerPixelPhaseEncode": 34.305,
    "CogAtlasID": "http://www.cognitiveatlas.org/id/trm_4cacee4a1d875/",
    "EchoTime": 0.03,
    "EffectiveEchoSpacing": 0.000275,
    "FlipAngle": 68,
    "MagneticFieldStrength": 3,
    "Manufacturer": "SIEMENS",
    "ManufacturersModelName": "Prisma",
    "MultibandAccelerationFactor": 4,
    "PhaseEncodingDirection": "j-",
    "RepetitionTime": 1,
    "SliceTiming": [
      0,
      0.4375,
      0.875,
      0.3125,
      0.75,
      0.1875,
      0.625,
      0.0625,
      0.5,
      0.9375,
      0.375,
      0.8125,
      0.25,
      0.6875,
      0.125,
      0.5625,
      0,
      0.4375,
      0.875,
      0.3125,
      0.75,
      0.1875,
      0.625,
      0.0625,
      0.5,
      0.9375,
      0.375,
      0.8125,
      0.25,
      0.6875,
      0.125,
      0.5625,
      0,
      0.4375,
      0.875,
      0.3125,
      0.75,
      0.1875,
      0.625,
      0.0625,
      0.5,
      0.9375,
      0.375,
      0.8125,
      0.25,
      0.6875,
      0.125,
      0.5625,
      0,
      0.4375,
      0.875,
      0.3125,
      0.75,
      0.1875,
      0.625,
      0.0625,
      0.5,
      0.9375,
      0.375,
      0.8125,
      0.25,
      0.6875,
      0.125,
      0.5625
    ],
    "TaskDescription": "Mixed gambles task",
    "TaskName": "MGT",
    "dataset": "ds001734",
    "modality": "bold",
    "run_id": 4,
    "subject_id": "063",
    "task_id": "MGT"
  },
  "dummy_trs": 1,
  "dvars_nstd": 55.33449076547674,
  "dvars_std": 1.077649944168514,
  "dvars_vstd": 1.0029335447450116,
  "efc": 0.49266024426117905,
  "fber": 677.3060302734375,
  "fd_mean": 0.06731118781464336,
  "fd_num": 1,
  "fd_perc": 0.22123893805309736,
  "fwhm_avg": 3.085245793041423,
  "fwhm_x": 3.063505,
  "fwhm_y": 3.150295,
  "fwhm_z": 3.0419373791242688,
  "gcor": 0.00238432,
  "gsr_x": -0.016521301120519638,
  "gsr_y": 0.053709790110588074,
  "provenance": {
    "md5sum": "e5c20d396b888a8f66d51508444528b4",
    "settings": {
      "fd_thres": 0.2,
      "testing": false
    },
    "software": "mriqc",
    "version": "21.0.0rc2",
    "webapi_port": null,
    "webapi_url": "https://mriqc.nimh.nih.gov/api/v1"
  },
  "size_t": 452,
  "size_x": 106,
  "size_y": 106,
  "size_z": 64,
  "snr": 2.3752436805103994,
  "spacing_tr": 1.0,
  "spacing_x": 2.0,
  "spacing_y": 2.0,
  "spacing_z": 2.4000000953674316,
  "summary_bg_k": 35.92873757709021,
  "summary_bg_mad": 119.63529396489321,
  "summary_bg_mean": 690.9451904296875,
  "summary_bg_median": 344.65948486328125,
  "summary_bg_n": 505287.0,
  "summary_bg_p05": 257.0520904541016,
  "summary_bg_p95": 2506.248608398436,
  "summary_bg_stdv": 1099.8707275390625,
  "summary_fg_k": 1.6208869544077,
  "summary_fg_mad": 3488.8605540849926,
  "summary_fg_mean": 9883.1279296875,
  "summary_fg_median": 9184.8369140625,
  "summary_fg_n": 118753.0,
  "summary_fg_p05": 5025.19033203125,
  "summary_fg_p95": 17262.498046874993,
  "summary_fg_stdv": 3866.88671875,
  "tsnr": 27.998836517333984
}