{
  "aor": 0.00036726269315673295,
  "aqi": 0.011643228344370862,
  "bids_meta": {
    "BandwidthPerPixelPhaseEncode": 34.305,
    "CogAtlasID": "http://www.cognitiveatlas.org/id/trm_4cacee4a1d875/",
    "EchoTime": 0.03,
    "EffectiveEchoSpacing": 0.000275,
    "FlipAngle": 68,
    "MagneticFieldStrength": 3,
    "Manufacturer": "SIEMENS",
    "ManufacturersModelName": "Prisma",
    "MultibandAccelerationFactor": 4,
    "PhaseEncodingDirection": "j-",
    "RepetitionTime": 1,
    "SliceTiming": [
      0,
      0.4375,
      0.875,
      0.3125,
      0.75,
      0.1875,
      0.625,
      0.0625,
      0.5,
      0.9375,
      0.375,
      0.8125,
      0.25,
      0.6875,
      0.125,
      0.5625,
      0,
      0.4375,
      0.875,
      0.3125,
      0.75,
      0.1875,
      0.625,
      0.0625,
      0.5,
      0.9375,
      0.375,
      0.8125,
      0.25,
      0.6875,
      0.125,
      0.5625,
      0,
      0.4375,
      0.875,
      0.3125,
      0.75,
      0.1875,
      0.625,
      0.0625,
      0.5,
      0.9375,
      0.375,
      0.8125,
      0.25,
      0.6875,
      0.125,
      0.5625,
      0,
      0.4375,
      0.875,
      0.3125,
      0.75,
      0.1875,
      0.625,
      0.0625,
      0.5,
      0.9375,
      0.375,
      0.8125,
      0.25,
      0.6875,
      0.125,
      0.5625
    ],
    "TaskDescription": "Mixed gambles task",
    "TaskName": "MGT",
    "dataset": "ds001734",
    "modality": "bold",
    "run_id": 3,
    "subject_id": "113",
    "task_id": "MGT"
  },
  "dummy_trs": 0,
  "dvars_nstd": 61.32290260349551,
  "dvars_std": 1.096526683761062,
  "dvars_vstd": 1.0044173520353985,
  "efc": 0.5214249193997746,
  "fber": 505.0192565917969,
  "fd_mean": 0.0640046593847141,
  "fd_num": 0,
  "fd_perc": 0.0,
  "fwhm_avg": 2.7135527409029243,
  "fwhm_x": 2.5911,
  "fwhm_y": 2.7656,
  "fwhm_z": 2.7839582227087725,
  "gcor": 0.00157403,
  "gsr_x": -0.00652226060628891,
  "gsr_y": 0.05829058587551117,
  "provenance": {
    "md5sum": "f8bf7ebfe5b7b57eab5a88aa53ce5311",
    "settings": {
      "fd_thres": 0.2,
      "testing": false
    },
    "software": "mriqc",
    "version": "21.0.0rc2",
    "webapi_port": null,
    "webapi_url": "https://mriqc.nimh.nih.gov/api/v1"
  },
  "size_t": 453,
  "size_x": 106,
  "size_y": 106,
  "size_z": 64,
  "snr": 2.887390224466255,
  "spacing_tr": 1.0,
  "spacing_x": 2.0,
  "spacing_y": 2.0,
  "spacing_z": 2.4000000953674316,
  "summary_bg_k": 62.666560137241504,
  "summary_bg_mad": 151.83967823210364,
  "summary_bg_mean": 787.0794067382812,
  "summary_bg_median": 370.1704406738281,
  "summary_bg_n": 503542.0,
  "summary_bg_p05": 256.8607482910156,
  "summary_bg_p95": 2796.0892944335856,
  "summary_bg_stdv": 1386.9049072265625,
  "summary_fg_k": 0.3464112766014118,
  "summary_fg_mad": 3001.8141424760706,
  "summary_fg_mean": 8844.9560546875,
  "summary_fg_median": 8558.765625,
  "summary_fg_n": 117986.0,
  "summary_fg_p05": 4651.3837890625,
  "summary_fg_p95": 13939.71923828125,
  "summary_fg_stdv": 2964.1748046875,
  "tsnr": 25.833471298217773
}