{
  "aor": 0.005311324503311258,
  "aqi": 0.02928263885209714,
  "bids_meta": {
    "BandwidthPerPixelPhaseEncode": 34.305,
    "CogAtlasID": "http://www.cognitiveatlas.org/id/trm_4cacee4a1d875/",
    "EchoTime": 0.03,
    "EffectiveEchoSpacing": 0.000275,
    "FlipAngle": 68,
    "MagneticFieldStrength": 3,
    "Manufacturer": "SIEMENS",
    "ManufacturersModelName": "Prisma",
    "MultibandAccelerationFactor": 4,
    "PhaseEncodingDirection": "j-",
    "RepetitionTime": 1,
    "SliceTiming": [
      0,
      0.4375,
      0.875,
      0.3125,
      0.75,
      0.1875,
      0.625,
      0.0625,
      0.5,
      0.9375,
      0.375,
      0.8125,
      0.25,
      0.6875,
      0.125,
      0.5625,
      0,
      0.4375,
      0.875,
      0.3125,
      0.75,
      0.1875,
      0.625,
      0.0625,
      0.5,
      0.9375,
      0.375,
      0.8125,
      0.25,
      0.6875,
      0.125,
      0.5625,
      0,
      0.4375,
      0.875,
      0.3125,
      0.75,
      0.1875,
      0.625,
      0.0625,
      0.5,
      0.9375,
      0.375,
      0.8125,
      0.25,
      0.6875,
      0.125,
      0.5625,
      0,
      0.4375,
      0.875,
      0.3125,
      0.75,
      0.1875,
      0.625,
      0.0625,
      0.5,
      0.9375,
      0.375,
      0.8125,
      0.25,
      0.6875,
      0.125,
      0.5625
    ],
    "TaskDescription": "Mixed gambles task",
    "TaskName": "MGT",
    "dataset": "ds001734",
    "modality": "bold",
    "run_id": 1,
    "subject_id": "030",
    "task_id": "MGT"
  },
  "dummy_trs": 0,
  "dvars_nstd": 98.22163884834066,
  "dvars_std": 1.0961799823451333,
  "dvars_vstd": 1.0076641308407077,
  "efc": 0.5150612957988486,
  "fber": 549.76513671875,
  "fd_mean": 0.9492119710658707,
  "fd_num": 334,
  "fd_perc": 73.73068432671081,
  "fwhm_avg": 3.259073290878271,
  "fwhm_x": 3.18685,
  "fwhm_y": 3.38512,
  "fwhm_z": 3.205249872634813,
  "gcor": 0.0665641,
  "gsr_x": -0.011183646507561207,
  "gsr_y": 0.04287858307361603,
  "provenance": {
    "md5sum": "279c353bedf21c2fb6213bfec249bf91",
    "settings": {
      "fd_thres": 0.2,
      "testing": false
    },
    "software": "mriqc",
    "version": "21.0.0rc2",
    "webapi_port": null,
    "webapi_url": "https://mriqc.nimh.nih.gov/api/v1"
  },
  "size_t": 453,
  "size_x": 106,
  "size_y": 106,
  "size_z": 64,
  "snr": 2.3719807775161508,
  "spacing_tr": 1.0,
  "spacing_x": 2.0,
  "spacing_y": 2.0,
  "spacing_z": 2.4000000953674316,
  "summary_bg_k": 34.36379749148446,
  "summary_bg_mad": 186.69123681566253,
  "summary_bg_mean": 727.6100463867188,
  "summary_bg_median": 394.5037841796875,
  "summary_bg_n": 485145.0,
  "summary_bg_p05": 256.9184143066406,
  "summary_bg_p95": 2328.30078125,
  "summary_bg_stdv": 995.7872314453125,
  "summary_fg_k": 0.7998017933930082,
  "summary_fg_mad": 3854.8081178361385,
  "summary_fg_mean": 10008.3916015625,
  "summary_fg_median": 9340.1650390625,
  "summary_fg_n": 138086.0,
  "summary_fg_p05": 4847.23046875,
  "summary_fg_p95": 17343.1220703125,
  "summary_fg_stdv": 3937.692626953125,
  "tsnr": 14.045740127563477
}