{
  "aor": 0.0005757300884955752,
  "aqi": 0.010254170132743363,
  "bids_meta": {
    "BandwidthPerPixelPhaseEncode": 34.305,
    "CogAtlasID": "http://www.cognitiveatlas.org/id/trm_4cacee4a1d875/",
    "EchoTime": 0.03,
    "EffectiveEchoSpacing": 0.000275,
    "FlipAngle": 68,
    "MagneticFieldStrength": 3,
    "Manufacturer": "SIEMENS",
    "ManufacturersModelName": "Prisma",
    "MultibandAccelerationFactor": 4,
    "PhaseEncodingDirection": "j-",
    "RepetitionTime": 1,
    "SliceTiming": [
      0,
      0.4375,
      0.875,
      0.3125,
      0.75,
      0.1875,
      0.625,
      0.0625,
      0.5,
      0.9375,
      0.375,
      0.8125,
      0.25,
      0.6875,
      0.125,
      0.5625,
      0,
      0.4375,
      0.875,
      0.3125,
      0.75,
      0.1875,
      0.625,
      0.0625,
      0.5,
      0.9375,
      0.375,
      0.8125,
      0.25,
      0.6875,
      0.125,
      0.5625,
      0,
      0.4375,
      0.875,
      0.3125,
      0.75,
      0.1875,
      0.625,
      0.0625,
      0.5,
      0.9375,
      0.375,
      0.8125,
      0.25,
      0.6875,
      0.125,
      0.5625,
      0,
      0.4375,
      0.875,
      0.3125,
      0.75,
      0.1875,
      0.625,
      0.0625,
      0.5,
      0.9375,
      0.375,
      0.8125,
      0.25,
      0.6875,
      0.125,
      0.5625
    ],
    "TaskDescription": "Mixed gambles task",
    "TaskName": "MGT",
    "dataset": "ds001734",
    "modality": "bold",
    "run_id": 4,
    "subject_id": "009",
    "task_id": "MGT"
  },
  "dummy_trs": 1,
  "dvars_nstd": 55.478758674567594,
  "dvars_std": 1.0164476713303765,
  "dvars_vstd": 1.0006540194900224,
  "efc": 0.5592880549887974,
  "fber": 362.82122802734375,
  "fd_mean": 0.08893656692752461,
  "fd_num": 4,
  "fd_perc": 0.8849557522123894,
  "fwhm_avg": 3.053502181396464,
  "fwhm_x": 2.79091,
  "fwhm_y": 3.287355,
  "fwhm_z": 3.082241544189392,
  "gcor": 0.00485405,
  "gsr_x": -0.030710583552718163,
  "gsr_y": 0.08855948597192764,
  "provenance": {
    "md5sum": "8f3234819697acd8f58f008452b2a5e9",
    "settings": {
      "fd_thres": 0.2,
      "testing": false
    },
    "software": "mriqc",
    "version": "21.0.0rc2",
    "webapi_port": null,
    "webapi_url": "https://mriqc.nimh.nih.gov/api/v1"
  },
  "size_t": 452,
  "size_x": 106,
  "size_y": 106,
  "size_z": 64,
  "snr": 2.183832236682199,
  "spacing_tr": 1.0,
  "spacing_x": 2.0,
  "spacing_y": 2.0,
  "spacing_z": 2.4000000953674316,
  "summary_bg_k": 17.20246786672175,
  "summary_bg_mad": 230.1368026803308,
  "summary_bg_mean": 1189.5501708984375,
  "summary_bg_median": 445.2357177734375,
  "summary_bg_n": 472972.0,
  "summary_bg_p05": 275.10461883544923,
  "summary_bg_p95": 5317.308056640615,
  "summary_bg_stdv": 1994.3499755859375,
  "summary_fg_k": 0.8011319018014968,
  "summary_fg_mad": 3802.8652794176305,
  "summary_fg_mean": 9441.8583984375,
  "summary_fg_median": 8828.5263671875,
  "summary_fg_n": 142103.0,
  "summary_fg_p05": 3993.8747314453126,
  "summary_fg_p95": 16888.6310546875,
  "summary_fg_stdv": 4042.661865234375,
  "tsnr": 23.333166122436523
}