{
  "aor": 0.0018733333333333336,
  "aqi": 0.019616342825607064,
  "bids_meta": {
    "BandwidthPerPixelPhaseEncode": 34.305,
    "CogAtlasID": "http://www.cognitiveatlas.org/id/trm_4cacee4a1d875/",
    "EchoTime": 0.03,
    "EffectiveEchoSpacing": 0.000275,
    "FlipAngle": 68,
    "MagneticFieldStrength": 3,
    "Manufacturer": "SIEMENS",
    "ManufacturersModelName": "Prisma",
    "MultibandAccelerationFactor": 4,
    "PhaseEncodingDirection": "j-",
    "RepetitionTime": 1,
    "SliceTiming": [
      0,
      0.4375,
      0.875,
      0.3125,
      0.75,
      0.1875,
      0.625,
      0.0625,
      0.5,
      0.9375,
      0.375,
      0.8125,
      0.25,
      0.6875,
      0.125,
      0.5625,
      0,
      0.4375,
      0.875,
      0.3125,
      0.75,
      0.1875,
      0.625,
      0.0625,
      0.5,
      0.9375,
      0.375,
      0.8125,
      0.25,
      0.6875,
      0.125,
      0.5625,
      0,
      0.4375,
      0.875,
      0.3125,
      0.75,
      0.1875,
      0.625,
      0.0625,
      0.5,
      0.9375,
      0.375,
      0.8125,
      0.25,
      0.6875,
      0.125,
      0.5625,
      0,
      0.4375,
      0.875,
      0.3125,
      0.75,
      0.1875,
      0.625,
      0.0625,
      0.5,
      0.9375,
      0.375,
      0.8125,
      0.25,
      0.6875,
      0.125,
      0.5625
    ],
    "TaskDescription": "Mixed gambles task",
    "TaskName": "MGT",
    "dataset": "ds001734",
    "modality": "bold",
    "run_id": 1,
    "subject_id": "016",
    "task_id": "MGT"
  },
  "dummy_trs": 0,
  "dvars_nstd": 71.05135763216812,
  "dvars_std": 1.03120902431416,
  "dvars_vstd": 0.9814962039159296,
  "efc": 0.516518975965619,
  "fber": 457.78277587890625,
  "fd_mean": 0.2252562723668461,
  "fd_num": 150,
  "fd_perc": 33.11258278145695,
  "fwhm_avg": 3.1741502356999356,
  "fwhm_x": 2.97833,
  "fwhm_y": 3.36735,
  "fwhm_z": 3.176770707099807,
  "gcor": 0.00605012,
  "gsr_x": -0.00874367356300354,
  "gsr_y": 0.044406961649656296,
  "provenance": {
    "md5sum": "a0eecdeb98cfe51ff5ac5211047a7bec",
    "settings": {
      "fd_thres": 0.2,
      "testing": false
    },
    "software": "mriqc",
    "version": "21.0.0rc2",
    "webapi_port": null,
    "webapi_url": "https://mriqc.nimh.nih.gov/api/v1"
  },
  "size_t": 453,
  "size_x": 106,
  "size_y": 106,
  "size_z": 64,
  "snr": 2.3457872942559246,
  "spacing_tr": 1.0,
  "spacing_x": 2.0,
  "spacing_y": 2.0,
  "spacing_z": 2.4000000953674316,
  "summary_bg_k": 44.883369668612666,
  "summary_bg_mad": 147.84106819601197,
  "summary_bg_mean": 688.76513671875,
  "summary_bg_median": 369.2974548339844,
  "summary_bg_n": 488345.0,
  "summary_bg_p05": 260.4386474609375,
  "summary_bg_p95": 2200.727832031247,
  "summary_bg_stdv": 1015.3082275390625,
  "summary_fg_k": 0.5810600079696444,
  "summary_fg_mad": 3343.040689694678,
  "summary_fg_mean": 8783.8115234375,
  "summary_fg_median": 8289.1474609375,
  "summary_fg_n": 127185.0,
  "summary_fg_p05": 3911.33984375,
  "summary_fg_p95": 15308.4650390625,
  "summary_fg_stdv": 3533.617431640625,
  "tsnr": 18.552410125732422
}