{
  "aor": 0.0007686754966887418,
  "aqi": 0.013265178388520973,
  "bids_meta": {
    "BandwidthPerPixelPhaseEncode": 34.305,
    "CogAtlasID": "http://www.cognitiveatlas.org/id/trm_4cacee4a1d875/",
    "EchoTime": 0.03,
    "EffectiveEchoSpacing": 0.000275,
    "FlipAngle": 68,
    "MagneticFieldStrength": 3,
    "Manufacturer": "SIEMENS",
    "ManufacturersModelName": "Prisma",
    "MultibandAccelerationFactor": 4,
    "PhaseEncodingDirection": "j-",
    "RepetitionTime": 1,
    "SliceTiming": [
      0,
      0.4375,
      0.875,
      0.3125,
      0.75,
      0.1875,
      0.625,
      0.0625,
      0.5,
      0.9375,
      0.375,
      0.8125,
      0.25,
      0.6875,
      0.125,
      0.5625,
      0,
      0.4375,
      0.875,
      0.3125,
      0.75,
      0.1875,
      0.625,
      0.0625,
      0.5,
      0.9375,
      0.375,
      0.8125,
      0.25,
      0.6875,
      0.125,
      0.5625,
      0,
      0.4375,
      0.875,
      0.3125,
      0.75,
      0.1875,
      0.625,
      0.0625,
      0.5,
      0.9375,
      0.375,
      0.8125,
      0.25,
      0.6875,
      0.125,
      0.5625,
      0,
      0.4375,
      0.875,
      0.3125,
      0.75,
      0.1875,
      0.625,
      0.0625,
      0.5,
      0.9375,
      0.375,
      0.8125,
      0.25,
      0.6875,
      0.125,
      0.5625
    ],
    "TaskDescription": "Mixed gambles task",
    "TaskName": "MGT",
    "dataset": "ds001734",
    "modality": "bold",
    "run_id": 2,
    "subject_id": "093",
    "task_id": "MGT"
  },
  "dummy_trs": 0,
  "dvars_nstd": 54.966336123783144,
  "dvars_std": 1.0198233412610627,
  "dvars_vstd": 1.001769618495576,
  "efc": 0.5029712179329285,
  "fber": 550.8082885742188,
  "fd_mean": 0.11772059768161293,
  "fd_num": 30,
  "fd_perc": 6.622516556291391,
  "fwhm_avg": 2.979641072443151,
  "fwhm_x": 2.90379,
  "fwhm_y": 3.1158,
  "fwhm_z": 2.919333217329454,
  "gcor": 0.00375257,
  "gsr_x": -0.006110283546149731,
  "gsr_y": 0.052388567477464676,
  "provenance": {
    "md5sum": "d0e1ef7280fc1ac53a04d68a1efec514",
    "settings": {
      "fd_thres": 0.2,
      "testing": false
    },
    "software": "mriqc",
    "version": "21.0.0rc2",
    "webapi_port": null,
    "webapi_url": "https://mriqc.nimh.nih.gov/api/v1"
  },
  "size_t": 453,
  "size_x": 106,
  "size_y": 106,
  "size_z": 64,
  "snr": 2.593559354471984,
  "spacing_tr": 1.0,
  "spacing_x": 2.0,
  "spacing_y": 2.0,
  "spacing_z": 2.4000000953674316,
  "summary_bg_k": 27.103169951000677,
  "summary_bg_mad": 133.44227597458632,
  "summary_bg_mean": 715.7699584960938,
  "summary_bg_median": 354.11480712890625,
  "summary_bg_n": 512676.0,
  "summary_bg_p05": 254.98704528808594,
  "summary_bg_p95": 2549.9696044921875,
  "summary_bg_stdv": 1088.350830078125,
  "summary_fg_k": 0.8839795329733406,
  "summary_fg_mad": 3078.7096540237585,
  "summary_fg_mean": 9017.71875,
  "summary_fg_median": 8513.109375,
  "summary_fg_n": 111243.0,
  "summary_fg_p05": 4629.53369140625,
  "summary_fg_p95": 15106.598144531248,
  "summary_fg_stdv": 3282.38916015625,
  "tsnr": 23.462879180908203
}