{
  "aor": 0.0003865929203539823,
  "aqi": 0.006774012013274337,
  "bids_meta": {
    "BandwidthPerPixelPhaseEncode": 34.305,
    "CogAtlasID": "http://www.cognitiveatlas.org/id/trm_4cacee4a1d875/",
    "EchoTime": 0.03,
    "EffectiveEchoSpacing": 0.000275,
    "FlipAngle": 68,
    "MagneticFieldStrength": 3,
    "Manufacturer": "SIEMENS",
    "ManufacturersModelName": "Prisma",
    "MultibandAccelerationFactor": 4,
    "PhaseEncodingDirection": "j-",
    "RepetitionTime": 1,
    "SliceTiming": [
      0,
      0.4375,
      0.875,
      0.3125,
      0.75,
      0.1875,
      0.625,
      0.0625,
      0.5,
      0.9375,
      0.375,
      0.8125,
      0.25,
      0.6875,
      0.125,
      0.5625,
      0,
      0.4375,
      0.875,
      0.3125,
      0.75,
      0.1875,
      0.625,
      0.0625,
      0.5,
      0.9375,
      0.375,
      0.8125,
      0.25,
      0.6875,
      0.125,
      0.5625,
      0,
      0.4375,
      0.875,
      0.3125,
      0.75,
      0.1875,
      0.625,
      0.0625,
      0.5,
      0.9375,
      0.375,
      0.8125,
      0.25,
      0.6875,
      0.125,
      0.5625,
      0,
      0.4375,
      0.875,
      0.3125,
      0.75,
      0.1875,
      0.625,
      0.0625,
      0.5,
      0.9375,
      0.375,
      0.8125,
      0.25,
      0.6875,
      0.125,
      0.5625
    ],
    "TaskDescription": "Mixed gambles task",
    "TaskName": "MGT",
    "dataset": "ds001734",
    "modality": "bold",
    "run_id": 3,
    "subject_id": "061",
    "task_id": "MGT"
  },
  "dummy_trs": 1,
  "dvars_nstd": 47.24841641015518,
  "dvars_std": 1.0197267652549886,
  "dvars_vstd": 1.0011504305543237,
  "efc": 0.4818710199875551,
  "fber": 723.0306396484375,
  "fd_mean": 0.10609578723628443,
  "fd_num": 11,
  "fd_perc": 2.433628318584071,
  "fwhm_avg": 2.9940696834480227,
  "fwhm_x": 2.972725,
  "fwhm_y": 3.08213,
  "fwhm_z": 2.927354050344068,
  "gcor": 0.00183487,
  "gsr_x": -0.025598689913749695,
  "gsr_y": 0.03801436349749565,
  "provenance": {
    "md5sum": "c82f5270f5a4d3f15ac2deafa66df048",
    "settings": {
      "fd_thres": 0.2,
      "testing": false
    },
    "software": "mriqc",
    "version": "21.0.0rc2",
    "webapi_port": null,
    "webapi_url": "https://mriqc.nimh.nih.gov/api/v1"
  },
  "size_t": 452,
  "size_x": 106,
  "size_y": 106,
  "size_z": 64,
  "snr": 2.4954970976106012,
  "spacing_tr": 1.0,
  "spacing_x": 2.0,
  "spacing_y": 2.0,
  "spacing_z": 2.4000000953674316,
  "summary_bg_k": 19.36761186103417,
  "summary_bg_mad": 141.0742975663415,
  "summary_bg_mean": 737.985107421875,
  "summary_bg_median": 361.25726318359375,
  "summary_bg_n": 525638.0,
  "summary_bg_p05": 256.6796249389648,
  "summary_bg_p95": 2698.7874633788997,
  "summary_bg_stdv": 1013.767578125,
  "summary_fg_k": 1.1691436918073448,
  "summary_fg_mad": 3760.7175334393028,
  "summary_fg_mean": 10360.185546875,
  "summary_fg_median": 9730.1298828125,
  "summary_fg_n": 107272.0,
  "summary_fg_p05": 5243.854052734375,
  "summary_fg_p95": 17547.897949218746,
  "summary_fg_stdv": 3899.056640625,
  "tsnr": 29.231945037841797
}