{
  "aor": 0.0013947902869757174,
  "aqi": 0.007968292119205298,
  "bids_meta": {
    "BandwidthPerPixelPhaseEncode": 34.305,
    "CogAtlasID": "http://www.cognitiveatlas.org/id/trm_4cacee4a1d875/",
    "EchoTime": 0.03,
    "EffectiveEchoSpacing": 0.000275,
    "FlipAngle": 68,
    "MagneticFieldStrength": 3,
    "Manufacturer": "SIEMENS",
    "ManufacturersModelName": "Prisma",
    "MultibandAccelerationFactor": 4,
    "PhaseEncodingDirection": "j-",
    "RepetitionTime": 1,
    "SliceTiming": [
      0,
      0.4375,
      0.875,
      0.3125,
      0.75,
      0.1875,
      0.625,
      0.0625,
      0.5,
      0.9375,
      0.375,
      0.8125,
      0.25,
      0.6875,
      0.125,
      0.5625,
      0,
      0.4375,
      0.875,
      0.3125,
      0.75,
      0.1875,
      0.625,
      0.0625,
      0.5,
      0.9375,
      0.375,
      0.8125,
      0.25,
      0.6875,
      0.125,
      0.5625,
      0,
      0.4375,
      0.875,
      0.3125,
      0.75,
      0.1875,
      0.625,
      0.0625,
      0.5,
      0.9375,
      0.375,
      0.8125,
      0.25,
      0.6875,
      0.125,
      0.5625,
      0,
      0.4375,
      0.875,
      0.3125,
      0.75,
      0.1875,
      0.625,
      0.0625,
      0.5,
      0.9375,
      0.375,
      0.8125,
      0.25,
      0.6875,
      0.125,
      0.5625
    ],
    "TaskDescription": "Mixed gambles task",
    "TaskName": "MGT",
    "dataset": "ds001734",
    "modality": "bold",
    "run_id": 4,
    "subject_id": "039",
    "task_id": "MGT"
  },
  "dummy_trs": 0,
  "dvars_nstd": 53.92291711309732,
  "dvars_std": 1.058009375730089,
  "dvars_vstd": 1.1655591238716818,
  "efc": 0.5186573338482257,
  "fber": 578.2057495117188,
  "fd_mean": 0.12746722929660523,
  "fd_num": 35,
  "fd_perc": 7.72626931567329,
  "fwhm_avg": 3.031755515678835,
  "fwhm_x": 2.98628,
  "fwhm_y": 3.098395,
  "fwhm_z": 3.0105915470365066,
  "gcor": 0.00631189,
  "gsr_x": -0.005204365588724613,
  "gsr_y": 0.053434889763593674,
  "provenance": {
    "md5sum": "bfa91c0489f32a8200b2d7d9460a4864",
    "settings": {
      "fd_thres": 0.2,
      "testing": false
    },
    "software": "mriqc",
    "version": "21.0.0rc2",
    "webapi_port": null,
    "webapi_url": "https://mriqc.nimh.nih.gov/api/v1"
  },
  "size_t": 453,
  "size_x": 106,
  "size_y": 106,
  "size_z": 64,
  "snr": 2.350075852739186,
  "spacing_tr": 1.0,
  "spacing_x": 2.0,
  "spacing_y": 2.0,
  "spacing_z": 2.4000000953674316,
  "summary_bg_k": 34.125042117039044,
  "summary_bg_mad": 139.23608889836248,
  "summary_bg_mean": 691.7144775390625,
  "summary_bg_median": 362.0296936035156,
  "summary_bg_n": 478374.0,
  "summary_bg_p05": 259.7110565185547,
  "summary_bg_p95": 2398.406042480467,
  "summary_bg_stdv": 1036.20166015625,
  "summary_fg_k": 1.138818376680062,
  "summary_fg_mad": 3536.7200830242623,
  "summary_fg_mean": 9613.2451171875,
  "summary_fg_median": 9009.1923828125,
  "summary_fg_n": 138219.0,
  "summary_fg_p05": 4703.35556640625,
  "summary_fg_p95": 16777.994921875,
  "summary_fg_stdv": 3833.561279296875,
  "tsnr": 26.71210289001465
}