{
  "aor": 0.0006325277161862528,
  "aqi": 0.018784643680709534,
  "bids_meta": {
    "BandwidthPerPixelPhaseEncode": 34.305,
    "CogAtlasID": "http://www.cognitiveatlas.org/id/trm_4cacee4a1d875/",
    "EchoTime": 0.03,
    "EffectiveEchoSpacing": 0.000275,
    "FlipAngle": 68,
    "MagneticFieldStrength": 3,
    "Manufacturer": "SIEMENS",
    "ManufacturersModelName": "Prisma",
    "MultibandAccelerationFactor": 4,
    "PhaseEncodingDirection": "j-",
    "RepetitionTime": 1,
    "SliceTiming": [
      0,
      0.4375,
      0.875,
      0.3125,
      0.75,
      0.1875,
      0.625,
      0.0625,
      0.5,
      0.9375,
      0.375,
      0.8125,
      0.25,
      0.6875,
      0.125,
      0.5625,
      0,
      0.4375,
      0.875,
      0.3125,
      0.75,
      0.1875,
      0.625,
      0.0625,
      0.5,
      0.9375,
      0.375,
      0.8125,
      0.25,
      0.6875,
      0.125,
      0.5625,
      0,
      0.4375,
      0.875,
      0.3125,
      0.75,
      0.1875,
      0.625,
      0.0625,
      0.5,
      0.9375,
      0.375,
      0.8125,
      0.25,
      0.6875,
      0.125,
      0.5625,
      0,
      0.4375,
      0.875,
      0.3125,
      0.75,
      0.1875,
      0.625,
      0.0625,
      0.5,
      0.9375,
      0.375,
      0.8125,
      0.25,
      0.6875,
      0.125,
      0.5625
    ],
    "TaskDescription": "Mixed gambles task",
    "TaskName": "MGT",
    "dataset": "ds001734",
    "modality": "bold",
    "run_id": 3,
    "subject_id": "100",
    "task_id": "MGT"
  },
  "dummy_trs": 2,
  "dvars_nstd": 71.97443969719994,
  "dvars_std": 1.021919415,
  "dvars_vstd": 0.9930813205333334,
  "efc": 0.5337263053836018,
  "fber": 342.2286682128906,
  "fd_mean": 0.327888206279875,
  "fd_num": 328,
  "fd_perc": 72.72727272727273,
  "fwhm_avg": 3.036848570035289,
  "fwhm_x": 2.950875,
  "fwhm_y": 3.05855,
  "fwhm_z": 3.1011207101058678,
  "gcor": 0.0131428,
  "gsr_x": -0.012719365768134594,
  "gsr_y": 0.04981265589594841,
  "provenance": {
    "md5sum": "193ab3e0bc1f7e56bf63ce93565434a9",
    "settings": {
      "fd_thres": 0.2,
      "testing": false
    },
    "software": "mriqc",
    "version": "21.0.0rc2",
    "webapi_port": null,
    "webapi_url": "https://mriqc.nimh.nih.gov/api/v1"
  },
  "size_t": 451,
  "size_x": 106,
  "size_y": 106,
  "size_z": 64,
  "snr": 2.226966829075198,
  "spacing_tr": 1.0,
  "spacing_x": 2.0,
  "spacing_y": 2.0,
  "spacing_z": 2.4000000953674316,
  "summary_bg_k": 32.73320624906174,
  "summary_bg_mad": 226.38600185904488,
  "summary_bg_mean": 883.4801635742188,
  "summary_bg_median": 427.5105895996094,
  "summary_bg_n": 502431.0,
  "summary_bg_p05": 259.8073272705078,
  "summary_bg_p95": 3178.302001953125,
  "summary_bg_stdv": 1219.12890625,
  "summary_fg_k": 4.413816263775193,
  "summary_fg_mad": 3056.231724880888,
  "summary_fg_mean": 8549.03515625,
  "summary_fg_median": 7878.11669921875,
  "summary_fg_n": 126055.0,
  "summary_fg_p05": 4274.911962890625,
  "summary_fg_p95": 14942.976269531238,
  "summary_fg_stdv": 3537.58544921875,
  "tsnr": 18.280418395996094
}