{
  "aor": 0.0003279203539823009,
  "aqi": 0.020694973893805313,
  "bids_meta": {
    "BandwidthPerPixelPhaseEncode": 34.305,
    "CogAtlasID": "http://www.cognitiveatlas.org/id/trm_4cacee4a1d875/",
    "EchoTime": 0.03,
    "EffectiveEchoSpacing": 0.000275,
    "FlipAngle": 68,
    "MagneticFieldStrength": 3,
    "Manufacturer": "SIEMENS",
    "ManufacturersModelName": "Prisma",
    "MultibandAccelerationFactor": 4,
    "PhaseEncodingDirection": "j-",
    "RepetitionTime": 1,
    "SliceTiming": [
      0,
      0.4375,
      0.875,
      0.3125,
      0.75,
      0.1875,
      0.625,
      0.0625,
      0.5,
      0.9375,
      0.375,
      0.8125,
      0.25,
      0.6875,
      0.125,
      0.5625,
      0,
      0.4375,
      0.875,
      0.3125,
      0.75,
      0.1875,
      0.625,
      0.0625,
      0.5,
      0.9375,
      0.375,
      0.8125,
      0.25,
      0.6875,
      0.125,
      0.5625,
      0,
      0.4375,
      0.875,
      0.3125,
      0.75,
      0.1875,
      0.625,
      0.0625,
      0.5,
      0.9375,
      0.375,
      0.8125,
      0.25,
      0.6875,
      0.125,
      0.5625,
      0,
      0.4375,
      0.875,
      0.3125,
      0.75,
      0.1875,
      0.625,
      0.0625,
      0.5,
      0.9375,
      0.375,
      0.8125,
      0.25,
      0.6875,
      0.125,
      0.5625
    ],
    "TaskDescription": "Mixed gambles task",
    "TaskName": "MGT",
    "dataset": "ds001734",
    "modality": "bold",
    "run_id": 4,
    "subject_id": "059",
    "task_id": "MGT"
  },
  "dummy_trs": 1,
  "dvars_nstd": 62.453224782616424,
  "dvars_std": 1.039426404656319,
  "dvars_vstd": 0.962788656407981,
  "efc": 0.5703621972399509,
  "fber": 301.81622314453125,
  "fd_mean": 0.09387085679315509,
  "fd_num": 26,
  "fd_perc": 5.752212389380531,
  "fwhm_avg": 3.2001947883174027,
  "fwhm_x": 2.94035,
  "fwhm_y": 3.333555,
  "fwhm_z": 3.3266793649522084,
  "gcor": 0.00149256,
  "gsr_x": -0.0015302789397537708,
  "gsr_y": 0.06668820232152939,
  "provenance": {
    "md5sum": "79994104b02ed6ce3e1ef6997b504290",
    "settings": {
      "fd_thres": 0.2,
      "testing": false
    },
    "software": "mriqc",
    "version": "21.0.0rc2",
    "webapi_port": null,
    "webapi_url": "https://mriqc.nimh.nih.gov/api/v1"
  },
  "size_t": 452,
  "size_x": 106,
  "size_y": 106,
  "size_z": 64,
  "snr": 2.114003580506675,
  "spacing_tr": 1.0,
  "spacing_x": 2.0,
  "spacing_y": 2.0,
  "spacing_z": 2.3999998569488525,
  "summary_bg_k": 37.24814939687521,
  "summary_bg_mad": 287.91657291648215,
  "summary_bg_mean": 1052.1435546875,
  "summary_bg_median": 486.9532470703125,
  "summary_bg_n": 440507.0,
  "summary_bg_p05": 267.37742004394534,
  "summary_bg_p95": 4063.478833007809,
  "summary_bg_stdv": 1714.310791015625,
  "summary_fg_k": 0.7441572198519011,
  "summary_fg_mad": 3966.4336587450066,
  "summary_fg_mean": 9647.638671875,
  "summary_fg_median": 8932.060546875,
  "summary_fg_n": 165939.0,
  "summary_fg_p05": 4263.6736328125,
  "summary_fg_p95": 17740.074609375,
  "summary_fg_stdv": 4225.17431640625,
  "tsnr": 19.762691497802734
}