{
  "aor": 0.00026577433628318585,
  "aqi": 0.0066104079867256626,
  "bids_meta": {
    "BandwidthPerPixelPhaseEncode": 34.305,
    "CogAtlasID": "http://www.cognitiveatlas.org/id/trm_4cacee4a1d875/",
    "EchoTime": 0.03,
    "EffectiveEchoSpacing": 0.000275,
    "FlipAngle": 68,
    "MagneticFieldStrength": 3,
    "Manufacturer": "SIEMENS",
    "ManufacturersModelName": "Prisma",
    "MultibandAccelerationFactor": 4,
    "PhaseEncodingDirection": "j-",
    "RepetitionTime": 1,
    "SliceTiming": [
      0,
      0.4375,
      0.875,
      0.3125,
      0.75,
      0.1875,
      0.625,
      0.0625,
      0.5,
      0.9375,
      0.375,
      0.8125,
      0.25,
      0.6875,
      0.125,
      0.5625,
      0,
      0.4375,
      0.875,
      0.3125,
      0.75,
      0.1875,
      0.625,
      0.0625,
      0.5,
      0.9375,
      0.375,
      0.8125,
      0.25,
      0.6875,
      0.125,
      0.5625,
      0,
      0.4375,
      0.875,
      0.3125,
      0.75,
      0.1875,
      0.625,
      0.0625,
      0.5,
      0.9375,
      0.375,
      0.8125,
      0.25,
      0.6875,
      0.125,
      0.5625,
      0,
      0.4375,
      0.875,
      0.3125,
      0.75,
      0.1875,
      0.625,
      0.0625,
      0.5,
      0.9375,
      0.375,
      0.8125,
      0.25,
      0.6875,
      0.125,
      0.5625
    ],
    "TaskDescription": "Mixed gambles task",
    "TaskName": "MGT",
    "dataset": "ds001734",
    "modality": "bold",
    "run_id": 3,
    "subject_id": "081",
    "task_id": "MGT"
  },
  "dummy_trs": 1,
  "dvars_nstd": 50.36428563186254,
  "dvars_std": 1.0191302108869182,
  "dvars_vstd": 0.9984755294900215,
  "efc": 0.49245709129593324,
  "fber": 669.0506591796875,
  "fd_mean": 0.10701386951875322,
  "fd_num": 42,
  "fd_perc": 9.29203539823009,
  "fwhm_avg": 3.048054960381125,
  "fwhm_x": 2.9625,
  "fwhm_y": 3.19054,
  "fwhm_z": 2.991124881143376,
  "gcor": 0.00307723,
  "gsr_x": -0.018262121826410294,
  "gsr_y": 0.040421731770038605,
  "provenance": {
    "md5sum": "bf0d443c8c444c1c4270f8b49245412a",
    "settings": {
      "fd_thres": 0.2,
      "testing": false
    },
    "software": "mriqc",
    "version": "21.0.0rc2",
    "webapi_port": null,
    "webapi_url": "https://mriqc.nimh.nih.gov/api/v1"
  },
  "size_t": 452,
  "size_x": 106,
  "size_y": 106,
  "size_z": 64,
  "snr": 2.308156270601674,
  "spacing_tr": 1.0,
  "spacing_x": 2.0,
  "spacing_y": 2.0,
  "spacing_z": 2.4000000953674316,
  "summary_bg_k": 45.661901118716514,
  "summary_bg_mad": 118.6692135642117,
  "summary_bg_mean": 626.9104614257812,
  "summary_bg_median": 345.2899169921875,
  "summary_bg_n": 496594.0,
  "summary_bg_p05": 258.32219848632815,
  "summary_bg_p95": 2010.8144226074194,
  "summary_bg_stdv": 884.5833129882812,
  "summary_fg_k": 1.8954085677956165,
  "summary_fg_mad": 3537.493236915553,
  "summary_fg_mean": 9772.5966796875,
  "summary_fg_median": 9136.84765625,
  "summary_fg_n": 125447.0,
  "summary_fg_p05": 4767.974365234375,
  "summary_fg_p95": 17159.1234375,
  "summary_fg_stdv": 3958.489013671875,
  "tsnr": 27.7685489654541
}