{
  "aor": 0.0007852980132450331,
  "aqi": 0.012916828057395144,
  "bids_meta": {
    "BandwidthPerPixelPhaseEncode": 34.305,
    "CogAtlasID": "http://www.cognitiveatlas.org/id/trm_4cacee4a1d875/",
    "EchoTime": 0.03,
    "EffectiveEchoSpacing": 0.000275,
    "FlipAngle": 68,
    "MagneticFieldStrength": 3,
    "Manufacturer": "SIEMENS",
    "ManufacturersModelName": "Prisma",
    "MultibandAccelerationFactor": 4,
    "PhaseEncodingDirection": "j-",
    "RepetitionTime": 1,
    "SliceTiming": [
      0,
      0.4375,
      0.875,
      0.3125,
      0.75,
      0.1875,
      0.625,
      0.0625,
      0.5,
      0.9375,
      0.375,
      0.8125,
      0.25,
      0.6875,
      0.125,
      0.5625,
      0,
      0.4375,
      0.875,
      0.3125,
      0.75,
      0.1875,
      0.625,
      0.0625,
      0.5,
      0.9375,
      0.375,
      0.8125,
      0.25,
      0.6875,
      0.125,
      0.5625,
      0,
      0.4375,
      0.875,
      0.3125,
      0.75,
      0.1875,
      0.625,
      0.0625,
      0.5,
      0.9375,
      0.375,
      0.8125,
      0.25,
      0.6875,
      0.125,
      0.5625,
      0,
      0.4375,
      0.875,
      0.3125,
      0.75,
      0.1875,
      0.625,
      0.0625,
      0.5,
      0.9375,
      0.375,
      0.8125,
      0.25,
      0.6875,
      0.125,
      0.5625
    ],
    "TaskDescription": "Mixed gambles task",
    "TaskName": "MGT",
    "dataset": "ds001734",
    "modality": "bold",
    "run_id": 2,
    "subject_id": "002",
    "task_id": "MGT"
  },
  "dummy_trs": 0,
  "dvars_nstd": 61.61793905438056,
  "dvars_std": 1.0600521817699116,
  "dvars_vstd": 1.0045734032522124,
  "efc": 0.5464083790173095,
  "fber": 374.98175048828125,
  "fd_mean": 0.09627908870114792,
  "fd_num": 14,
  "fd_perc": 3.0905077262693155,
  "fwhm_avg": 3.0808778399704266,
  "fwhm_x": 2.90182,
  "fwhm_y": 3.210555,
  "fwhm_z": 3.1302585199112807,
  "gcor": 0.00625781,
  "gsr_x": -0.0055198404006659985,
  "gsr_y": 0.05211624130606651,
  "provenance": {
    "md5sum": "4ad989b1083981d1f4e4deec673efc49",
    "settings": {
      "fd_thres": 0.2,
      "testing": false
    },
    "software": "mriqc",
    "version": "21.0.0rc2",
    "webapi_port": null,
    "webapi_url": "https://mriqc.nimh.nih.gov/api/v1"
  },
  "size_t": 453,
  "size_x": 106,
  "size_y": 106,
  "size_z": 64,
  "snr": 2.2423689504227506,
  "spacing_tr": 1.0,
  "spacing_x": 2.0,
  "spacing_y": 2.0,
  "spacing_z": 2.3999998569488525,
  "summary_bg_k": 25.51117497795714,
  "summary_bg_mad": 204.69690414862475,
  "summary_bg_mean": 887.275146484375,
  "summary_bg_median": 420.35076904296875,
  "summary_bg_n": 469130.0,
  "summary_bg_p05": 268.61775360107424,
  "summary_bg_p95": 3440.1868774414047,
  "summary_bg_stdv": 1398.6806640625,
  "summary_fg_k": 0.6091489089898561,
  "summary_fg_mad": 3553.4927445479716,
  "summary_fg_mean": 9136.5625,
  "summary_fg_median": 8561.7646484375,
  "summary_fg_n": 143091.0,
  "summary_fg_p05": 3877.9578857421875,
  "summary_fg_p95": 16210.50732421875,
  "summary_fg_stdv": 3818.1650390625,
  "tsnr": 22.870006561279297
}