{
  "aor": 0.0007191611479028699,
  "aqi": 0.014436081037527592,
  "bids_meta": {
    "BandwidthPerPixelPhaseEncode": 34.305,
    "CogAtlasID": "http://www.cognitiveatlas.org/id/trm_4cacee4a1d875/",
    "EchoTime": 0.03,
    "EffectiveEchoSpacing": 0.000275,
    "FlipAngle": 68,
    "MagneticFieldStrength": 3,
    "Manufacturer": "SIEMENS",
    "ManufacturersModelName": "Prisma",
    "MultibandAccelerationFactor": 4,
    "PhaseEncodingDirection": "j-",
    "RepetitionTime": 1,
    "SliceTiming": [
      0,
      0.4375,
      0.875,
      0.3125,
      0.75,
      0.1875,
      0.625,
      0.0625,
      0.5,
      0.9375,
      0.375,
      0.8125,
      0.25,
      0.6875,
      0.125,
      0.5625,
      0,
      0.4375,
      0.875,
      0.3125,
      0.75,
      0.1875,
      0.625,
      0.0625,
      0.5,
      0.9375,
      0.375,
      0.8125,
      0.25,
      0.6875,
      0.125,
      0.5625,
      0,
      0.4375,
      0.875,
      0.3125,
      0.75,
      0.1875,
      0.625,
      0.0625,
      0.5,
      0.9375,
      0.375,
      0.8125,
      0.25,
      0.6875,
      0.125,
      0.5625,
      0,
      0.4375,
      0.875,
      0.3125,
      0.75,
      0.1875,
      0.625,
      0.0625,
      0.5,
      0.9375,
      0.375,
      0.8125,
      0.25,
      0.6875,
      0.125,
      0.5625
    ],
    "TaskDescription": "Mixed gambles task",
    "TaskName": "MGT",
    "dataset": "ds001734",
    "modality": "bold",
    "run_id": 1,
    "subject_id": "002",
    "task_id": "MGT"
  },
  "dummy_trs": 0,
  "dvars_nstd": 60.922015527765545,
  "dvars_std": 1.049396395420354,
  "dvars_vstd": 1.0010292012168147,
  "efc": 0.5458870470068742,
  "fber": 389.779296875,
  "fd_mean": 0.10926835384396492,
  "fd_num": 13,
  "fd_perc": 2.869757174392936,
  "fwhm_avg": 3.0683020062350104,
  "fwhm_x": 2.8891,
  "fwhm_y": 3.205785,
  "fwhm_z": 3.1100210187050314,
  "gcor": 0.00301186,
  "gsr_x": -0.006677960976958275,
  "gsr_y": 0.05034033581614494,
  "provenance": {
    "md5sum": "a7b759f2b2b03b929c15eb3c0b501a8d",
    "settings": {
      "fd_thres": 0.2,
      "testing": false
    },
    "software": "mriqc",
    "version": "21.0.0rc2",
    "webapi_port": null,
    "webapi_url": "https://mriqc.nimh.nih.gov/api/v1"
  },
  "size_t": 453,
  "size_x": 106,
  "size_y": 106,
  "size_z": 64,
  "snr": 2.260561922338515,
  "spacing_tr": 1.0,
  "spacing_x": 2.0,
  "spacing_y": 2.0,
  "spacing_z": 2.3999998569488525,
  "summary_bg_k": 26.480907076929398,
  "summary_bg_mad": 196.03514183754066,
  "summary_bg_mean": 872.1481323242188,
  "summary_bg_median": 413.55194091796875,
  "summary_bg_n": 469136.0,
  "summary_bg_p05": 266.24520111083984,
  "summary_bg_p95": 3318.5762939453125,
  "summary_bg_stdv": 1372.05029296875,
  "summary_fg_k": 0.6040133436806552,
  "summary_fg_mad": 3535.6761804856465,
  "summary_fg_mean": 9122.103515625,
  "summary_fg_median": 8567.0556640625,
  "summary_fg_n": 143461.0,
  "summary_fg_p05": 3893.51318359375,
  "summary_fg_p95": 16130.400390625,
  "summary_fg_stdv": 3789.777099609375,
  "tsnr": 22.080835342407227
}