{
  "aor": 0.00026483370288248335,
  "aqi": 0.008769607095343681,
  "bids_meta": {
    "BandwidthPerPixelPhaseEncode": 34.305,
    "CogAtlasID": "http://www.cognitiveatlas.org/id/trm_4cacee4a1d875/",
    "EchoTime": 0.03,
    "EffectiveEchoSpacing": 0.000275,
    "FlipAngle": 68,
    "MagneticFieldStrength": 3,
    "Manufacturer": "SIEMENS",
    "ManufacturersModelName": "Prisma",
    "MultibandAccelerationFactor": 4,
    "PhaseEncodingDirection": "j-",
    "RepetitionTime": 1,
    "SliceTiming": [
      0,
      0.4375,
      0.875,
      0.3125,
      0.75,
      0.1875,
      0.625,
      0.0625,
      0.5,
      0.9375,
      0.375,
      0.8125,
      0.25,
      0.6875,
      0.125,
      0.5625,
      0,
      0.4375,
      0.875,
      0.3125,
      0.75,
      0.1875,
      0.625,
      0.0625,
      0.5,
      0.9375,
      0.375,
      0.8125,
      0.25,
      0.6875,
      0.125,
      0.5625,
      0,
      0.4375,
      0.875,
      0.3125,
      0.75,
      0.1875,
      0.625,
      0.0625,
      0.5,
      0.9375,
      0.375,
      0.8125,
      0.25,
      0.6875,
      0.125,
      0.5625,
      0,
      0.4375,
      0.875,
      0.3125,
      0.75,
      0.1875,
      0.625,
      0.0625,
      0.5,
      0.9375,
      0.375,
      0.8125,
      0.25,
      0.6875,
      0.125,
      0.5625
    ],
    "TaskDescription": "Mixed gambles task",
    "TaskName": "MGT",
    "dataset": "ds001734",
    "modality": "bold",
    "run_id": 4,
    "subject_id": "090",
    "task_id": "MGT"
  },
  "dummy_trs": 2,
  "dvars_nstd": 47.18815926466667,
  "dvars_std": 0.9897387837777769,
  "dvars_vstd": 0.9845047353555556,
  "efc": 0.5098109145818771,
  "fber": 611.497314453125,
  "fd_mean": 0.10845424725160895,
  "fd_num": 33,
  "fd_perc": 7.317073170731708,
  "fwhm_avg": 3.2193388462763157,
  "fwhm_x": 3.18809,
  "fwhm_y": 3.252785,
  "fwhm_z": 3.2171415388289475,
  "gcor": 0.00241184,
  "gsr_x": -0.016741417348384857,
  "gsr_y": 0.04518003761768341,
  "provenance": {
    "md5sum": "c22978a0142aa5fe2013924d64b148a0",
    "settings": {
      "fd_thres": 0.2,
      "testing": false
    },
    "software": "mriqc",
    "version": "21.0.0rc2",
    "webapi_port": null,
    "webapi_url": "https://mriqc.nimh.nih.gov/api/v1"
  },
  "size_t": 451,
  "size_x": 106,
  "size_y": 106,
  "size_z": 64,
  "snr": 2.1798462158972747,
  "spacing_tr": 1.0,
  "spacing_x": 2.0,
  "spacing_y": 2.0,
  "spacing_z": 2.4000000953674316,
  "summary_bg_k": 31.643983429940604,
  "summary_bg_mad": 143.98869138655027,
  "summary_bg_mean": 708.9678955078125,
  "summary_bg_median": 365.7870788574219,
  "summary_bg_n": 479863.0,
  "summary_bg_p05": 259.5787353515625,
  "summary_bg_p95": 2422.5816894531235,
  "summary_bg_stdv": 1019.92724609375,
  "summary_fg_k": 1.3927153502151857,
  "summary_fg_mad": 3936.3421907681404,
  "summary_fg_mean": 10065.9921875,
  "summary_fg_median": 9274.4560546875,
  "summary_fg_n": 139801.0,
  "summary_fg_p05": 4757.94580078125,
  "summary_fg_p95": 18090.29296875,
  "summary_fg_stdv": 4254.62255859375,
  "tsnr": 25.38475227355957
}