{
  "aor": 0.0003180088495575221,
  "aqi": 0.018117382743362834,
  "bids_meta": {
    "BandwidthPerPixelPhaseEncode": 34.305,
    "CogAtlasID": "http://www.cognitiveatlas.org/id/trm_4cacee4a1d875/",
    "EchoTime": 0.03,
    "EffectiveEchoSpacing": 0.000275,
    "FlipAngle": 68,
    "MagneticFieldStrength": 3,
    "Manufacturer": "SIEMENS",
    "ManufacturersModelName": "Prisma",
    "MultibandAccelerationFactor": 4,
    "PhaseEncodingDirection": "j-",
    "RepetitionTime": 1,
    "SliceTiming": [
      0,
      0.4375,
      0.875,
      0.3125,
      0.75,
      0.1875,
      0.625,
      0.0625,
      0.5,
      0.9375,
      0.375,
      0.8125,
      0.25,
      0.6875,
      0.125,
      0.5625,
      0,
      0.4375,
      0.875,
      0.3125,
      0.75,
      0.1875,
      0.625,
      0.0625,
      0.5,
      0.9375,
      0.375,
      0.8125,
      0.25,
      0.6875,
      0.125,
      0.5625,
      0,
      0.4375,
      0.875,
      0.3125,
      0.75,
      0.1875,
      0.625,
      0.0625,
      0.5,
      0.9375,
      0.375,
      0.8125,
      0.25,
      0.6875,
      0.125,
      0.5625,
      0,
      0.4375,
      0.875,
      0.3125,
      0.75,
      0.1875,
      0.625,
      0.0625,
      0.5,
      0.9375,
      0.375,
      0.8125,
      0.25,
      0.6875,
      0.125,
      0.5625
    ],
    "TaskDescription": "Mixed gambles task",
    "TaskName": "MGT",
    "dataset": "ds001734",
    "modality": "bold",
    "run_id": 1,
    "subject_id": "076",
    "task_id": "MGT"
  },
  "dummy_trs": 1,
  "dvars_nstd": 62.937051117583174,
  "dvars_std": 1.032326979179601,
  "dvars_vstd": 0.9727267117960087,
  "efc": 0.5540371614062136,
  "fber": 406.1495056152344,
  "fd_mean": 0.14115191381368275,
  "fd_num": 94,
  "fd_perc": 20.79646017699115,
  "fwhm_avg": 3.1701048519775146,
  "fwhm_x": 3.0541,
  "fwhm_y": 3.263265,
  "fwhm_z": 3.1929495559325436,
  "gcor": 0.00205056,
  "gsr_x": -0.01965382881462574,
  "gsr_y": 0.062251050025224686,
  "provenance": {
    "md5sum": "ceb7f5a45cb497b546dbc1ea42e674bd",
    "settings": {
      "fd_thres": 0.2,
      "testing": false
    },
    "software": "mriqc",
    "version": "21.0.0rc2",
    "webapi_port": null,
    "webapi_url": "https://mriqc.nimh.nih.gov/api/v1"
  },
  "size_t": 452,
  "size_x": 106,
  "size_y": 106,
  "size_z": 64,
  "snr": 2.399948515194734,
  "spacing_tr": 1.0,
  "spacing_x": 2.0,
  "spacing_y": 2.0,
  "spacing_z": 2.4000003337860107,
  "summary_bg_k": 29.92105021318691,
  "summary_bg_mad": 193.16545050121505,
  "summary_bg_mean": 869.5695190429688,
  "summary_bg_median": 409.4775390625,
  "summary_bg_n": 460835.0,
  "summary_bg_p05": 266.0309753417969,
  "summary_bg_p95": 3323.3272460937496,
  "summary_bg_stdv": 1309.9775390625,
  "summary_fg_k": 0.9200569637814278,
  "summary_fg_mad": 3466.742416593781,
  "summary_fg_mean": 9244.6484375,
  "summary_fg_median": 8744.580078125,
  "summary_fg_n": 147791.0,
  "summary_fg_p05": 4322.04345703125,
  "summary_fg_p95": 15891.3974609375,
  "summary_fg_stdv": 3643.640869140625,
  "tsnr": 20.557804107666016
}