{
  "aor": 0.0009352876106194691,
  "aqi": 0.008943278584070796,
  "bids_meta": {
    "BandwidthPerPixelPhaseEncode": 34.305,
    "CogAtlasID": "http://www.cognitiveatlas.org/id/trm_4cacee4a1d875/",
    "EchoTime": 0.03,
    "EffectiveEchoSpacing": 0.000275,
    "FlipAngle": 68,
    "MagneticFieldStrength": 3,
    "Manufacturer": "SIEMENS",
    "ManufacturersModelName": "Prisma",
    "MultibandAccelerationFactor": 4,
    "PhaseEncodingDirection": "j-",
    "RepetitionTime": 1,
    "SliceTiming": [
      0,
      0.4375,
      0.875,
      0.3125,
      0.75,
      0.1875,
      0.625,
      0.0625,
      0.5,
      0.9375,
      0.375,
      0.8125,
      0.25,
      0.6875,
      0.125,
      0.5625,
      0,
      0.4375,
      0.875,
      0.3125,
      0.75,
      0.1875,
      0.625,
      0.0625,
      0.5,
      0.9375,
      0.375,
      0.8125,
      0.25,
      0.6875,
      0.125,
      0.5625,
      0,
      0.4375,
      0.875,
      0.3125,
      0.75,
      0.1875,
      0.625,
      0.0625,
      0.5,
      0.9375,
      0.375,
      0.8125,
      0.25,
      0.6875,
      0.125,
      0.5625,
      0,
      0.4375,
      0.875,
      0.3125,
      0.75,
      0.1875,
      0.625,
      0.0625,
      0.5,
      0.9375,
      0.375,
      0.8125,
      0.25,
      0.6875,
      0.125,
      0.5625
    ],
    "TaskDescription": "Mixed gambles task",
    "TaskName": "MGT",
    "dataset": "ds001734",
    "modality": "bold",
    "run_id": 1,
    "subject_id": "057",
    "task_id": "MGT"
  },
  "dummy_trs": 1,
  "dvars_nstd": 48.71592588055432,
  "dvars_std": 1.0076663291130816,
  "dvars_vstd": 1.0006422324611977,
  "efc": 0.4854982696421432,
  "fber": 630.2060546875,
  "fd_mean": 0.17290731053572453,
  "fd_num": 161,
  "fd_perc": 35.61946902654867,
  "fwhm_avg": 3.122073571609183,
  "fwhm_x": 3.069045,
  "fwhm_y": 3.31488,
  "fwhm_z": 2.982295714827549,
  "gcor": 0.00296479,
  "gsr_x": -0.003112971084192395,
  "gsr_y": 0.0233304500579834,
  "provenance": {
    "md5sum": "51fbc18b80ea3bc02065bc1459846a23",
    "settings": {
      "fd_thres": 0.2,
      "testing": false
    },
    "software": "mriqc",
    "version": "21.0.0rc2",
    "webapi_port": null,
    "webapi_url": "https://mriqc.nimh.nih.gov/api/v1"
  },
  "size_t": 452,
  "size_x": 106,
  "size_y": 106,
  "size_z": 64,
  "snr": 2.2869529512844897,
  "spacing_tr": 1.0,
  "spacing_x": 2.0,
  "spacing_y": 2.0,
  "spacing_z": 2.4000000953674316,
  "summary_bg_k": 31.294345006446235,
  "summary_bg_mad": 146.97891654581593,
  "summary_bg_mean": 709.3231811523438,
  "summary_bg_median": 364.3271484375,
  "summary_bg_n": 510249.0,
  "summary_bg_p05": 249.32867431640625,
  "summary_bg_p95": 2522.4550292968734,
  "summary_bg_stdv": 1050.2816162109375,
  "summary_fg_k": 2.163645045014234,
  "summary_fg_mad": 3736.8540082777704,
  "summary_fg_mean": 9982.5107421875,
  "summary_fg_median": 9333.9619140625,
  "summary_fg_n": 114003.0,
  "summary_fg_p05": 4773.90791015625,
  "summary_fg_p95": 17511.615820312498,
  "summary_fg_stdv": 4081.378662109375,
  "tsnr": 25.486543655395508
}