{
  "aor": 0.0002675,
  "aqi": 0.009167822876106194,
  "bids_meta": {
    "BandwidthPerPixelPhaseEncode": 34.305,
    "CogAtlasID": "http://www.cognitiveatlas.org/id/trm_4cacee4a1d875/",
    "EchoTime": 0.03,
    "EffectiveEchoSpacing": 0.000275,
    "FlipAngle": 68,
    "MagneticFieldStrength": 3,
    "Manufacturer": "SIEMENS",
    "ManufacturersModelName": "Prisma",
    "MultibandAccelerationFactor": 4,
    "PhaseEncodingDirection": "j-",
    "RepetitionTime": 1,
    "SliceTiming": [
      0,
      0.4375,
      0.875,
      0.3125,
      0.75,
      0.1875,
      0.625,
      0.0625,
      0.5,
      0.9375,
      0.375,
      0.8125,
      0.25,
      0.6875,
      0.125,
      0.5625,
      0,
      0.4375,
      0.875,
      0.3125,
      0.75,
      0.1875,
      0.625,
      0.0625,
      0.5,
      0.9375,
      0.375,
      0.8125,
      0.25,
      0.6875,
      0.125,
      0.5625,
      0,
      0.4375,
      0.875,
      0.3125,
      0.75,
      0.1875,
      0.625,
      0.0625,
      0.5,
      0.9375,
      0.375,
      0.8125,
      0.25,
      0.6875,
      0.125,
      0.5625,
      0,
      0.4375,
      0.875,
      0.3125,
      0.75,
      0.1875,
      0.625,
      0.0625,
      0.5,
      0.9375,
      0.375,
      0.8125,
      0.25,
      0.6875,
      0.125,
      0.5625
    ],
    "TaskDescription": "Mixed gambles task",
    "TaskName": "MGT",
    "dataset": "ds001734",
    "modality": "bold",
    "run_id": 1,
    "subject_id": "027",
    "task_id": "MGT"
  },
  "dummy_trs": 1,
  "dvars_nstd": 58.8090163780488,
  "dvars_std": 1.0838288820842557,
  "dvars_vstd": 0.9952142971618628,
  "efc": 0.4972112037203339,
  "fber": 677.1676635742188,
  "fd_mean": 0.12608353351557766,
  "fd_num": 39,
  "fd_perc": 8.628318584070797,
  "fwhm_avg": 3.0175008923814235,
  "fwhm_x": 2.980015,
  "fwhm_y": 3.1005,
  "fwhm_z": 2.97198767714427,
  "gcor": 0.00251949,
  "gsr_x": -0.016333533450961113,
  "gsr_y": 0.03538438677787781,
  "provenance": {
    "md5sum": "58ff9b393e408de96e5fd5ff0a9b30bb",
    "settings": {
      "fd_thres": 0.2,
      "testing": false
    },
    "software": "mriqc",
    "version": "21.0.0rc2",
    "webapi_port": null,
    "webapi_url": "https://mriqc.nimh.nih.gov/api/v1"
  },
  "size_t": 452,
  "size_x": 106,
  "size_y": 106,
  "size_z": 64,
  "snr": 2.426231581553341,
  "spacing_tr": 1.0,
  "spacing_x": 2.0,
  "spacing_y": 2.0,
  "spacing_z": 2.3999998569488525,
  "summary_bg_k": 37.61432974363281,
  "summary_bg_mad": 125.36703016003811,
  "summary_bg_mean": 677.267578125,
  "summary_bg_median": 347.73260498046875,
  "summary_bg_n": 502041.0,
  "summary_bg_p05": 254.81246948242188,
  "summary_bg_p95": 2328.486328125,
  "summary_bg_stdv": 982.4735107421875,
  "summary_fg_k": 1.2069122468364277,
  "summary_fg_mad": 3513.8374787641333,
  "summary_fg_mean": 9819.4228515625,
  "summary_fg_median": 9138.716796875,
  "summary_fg_n": 125010.0,
  "summary_fg_p05": 5030.378198242188,
  "summary_fg_p95": 16921.981445312493,
  "summary_fg_stdv": 3766.614990234375,
  "tsnr": 26.275955200195312
}