{
  "aor": 0.00019545454545454548,
  "aqi": 0.00990934753880266,
  "bids_meta": {
    "BandwidthPerPixelPhaseEncode": 34.305,
    "CogAtlasID": "http://www.cognitiveatlas.org/id/trm_4cacee4a1d875/",
    "EchoTime": 0.03,
    "EffectiveEchoSpacing": 0.000275,
    "FlipAngle": 68,
    "MagneticFieldStrength": 3,
    "Manufacturer": "SIEMENS",
    "ManufacturersModelName": "Prisma",
    "MultibandAccelerationFactor": 4,
    "PhaseEncodingDirection": "j-",
    "RepetitionTime": 1,
    "SliceTiming": [
      0,
      0.4375,
      0.875,
      0.3125,
      0.75,
      0.1875,
      0.625,
      0.0625,
      0.5,
      0.9375,
      0.375,
      0.8125,
      0.25,
      0.6875,
      0.125,
      0.5625,
      0,
      0.4375,
      0.875,
      0.3125,
      0.75,
      0.1875,
      0.625,
      0.0625,
      0.5,
      0.9375,
      0.375,
      0.8125,
      0.25,
      0.6875,
      0.125,
      0.5625,
      0,
      0.4375,
      0.875,
      0.3125,
      0.75,
      0.1875,
      0.625,
      0.0625,
      0.5,
      0.9375,
      0.375,
      0.8125,
      0.25,
      0.6875,
      0.125,
      0.5625,
      0,
      0.4375,
      0.875,
      0.3125,
      0.75,
      0.1875,
      0.625,
      0.0625,
      0.5,
      0.9375,
      0.375,
      0.8125,
      0.25,
      0.6875,
      0.125,
      0.5625
    ],
    "TaskDescription": "Mixed gambles task",
    "TaskName": "MGT",
    "dataset": "ds001734",
    "modality": "bold",
    "run_id": 2,
    "subject_id": "027",
    "task_id": "MGT"
  },
  "dummy_trs": 2,
  "dvars_nstd": 58.64953261466666,
  "dvars_std": 1.076265144822223,
  "dvars_vstd": 0.9890279965111113,
  "efc": 0.49852478105866693,
  "fber": 660.63720703125,
  "fd_mean": 0.10781422195749985,
  "fd_num": 17,
  "fd_perc": 3.7694013303769403,
  "fwhm_avg": 3.015721170009113,
  "fwhm_x": 2.996895,
  "fwhm_y": 3.085835,
  "fwhm_z": 2.9644335100273396,
  "gcor": 0.00405128,
  "gsr_x": -0.016541313380002975,
  "gsr_y": 0.036726925522089005,
  "provenance": {
    "md5sum": "37b551357f279707212f26a1287ff151",
    "settings": {
      "fd_thres": 0.2,
      "testing": false
    },
    "software": "mriqc",
    "version": "21.0.0rc2",
    "webapi_port": null,
    "webapi_url": "https://mriqc.nimh.nih.gov/api/v1"
  },
  "size_t": 451,
  "size_x": 106,
  "size_y": 106,
  "size_z": 64,
  "snr": 2.4390986078604073,
  "spacing_tr": 1.0,
  "spacing_x": 2.0,
  "spacing_y": 2.0,
  "spacing_z": 2.3999998569488525,
  "summary_bg_k": 38.70415774501589,
  "summary_bg_mad": 127.41336780156223,
  "summary_bg_mean": 678.5665893554688,
  "summary_bg_median": 349.978759765625,
  "summary_bg_n": 501912.0,
  "summary_bg_p05": 255.8250274658203,
  "summary_bg_p95": 2325.7340454101554,
  "summary_bg_stdv": 981.7493896484375,
  "summary_fg_k": 1.1680302624796743,
  "summary_fg_mad": 3499.9181749768695,
  "summary_fg_mean": 9762.8154296875,
  "summary_fg_median": 9092.9287109375,
  "summary_fg_n": 124936.0,
  "summary_fg_p05": 5021.4744873046875,
  "summary_fg_p95": 16748.46533203125,
  "summary_fg_stdv": 3727.972412109375,
  "tsnr": 25.506240844726562
}