{
  "aor": 0.002165232815964524,
  "aqi": 0.01167442197339246,
  "bids_meta": {
    "BandwidthPerPixelPhaseEncode": 34.305,
    "CogAtlasID": "http://www.cognitiveatlas.org/id/trm_4cacee4a1d875/",
    "EchoTime": 0.03,
    "EffectiveEchoSpacing": 0.000275,
    "FlipAngle": 68,
    "MagneticFieldStrength": 3,
    "Manufacturer": "SIEMENS",
    "ManufacturersModelName": "Prisma",
    "MultibandAccelerationFactor": 4,
    "PhaseEncodingDirection": "j-",
    "RepetitionTime": 1,
    "SliceTiming": [
      0,
      0.4375,
      0.875,
      0.3125,
      0.75,
      0.1875,
      0.625,
      0.0625,
      0.5,
      0.9375,
      0.375,
      0.8125,
      0.25,
      0.6875,
      0.125,
      0.5625,
      0,
      0.4375,
      0.875,
      0.3125,
      0.75,
      0.1875,
      0.625,
      0.0625,
      0.5,
      0.9375,
      0.375,
      0.8125,
      0.25,
      0.6875,
      0.125,
      0.5625,
      0,
      0.4375,
      0.875,
      0.3125,
      0.75,
      0.1875,
      0.625,
      0.0625,
      0.5,
      0.9375,
      0.375,
      0.8125,
      0.25,
      0.6875,
      0.125,
      0.5625,
      0,
      0.4375,
      0.875,
      0.3125,
      0.75,
      0.1875,
      0.625,
      0.0625,
      0.5,
      0.9375,
      0.375,
      0.8125,
      0.25,
      0.6875,
      0.125,
      0.5625
    ],
    "TaskDescription": "Mixed gambles task",
    "TaskName": "MGT",
    "dataset": "ds001734",
    "modality": "bold",
    "run_id": 3,
    "subject_id": "011",
    "task_id": "MGT"
  },
  "dummy_trs": 2,
  "dvars_nstd": 57.954335818733355,
  "dvars_std": 1.0586019891555556,
  "dvars_vstd": 1.0657386100222208,
  "efc": 0.5166675192960288,
  "fber": 474.57830810546875,
  "fd_mean": 0.18244761998347284,
  "fd_num": 192,
  "fd_perc": 42.572062084257205,
  "fwhm_avg": 3.1108607931341417,
  "fwhm_x": 3.044385,
  "fwhm_y": 3.25326,
  "fwhm_z": 3.034937379402424,
  "gcor": 0.00328826,
  "gsr_x": -0.004108292981982231,
  "gsr_y": 0.041196059435606,
  "provenance": {
    "md5sum": "127108c0918c5f3577a1da44b6393b0d",
    "settings": {
      "fd_thres": 0.2,
      "testing": false
    },
    "software": "mriqc",
    "version": "21.0.0rc2",
    "webapi_port": null,
    "webapi_url": "https://mriqc.nimh.nih.gov/api/v1"
  },
  "size_t": 451,
  "size_x": 106,
  "size_y": 106,
  "size_z": 64,
  "snr": 2.11405488205251,
  "spacing_tr": 1.0,
  "spacing_x": 2.0,
  "spacing_y": 2.0,
  "spacing_z": 2.4000000953674316,
  "summary_bg_k": 40.26371924721352,
  "summary_bg_mad": 185.89306220211708,
  "summary_bg_mean": 817.8862915039062,
  "summary_bg_median": 400.3082580566406,
  "summary_bg_n": 484783.0,
  "summary_bg_p05": 262.9296356201172,
  "summary_bg_p95": 2841.8670654296875,
  "summary_bg_stdv": 1255.507568359375,
  "summary_fg_k": 1.337211165621044,
  "summary_fg_mad": 3920.2138241538405,
  "summary_fg_mean": 9725.4599609375,
  "summary_fg_median": 8993.650390625,
  "summary_fg_n": 133956.0,
  "summary_fg_p05": 4256.94189453125,
  "summary_fg_p95": 17716.59765625,
  "summary_fg_stdv": 4254.2021484375,
  "tsnr": 22.368831634521484
}