{
  "aor": 0.0004954646017699116,
  "aqi": 0.00873365610619469,
  "bids_meta": {
    "BandwidthPerPixelPhaseEncode": 34.305,
    "CogAtlasID": "http://www.cognitiveatlas.org/id/trm_4cacee4a1d875/",
    "EchoTime": 0.03,
    "EffectiveEchoSpacing": 0.000275,
    "FlipAngle": 68,
    "MagneticFieldStrength": 3,
    "Manufacturer": "SIEMENS",
    "ManufacturersModelName": "Prisma",
    "MultibandAccelerationFactor": 4,
    "PhaseEncodingDirection": "j-",
    "RepetitionTime": 1,
    "SliceTiming": [
      0,
      0.4375,
      0.875,
      0.3125,
      0.75,
      0.1875,
      0.625,
      0.0625,
      0.5,
      0.9375,
      0.375,
      0.8125,
      0.25,
      0.6875,
      0.125,
      0.5625,
      0,
      0.4375,
      0.875,
      0.3125,
      0.75,
      0.1875,
      0.625,
      0.0625,
      0.5,
      0.9375,
      0.375,
      0.8125,
      0.25,
      0.6875,
      0.125,
      0.5625,
      0,
      0.4375,
      0.875,
      0.3125,
      0.75,
      0.1875,
      0.625,
      0.0625,
      0.5,
      0.9375,
      0.375,
      0.8125,
      0.25,
      0.6875,
      0.125,
      0.5625,
      0,
      0.4375,
      0.875,
      0.3125,
      0.75,
      0.1875,
      0.625,
      0.0625,
      0.5,
      0.9375,
      0.375,
      0.8125,
      0.25,
      0.6875,
      0.125,
      0.5625
    ],
    "TaskDescription": "Mixed gambles task",
    "TaskName": "MGT",
    "dataset": "ds001734",
    "modality": "bold",
    "run_id": 4,
    "subject_id": "011",
    "task_id": "MGT"
  },
  "dummy_trs": 1,
  "dvars_nstd": 57.03420364975611,
  "dvars_std": 1.0457338197117516,
  "dvars_vstd": 1.0044413070953433,
  "efc": 0.5175397790537017,
  "fber": 454.18988037109375,
  "fd_mean": 0.13319246965746048,
  "fd_num": 81,
  "fd_perc": 17.920353982300885,
  "fwhm_avg": 3.086108014781951,
  "fwhm_x": 2.981115,
  "fwhm_y": 3.198905,
  "fwhm_z": 3.078304044345854,
  "gcor": 0.00205717,
  "gsr_x": -0.007095780689269304,
  "gsr_y": 0.04081767052412033,
  "provenance": {
    "md5sum": "3a9b68cddb7992cc57e093629c2c5ffc",
    "settings": {
      "fd_thres": 0.2,
      "testing": false
    },
    "software": "mriqc",
    "version": "21.0.0rc2",
    "webapi_port": null,
    "webapi_url": "https://mriqc.nimh.nih.gov/api/v1"
  },
  "size_t": 452,
  "size_x": 106,
  "size_y": 106,
  "size_z": 64,
  "snr": 2.1320817352468784,
  "spacing_tr": 1.0,
  "spacing_x": 2.0,
  "spacing_y": 2.0,
  "spacing_z": 2.4000000953674316,
  "summary_bg_k": 44.87108454321624,
  "summary_bg_mad": 187.4674900188422,
  "summary_bg_mean": 789.7774047851562,
  "summary_bg_median": 402.2462158203125,
  "summary_bg_n": 483044.0,
  "summary_bg_p05": 265.3437271118164,
  "summary_bg_p95": 2714.8392700195286,
  "summary_bg_stdv": 1203.7620849609375,
  "summary_fg_k": 1.147679484525045,
  "summary_fg_mad": 3856.7297816979662,
  "summary_fg_mean": 9618.0625,
  "summary_fg_median": 8909.55078125,
  "summary_fg_n": 134880.0,
  "summary_fg_p05": 4217.313159179687,
  "summary_fg_p95": 17472.2033203125,
  "summary_fg_stdv": 4178.7880859375,
  "tsnr": 25.328012466430664
}