{
  "aor": 0.0008796674057649665,
  "aqi": 0.009882832062084259,
  "bids_meta": {
    "BandwidthPerPixelPhaseEncode": 34.305,
    "CogAtlasID": "http://www.cognitiveatlas.org/id/trm_4cacee4a1d875/",
    "EchoTime": 0.03,
    "EffectiveEchoSpacing": 0.000275,
    "FlipAngle": 68,
    "MagneticFieldStrength": 3,
    "Manufacturer": "SIEMENS",
    "ManufacturersModelName": "Prisma",
    "MultibandAccelerationFactor": 4,
    "PhaseEncodingDirection": "j-",
    "RepetitionTime": 1,
    "SliceTiming": [
      0,
      0.4375,
      0.875,
      0.3125,
      0.75,
      0.1875,
      0.625,
      0.0625,
      0.5,
      0.9375,
      0.375,
      0.8125,
      0.25,
      0.6875,
      0.125,
      0.5625,
      0,
      0.4375,
      0.875,
      0.3125,
      0.75,
      0.1875,
      0.625,
      0.0625,
      0.5,
      0.9375,
      0.375,
      0.8125,
      0.25,
      0.6875,
      0.125,
      0.5625,
      0,
      0.4375,
      0.875,
      0.3125,
      0.75,
      0.1875,
      0.625,
      0.0625,
      0.5,
      0.9375,
      0.375,
      0.8125,
      0.25,
      0.6875,
      0.125,
      0.5625,
      0,
      0.4375,
      0.875,
      0.3125,
      0.75,
      0.1875,
      0.625,
      0.0625,
      0.5,
      0.9375,
      0.375,
      0.8125,
      0.25,
      0.6875,
      0.125,
      0.5625
    ],
    "TaskDescription": "Mixed gambles task",
    "TaskName": "MGT",
    "dataset": "ds001734",
    "modality": "bold",
    "run_id": 3,
    "subject_id": "051",
    "task_id": "MGT"
  },
  "dummy_trs": 2,
  "dvars_nstd": 55.666071048222214,
  "dvars_std": 1.0558974138666668,
  "dvars_vstd": 1.003880453688888,
  "efc": 0.49892668918432037,
  "fber": 628.87890625,
  "fd_mean": 0.17677255809423628,
  "fd_num": 160,
  "fd_perc": 35.47671840354767,
  "fwhm_avg": 2.8535897764372025,
  "fwhm_x": 2.84841,
  "fwhm_y": 2.98363,
  "fwhm_z": 2.728729329311609,
  "gcor": 0.00922037,
  "gsr_x": -0.014315544627606869,
  "gsr_y": 0.04958118870854378,
  "provenance": {
    "md5sum": "c4634bdf211936f60d954f5a09b6cedb",
    "settings": {
      "fd_thres": 0.2,
      "testing": false
    },
    "software": "mriqc",
    "version": "21.0.0rc2",
    "webapi_port": null,
    "webapi_url": "https://mriqc.nimh.nih.gov/api/v1"
  },
  "size_t": 451,
  "size_x": 106,
  "size_y": 106,
  "size_z": 64,
  "snr": 2.526892768222942,
  "spacing_tr": 1.0,
  "spacing_x": 2.0,
  "spacing_y": 2.0,
  "spacing_z": 2.3999998569488525,
  "summary_bg_k": 36.18454522398573,
  "summary_bg_mad": 154.6802993802765,
  "summary_bg_mean": 729.1725463867188,
  "summary_bg_median": 368.13250732421875,
  "summary_bg_n": 508544.0,
  "summary_bg_p05": 251.12618865966797,
  "summary_bg_p95": 2536.9550781249986,
  "summary_bg_stdv": 1023.2236938476562,
  "summary_fg_k": 0.6966247682913473,
  "summary_fg_mad": 3629.4008198524753,
  "summary_fg_mean": 9949.5625,
  "summary_fg_median": 9354.6767578125,
  "summary_fg_n": 116504.0,
  "summary_fg_p05": 5061.097412109375,
  "summary_fg_p95": 16769.840624999993,
  "summary_fg_stdv": 3702.031494140625,
  "tsnr": 25.399553298950195
}