{
  "aor": 0.0005885651214128034,
  "aqi": 0.008402451214128035,
  "bids_meta": {
    "BandwidthPerPixelPhaseEncode": 34.305,
    "CogAtlasID": "http://www.cognitiveatlas.org/id/trm_4cacee4a1d875/",
    "EchoTime": 0.03,
    "EffectiveEchoSpacing": 0.000275,
    "FlipAngle": 68,
    "MagneticFieldStrength": 3,
    "Manufacturer": "SIEMENS",
    "ManufacturersModelName": "Prisma",
    "MultibandAccelerationFactor": 4,
    "PhaseEncodingDirection": "j-",
    "RepetitionTime": 1,
    "SliceTiming": [
      0,
      0.4375,
      0.875,
      0.3125,
      0.75,
      0.1875,
      0.625,
      0.0625,
      0.5,
      0.9375,
      0.375,
      0.8125,
      0.25,
      0.6875,
      0.125,
      0.5625,
      0,
      0.4375,
      0.875,
      0.3125,
      0.75,
      0.1875,
      0.625,
      0.0625,
      0.5,
      0.9375,
      0.375,
      0.8125,
      0.25,
      0.6875,
      0.125,
      0.5625,
      0,
      0.4375,
      0.875,
      0.3125,
      0.75,
      0.1875,
      0.625,
      0.0625,
      0.5,
      0.9375,
      0.375,
      0.8125,
      0.25,
      0.6875,
      0.125,
      0.5625,
      0,
      0.4375,
      0.875,
      0.3125,
      0.75,
      0.1875,
      0.625,
      0.0625,
      0.5,
      0.9375,
      0.375,
      0.8125,
      0.25,
      0.6875,
      0.125,
      0.5625
    ],
    "TaskDescription": "Mixed gambles task",
    "TaskName": "MGT",
    "dataset": "ds001734",
    "modality": "bold",
    "run_id": 1,
    "subject_id": "105",
    "task_id": "MGT"
  },
  "dummy_trs": 0,
  "dvars_nstd": 53.78799343121683,
  "dvars_std": 1.0385873745132739,
  "dvars_vstd": 1.003881141393805,
  "efc": 0.5222197265557333,
  "fber": 510.47979736328125,
  "fd_mean": 0.11459609516310383,
  "fd_num": 17,
  "fd_perc": 3.752759381898455,
  "fwhm_avg": 3.079089403584027,
  "fwhm_x": 2.992155,
  "fwhm_y": 3.160255,
  "fwhm_z": 3.0848582107520817,
  "gcor": 0.00908958,
  "gsr_x": -0.014103254303336143,
  "gsr_y": 0.06755835562944412,
  "provenance": {
    "md5sum": "758b0531e19726858e4f9130a1fe7e95",
    "settings": {
      "fd_thres": 0.2,
      "testing": false
    },
    "software": "mriqc",
    "version": "21.0.0rc2",
    "webapi_port": null,
    "webapi_url": "https://mriqc.nimh.nih.gov/api/v1"
  },
  "size_t": 453,
  "size_x": 106,
  "size_y": 106,
  "size_z": 64,
  "snr": 2.4452428884709327,
  "spacing_tr": 1.0,
  "spacing_x": 2.0,
  "spacing_y": 2.0,
  "spacing_z": 2.4000000953674316,
  "summary_bg_k": 37.6566522648029,
  "summary_bg_mad": 183.32868702089633,
  "summary_bg_mean": 746.6846923828125,
  "summary_bg_median": 397.53179931640625,
  "summary_bg_n": 486608.0,
  "summary_bg_p05": 264.9861755371094,
  "summary_bg_p95": 2270.0045898437497,
  "summary_bg_stdv": 950.4048461914062,
  "summary_fg_k": 1.6093371018612155,
  "summary_fg_mad": 3600.9961014699047,
  "summary_fg_mean": 9748.234375,
  "summary_fg_median": 9258.94140625,
  "summary_fg_n": 133870.0,
  "summary_fg_p05": 4680.472021484375,
  "summary_fg_p95": 16487.384863281244,
  "summary_fg_stdv": 3786.497802734375,
  "tsnr": 25.57735824584961
}