{
  "aor": 0.0002683148558758315,
  "aqi": 0.008064521618625278,
  "bids_meta": {
    "BandwidthPerPixelPhaseEncode": 34.305,
    "CogAtlasID": "http://www.cognitiveatlas.org/id/trm_4cacee4a1d875/",
    "EchoTime": 0.03,
    "EffectiveEchoSpacing": 0.000275,
    "FlipAngle": 68,
    "MagneticFieldStrength": 3,
    "Manufacturer": "SIEMENS",
    "ManufacturersModelName": "Prisma",
    "MultibandAccelerationFactor": 4,
    "PhaseEncodingDirection": "j-",
    "RepetitionTime": 1,
    "SliceTiming": [
      0,
      0.4375,
      0.875,
      0.3125,
      0.75,
      0.1875,
      0.625,
      0.0625,
      0.5,
      0.9375,
      0.375,
      0.8125,
      0.25,
      0.6875,
      0.125,
      0.5625,
      0,
      0.4375,
      0.875,
      0.3125,
      0.75,
      0.1875,
      0.625,
      0.0625,
      0.5,
      0.9375,
      0.375,
      0.8125,
      0.25,
      0.6875,
      0.125,
      0.5625,
      0,
      0.4375,
      0.875,
      0.3125,
      0.75,
      0.1875,
      0.625,
      0.0625,
      0.5,
      0.9375,
      0.375,
      0.8125,
      0.25,
      0.6875,
      0.125,
      0.5625,
      0,
      0.4375,
      0.875,
      0.3125,
      0.75,
      0.1875,
      0.625,
      0.0625,
      0.5,
      0.9375,
      0.375,
      0.8125,
      0.25,
      0.6875,
      0.125,
      0.5625
    ],
    "TaskDescription": "Mixed gambles task",
    "TaskName": "MGT",
    "dataset": "ds001734",
    "modality": "bold",
    "run_id": 4,
    "subject_id": "112",
    "task_id": "MGT"
  },
  "dummy_trs": 2,
  "dvars_nstd": 51.5655197821556,
  "dvars_std": 1.0192771685777775,
  "dvars_vstd": 0.9996015332888887,
  "efc": 0.5281745250952409,
  "fber": 475.37225341796875,
  "fd_mean": 0.07012072061416187,
  "fd_num": 2,
  "fd_perc": 0.4434589800443459,
  "fwhm_avg": 3.253810064655149,
  "fwhm_x": 3.12256,
  "fwhm_y": 3.38467,
  "fwhm_z": 3.254200193965447,
  "gcor": 0.00115892,
  "gsr_x": -0.0029200282879173756,
  "gsr_y": 0.07059842348098755,
  "provenance": {
    "md5sum": "b4ec1e7d8b7d9c0f37f62e8c98df421b",
    "settings": {
      "fd_thres": 0.2,
      "testing": false
    },
    "software": "mriqc",
    "version": "21.0.0rc2",
    "webapi_port": null,
    "webapi_url": "https://mriqc.nimh.nih.gov/api/v1"
  },
  "size_t": 451,
  "size_x": 106,
  "size_y": 106,
  "size_z": 64,
  "snr": 2.107467441309251,
  "spacing_tr": 1.0,
  "spacing_x": 2.0,
  "spacing_y": 2.0,
  "spacing_z": 2.3999998569488525,
  "summary_bg_k": 42.06608468312108,
  "summary_bg_mad": 194.4922048394215,
  "summary_bg_mean": 833.0707397460938,
  "summary_bg_median": 404.67877197265625,
  "summary_bg_n": 469848.0,
  "summary_bg_p05": 262.11068267822264,
  "summary_bg_p95": 2974.3747070312406,
  "summary_bg_stdv": 1325.1002197265625,
  "summary_fg_k": 2.190407685891687,
  "summary_fg_mad": 3679.0578591963094,
  "summary_fg_mean": 9905.556640625,
  "summary_fg_median": 9074.318359375,
  "summary_fg_n": 147599.0,
  "summary_fg_p05": 4676.46962890625,
  "summary_fg_p95": 18165.48984375,
  "summary_fg_stdv": 4305.7783203125,
  "tsnr": 26.54047966003418
}