{
  "aor": 0.0003140576496674057,
  "aqi": 0.0073868854767184045,
  "bids_meta": {
    "BandwidthPerPixelPhaseEncode": 34.305,
    "CogAtlasID": "http://www.cognitiveatlas.org/id/trm_4cacee4a1d875/",
    "EchoTime": 0.03,
    "EffectiveEchoSpacing": 0.000275,
    "FlipAngle": 68,
    "MagneticFieldStrength": 3,
    "Manufacturer": "SIEMENS",
    "ManufacturersModelName": "Prisma",
    "MultibandAccelerationFactor": 4,
    "PhaseEncodingDirection": "j-",
    "RepetitionTime": 1,
    "SliceTiming": [
      0,
      0.4375,
      0.875,
      0.3125,
      0.75,
      0.1875,
      0.625,
      0.0625,
      0.5,
      0.9375,
      0.375,
      0.8125,
      0.25,
      0.6875,
      0.125,
      0.5625,
      0,
      0.4375,
      0.875,
      0.3125,
      0.75,
      0.1875,
      0.625,
      0.0625,
      0.5,
      0.9375,
      0.375,
      0.8125,
      0.25,
      0.6875,
      0.125,
      0.5625,
      0,
      0.4375,
      0.875,
      0.3125,
      0.75,
      0.1875,
      0.625,
      0.0625,
      0.5,
      0.9375,
      0.375,
      0.8125,
      0.25,
      0.6875,
      0.125,
      0.5625,
      0,
      0.4375,
      0.875,
      0.3125,
      0.75,
      0.1875,
      0.625,
      0.0625,
      0.5,
      0.9375,
      0.375,
      0.8125,
      0.25,
      0.6875,
      0.125,
      0.5625
    ],
    "TaskDescription": "Mixed gambles task",
    "TaskName": "MGT",
    "dataset": "ds001734",
    "modality": "bold",
    "run_id": 2,
    "subject_id": "047",
    "task_id": "MGT"
  },
  "dummy_trs": 2,
  "dvars_nstd": 49.67185859664447,
  "dvars_std": 1.0345864370444444,
  "dvars_vstd": 1.0198915962444448,
  "efc": 0.5410400683152583,
  "fber": 530.57177734375,
  "fd_mean": 0.06753717847367983,
  "fd_num": 2,
  "fd_perc": 0.4434589800443459,
  "fwhm_avg": 3.1366102359903425,
  "fwhm_x": 3.045915,
  "fwhm_y": 3.20907,
  "fwhm_z": 3.154845707971028,
  "gcor": 0.00145666,
  "gsr_x": -0.007722752168774605,
  "gsr_y": 0.06140253320336342,
  "provenance": {
    "md5sum": "71761a2daf985a7dcbd7bde97116a76b",
    "settings": {
      "fd_thres": 0.2,
      "testing": false
    },
    "software": "mriqc",
    "version": "21.0.0rc2",
    "webapi_port": null,
    "webapi_url": "https://mriqc.nimh.nih.gov/api/v1"
  },
  "size_t": 451,
  "size_x": 106,
  "size_y": 106,
  "size_z": 64,
  "snr": 2.3998191552439976,
  "spacing_tr": 1.0,
  "spacing_x": 2.0,
  "spacing_y": 2.0,
  "spacing_z": 2.4000000953674316,
  "summary_bg_k": 29.492006804920806,
  "summary_bg_mad": 182.08846456571268,
  "summary_bg_mean": 905.5313110351562,
  "summary_bg_median": 396.4241638183594,
  "summary_bg_n": 469541.0,
  "summary_bg_p05": 261.1195983886719,
  "summary_bg_p95": 3742.363037109375,
  "summary_bg_stdv": 1484.0484619140625,
  "summary_fg_k": 0.5276854414416858,
  "summary_fg_mad": 3781.9437930334448,
  "summary_fg_mean": 9976.8046875,
  "summary_fg_median": 9316.15625,
  "summary_fg_n": 148639.0,
  "summary_fg_p05": 4890.795068359375,
  "summary_fg_p95": 17224.743945312504,
  "summary_fg_stdv": 3882.01123046875,
  "tsnr": 28.50107192993164
}