{
  "aor": 0.0005159423503325942,
  "aqi": 0.019161579379157426,
  "bids_meta": {
    "BandwidthPerPixelPhaseEncode": 34.305,
    "CogAtlasID": "http://www.cognitiveatlas.org/id/trm_4cacee4a1d875/",
    "EchoTime": 0.03,
    "EffectiveEchoSpacing": 0.000275,
    "FlipAngle": 68,
    "MagneticFieldStrength": 3,
    "Manufacturer": "SIEMENS",
    "ManufacturersModelName": "Prisma",
    "MultibandAccelerationFactor": 4,
    "PhaseEncodingDirection": "j-",
    "RepetitionTime": 1,
    "SliceTiming": [
      0,
      0.4375,
      0.875,
      0.3125,
      0.75,
      0.1875,
      0.625,
      0.0625,
      0.5,
      0.9375,
      0.375,
      0.8125,
      0.25,
      0.6875,
      0.125,
      0.5625,
      0,
      0.4375,
      0.875,
      0.3125,
      0.75,
      0.1875,
      0.625,
      0.0625,
      0.5,
      0.9375,
      0.375,
      0.8125,
      0.25,
      0.6875,
      0.125,
      0.5625,
      0,
      0.4375,
      0.875,
      0.3125,
      0.75,
      0.1875,
      0.625,
      0.0625,
      0.5,
      0.9375,
      0.375,
      0.8125,
      0.25,
      0.6875,
      0.125,
      0.5625,
      0,
      0.4375,
      0.875,
      0.3125,
      0.75,
      0.1875,
      0.625,
      0.0625,
      0.5,
      0.9375,
      0.375,
      0.8125,
      0.25,
      0.6875,
      0.125,
      0.5625
    ],
    "TaskDescription": "Mixed gambles task",
    "TaskName": "MGT",
    "dataset": "ds001734",
    "modality": "bold",
    "run_id": 4,
    "subject_id": "037",
    "task_id": "MGT"
  },
  "dummy_trs": 2,
  "dvars_nstd": 54.104960123711166,
  "dvars_std": 0.9947018583777779,
  "dvars_vstd": 1.12955602231111,
  "efc": 0.5235357803278587,
  "fber": 462.0173645019531,
  "fd_mean": 0.11490137848521928,
  "fd_num": 49,
  "fd_perc": 10.864745011086475,
  "fwhm_avg": 2.9522446839473773,
  "fwhm_x": 2.875715,
  "fwhm_y": 3.091365,
  "fwhm_z": 2.889654051842131,
  "gcor": 0.00442741,
  "gsr_x": -0.01212220173329115,
  "gsr_y": 0.05075623840093613,
  "provenance": {
    "md5sum": "7019c0e7d243a9f62cb004e539a50aef",
    "settings": {
      "fd_thres": 0.2,
      "testing": false
    },
    "software": "mriqc",
    "version": "21.0.0rc2",
    "webapi_port": null,
    "webapi_url": "https://mriqc.nimh.nih.gov/api/v1"
  },
  "size_t": 451,
  "size_x": 106,
  "size_y": 106,
  "size_z": 64,
  "snr": 2.5453945901284567,
  "spacing_tr": 1.0,
  "spacing_x": 2.0,
  "spacing_y": 2.0,
  "spacing_z": 2.4000000953674316,
  "summary_bg_k": 35.148462405934666,
  "summary_bg_mad": 190.7677594805465,
  "summary_bg_mean": 791.1232299804688,
  "summary_bg_median": 401.3915100097656,
  "summary_bg_n": 494047.0,
  "summary_bg_p05": 258.65918884277346,
  "summary_bg_p95": 2800.9785888671845,
  "summary_bg_stdv": 1178.8558349609375,
  "summary_fg_k": 0.8379797338161956,
  "summary_fg_mad": 3305.3255479077125,
  "summary_fg_mean": 9335.47265625,
  "summary_fg_median": 8830.9892578125,
  "summary_fg_n": 126877.0,
  "summary_fg_p05": 4666.58779296875,
  "summary_fg_p95": 15661.325195312498,
  "summary_fg_stdv": 3469.38525390625,
  "tsnr": 21.323354721069336
}