{
  "aor": 0.001585055187637969,
  "aqi": 0.014688627218543047,
  "bids_meta": {
    "BandwidthPerPixelPhaseEncode": 34.305,
    "CogAtlasID": "http://www.cognitiveatlas.org/id/trm_4cacee4a1d875/",
    "EchoTime": 0.03,
    "EffectiveEchoSpacing": 0.000275,
    "FlipAngle": 68,
    "MagneticFieldStrength": 3,
    "Manufacturer": "SIEMENS",
    "ManufacturersModelName": "Prisma",
    "MultibandAccelerationFactor": 4,
    "PhaseEncodingDirection": "j-",
    "RepetitionTime": 1,
    "SliceTiming": [
      0,
      0.4375,
      0.875,
      0.3125,
      0.75,
      0.1875,
      0.625,
      0.0625,
      0.5,
      0.9375,
      0.375,
      0.8125,
      0.25,
      0.6875,
      0.125,
      0.5625,
      0,
      0.4375,
      0.875,
      0.3125,
      0.75,
      0.1875,
      0.625,
      0.0625,
      0.5,
      0.9375,
      0.375,
      0.8125,
      0.25,
      0.6875,
      0.125,
      0.5625,
      0,
      0.4375,
      0.875,
      0.3125,
      0.75,
      0.1875,
      0.625,
      0.0625,
      0.5,
      0.9375,
      0.375,
      0.8125,
      0.25,
      0.6875,
      0.125,
      0.5625,
      0,
      0.4375,
      0.875,
      0.3125,
      0.75,
      0.1875,
      0.625,
      0.0625,
      0.5,
      0.9375,
      0.375,
      0.8125,
      0.25,
      0.6875,
      0.125,
      0.5625
    ],
    "TaskDescription": "Mixed gambles task",
    "TaskName": "MGT",
    "dataset": "ds001734",
    "modality": "bold",
    "run_id": 2,
    "subject_id": "088",
    "task_id": "MGT"
  },
  "dummy_trs": 0,
  "dvars_nstd": 59.14008300075225,
  "dvars_std": 1.0528486119247789,
  "dvars_vstd": 1.0110875282964609,
  "efc": 0.5054816813414111,
  "fber": 646.3018188476562,
  "fd_mean": 0.1676267979769184,
  "fd_num": 88,
  "fd_perc": 19.426048565121413,
  "fwhm_avg": 3.2961881193524802,
  "fwhm_x": 3.18422,
  "fwhm_y": 3.49334,
  "fwhm_z": 3.211004358057441,
  "gcor": 0.0100284,
  "gsr_x": -0.018885593861341476,
  "gsr_y": 0.05023140087723732,
  "provenance": {
    "md5sum": "89fbf9065cf0d3d07f4403178f16ba54",
    "settings": {
      "fd_thres": 0.2,
      "testing": false
    },
    "software": "mriqc",
    "version": "21.0.0rc2",
    "webapi_port": null,
    "webapi_url": "https://mriqc.nimh.nih.gov/api/v1"
  },
  "size_t": 453,
  "size_x": 106,
  "size_y": 106,
  "size_z": 64,
  "snr": 2.2385294465754133,
  "spacing_tr": 1.0,
  "spacing_x": 2.0,
  "spacing_y": 2.0,
  "spacing_z": 2.3999998569488525,
  "summary_bg_k": 51.40428030350755,
  "summary_bg_mad": 125.64289154084344,
  "summary_bg_mean": 624.0840454101562,
  "summary_bg_median": 351.6322021484375,
  "summary_bg_n": 475455.0,
  "summary_bg_p05": 258.34735107421875,
  "summary_bg_p95": 1889.2241455078124,
  "summary_bg_stdv": 877.3255615234375,
  "summary_fg_k": 1.1888918153837915,
  "summary_fg_mad": 3896.119366322531,
  "summary_fg_mean": 10019.96875,
  "summary_fg_median": 9330.34765625,
  "summary_fg_n": 139633.0,
  "summary_fg_p05": 4653.22763671875,
  "summary_fg_p95": 17836.267187499998,
  "summary_fg_stdv": 4168.05517578125,
  "tsnr": 21.35459327697754
}