{
  "aor": 0.0002536061946902655,
  "aqi": 0.011255999734513276,
  "bids_meta": {
    "BandwidthPerPixelPhaseEncode": 34.305,
    "CogAtlasID": "http://www.cognitiveatlas.org/id/trm_4cacee4a1d875/",
    "EchoTime": 0.03,
    "EffectiveEchoSpacing": 0.000275,
    "FlipAngle": 68,
    "MagneticFieldStrength": 3,
    "Manufacturer": "SIEMENS",
    "ManufacturersModelName": "Prisma",
    "MultibandAccelerationFactor": 4,
    "PhaseEncodingDirection": "j-",
    "RepetitionTime": 1,
    "SliceTiming": [
      0,
      0.4375,
      0.875,
      0.3125,
      0.75,
      0.1875,
      0.625,
      0.0625,
      0.5,
      0.9375,
      0.375,
      0.8125,
      0.25,
      0.6875,
      0.125,
      0.5625,
      0,
      0.4375,
      0.875,
      0.3125,
      0.75,
      0.1875,
      0.625,
      0.0625,
      0.5,
      0.9375,
      0.375,
      0.8125,
      0.25,
      0.6875,
      0.125,
      0.5625,
      0,
      0.4375,
      0.875,
      0.3125,
      0.75,
      0.1875,
      0.625,
      0.0625,
      0.5,
      0.9375,
      0.375,
      0.8125,
      0.25,
      0.6875,
      0.125,
      0.5625,
      0,
      0.4375,
      0.875,
      0.3125,
      0.75,
      0.1875,
      0.625,
      0.0625,
      0.5,
      0.9375,
      0.375,
      0.8125,
      0.25,
      0.6875,
      0.125,
      0.5625
    ],
    "TaskDescription": "Mixed gambles task",
    "TaskName": "MGT",
    "dataset": "ds001734",
    "modality": "bold",
    "run_id": 1,
    "subject_id": "079",
    "task_id": "MGT"
  },
  "dummy_trs": 1,
  "dvars_nstd": 55.299748473592,
  "dvars_std": 1.0088572101995572,
  "dvars_vstd": 0.9691918264079828,
  "efc": 0.49291924507815704,
  "fber": 684.8721923828125,
  "fd_mean": 0.14026278473962958,
  "fd_num": 75,
  "fd_perc": 16.5929203539823,
  "fwhm_avg": 3.148531070165923,
  "fwhm_x": 3.130105,
  "fwhm_y": 3.22423,
  "fwhm_z": 3.0912582104977684,
  "gcor": 0.00315914,
  "gsr_x": -0.013723546639084816,
  "gsr_y": 0.051244884729385376,
  "provenance": {
    "md5sum": "4483424e4d88d68f7f26b2d85b1cf157",
    "settings": {
      "fd_thres": 0.2,
      "testing": false
    },
    "software": "mriqc",
    "version": "21.0.0rc2",
    "webapi_port": null,
    "webapi_url": "https://mriqc.nimh.nih.gov/api/v1"
  },
  "size_t": 452,
  "size_x": 106,
  "size_y": 106,
  "size_z": 64,
  "snr": 2.3021930108252984,
  "spacing_tr": 1.0,
  "spacing_x": 2.0,
  "spacing_y": 2.0,
  "spacing_z": 2.4000000953674316,
  "summary_bg_k": 36.63092265632833,
  "summary_bg_mad": 119.06798415298121,
  "summary_bg_mean": 627.7548217773438,
  "summary_bg_median": 338.3893127441406,
  "summary_bg_n": 496734.0,
  "summary_bg_p05": 246.4846336364746,
  "summary_bg_p95": 2022.0354980468726,
  "summary_bg_stdv": 885.554443359375,
  "summary_fg_k": 1.4136504892397808,
  "summary_fg_mad": 3639.4612314884967,
  "summary_fg_mean": 9747.65234375,
  "summary_fg_median": 9102.42578125,
  "summary_fg_n": 125375.0,
  "summary_fg_p05": 4734.894628906251,
  "summary_fg_p95": 17198.6380859375,
  "summary_fg_stdv": 3953.790771484375,
  "tsnr": 23.398818969726562
}