{
  "aor": 0.00022292035398230092,
  "aqi": 0.008773508362831858,
  "bids_meta": {
    "BandwidthPerPixelPhaseEncode": 34.305,
    "CogAtlasID": "http://www.cognitiveatlas.org/id/trm_4cacee4a1d875/",
    "EchoTime": 0.03,
    "EffectiveEchoSpacing": 0.000275,
    "FlipAngle": 68,
    "MagneticFieldStrength": 3,
    "Manufacturer": "SIEMENS",
    "ManufacturersModelName": "Prisma",
    "MultibandAccelerationFactor": 4,
    "PhaseEncodingDirection": "j-",
    "RepetitionTime": 1,
    "SliceTiming": [
      0,
      0.4375,
      0.875,
      0.3125,
      0.75,
      0.1875,
      0.625,
      0.0625,
      0.5,
      0.9375,
      0.375,
      0.8125,
      0.25,
      0.6875,
      0.125,
      0.5625,
      0,
      0.4375,
      0.875,
      0.3125,
      0.75,
      0.1875,
      0.625,
      0.0625,
      0.5,
      0.9375,
      0.375,
      0.8125,
      0.25,
      0.6875,
      0.125,
      0.5625,
      0,
      0.4375,
      0.875,
      0.3125,
      0.75,
      0.1875,
      0.625,
      0.0625,
      0.5,
      0.9375,
      0.375,
      0.8125,
      0.25,
      0.6875,
      0.125,
      0.5625,
      0,
      0.4375,
      0.875,
      0.3125,
      0.75,
      0.1875,
      0.625,
      0.0625,
      0.5,
      0.9375,
      0.375,
      0.8125,
      0.25,
      0.6875,
      0.125,
      0.5625
    ],
    "TaskDescription": "Mixed gambles task",
    "TaskName": "MGT",
    "dataset": "ds001734",
    "modality": "bold",
    "run_id": 2,
    "subject_id": "079",
    "task_id": "MGT"
  },
  "dummy_trs": 1,
  "dvars_nstd": 54.70579393494454,
  "dvars_std": 1.03161988638581,
  "dvars_vstd": 0.9878618357871393,
  "efc": 0.49356345944125696,
  "fber": 683.3246459960938,
  "fd_mean": 0.12305921348230699,
  "fd_num": 36,
  "fd_perc": 7.964601769911504,
  "fwhm_avg": 3.1003907927841294,
  "fwhm_x": 3.08273,
  "fwhm_y": 3.15708,
  "fwhm_z": 3.0613623783523884,
  "gcor": 0.00258159,
  "gsr_x": -0.013902786187827587,
  "gsr_y": 0.053054191172122955,
  "provenance": {
    "md5sum": "143ea8197c56e9bcd80693e3d92c965a",
    "settings": {
      "fd_thres": 0.2,
      "testing": false
    },
    "software": "mriqc",
    "version": "21.0.0rc2",
    "webapi_port": null,
    "webapi_url": "https://mriqc.nimh.nih.gov/api/v1"
  },
  "size_t": 452,
  "size_x": 106,
  "size_y": 106,
  "size_z": 64,
  "snr": 2.3091506187963504,
  "spacing_tr": 1.0,
  "spacing_x": 2.0,
  "spacing_y": 2.0,
  "spacing_z": 2.4000000953674316,
  "summary_bg_k": 37.752229336024676,
  "summary_bg_mad": 113.13388777649273,
  "summary_bg_mean": 633.0341796875,
  "summary_bg_median": 337.7626647949219,
  "summary_bg_n": 497307.0,
  "summary_bg_p05": 252.09051055908202,
  "summary_bg_p95": 2033.7040039062485,
  "summary_bg_stdv": 908.2445678710938,
  "summary_fg_k": 1.439294025549657,
  "summary_fg_mad": 3587.97989644611,
  "summary_fg_mean": 9704.23828125,
  "summary_fg_median": 9057.224609375,
  "summary_fg_n": 124895.0,
  "summary_fg_p05": 4743.989990234375,
  "summary_fg_p95": 17092.402929687494,
  "summary_fg_stdv": 3922.302978515625,
  "tsnr": 25.374229431152344
}