{
  "aor": 0.00036682119205298016,
  "aqi": 0.01185359587196468,
  "bids_meta": {
    "BandwidthPerPixelPhaseEncode": 34.305,
    "CogAtlasID": "http://www.cognitiveatlas.org/id/trm_4cacee4a1d875/",
    "EchoTime": 0.03,
    "EffectiveEchoSpacing": 0.000275,
    "FlipAngle": 68,
    "MagneticFieldStrength": 3,
    "Manufacturer": "SIEMENS",
    "ManufacturersModelName": "Prisma",
    "MultibandAccelerationFactor": 4,
    "PhaseEncodingDirection": "j-",
    "RepetitionTime": 1,
    "SliceTiming": [
      0,
      0.4375,
      0.875,
      0.3125,
      0.75,
      0.1875,
      0.625,
      0.0625,
      0.5,
      0.9375,
      0.375,
      0.8125,
      0.25,
      0.6875,
      0.125,
      0.5625,
      0,
      0.4375,
      0.875,
      0.3125,
      0.75,
      0.1875,
      0.625,
      0.0625,
      0.5,
      0.9375,
      0.375,
      0.8125,
      0.25,
      0.6875,
      0.125,
      0.5625,
      0,
      0.4375,
      0.875,
      0.3125,
      0.75,
      0.1875,
      0.625,
      0.0625,
      0.5,
      0.9375,
      0.375,
      0.8125,
      0.25,
      0.6875,
      0.125,
      0.5625,
      0,
      0.4375,
      0.875,
      0.3125,
      0.75,
      0.1875,
      0.625,
      0.0625,
      0.5,
      0.9375,
      0.375,
      0.8125,
      0.25,
      0.6875,
      0.125,
      0.5625
    ],
    "TaskDescription": "Mixed gambles task",
    "TaskName": "MGT",
    "dataset": "ds001734",
    "modality": "bold",
    "run_id": 1,
    "subject_id": "038",
    "task_id": "MGT"
  },
  "dummy_trs": 0,
  "dvars_nstd": 58.1270482642478,
  "dvars_std": 1.017462240884955,
  "dvars_vstd": 0.992537761039823,
  "efc": 0.5365926494069065,
  "fber": 428.7586364746094,
  "fd_mean": 0.09261395756211498,
  "fd_num": 5,
  "fd_perc": 1.1037527593818985,
  "fwhm_avg": 3.047547736767355,
  "fwhm_x": 2.90589,
  "fwhm_y": 3.14057,
  "fwhm_z": 3.0961832103020663,
  "gcor": 0.00235927,
  "gsr_x": -0.0077996328473091125,
  "gsr_y": 0.04920214042067528,
  "provenance": {
    "md5sum": "b31a09859cd1eb87c94648e0d0b61d18",
    "settings": {
      "fd_thres": 0.2,
      "testing": false
    },
    "software": "mriqc",
    "version": "21.0.0rc2",
    "webapi_port": null,
    "webapi_url": "https://mriqc.nimh.nih.gov/api/v1"
  },
  "size_t": 453,
  "size_x": 106,
  "size_y": 106,
  "size_z": 64,
  "snr": 2.2098548347177673,
  "spacing_tr": 1.0,
  "spacing_x": 2.0,
  "spacing_y": 2.0,
  "spacing_z": 2.4000000953674316,
  "summary_bg_k": 29.94307738546614,
  "summary_bg_mad": 164.41315673282426,
  "summary_bg_mean": 815.0494384765625,
  "summary_bg_median": 385.6734924316406,
  "summary_bg_n": 473015.0,
  "summary_bg_p05": 262.3690155029297,
  "summary_bg_p95": 3126.219482421875,
  "summary_bg_stdv": 1339.26611328125,
  "summary_fg_k": 1.0484845784842696,
  "summary_fg_mad": 3270.2769907261504,
  "summary_fg_mean": 8913.0400390625,
  "summary_fg_median": 8281.69140625,
  "summary_fg_n": 142980.0,
  "summary_fg_p05": 4023.8959106445313,
  "summary_fg_p95": 16117.602246093744,
  "summary_fg_stdv": 3747.604736328125,
  "tsnr": 22.71624755859375
}