{
  "aor": 0.00024254424778761063,
  "aqi": 0.008255302942477876,
  "bids_meta": {
    "BandwidthPerPixelPhaseEncode": 34.305,
    "CogAtlasID": "http://www.cognitiveatlas.org/id/trm_4cacee4a1d875/",
    "EchoTime": 0.03,
    "EffectiveEchoSpacing": 0.000275,
    "FlipAngle": 68,
    "MagneticFieldStrength": 3,
    "Manufacturer": "SIEMENS",
    "ManufacturersModelName": "Prisma",
    "MultibandAccelerationFactor": 4,
    "PhaseEncodingDirection": "j-",
    "RepetitionTime": 1,
    "SliceTiming": [
      0,
      0.4375,
      0.875,
      0.3125,
      0.75,
      0.1875,
      0.625,
      0.0625,
      0.5,
      0.9375,
      0.375,
      0.8125,
      0.25,
      0.6875,
      0.125,
      0.5625,
      0,
      0.4375,
      0.875,
      0.3125,
      0.75,
      0.1875,
      0.625,
      0.0625,
      0.5,
      0.9375,
      0.375,
      0.8125,
      0.25,
      0.6875,
      0.125,
      0.5625,
      0,
      0.4375,
      0.875,
      0.3125,
      0.75,
      0.1875,
      0.625,
      0.0625,
      0.5,
      0.9375,
      0.375,
      0.8125,
      0.25,
      0.6875,
      0.125,
      0.5625,
      0,
      0.4375,
      0.875,
      0.3125,
      0.75,
      0.1875,
      0.625,
      0.0625,
      0.5,
      0.9375,
      0.375,
      0.8125,
      0.25,
      0.6875,
      0.125,
      0.5625
    ],
    "TaskDescription": "Mixed gambles task",
    "TaskName": "MGT",
    "dataset": "ds001734",
    "modality": "bold",
    "run_id": 3,
    "subject_id": "047",
    "task_id": "MGT"
  },
  "dummy_trs": 1,
  "dvars_nstd": 49.54951263068739,
  "dvars_std": 1.0189094379600887,
  "dvars_vstd": 0.9948078647450118,
  "efc": 0.5425312657324948,
  "fber": 520.0608520507812,
  "fd_mean": 0.07330318046364459,
  "fd_num": 1,
  "fd_perc": 0.22123893805309736,
  "fwhm_avg": 3.134683569040554,
  "fwhm_x": 3.032395,
  "fwhm_y": 3.195435,
  "fwhm_z": 3.176220707121662,
  "gcor": 0.00110623,
  "gsr_x": -0.006735391914844513,
  "gsr_y": 0.061999641358852386,
  "provenance": {
    "md5sum": "c281e80ec80563244e6e2ecd9c90981f",
    "settings": {
      "fd_thres": 0.2,
      "testing": false
    },
    "software": "mriqc",
    "version": "21.0.0rc2",
    "webapi_port": null,
    "webapi_url": "https://mriqc.nimh.nih.gov/api/v1"
  },
  "size_t": 452,
  "size_x": 106,
  "size_y": 106,
  "size_z": 64,
  "snr": 2.403936847986506,
  "spacing_tr": 1.0,
  "spacing_x": 2.0,
  "spacing_y": 2.0,
  "spacing_z": 2.4000000953674316,
  "summary_bg_k": 28.74604921862452,
  "summary_bg_mad": 182.45006603453277,
  "summary_bg_mean": 908.7606811523438,
  "summary_bg_median": 397.4306640625,
  "summary_bg_n": 469216.0,
  "summary_bg_p05": 263.0984344482422,
  "summary_bg_p95": 3778.136474609375,
  "summary_bg_stdv": 1490.3104248046875,
  "summary_fg_k": 0.5393705741214325,
  "summary_fg_mad": 3746.9853647465134,
  "summary_fg_mean": 9921.533203125,
  "summary_fg_median": 9261.5869140625,
  "summary_fg_n": 148932.0,
  "summary_fg_p05": 4880.1668701171875,
  "summary_fg_p95": 17108.32666015624,
  "summary_fg_stdv": 3852.661865234375,
  "tsnr": 27.66914176940918
}