{
  "aor": 0.00023514348785871964,
  "aqi": 0.013262279403973511,
  "bids_meta": {
    "BandwidthPerPixelPhaseEncode": 34.305,
    "CogAtlasID": "http://www.cognitiveatlas.org/id/trm_4cacee4a1d875/",
    "EchoTime": 0.03,
    "EffectiveEchoSpacing": 0.000275,
    "FlipAngle": 68,
    "MagneticFieldStrength": 3,
    "Manufacturer": "SIEMENS",
    "ManufacturersModelName": "Prisma",
    "MultibandAccelerationFactor": 4,
    "PhaseEncodingDirection": "j-",
    "RepetitionTime": 1,
    "SliceTiming": [
      0,
      0.4375,
      0.875,
      0.3125,
      0.75,
      0.1875,
      0.625,
      0.0625,
      0.5,
      0.9375,
      0.375,
      0.8125,
      0.25,
      0.6875,
      0.125,
      0.5625,
      0,
      0.4375,
      0.875,
      0.3125,
      0.75,
      0.1875,
      0.625,
      0.0625,
      0.5,
      0.9375,
      0.375,
      0.8125,
      0.25,
      0.6875,
      0.125,
      0.5625,
      0,
      0.4375,
      0.875,
      0.3125,
      0.75,
      0.1875,
      0.625,
      0.0625,
      0.5,
      0.9375,
      0.375,
      0.8125,
      0.25,
      0.6875,
      0.125,
      0.5625,
      0,
      0.4375,
      0.875,
      0.3125,
      0.75,
      0.1875,
      0.625,
      0.0625,
      0.5,
      0.9375,
      0.375,
      0.8125,
      0.25,
      0.6875,
      0.125,
      0.5625
    ],
    "TaskDescription": "Mixed gambles task",
    "TaskName": "MGT",
    "dataset": "ds001734",
    "modality": "bold",
    "run_id": 1,
    "subject_id": "047",
    "task_id": "MGT"
  },
  "dummy_trs": 0,
  "dvars_nstd": 51.81138283371681,
  "dvars_std": 1.0190178908849554,
  "dvars_vstd": 2.3215942327654893,
  "efc": 0.5412033421570196,
  "fber": 540.6746215820312,
  "fd_mean": 0.06812644683310816,
  "fd_num": 0,
  "fd_perc": 0.0,
  "fwhm_avg": 3.2075613459847503,
  "fwhm_x": 3.1003,
  "fwhm_y": 3.28323,
  "fwhm_z": 3.2391540379542496,
  "gcor": 0.0131154,
  "gsr_x": -0.006867198273539543,
  "gsr_y": 0.05842500552535057,
  "provenance": {
    "md5sum": "c2e47c3a2d98ccc36327e17d032f2f05",
    "settings": {
      "fd_thres": 0.2,
      "testing": false
    },
    "software": "mriqc",
    "version": "21.0.0rc2",
    "webapi_port": null,
    "webapi_url": "https://mriqc.nimh.nih.gov/api/v1"
  },
  "size_t": 453,
  "size_x": 106,
  "size_y": 106,
  "size_z": 64,
  "snr": 2.3786534218578015,
  "spacing_tr": 1.0,
  "spacing_x": 2.0,
  "spacing_y": 2.0,
  "spacing_z": 2.4000000953674316,
  "summary_bg_k": 27.9402036690417,
  "summary_bg_mad": 185.03986914686928,
  "summary_bg_mean": 913.0716552734375,
  "summary_bg_median": 397.1204528808594,
  "summary_bg_n": 468683.0,
  "summary_bg_p05": 257.39576416015626,
  "summary_bg_p95": 3740.2108886718747,
  "summary_bg_stdv": 1477.3123779296875,
  "summary_fg_k": 0.5493560050157971,
  "summary_fg_mad": 3845.671074915793,
  "summary_fg_mean": 10086.6201171875,
  "summary_fg_median": 9400.322265625,
  "summary_fg_n": 149464.0,
  "summary_fg_p05": 4911.307958984376,
  "summary_fg_p95": 17460.479101562505,
  "summary_fg_stdv": 3951.93798828125,
  "tsnr": 24.193803787231445
}