{
  "aor": 0.0020577041942604858,
  "aqi": 0.015860903841059603,
  "bids_meta": {
    "BandwidthPerPixelPhaseEncode": 34.305,
    "CogAtlasID": "http://www.cognitiveatlas.org/id/trm_4cacee4a1d875/",
    "EchoTime": 0.03,
    "EffectiveEchoSpacing": 0.000275,
    "FlipAngle": 68,
    "MagneticFieldStrength": 3,
    "Manufacturer": "SIEMENS",
    "ManufacturersModelName": "Prisma",
    "MultibandAccelerationFactor": 4,
    "PhaseEncodingDirection": "j-",
    "RepetitionTime": 1,
    "SliceTiming": [
      0,
      0.4375,
      0.875,
      0.3125,
      0.75,
      0.1875,
      0.625,
      0.0625,
      0.5,
      0.9375,
      0.375,
      0.8125,
      0.25,
      0.6875,
      0.125,
      0.5625,
      0,
      0.4375,
      0.875,
      0.3125,
      0.75,
      0.1875,
      0.625,
      0.0625,
      0.5,
      0.9375,
      0.375,
      0.8125,
      0.25,
      0.6875,
      0.125,
      0.5625,
      0,
      0.4375,
      0.875,
      0.3125,
      0.75,
      0.1875,
      0.625,
      0.0625,
      0.5,
      0.9375,
      0.375,
      0.8125,
      0.25,
      0.6875,
      0.125,
      0.5625,
      0,
      0.4375,
      0.875,
      0.3125,
      0.75,
      0.1875,
      0.625,
      0.0625,
      0.5,
      0.9375,
      0.375,
      0.8125,
      0.25,
      0.6875,
      0.125,
      0.5625
    ],
    "TaskDescription": "Mixed gambles task",
    "TaskName": "MGT",
    "dataset": "ds001734",
    "modality": "bold",
    "run_id": 4,
    "subject_id": "110",
    "task_id": "MGT"
  },
  "dummy_trs": 0,
  "dvars_nstd": 55.437167226747796,
  "dvars_std": 1.0378523113274332,
  "dvars_vstd": 1.004758118938053,
  "efc": 0.5061915212000097,
  "fber": 607.3234252929688,
  "fd_mean": 0.12822566070519303,
  "fd_num": 42,
  "fd_perc": 9.271523178807946,
  "fwhm_avg": 3.0364130149081148,
  "fwhm_x": 2.89191,
  "fwhm_y": 3.14855,
  "fwhm_z": 3.0687790447243435,
  "gcor": 0.0113897,
  "gsr_x": -0.017525402829051018,
  "gsr_y": 0.05076266825199127,
  "provenance": {
    "md5sum": "9c3364a19a422f5143d1066530efdb14",
    "settings": {
      "fd_thres": 0.2,
      "testing": false
    },
    "software": "mriqc",
    "version": "21.0.0rc2",
    "webapi_port": null,
    "webapi_url": "https://mriqc.nimh.nih.gov/api/v1"
  },
  "size_t": 453,
  "size_x": 106,
  "size_y": 106,
  "size_z": 64,
  "snr": 2.586136245794053,
  "spacing_tr": 1.0,
  "spacing_x": 2.0,
  "spacing_y": 2.0,
  "spacing_z": 2.4000000953674316,
  "summary_bg_k": 28.76743542225377,
  "summary_bg_mad": 135.02959873858543,
  "summary_bg_mean": 692.4306030273438,
  "summary_bg_median": 360.04632568359375,
  "summary_bg_n": 501316.0,
  "summary_bg_p05": 259.84742736816406,
  "summary_bg_p95": 2389.5244140625,
  "summary_bg_stdv": 957.4562377929688,
  "summary_fg_k": 0.7955285666595144,
  "summary_fg_mad": 3417.493672001527,
  "summary_fg_mean": 9578.2158203125,
  "summary_fg_median": 9102.3955078125,
  "summary_fg_n": 121193.0,
  "summary_fg_p05": 4874.6673828125,
  "summary_fg_p95": 15975.255664062497,
  "summary_fg_stdv": 3519.674560546875,
  "tsnr": 21.803754806518555
}