{
  "aor": 0.0006471238938053097,
  "aqi": 0.007683893097345133,
  "bids_meta": {
    "BandwidthPerPixelPhaseEncode": 34.305,
    "CogAtlasID": "http://www.cognitiveatlas.org/id/trm_4cacee4a1d875/",
    "EchoTime": 0.03,
    "EffectiveEchoSpacing": 0.000275,
    "FlipAngle": 68,
    "MagneticFieldStrength": 3,
    "Manufacturer": "SIEMENS",
    "ManufacturersModelName": "Prisma",
    "MultibandAccelerationFactor": 4,
    "PhaseEncodingDirection": "j-",
    "RepetitionTime": 1,
    "SliceTiming": [
      0,
      0.4375,
      0.875,
      0.3125,
      0.75,
      0.1875,
      0.625,
      0.0625,
      0.5,
      0.9375,
      0.375,
      0.8125,
      0.25,
      0.6875,
      0.125,
      0.5625,
      0,
      0.4375,
      0.875,
      0.3125,
      0.75,
      0.1875,
      0.625,
      0.0625,
      0.5,
      0.9375,
      0.375,
      0.8125,
      0.25,
      0.6875,
      0.125,
      0.5625,
      0,
      0.4375,
      0.875,
      0.3125,
      0.75,
      0.1875,
      0.625,
      0.0625,
      0.5,
      0.9375,
      0.375,
      0.8125,
      0.25,
      0.6875,
      0.125,
      0.5625,
      0,
      0.4375,
      0.875,
      0.3125,
      0.75,
      0.1875,
      0.625,
      0.0625,
      0.5,
      0.9375,
      0.375,
      0.8125,
      0.25,
      0.6875,
      0.125,
      0.5625
    ],
    "TaskDescription": "Mixed gambles task",
    "TaskName": "MGT",
    "dataset": "ds001734",
    "modality": "bold",
    "run_id": 2,
    "subject_id": "043",
    "task_id": "MGT"
  },
  "dummy_trs": 1,
  "dvars_nstd": 52.82411467050996,
  "dvars_std": 1.0293320441019955,
  "dvars_vstd": 1.0065080096008867,
  "efc": 0.5496384599281573,
  "fber": 424.61138916015625,
  "fd_mean": 0.09991023272219621,
  "fd_num": 23,
  "fd_perc": 5.088495575221239,
  "fwhm_avg": 3.2654024551652223,
  "fwhm_x": 3.05618,
  "fwhm_y": 3.355115,
  "fwhm_z": 3.384912365495667,
  "gcor": 0.00464155,
  "gsr_x": -0.020364491268992424,
  "gsr_y": 0.06089916452765465,
  "provenance": {
    "md5sum": "044786eec547fc319d34d57914780c18",
    "settings": {
      "fd_thres": 0.2,
      "testing": false
    },
    "software": "mriqc",
    "version": "21.0.0rc2",
    "webapi_port": null,
    "webapi_url": "https://mriqc.nimh.nih.gov/api/v1"
  },
  "size_t": 452,
  "size_x": 106,
  "size_y": 106,
  "size_z": 64,
  "snr": 1.9659781698533985,
  "spacing_tr": 1.0,
  "spacing_x": 2.0,
  "spacing_y": 2.0,
  "spacing_z": 2.4000000953674316,
  "summary_bg_k": 28.60028273056711,
  "summary_bg_mad": 202.32516138150578,
  "summary_bg_mean": 861.24853515625,
  "summary_bg_median": 419.951904296875,
  "summary_bg_n": 436506.0,
  "summary_bg_p05": 268.80188751220703,
  "summary_bg_p95": 3415.4724731445312,
  "summary_bg_stdv": 1392.9248046875,
  "summary_fg_k": 1.8052579103606483,
  "summary_fg_mad": 4131.318499075485,
  "summary_fg_mean": 10020.6435546875,
  "summary_fg_median": 9135.732421875,
  "summary_fg_n": 170848.0,
  "summary_fg_p05": 4332.292895507812,
  "summary_fg_p95": 18769.36953125,
  "summary_fg_stdv": 4646.90087890625,
  "tsnr": 25.98352813720703
}