{
  "aor": 0.0005908869179600887,
  "aqi": 0.012881112616407982,
  "bids_meta": {
    "BandwidthPerPixelPhaseEncode": 34.305,
    "CogAtlasID": "http://www.cognitiveatlas.org/id/trm_4cacee4a1d875/",
    "EchoTime": 0.03,
    "EffectiveEchoSpacing": 0.000275,
    "FlipAngle": 68,
    "MagneticFieldStrength": 3,
    "Manufacturer": "SIEMENS",
    "ManufacturersModelName": "Prisma",
    "MultibandAccelerationFactor": 4,
    "PhaseEncodingDirection": "j-",
    "RepetitionTime": 1,
    "SliceTiming": [
      0,
      0.4375,
      0.875,
      0.3125,
      0.75,
      0.1875,
      0.625,
      0.0625,
      0.5,
      0.9375,
      0.375,
      0.8125,
      0.25,
      0.6875,
      0.125,
      0.5625,
      0,
      0.4375,
      0.875,
      0.3125,
      0.75,
      0.1875,
      0.625,
      0.0625,
      0.5,
      0.9375,
      0.375,
      0.8125,
      0.25,
      0.6875,
      0.125,
      0.5625,
      0,
      0.4375,
      0.875,
      0.3125,
      0.75,
      0.1875,
      0.625,
      0.0625,
      0.5,
      0.9375,
      0.375,
      0.8125,
      0.25,
      0.6875,
      0.125,
      0.5625,
      0,
      0.4375,
      0.875,
      0.3125,
      0.75,
      0.1875,
      0.625,
      0.0625,
      0.5,
      0.9375,
      0.375,
      0.8125,
      0.25,
      0.6875,
      0.125,
      0.5625
    ],
    "TaskDescription": "Mixed gambles task",
    "TaskName": "MGT",
    "dataset": "ds001734",
    "modality": "bold",
    "run_id": 2,
    "subject_id": "035",
    "task_id": "MGT"
  },
  "dummy_trs": 2,
  "dvars_nstd": 54.05979148862219,
  "dvars_std": 1.0093267333999996,
  "dvars_vstd": 0.9915418349999999,
  "efc": 0.5416759140400252,
  "fber": 441.82122802734375,
  "fd_mean": 0.10508321771976387,
  "fd_num": 39,
  "fd_perc": 8.647450110864744,
  "fwhm_avg": 3.209968013064344,
  "fwhm_x": 3.116215,
  "fwhm_y": 3.30571,
  "fwhm_z": 3.2079790391930327,
  "gcor": 0.00603309,
  "gsr_x": -0.015769554302096367,
  "gsr_y": 0.053716640919446945,
  "provenance": {
    "md5sum": "ca141445c905df52a123b8392527331e",
    "settings": {
      "fd_thres": 0.2,
      "testing": false
    },
    "software": "mriqc",
    "version": "21.0.0rc2",
    "webapi_port": null,
    "webapi_url": "https://mriqc.nimh.nih.gov/api/v1"
  },
  "size_t": 451,
  "size_x": 106,
  "size_y": 106,
  "size_z": 64,
  "snr": 2.1454782358971594,
  "spacing_tr": 1.0,
  "spacing_x": 2.0,
  "spacing_y": 2.0,
  "spacing_z": 2.4000000953674316,
  "summary_bg_k": 29.527162807011997,
  "summary_bg_mad": 205.4217585444246,
  "summary_bg_mean": 922.2506713867188,
  "summary_bg_median": 415.65228271484375,
  "summary_bg_n": 465687.0,
  "summary_bg_p05": 262.02992858886716,
  "summary_bg_p95": 3640.6496093749975,
  "summary_bg_stdv": 1453.0750732421875,
  "summary_fg_k": 0.7144543665841074,
  "summary_fg_mad": 3986.753199941357,
  "summary_fg_mean": 9738.4482421875,
  "summary_fg_median": 8997.708984375,
  "summary_fg_n": 149886.0,
  "summary_fg_p05": 4386.0838623046875,
  "summary_fg_p95": 17632.76171875,
  "summary_fg_stdv": 4193.787109375,
  "tsnr": 22.925064086914062
}