{
  "aor": 0.0004106858407079646,
  "aqi": 0.01019081657079646,
  "bids_meta": {
    "BandwidthPerPixelPhaseEncode": 34.305,
    "CogAtlasID": "http://www.cognitiveatlas.org/id/trm_4cacee4a1d875/",
    "EchoTime": 0.03,
    "EffectiveEchoSpacing": 0.000275,
    "FlipAngle": 68,
    "MagneticFieldStrength": 3,
    "Manufacturer": "SIEMENS",
    "ManufacturersModelName": "Prisma",
    "MultibandAccelerationFactor": 4,
    "PhaseEncodingDirection": "j-",
    "RepetitionTime": 1,
    "SliceTiming": [
      0,
      0.4375,
      0.875,
      0.3125,
      0.75,
      0.1875,
      0.625,
      0.0625,
      0.5,
      0.9375,
      0.375,
      0.8125,
      0.25,
      0.6875,
      0.125,
      0.5625,
      0,
      0.4375,
      0.875,
      0.3125,
      0.75,
      0.1875,
      0.625,
      0.0625,
      0.5,
      0.9375,
      0.375,
      0.8125,
      0.25,
      0.6875,
      0.125,
      0.5625,
      0,
      0.4375,
      0.875,
      0.3125,
      0.75,
      0.1875,
      0.625,
      0.0625,
      0.5,
      0.9375,
      0.375,
      0.8125,
      0.25,
      0.6875,
      0.125,
      0.5625,
      0,
      0.4375,
      0.875,
      0.3125,
      0.75,
      0.1875,
      0.625,
      0.0625,
      0.5,
      0.9375,
      0.375,
      0.8125,
      0.25,
      0.6875,
      0.125,
      0.5625
    ],
    "TaskDescription": "Mixed gambles task",
    "TaskName": "MGT",
    "dataset": "ds001734",
    "modality": "bold",
    "run_id": 1,
    "subject_id": "035",
    "task_id": "MGT"
  },
  "dummy_trs": 1,
  "dvars_nstd": 55.2276062385366,
  "dvars_std": 1.025109138004435,
  "dvars_vstd": 0.9920338968736147,
  "efc": 0.5399810085947964,
  "fber": 436.56854248046875,
  "fd_mean": 0.09081626605956468,
  "fd_num": 19,
  "fd_perc": 4.20353982300885,
  "fwhm_avg": 3.2202888459133896,
  "fwhm_x": 3.131075,
  "fwhm_y": 3.28525,
  "fwhm_z": 3.2445415377401696,
  "gcor": 0.0078712,
  "gsr_x": -0.016748057678341866,
  "gsr_y": 0.056727346032857895,
  "provenance": {
    "md5sum": "d22b2a2c5e71464debd4db0b998d7563",
    "settings": {
      "fd_thres": 0.2,
      "testing": false
    },
    "software": "mriqc",
    "version": "21.0.0rc2",
    "webapi_port": null,
    "webapi_url": "https://mriqc.nimh.nih.gov/api/v1"
  },
  "size_t": 452,
  "size_x": 106,
  "size_y": 106,
  "size_z": 64,
  "snr": 2.1218817494630753,
  "spacing_tr": 1.0,
  "spacing_x": 2.0,
  "spacing_y": 2.0,
  "spacing_z": 2.4000000953674316,
  "summary_bg_k": 28.03897243046827,
  "summary_bg_mad": 212.00838449840597,
  "summary_bg_mean": 931.3297119140625,
  "summary_bg_median": 421.1007995605469,
  "summary_bg_n": 465418.0,
  "summary_bg_p05": 262.64059295654295,
  "summary_bg_p95": 3676.437426757812,
  "summary_bg_stdv": 1465.8074951171875,
  "summary_fg_k": 0.6875745237097362,
  "summary_fg_mad": 4110.278650648953,
  "summary_fg_mean": 9923.2568359375,
  "summary_fg_median": 9149.5380859375,
  "summary_fg_n": 149475.0,
  "summary_fg_p05": 4453.090625,
  "summary_fg_p95": 18098.441210937493,
  "summary_fg_stdv": 4311.97802734375,
  "tsnr": 24.562711715698242
}