{
  "aor": 0.0003961504424778761,
  "aqi": 0.008738801150442477,
  "bids_meta": {
    "BandwidthPerPixelPhaseEncode": 34.305,
    "CogAtlasID": "http://www.cognitiveatlas.org/id/trm_4cacee4a1d875/",
    "EchoTime": 0.03,
    "EffectiveEchoSpacing": 0.000275,
    "FlipAngle": 68,
    "MagneticFieldStrength": 3,
    "Manufacturer": "SIEMENS",
    "ManufacturersModelName": "Prisma",
    "MultibandAccelerationFactor": 4,
    "PhaseEncodingDirection": "j-",
    "RepetitionTime": 1,
    "SliceTiming": [
      0,
      0.4375,
      0.875,
      0.3125,
      0.75,
      0.1875,
      0.625,
      0.0625,
      0.5,
      0.9375,
      0.375,
      0.8125,
      0.25,
      0.6875,
      0.125,
      0.5625,
      0,
      0.4375,
      0.875,
      0.3125,
      0.75,
      0.1875,
      0.625,
      0.0625,
      0.5,
      0.9375,
      0.375,
      0.8125,
      0.25,
      0.6875,
      0.125,
      0.5625,
      0,
      0.4375,
      0.875,
      0.3125,
      0.75,
      0.1875,
      0.625,
      0.0625,
      0.5,
      0.9375,
      0.375,
      0.8125,
      0.25,
      0.6875,
      0.125,
      0.5625,
      0,
      0.4375,
      0.875,
      0.3125,
      0.75,
      0.1875,
      0.625,
      0.0625,
      0.5,
      0.9375,
      0.375,
      0.8125,
      0.25,
      0.6875,
      0.125,
      0.5625
    ],
    "TaskDescription": "Mixed gambles task",
    "TaskName": "MGT",
    "dataset": "ds001734",
    "modality": "bold",
    "run_id": 4,
    "subject_id": "035",
    "task_id": "MGT"
  },
  "dummy_trs": 1,
  "dvars_nstd": 53.99652863379156,
  "dvars_std": 1.0260715997117518,
  "dvars_vstd": 1.0020431707095343,
  "efc": 0.5418019986777661,
  "fber": 421.7532958984375,
  "fd_mean": 0.1101125621638276,
  "fd_num": 42,
  "fd_perc": 9.29203539823009,
  "fwhm_avg": 3.224521623593041,
  "fwhm_x": 3.13841,
  "fwhm_y": 3.283205,
  "fwhm_z": 3.2519498707791223,
  "gcor": 0.00291418,
  "gsr_x": -0.01496716309338808,
  "gsr_y": 0.06401377171278,
  "provenance": {
    "md5sum": "bf4fca87398f70356312ec1953a53cb3",
    "settings": {
      "fd_thres": 0.2,
      "testing": false
    },
    "software": "mriqc",
    "version": "21.0.0rc2",
    "webapi_port": null,
    "webapi_url": "https://mriqc.nimh.nih.gov/api/v1"
  },
  "size_t": 452,
  "size_x": 106,
  "size_y": 106,
  "size_z": 64,
  "snr": 2.1375938180296723,
  "spacing_tr": 1.0,
  "spacing_x": 2.0,
  "spacing_y": 2.0,
  "spacing_z": 2.4000000953674316,
  "summary_bg_k": 30.588096976162845,
  "summary_bg_mad": 211.4820217997675,
  "summary_bg_mean": 939.5545043945312,
  "summary_bg_median": 420.352294921875,
  "summary_bg_n": 466970.0,
  "summary_bg_p05": 261.9381729125977,
  "summary_bg_p95": 3723.496984863281,
  "summary_bg_stdv": 1536.9630126953125,
  "summary_fg_k": 0.6883715588310801,
  "summary_fg_mad": 3948.9855734567145,
  "summary_fg_mean": 9678.9052734375,
  "summary_fg_median": 8921.5595703125,
  "summary_fg_n": 148896.0,
  "summary_fg_p05": 4383.5562744140625,
  "summary_fg_p95": 17596.64453125,
  "summary_fg_stdv": 4173.6318359375,
  "tsnr": 25.793622970581055
}