{
  "aor": 0.0005514380530973451,
  "aqi": 0.009284512389380533,
  "bids_meta": {
    "BandwidthPerPixelPhaseEncode": 34.305,
    "CogAtlasID": "http://www.cognitiveatlas.org/id/trm_4cacee4a1d875/",
    "EchoTime": 0.03,
    "EffectiveEchoSpacing": 0.000275,
    "FlipAngle": 68,
    "MagneticFieldStrength": 3,
    "Manufacturer": "SIEMENS",
    "ManufacturersModelName": "Prisma",
    "MultibandAccelerationFactor": 4,
    "PhaseEncodingDirection": "j-",
    "RepetitionTime": 1,
    "SliceTiming": [
      0,
      0.4375,
      0.875,
      0.3125,
      0.75,
      0.1875,
      0.625,
      0.0625,
      0.5,
      0.9375,
      0.375,
      0.8125,
      0.25,
      0.6875,
      0.125,
      0.5625,
      0,
      0.4375,
      0.875,
      0.3125,
      0.75,
      0.1875,
      0.625,
      0.0625,
      0.5,
      0.9375,
      0.375,
      0.8125,
      0.25,
      0.6875,
      0.125,
      0.5625,
      0,
      0.4375,
      0.875,
      0.3125,
      0.75,
      0.1875,
      0.625,
      0.0625,
      0.5,
      0.9375,
      0.375,
      0.8125,
      0.25,
      0.6875,
      0.125,
      0.5625,
      0,
      0.4375,
      0.875,
      0.3125,
      0.75,
      0.1875,
      0.625,
      0.0625,
      0.5,
      0.9375,
      0.375,
      0.8125,
      0.25,
      0.6875,
      0.125,
      0.5625
    ],
    "TaskDescription": "Mixed gambles task",
    "TaskName": "MGT",
    "dataset": "ds001734",
    "modality": "bold",
    "run_id": 1,
    "subject_id": "049",
    "task_id": "MGT"
  },
  "dummy_trs": 1,
  "dvars_nstd": 59.97689791434594,
  "dvars_std": 1.0649474547893558,
  "dvars_vstd": 1.0011077882261648,
  "efc": 0.5218018923989667,
  "fber": 429.8895263671875,
  "fd_mean": 0.1125554824472996,
  "fd_num": 19,
  "fd_perc": 4.20353982300885,
  "fwhm_avg": 3.02954523912058,
  "fwhm_x": 3.05773,
  "fwhm_y": 3.112385,
  "fwhm_z": 2.91852071736174,
  "gcor": 0.00212205,
  "gsr_x": -0.012344886548817158,
  "gsr_y": 0.04964928701519966,
  "provenance": {
    "md5sum": "81be6fc6b598950f0e7972580c32aafb",
    "settings": {
      "fd_thres": 0.2,
      "testing": false
    },
    "software": "mriqc",
    "version": "21.0.0rc2",
    "webapi_port": null,
    "webapi_url": "https://mriqc.nimh.nih.gov/api/v1"
  },
  "size_t": 452,
  "size_x": 106,
  "size_y": 106,
  "size_z": 64,
  "snr": 2.3036506717620364,
  "spacing_tr": 1.0,
  "spacing_x": 2.0,
  "spacing_y": 2.0,
  "spacing_z": 2.4000000953674316,
  "summary_bg_k": 29.35726038014304,
  "summary_bg_mad": 185.75144400924836,
  "summary_bg_mean": 766.421142578125,
  "summary_bg_median": 397.8734130859375,
  "summary_bg_n": 484036.0,
  "summary_bg_p05": 261.8967056274414,
  "summary_bg_p95": 2678.1019287109375,
  "summary_bg_stdv": 1046.416259765625,
  "summary_fg_k": 1.5963036885632773,
  "summary_fg_mad": 3607.3862039028872,
  "summary_fg_mean": 9509.998046875,
  "summary_fg_median": 8980.197265625,
  "summary_fg_n": 122714.0,
  "summary_fg_p05": 4303.938500976563,
  "summary_fg_p95": 16526.858789062477,
  "summary_fg_stdv": 3898.230224609375,
  "tsnr": 25.241863250732422
}