{
  "aor": 0.0032807947019867553,
  "aqi": 0.0209117880794702,
  "bids_meta": {
    "BandwidthPerPixelPhaseEncode": 34.305,
    "CogAtlasID": "http://www.cognitiveatlas.org/id/trm_4cacee4a1d875/",
    "EchoTime": 0.03,
    "EffectiveEchoSpacing": 0.000275,
    "FlipAngle": 68,
    "MagneticFieldStrength": 3,
    "Manufacturer": "SIEMENS",
    "ManufacturersModelName": "Prisma",
    "MultibandAccelerationFactor": 4,
    "PhaseEncodingDirection": "j-",
    "RepetitionTime": 1,
    "SliceTiming": [
      0,
      0.4375,
      0.875,
      0.3125,
      0.75,
      0.1875,
      0.625,
      0.0625,
      0.5,
      0.9375,
      0.375,
      0.8125,
      0.25,
      0.6875,
      0.125,
      0.5625,
      0,
      0.4375,
      0.875,
      0.3125,
      0.75,
      0.1875,
      0.625,
      0.0625,
      0.5,
      0.9375,
      0.375,
      0.8125,
      0.25,
      0.6875,
      0.125,
      0.5625,
      0,
      0.4375,
      0.875,
      0.3125,
      0.75,
      0.1875,
      0.625,
      0.0625,
      0.5,
      0.9375,
      0.375,
      0.8125,
      0.25,
      0.6875,
      0.125,
      0.5625,
      0,
      0.4375,
      0.875,
      0.3125,
      0.75,
      0.1875,
      0.625,
      0.0625,
      0.5,
      0.9375,
      0.375,
      0.8125,
      0.25,
      0.6875,
      0.125,
      0.5625
    ],
    "TaskDescription": "Mixed gambles task",
    "TaskName": "MGT",
    "dataset": "ds001734",
    "modality": "bold",
    "run_id": 4,
    "subject_id": "030",
    "task_id": "MGT"
  },
  "dummy_trs": 0,
  "dvars_nstd": 85.76962761327432,
  "dvars_std": 1.084896676349557,
  "dvars_vstd": 0.9991497762610615,
  "efc": 0.5095768915884948,
  "fber": 533.9498901367188,
  "fd_mean": 0.6969321588638075,
  "fd_num": 335,
  "fd_perc": 73.9514348785872,
  "fwhm_avg": 3.3031696803843436,
  "fwhm_x": 3.266575,
  "fwhm_y": 3.48428,
  "fwhm_z": 3.158654041153032,
  "gcor": 0.0274164,
  "gsr_x": -0.01317728403955698,
  "gsr_y": 0.03933252394199371,
  "provenance": {
    "md5sum": "29c2dd384457ed523a175d6efd1bbca3",
    "settings": {
      "fd_thres": 0.2,
      "testing": false
    },
    "software": "mriqc",
    "version": "21.0.0rc2",
    "webapi_port": null,
    "webapi_url": "https://mriqc.nimh.nih.gov/api/v1"
  },
  "size_t": 453,
  "size_x": 106,
  "size_y": 106,
  "size_z": 64,
  "snr": 2.1988563752680843,
  "spacing_tr": 1.0,
  "spacing_x": 2.0,
  "spacing_y": 2.0,
  "spacing_z": 2.4000000953674316,
  "summary_bg_k": 25.031380156227232,
  "summary_bg_mad": 220.4192156600811,
  "summary_bg_mean": 796.1665649414062,
  "summary_bg_median": 420.8712158203125,
  "summary_bg_n": 489949.0,
  "summary_bg_p05": 258.3468933105469,
  "summary_bg_p95": 2722.635595703123,
  "summary_bg_stdv": 1052.098388671875,
  "summary_fg_k": 1.5817986189555153,
  "summary_fg_mad": 4132.708076691902,
  "summary_fg_mean": 10523.763671875,
  "summary_fg_median": 9674.5400390625,
  "summary_fg_n": 135085.0,
  "summary_fg_p05": 5016.687890625,
  "summary_fg_p95": 18721.583984374996,
  "summary_fg_stdv": 4399.7890625,
  "tsnr": 16.430702209472656
}