{
  "aor": 0.004868543046357616,
  "aqi": 0.02814272362030905,
  "bids_meta": {
    "BandwidthPerPixelPhaseEncode": 34.305,
    "CogAtlasID": "http://www.cognitiveatlas.org/id/trm_4cacee4a1d875/",
    "EchoTime": 0.03,
    "EffectiveEchoSpacing": 0.000275,
    "FlipAngle": 68,
    "MagneticFieldStrength": 3,
    "Manufacturer": "SIEMENS",
    "ManufacturersModelName": "Prisma",
    "MultibandAccelerationFactor": 4,
    "PhaseEncodingDirection": "j-",
    "RepetitionTime": 1,
    "SliceTiming": [
      0,
      0.4375,
      0.875,
      0.3125,
      0.75,
      0.1875,
      0.625,
      0.0625,
      0.5,
      0.9375,
      0.375,
      0.8125,
      0.25,
      0.6875,
      0.125,
      0.5625,
      0,
      0.4375,
      0.875,
      0.3125,
      0.75,
      0.1875,
      0.625,
      0.0625,
      0.5,
      0.9375,
      0.375,
      0.8125,
      0.25,
      0.6875,
      0.125,
      0.5625,
      0,
      0.4375,
      0.875,
      0.3125,
      0.75,
      0.1875,
      0.625,
      0.0625,
      0.5,
      0.9375,
      0.375,
      0.8125,
      0.25,
      0.6875,
      0.125,
      0.5625,
      0,
      0.4375,
      0.875,
      0.3125,
      0.75,
      0.1875,
      0.625,
      0.0625,
      0.5,
      0.9375,
      0.375,
      0.8125,
      0.25,
      0.6875,
      0.125,
      0.5625
    ],
    "TaskDescription": "Mixed gambles task",
    "TaskName": "MGT",
    "dataset": "ds001734",
    "modality": "bold",
    "run_id": 2,
    "subject_id": "030",
    "task_id": "MGT"
  },
  "dummy_trs": 0,
  "dvars_nstd": 109.12057922157096,
  "dvars_std": 1.1446173091150438,
  "dvars_vstd": 1.028022360840708,
  "efc": 0.516457449395018,
  "fber": 548.8639526367188,
  "fd_mean": 1.1680612910697936,
  "fd_num": 392,
  "fd_perc": 86.53421633554083,
  "fwhm_avg": 3.252662180247088,
  "fwhm_x": 3.18764,
  "fwhm_y": 3.40133,
  "fwhm_z": 3.1690165407412634,
  "gcor": 0.0302847,
  "gsr_x": -0.010511623695492744,
  "gsr_y": 0.04469383507966995,
  "provenance": {
    "md5sum": "090fc8770568184e82d8db98ee6ba5b4",
    "settings": {
      "fd_thres": 0.2,
      "testing": false
    },
    "software": "mriqc",
    "version": "21.0.0rc2",
    "webapi_port": null,
    "webapi_url": "https://mriqc.nimh.nih.gov/api/v1"
  },
  "size_t": 453,
  "size_x": 106,
  "size_y": 106,
  "size_z": 64,
  "snr": 2.3678154999556376,
  "spacing_tr": 1.0,
  "spacing_x": 2.0,
  "spacing_y": 2.0,
  "spacing_z": 2.4000000953674316,
  "summary_bg_k": 31.058565580571347,
  "summary_bg_mad": 184.19156259795687,
  "summary_bg_mean": 733.5628662109375,
  "summary_bg_median": 390.7165832519531,
  "summary_bg_n": 485497.0,
  "summary_bg_p05": 255.33623352050782,
  "summary_bg_p95": 2397.8835449218705,
  "summary_bg_stdv": 1011.8318481445312,
  "summary_fg_k": 0.8250301243628608,
  "summary_fg_mad": 3814.130305356188,
  "summary_fg_mean": 9918.6279296875,
  "summary_fg_median": 9249.5498046875,
  "summary_fg_n": 138073.0,
  "summary_fg_p05": 4816.60673828125,
  "summary_fg_p95": 17233.298828125,
  "summary_fg_stdv": 3906.35009765625,
  "tsnr": 14.578962326049805
}