{
  "aor": 0.00042701327433628314,
  "aqi": 0.010130974845132742,
  "bids_meta": {
    "BandwidthPerPixelPhaseEncode": 34.305,
    "CogAtlasID": "http://www.cognitiveatlas.org/id/trm_4cacee4a1d875/",
    "EchoTime": 0.03,
    "EffectiveEchoSpacing": 0.000275,
    "FlipAngle": 68,
    "MagneticFieldStrength": 3,
    "Manufacturer": "SIEMENS",
    "ManufacturersModelName": "Prisma",
    "MultibandAccelerationFactor": 4,
    "PhaseEncodingDirection": "j-",
    "RepetitionTime": 1,
    "SliceTiming": [
      0,
      0.4375,
      0.875,
      0.3125,
      0.75,
      0.1875,
      0.625,
      0.0625,
      0.5,
      0.9375,
      0.375,
      0.8125,
      0.25,
      0.6875,
      0.125,
      0.5625,
      0,
      0.4375,
      0.875,
      0.3125,
      0.75,
      0.1875,
      0.625,
      0.0625,
      0.5,
      0.9375,
      0.375,
      0.8125,
      0.25,
      0.6875,
      0.125,
      0.5625,
      0,
      0.4375,
      0.875,
      0.3125,
      0.75,
      0.1875,
      0.625,
      0.0625,
      0.5,
      0.9375,
      0.375,
      0.8125,
      0.25,
      0.6875,
      0.125,
      0.5625,
      0,
      0.4375,
      0.875,
      0.3125,
      0.75,
      0.1875,
      0.625,
      0.0625,
      0.5,
      0.9375,
      0.375,
      0.8125,
      0.25,
      0.6875,
      0.125,
      0.5625
    ],
    "TaskDescription": "Mixed gambles task",
    "TaskName": "MGT",
    "dataset": "ds001734",
    "modality": "bold",
    "run_id": 3,
    "subject_id": "064",
    "task_id": "MGT"
  },
  "dummy_trs": 1,
  "dvars_nstd": 68.5190717947007,
  "dvars_std": 1.1077151433481152,
  "dvars_vstd": 1.0359979189578703,
  "efc": 0.5547671543122262,
  "fber": 367.739990234375,
  "fd_mean": 0.13088016572706063,
  "fd_num": 35,
  "fd_perc": 7.743362831858407,
  "fwhm_avg": 2.9926307927324722,
  "fwhm_x": 2.81983,
  "fwhm_y": 3.0928,
  "fwhm_z": 3.0652623781974166,
  "gcor": 0.00259422,
  "gsr_x": -0.013401750475168228,
  "gsr_y": 0.058491144329309464,
  "provenance": {
    "md5sum": "81dc09f119f684c8cfacc4644da41677",
    "settings": {
      "fd_thres": 0.2,
      "testing": false
    },
    "software": "mriqc",
    "version": "21.0.0rc2",
    "webapi_port": null,
    "webapi_url": "https://mriqc.nimh.nih.gov/api/v1"
  },
  "size_t": 452,
  "size_x": 106,
  "size_y": 106,
  "size_z": 64,
  "snr": 2.224958074750015,
  "spacing_tr": 1.0,
  "spacing_x": 2.0,
  "spacing_y": 2.0,
  "spacing_z": 2.4000000953674316,
  "summary_bg_k": 24.54776624600399,
  "summary_bg_mad": 194.19989674516322,
  "summary_bg_mean": 936.308349609375,
  "summary_bg_median": 413.21173095703125,
  "summary_bg_n": 463423.0,
  "summary_bg_p05": 270.394384765625,
  "summary_bg_p95": 3816.735253906249,
  "summary_bg_stdv": 1517.7896728515625,
  "summary_fg_k": 0.6016800342856028,
  "summary_fg_mad": 3487.8144797657833,
  "summary_fg_mean": 8888.9189453125,
  "summary_fg_median": 8301.3427734375,
  "summary_fg_n": 148244.0,
  "summary_fg_p05": 3855.949462890625,
  "summary_fg_p95": 15819.376318359376,
  "summary_fg_stdv": 3730.998291015625,
  "tsnr": 24.07597541809082
}