{
  "aor": 0.0010339735099337748,
  "aqi": 0.011740926445916115,
  "bids_meta": {
    "BandwidthPerPixelPhaseEncode": 34.305,
    "CogAtlasID": "http://www.cognitiveatlas.org/id/trm_4cacee4a1d875/",
    "EchoTime": 0.03,
    "EffectiveEchoSpacing": 0.000275,
    "FlipAngle": 68,
    "MagneticFieldStrength": 3,
    "Manufacturer": "SIEMENS",
    "ManufacturersModelName": "Prisma",
    "MultibandAccelerationFactor": 4,
    "PhaseEncodingDirection": "j-",
    "RepetitionTime": 1,
    "SliceTiming": [
      0,
      0.4375,
      0.875,
      0.3125,
      0.75,
      0.1875,
      0.625,
      0.0625,
      0.5,
      0.9375,
      0.375,
      0.8125,
      0.25,
      0.6875,
      0.125,
      0.5625,
      0,
      0.4375,
      0.875,
      0.3125,
      0.75,
      0.1875,
      0.625,
      0.0625,
      0.5,
      0.9375,
      0.375,
      0.8125,
      0.25,
      0.6875,
      0.125,
      0.5625,
      0,
      0.4375,
      0.875,
      0.3125,
      0.75,
      0.1875,
      0.625,
      0.0625,
      0.5,
      0.9375,
      0.375,
      0.8125,
      0.25,
      0.6875,
      0.125,
      0.5625,
      0,
      0.4375,
      0.875,
      0.3125,
      0.75,
      0.1875,
      0.625,
      0.0625,
      0.5,
      0.9375,
      0.375,
      0.8125,
      0.25,
      0.6875,
      0.125,
      0.5625
    ],
    "TaskDescription": "Mixed gambles task",
    "TaskName": "MGT",
    "dataset": "ds001734",
    "modality": "bold",
    "run_id": 2,
    "subject_id": "099",
    "task_id": "MGT"
  },
  "dummy_trs": 0,
  "dvars_nstd": 65.65376431121685,
  "dvars_std": 1.1043072031858407,
  "dvars_vstd": 1.0101193320796469,
  "efc": 0.5513941660927031,
  "fber": 404.82867431640625,
  "fd_mean": 0.1397374249068129,
  "fd_num": 57,
  "fd_perc": 12.582781456953642,
  "fwhm_avg": 3.0404163483202584,
  "fwhm_x": 2.925455,
  "fwhm_y": 3.132965,
  "fwhm_z": 3.0628290449607753,
  "gcor": 0.00454375,
  "gsr_x": -0.028472529724240303,
  "gsr_y": 0.08937707543373108,
  "provenance": {
    "md5sum": "70349e5f4a16012300a30f01dd091a0e",
    "settings": {
      "fd_thres": 0.2,
      "testing": false
    },
    "software": "mriqc",
    "version": "21.0.0rc2",
    "webapi_port": null,
    "webapi_url": "https://mriqc.nimh.nih.gov/api/v1"
  },
  "size_t": 453,
  "size_x": 106,
  "size_y": 106,
  "size_z": 64,
  "snr": 2.1044316446926477,
  "spacing_tr": 1.0,
  "spacing_x": 2.0,
  "spacing_y": 2.0,
  "spacing_z": 2.4000000953674316,
  "summary_bg_k": 46.14450737406447,
  "summary_bg_mad": 192.171363179963,
  "summary_bg_mean": 918.5237426757812,
  "summary_bg_median": 411.0782775878906,
  "summary_bg_n": 455891.0,
  "summary_bg_p05": 267.2918701171875,
  "summary_bg_p95": 3536.3916015625,
  "summary_bg_stdv": 1554.6134033203125,
  "summary_fg_k": 1.3179273392976203,
  "summary_fg_mad": 3656.7210957920174,
  "summary_fg_mean": 9302.005859375,
  "summary_fg_median": 8576.546875,
  "summary_fg_n": 157893.0,
  "summary_fg_p05": 4170.6408203125,
  "summary_fg_p95": 17051.522656249996,
  "summary_fg_stdv": 4075.45654296875,
  "tsnr": 22.79450225830078
}